{
  "AcquisitionMatrixPE": 122,
  "AcquisitionNumber": 1,
  "AcquisitionTime": "09:47:2.472500",
  "BandwidthPerPixelPhaseEncode": 27.785,
  "BaseResolution": 122,
  "BodyPartExamined": "BRAIN",
  "CoilCombinationMethod": "Adaptive Combine",
  "ConsistencyInfo": "N4_VE11E_LATEST_20181129",
  "ConversionSoftware": "dcm2niix",
  "ConversionSoftwareVersion": "v1.0.20220720",
  "DerivedVendorReportedEchoSpacing": 0.000590011,
  "DeviceSerialNumber": "66112",
  "DiffusionScheme": "Monopolar",
  "DwellTime": 2e-06,
  "EchoTime": 0.068,
  "EchoTrainLength": 61,
  "EffectiveEchoSpacing": 0.000295005,
  "FlipAngle": 90,
  "HeudiconvVersion": "0.13.1",
  "ImageOrientationPatientDICOM": [0.999954, 0.00773204, 0.00563159, -0.00907554, 0.952895, 0.303165],
  "ImageOrientationText": "Tra>Cor(17.7)>Sag(0.2)",
  "ImageType": [
    "ORIGINAL",
    "PRIMARY",
    "DIFFUSION",
    "NONE",
    "ND",
    "NORM",
    "MOSAIC"
],
  "ImagingFrequency": 123.259,
  "InPlanePhaseEncodingDirectionDICOM": "COL",
  "InstitutionAddress": "Maynard 3,Hanover,NH,US,03755",
  "InstitutionName": "Dartmouth College - PBS",
  "InstitutionalDepartmentName": "Department",
  "MRAcquisitionType": "2D",
  "MagneticFieldStrength": 3,
  "Manufacturer": "Siemens",
  "ManufacturersModelName": "Prisma",
  "Modality": "MR",
  "MultibandAccelerationFactor": 4,
  "NonlinearGradientCorrection": false,
  "ParallelReductionFactorInPlane": 2,
  "PartialFourier": 1,
  "PatientPosition": "HFS",
  "PercentPhaseFOV": 100,
  "PercentSampling": 100,
  "PhaseEncodingDirection": "j-",
  "PhaseEncodingSteps": 122,
  "PhaseResolution": 1,
  "PixelBandwidth": 2050,
  "ProcedureStepDescription": "dbic^QA",
  "ProtocolName": "dwi_acq-DTI-30-p2-s4",
  "PulseSequenceDetails": "%SiemensSeq%\\ep2d_diff",
  "ReceiveCoilActiveElements": "HEA;HEP",
  "ReceiveCoilName": "Head_32",
  "ReconMatrixPE": 122,
  "RefLinesPE": 38,
  "RepetitionTime": 3.6,
  "SAR": 0.227364,
  "ScanOptions": "FS",
  "ScanningSequence": "EP",
  "SequenceName": "*ep_b0",
  "SequenceVariant": "SK\\SP",
  "SeriesDescription": "dwi_acq-DTI-30-p2-s4",
  "SeriesNumber": 10,
  "ShimSetting": [4218, -7741, -7492, -31, -134, -55, -15, 78],
  "SliceThickness": 2,
  "SliceTiming": [2.5875, 0, 1.79, 0.2, 1.99, 0.4, 2.19, 0.5975, 2.3875, 0.995, 2.785, 1.195, 2.985, 1.3925, 3.1825, 1.5925, 3.3825, 0.7975, 2.5875, 0, 1.79, 0.2, 1.99, 0.4, 2.19, 0.5975, 2.3875, 0.995, 2.785, 1.195, 2.985, 1.3925, 3.1825, 1.5925, 3.3825, 0.7975, 2.5875, 0, 1.79, 0.2, 1.99, 0.4, 2.19, 0.5975, 2.3875, 0.995, 2.785, 1.195, 2.985, 1.3925, 3.1825, 1.5925, 3.3825, 0.7975, 2.5875, 0, 1.79, 0.2, 1.99, 0.4, 2.19, 0.5975, 2.3875, 0.995, 2.785, 1.195, 2.985, 1.3925, 3.1825, 1.5925, 3.3825, 0.7975],
  "SoftwareVersions": "syngo MR E11",
  "SpacingBetweenSlices": 2,
  "SpoilingState": true,
  "StationName": "AWP66112",
  "TotalReadoutTime": 0.0356956,
  "TxRefAmp": 225,
  "dcmmeta_affine": [
    [-1.9671231508255005, -0.017853520810604095, 0.006044456735253334, 121.60529327392578],
    [-0.015210571698844433, 1.8745471239089966, 0.6064051389694214, -132.51138305664062],
    [0.011078542098402977, -0.5963907837867737, 1.9058427810668945, -35.16946029663086],
    [0.0, 0.0, 0.0, 1.0]
],
  "dcmmeta_reorient_transform": [
    [0.0, -1.0, 0.0, 121.0],
    [1.0, 0.0, 0.0, 0.0],
    [0.0, 0.0, 1.0, 0.0],
    [0.0, 0.0, 0.0, 1.0]
],
  "dcmmeta_shape": [122, 122, 72, 31],
  "dcmmeta_slice_dim": 2,
  "dcmmeta_version": 0.6,
  "global": {
    "const": {
      "AccessionNumber": "qa",
      "AcquisitionMatrix": [122, 0, 0, 122],
      "AngioFlag": "N",
      "BitsAllocated": 16,
      "BitsStored": 12,
      "BodyPartExamined": "BRAIN",
      "Columns": 1098,
      "EchoNumbers": 1,
      "EchoTime": 68.0,
      "EchoTrainLength": 61,
      "FlipAngle": 90.0,
      "HighBit": 11,
      "ImageOrientationPatient": [0.99995424931094, 0.00773204066136, 0.00563159233393, -0.0090755396991, 0.95289476327205, 0.30316530920913],
      "ImagePositionPatient": [-1070.6885940404, -1016.5105725291, -403.77777516073],
      "ImageType": [
        "ORIGINAL",
        "PRIMARY",
        "DIFFUSION",
        "NONE",
        "ND",
        "NORM",
        "MOSAIC"
],
      "ImagedNucleus": "1H",
      "ImagingFrequency": 123.259155,
      "InPlanePhaseEncodingDirection": "COL",
      "MRAcquisitionType": "2D",
      "MagneticFieldStrength": 3.0,
      "Manufacturer": "SIEMENS",
      "ManufacturerModelName": "Prisma",
      "Modality": "MR",
      "NumberOfAverages": 1.0,
      "NumberOfPhaseEncodingSteps": 122,
      "PercentPhaseFieldOfView": 100.0,
      "PercentSampling": 100.0,
      "PerformedProcedureStepStartTime": "090759.783000",
      "PhotometricInterpretation": "MONOCHROME2",
      "PixelBandwidth": 2050.0,
      "PixelRepresentation": 0,
      "PixelSpacing": [1.9672131538391, 1.9672131538391],
      "ProtocolName": "dwi_acq-DTI-30-p2-s4",
      "RepetitionTime": 3600.0,
      "Rows": 1098,
      "SAR": 0.22736430452167,
      "SamplesPerPixel": 1,
      "ScanOptions": "FS",
      "ScanningSequence": "EP",
      "SequenceVariant": [
        "SK",
        "SP"
],
      "SeriesDescription": "dwi_acq-DTI-30-p2-s4",
      "SeriesNumber": 10,
      "SeriesTime": "094825.587000",
      "SliceLocation": -73.323996596832,
      "SliceThickness": 2.0,
      "SmallestImagePixelValue": 0,
      "SoftwareVersions": "syngo MR E11",
      "SpacingBetweenSlices": 2.0000000492686,
      "SpecificCharacterSet": "ISO_IR 100",
      "StudyID": "45",
      "StudyTime": "090759.669000",
      "TransmitCoilName": "Body",
      "VariableFlipAngleFlag": "N",
      "WindowCenterWidthExplanation": "Algo1"
    },
    "slices": {}
  },
  "time": {
    "samples": {
      "AcquisitionNumber": [1, 2, 3, 4, 5, 6, 7, 8, 9, 10, 11, 12, 13, 14, 15, 16, 17, 18, 19, 20, 21, 22, 23, 24, 25, 26, 27, 28, 29, 30, 31],
      "AcquisitionTime": ["094702.472500", "094706.072500", "094709.672500", "094713.272500", "094716.872500", "094720.472500", "094724.072500", "094727.672500", "094731.272500", "094734.872500", "094738.472500", "094742.072500", "094745.672500", "094749.272500", "094752.872500", "094756.472500", "094800.072500", "094803.672500", "094807.272500", "094810.872500", "094814.472500", "094818.072500", "094821.672500", "094825.272500", "094828.872500", "094832.472500", "094836.072500", "094839.672500", "094843.272500", "094846.872500", "094850.472500"],
      "ContentTime": ["094825.591000", "094825.594000", "094825.597000", "094825.600000", "094825.603000", "094825.606000", "094825.609000", "094825.612000", "094825.615000", "094825.618000", "094825.621000", "094825.631000", "094825.634000", "094825.637000", "094825.640000", "094825.642000", "094825.645000", "094825.648000", "094825.651000", "094825.654000", "094825.657000", "094825.660000", "094825.670000", "094845.596000", "094845.599000", "094845.609000", "094845.612000", "094845.615000", "094845.618000", "094852.339000", "094852.342000"],
      "InstanceCreationTime": ["094825.591000", "094825.594000", "094825.597000", "094825.600000", "094825.603000", "094825.606000", "094825.609000", "094825.612000", "094825.615000", "094825.618000", "094825.621000", "094825.631000", "094825.634000", "094825.637000", "094825.640000", "094825.642000", "094825.645000", "094825.648000", "094825.651000", "094825.654000", "094825.657000", "094825.660000", "094825.670000", "094845.596000", "094845.599000", "094845.609000", "094845.612000", "094845.615000", "094845.618000", "094852.339000", "094852.342000"],
      "InstanceNumber": [1, 2, 3, 4, 5, 6, 7, 8, 9, 10, 11, 12, 13, 14, 15, 16, 17, 18, 19, 20, 21, 22, 23, 24, 25, 26, 27, 28, 29, 30, 31],
      "LargestImagePixelValue": [2065, 281, 292, 297, 281, 285, 302, 290, 289, 290, 289, 284, 292, 286, 294, 305, 278, 276, 297, 292, 292, 302, 274, 274, 279, 283, 287, 286, 296, 291, 291],
      "SequenceName": [
        "*ep_b0",
        "*ep_b1000#1",
        "*ep_b1000#2",
        "*ep_b1000#3",
        "*ep_b1000#4",
        "*ep_b1000#5",
        "*ep_b1000#6",
        "*ep_b1000#7",
        "*ep_b1000#8",
        "*ep_b1000#9",
        "*ep_b1000#10",
        "*ep_b1000#11",
        "*ep_b1000#12",
        "*ep_b1000#13",
        "*ep_b1000#14",
        "*ep_b1000#15",
        "*ep_b1000#16",
        "*ep_b1000#17",
        "*ep_b1000#18",
        "*ep_b1000#19",
        "*ep_b1000#20",
        "*ep_b1000#21",
        "*ep_b1000#22",
        "*ep_b1000#23",
        "*ep_b1000#24",
        "*ep_b1000#25",
        "*ep_b1000#26",
        "*ep_b1000#27",
        "*ep_b1000#28",
        "*ep_b1000#29",
        "*ep_b1000#30"
],
      "WindowCenter": [895.0, 217.0, 219.0, 219.0, 216.0, 215.0, 217.0, 217.0, 218.0, 218.0, 216.0, 215.0, 219.0, 218.0, 218.0, 219.0, 217.0, 215.0, 220.0, 220.0, 218.0, 219.0, 217.0, 216.0, 215.0, 217.0, 218.0, 218.0, 219.0, 221.0, 220.0],
      "WindowWidth": [1966.0, 496.0, 498.0, 498.0, 494.0, 491.0, 495.0, 495.0, 498.0, 497.0, 493.0, 491.0, 499.0, 497.0, 497.0, 499.0, 495.0, 491.0, 499.0, 500.0, 497.0, 497.0, 495.0, 492.0, 491.0, 495.0, 497.0, 496.0, 498.0, 502.0, 500.0]
    },
    "slices": {}
  }
}