{
  "AcquisitionMatrixPE": 122,
  "AcquisitionNumber": 1,
  "AcquisitionTime": "10:26:40.497500",
  "BandwidthPerPixelPhaseEncode": 27.785,
  "BaseResolution": 122,
  "BodyPartExamined": "BRAIN",
  "CoilCombinationMethod": "Adaptive Combine",
  "ConsistencyInfo": "N4_VE11E_LATEST_20181129",
  "ConversionSoftware": "dcm2niix",
  "ConversionSoftwareVersion": "v1.0.20220720",
  "DerivedVendorReportedEchoSpacing": 0.000590011,
  "DeviceSerialNumber": "66112",
  "DiffusionScheme": "Monopolar",
  "DwellTime": 2e-06,
  "EchoTime": 0.068,
  "EchoTrainLength": 61,
  "EffectiveEchoSpacing": 0.000295005,
  "FlipAngle": 90,
  "HeudiconvVersion": "0.13.1",
  "ImageOrientationPatientDICOM": [0.99099, 0.133709, 0.00780853, -0.129762, 0.944028, 0.303271],
  "ImageOrientationText": "Tra>Cor(17.6)>Sag(-1.9)",
  "ImageType": [
    "ORIGINAL",
    "PRIMARY",
    "DIFFUSION",
    "NONE",
    "ND",
    "NORM",
    "MOSAIC"
],
  "ImagingFrequency": 123.259,
  "InPlanePhaseEncodingDirectionDICOM": "COL",
  "InstitutionAddress": "Maynard 3,Hanover,NH,US,03755",
  "InstitutionName": "Dartmouth College - PBS",
  "InstitutionalDepartmentName": "Department",
  "MRAcquisitionType": "2D",
  "MagneticFieldStrength": 3,
  "Manufacturer": "Siemens",
  "ManufacturersModelName": "Prisma",
  "Modality": "MR",
  "MultibandAccelerationFactor": 4,
  "NonlinearGradientCorrection": false,
  "ParallelReductionFactorInPlane": 2,
  "PartialFourier": 1,
  "PatientPosition": "HFS",
  "PercentPhaseFOV": 100,
  "PercentSampling": 100,
  "PhaseEncodingDirection": "j-",
  "PhaseEncodingSteps": 122,
  "PhaseResolution": 1,
  "PixelBandwidth": 2050,
  "ProcedureStepDescription": "dbic^QA",
  "ProtocolName": "dwi_acq-DTI-30-p2-s4",
  "PulseSequenceDetails": "%SiemensSeq%\\ep2d_diff",
  "ReceiveCoilActiveElements": "HEA;HEP",
  "ReceiveCoilName": "Head_32",
  "ReconMatrixPE": 122,
  "RefLinesPE": 38,
  "RepetitionTime": 3.6,
  "SAR": 0.224884,
  "ScanOptions": "FS",
  "ScanningSequence": "EP",
  "SequenceName": "*ep_b0",
  "SequenceVariant": "SK\\SP",
  "SeriesDescription": "dwi_acq-DTI-30-p2-s4",
  "SeriesNumber": 10,
  "ShimSetting": [4224, -7738, -7481, -13, -115, -69, -20, 88],
  "SliceThickness": 2,
  "SliceTiming": [2.585, 0, 1.79, 0.2, 1.9875, 0.3975, 2.1875, 0.5975, 2.3875, 0.995, 2.785, 1.1925, 2.9825, 1.3925, 3.1825, 1.59, 3.38, 0.795, 2.585, 0, 1.79, 0.2, 1.9875, 0.3975, 2.1875, 0.5975, 2.3875, 0.995, 2.785, 1.1925, 2.9825, 1.3925, 3.1825, 1.59, 3.38, 0.795, 2.585, 0, 1.79, 0.2, 1.9875, 0.3975, 2.1875, 0.5975, 2.3875, 0.995, 2.785, 1.1925, 2.9825, 1.3925, 3.1825, 1.59, 3.38, 0.795, 2.585, 0, 1.79, 0.2, 1.9875, 0.3975, 2.1875, 0.5975, 2.3875, 0.995, 2.785, 1.1925, 2.9825, 1.3925, 3.1825, 1.59, 3.38, 0.795],
  "SoftwareVersions": "syngo MR E11",
  "SpacingBetweenSlices": 2,
  "SpoilingState": true,
  "StationName": "AWP66112",
  "TotalReadoutTime": 0.0356956,
  "TxRefAmp": 226.503,
  "dcmmeta_affine": [
    [-1.9494882822036743, -0.25527048110961914, -0.06635726243257523, 138.4351806640625],
    [-0.26303449273109436, 1.857103943824768, 0.6031031012535095, -119.23990631103516],
    [0.015361038036644459, -0.5965983271598816, 1.9057449102401733, -36.249568939208984],
    [0.0, 0.0, 0.0, 1.0]
],
  "dcmmeta_reorient_transform": [
    [0.0, -1.0, 0.0, 121.0],
    [1.0, 0.0, 0.0, 0.0],
    [0.0, 0.0, 1.0, 0.0],
    [0.0, 0.0, 0.0, 1.0]
],
  "dcmmeta_shape": [122, 122, 72, 31],
  "dcmmeta_slice_dim": 2,
  "dcmmeta_version": 0.6,
  "global": {
    "const": {
      "AccessionNumber": "qa",
      "AcquisitionMatrix": [122, 0, 0, 122],
      "AngioFlag": "N",
      "BitsAllocated": 16,
      "BitsStored": 12,
      "BodyPartExamined": "BRAIN",
      "Columns": 1098,
      "EchoNumbers": 1,
      "EchoTime": 68.0,
      "EchoTrainLength": 61,
      "FlipAngle": 90.0,
      "HighBit": 11,
      "ImageOrientationPatient": [0.99098984658089, 0.13370920263372, 0.00780852768752, -0.1297624849173, 0.94402781613238, 0.30327080287493],
      "ImagePositionPatient": [-934.32573816305, -1140.0972253932, -407.07412789635],
      "ImageType": [
        "ORIGINAL",
        "PRIMARY",
        "DIFFUSION",
        "NONE",
        "ND",
        "NORM",
        "MOSAIC"
],
      "ImagedNucleus": "1H",
      "ImagingFrequency": 123.259252,
      "InPlanePhaseEncodingDirection": "COL",
      "MRAcquisitionType": "2D",
      "MagneticFieldStrength": 3.0,
      "Manufacturer": "SIEMENS",
      "ManufacturerModelName": "Prisma",
      "Modality": "MR",
      "NumberOfAverages": 1.0,
      "NumberOfPhaseEncodingSteps": 122,
      "PercentPhaseFieldOfView": 100.0,
      "PercentSampling": 100.0,
      "PerformedProcedureStepStartTime": "095110.029000",
      "PhotometricInterpretation": "MONOCHROME2",
      "PixelBandwidth": 2050.0,
      "PixelRepresentation": 0,
      "PixelSpacing": [1.9672131538391, 1.9672131538391],
      "ProtocolName": "dwi_acq-DTI-30-p2-s4",
      "RepetitionTime": 3600.0,
      "Rows": 1098,
      "SAR": 0.22488434302097,
      "SamplesPerPixel": 1,
      "ScanOptions": "FS",
      "ScanningSequence": "EP",
      "SequenceVariant": [
        "SK",
        "SP"
],
      "SeriesDescription": "dwi_acq-DTI-30-p2-s4",
      "SeriesNumber": 10,
      "SeriesTime": "102752.788000",
      "SliceLocation": -75.091282366989,
      "SliceThickness": 2.0,
      "SmallestImagePixelValue": 0,
      "SoftwareVersions": "syngo MR E11",
      "SpacingBetweenSlices": 2.0000000160655,
      "SpecificCharacterSet": "ISO_IR 100",
      "StudyID": "24",
      "StudyTime": "095109.973000",
      "TransmitCoilName": "Body",
      "VariableFlipAngleFlag": "N",
      "WindowCenterWidthExplanation": "Algo1"
    },
    "slices": {}
  },
  "time": {
    "samples": {
      "AcquisitionNumber": [1, 2, 3, 4, 5, 6, 7, 8, 9, 10, 11, 12, 13, 14, 15, 16, 17, 18, 19, 20, 21, 22, 23, 24, 25, 26, 27, 28, 29, 30, 31],
      "AcquisitionTime": ["102640.497500", "102644.097500", "102647.697500", "102651.297500", "102654.897500", "102658.497500", "102702.097500", "102705.697500", "102709.297500", "102712.897500", "102716.497500", "102720.097500", "102723.697500", "102727.297500", "102730.897500", "102734.497500", "102738.097500", "102741.697500", "102745.297500", "102748.897500", "102752.497500", "102756.097500", "102759.697500", "102803.297500", "102806.897500", "102810.497500", "102814.097500", "102817.697500", "102821.297500", "102824.897500", "102828.497500"],
      "ContentTime": ["102752.792000", "102752.796000", "102752.799000", "102752.802000", "102752.805000", "102752.807000", "102752.811000", "102752.814000", "102752.816000", "102752.819000", "102752.822000", "102752.825000", "102752.828000", "102752.838000", "102752.841000", "102752.844000", "102752.847000", "102752.850000", "102752.853000", "102752.856000", "102830.447000", "102830.451000", "102830.455000", "102830.459000", "102830.463000", "102830.466000", "102830.469000", "102830.489000", "102830.492000", "102830.495000", "102830.499000"],
      "InstanceCreationTime": ["102752.792000", "102752.796000", "102752.799000", "102752.802000", "102752.805000", "102752.807000", "102752.811000", "102752.814000", "102752.816000", "102752.819000", "102752.822000", "102752.825000", "102752.828000", "102752.838000", "102752.841000", "102752.844000", "102752.847000", "102752.850000", "102752.853000", "102752.856000", "102830.447000", "102830.451000", "102830.455000", "102830.459000", "102830.463000", "102830.466000", "102830.469000", "102830.489000", "102830.492000", "102830.495000", "102830.499000"],
      "InstanceNumber": [1, 2, 3, 4, 5, 6, 7, 8, 9, 10, 11, 12, 13, 14, 15, 16, 17, 18, 19, 20, 21, 22, 23, 24, 25, 26, 27, 28, 29, 30, 31],
      "LargestImagePixelValue": [1967, 283, 285, 291, 296, 294, 302, 294, 280, 282, 308, 307, 292, 298, 294, 285, 288, 298, 290, 292, 278, 288, 284, 286, 288, 277, 279, 288, 287, 283, 283],
      "SequenceName": [
        "*ep_b0",
        "*ep_b1000#1",
        "*ep_b1000#2",
        "*ep_b1000#3",
        "*ep_b1000#4",
        "*ep_b1000#5",
        "*ep_b1000#6",
        "*ep_b1000#7",
        "*ep_b1000#8",
        "*ep_b1000#9",
        "*ep_b1000#10",
        "*ep_b1000#11",
        "*ep_b1000#12",
        "*ep_b1000#13",
        "*ep_b1000#14",
        "*ep_b1000#15",
        "*ep_b1000#16",
        "*ep_b1000#17",
        "*ep_b1000#18",
        "*ep_b1000#19",
        "*ep_b1000#20",
        "*ep_b1000#21",
        "*ep_b1000#22",
        "*ep_b1000#23",
        "*ep_b1000#24",
        "*ep_b1000#25",
        "*ep_b1000#26",
        "*ep_b1000#27",
        "*ep_b1000#28",
        "*ep_b1000#29",
        "*ep_b1000#30"
],
      "WindowCenter": [889.0, 217.0, 217.0, 217.0, 215.0, 214.0, 214.0, 215.0, 217.0, 216.0, 214.0, 213.0, 218.0, 216.0, 215.0, 215.0, 216.0, 214.0, 217.0, 219.0, 217.0, 217.0, 215.0, 214.0, 214.0, 215.0, 215.0, 215.0, 215.0, 218.0, 216.0],
      "WindowWidth": [1954.0, 494.0, 494.0, 494.0, 491.0, 488.0, 489.0, 490.0, 495.0, 492.0, 488.0, 486.0, 496.0, 492.0, 490.0, 491.0, 493.0, 488.0, 494.0, 498.0, 495.0, 495.0, 490.0, 488.0, 488.0, 490.0, 491.0, 490.0, 490.0, 496.0, 492.0]
    },
    "slices": {}
  }
}