{
  "AcquisitionMatrixPE": 122,
  "AcquisitionNumber": 1,
  "AcquisitionTime": "10:22:22.212500",
  "BandwidthPerPixelPhaseEncode": 28.76,
  "BaseResolution": 122,
  "BodyPartExamined": "BRAIN",
  "CoilCombinationMethod": "Adaptive Combine",
  "ConsistencyInfo": "N4_VE11E_LATEST_20181129",
  "ConversionSoftware": "dcm2niix",
  "ConversionSoftwareVersion": "v1.0.20220720",
  "DerivedVendorReportedEchoSpacing": 0.000570008,
  "DeviceSerialNumber": "66112",
  "DiffusionScheme": "Monopolar",
  "DwellTime": 2e-06,
  "EchoTime": 0.075,
  "EchoTrainLength": 61,
  "EffectiveEchoSpacing": 0.000285004,
  "FlipAngle": 90,
  "HeudiconvVersion": "0.13.1",
  "ImageOrientationPatientDICOM": [0.99099, 0.133709, 0.00780853, -0.129762, 0.944028, 0.303271],
  "ImageOrientationText": "Tra>Cor(17.6)>Sag(-1.9)",
  "ImageType": [
    "ORIGINAL",
    "PRIMARY",
    "DIFFUSION",
    "NONE",
    "ND",
    "NORM",
    "MOSAIC"
],
  "ImagingFrequency": 123.259,
  "InPlanePhaseEncodingDirectionDICOM": "COL",
  "InstitutionAddress": "Maynard 3,Hanover,NH,US,03755",
  "InstitutionName": "Dartmouth College - PBS",
  "InstitutionalDepartmentName": "Department",
  "MRAcquisitionType": "2D",
  "MagneticFieldStrength": 3,
  "Manufacturer": "Siemens",
  "ManufacturersModelName": "Prisma",
  "MatrixCoilMode": "GRAPPA",
  "Modality": "MR",
  "NonlinearGradientCorrection": false,
  "ParallelReductionFactorInPlane": 2,
  "PartialFourier": 1,
  "PatientPosition": "HFS",
  "PercentPhaseFOV": 100,
  "PercentSampling": 100,
  "PhaseEncodingDirection": "j-",
  "PhaseEncodingSteps": 122,
  "PhaseResolution": 1,
  "PixelBandwidth": 2050,
  "ProcedureStepDescription": "dbic^QA",
  "ProtocolName": "dwi_acq-DTI-30-p2",
  "PulseSequenceDetails": "%SiemensSeq%\\ep2d_diff",
  "ReceiveCoilActiveElements": "HEA;HEP",
  "ReceiveCoilName": "Head_32",
  "ReconMatrixPE": 122,
  "RefLinesPE": 38,
  "RepetitionTime": 7.7,
  "SAR": 0.149,
  "ScanOptions": "FS",
  "ScanningSequence": "EP",
  "SequenceName": "*ep_b0",
  "SequenceVariant": "SK\\SP",
  "SeriesDescription": "dwi_acq-DTI-30-p2",
  "SeriesNumber": 9,
  "ShimSetting": [4224, -7738, -7482, -13, -115, -70, -20, 88],
  "SliceThickness": 2,
  "SliceTiming": [3.84, 0, 3.95, 0.11, 4.0575, 0.2175, 4.1675, 0.3275, 4.2775, 0.4375, 4.3875, 0.5475, 4.4975, 0.6575, 4.6075, 0.7675, 4.7175, 0.8775, 4.8275, 0.9875, 4.935, 1.0975, 5.045, 1.205, 5.155, 1.315, 5.265, 1.425, 5.375, 1.535, 5.485, 1.645, 5.595, 1.755, 5.705, 1.865, 5.815, 1.975, 5.9225, 2.0825, 6.0325, 2.1925, 6.1425, 2.3025, 6.2525, 2.4125, 6.3625, 2.5225, 6.4725, 2.6325, 6.5825, 2.7425, 6.6925, 2.8525, 6.8025, 2.9625, 6.91, 3.07, 7.02, 3.18, 7.13, 3.29, 7.24, 3.4, 7.35, 3.51, 7.46, 3.62, 7.57, 3.73],
  "SoftwareVersions": "syngo MR E11",
  "SpacingBetweenSlices": 2,
  "SpoilingState": true,
  "StationName": "AWP66112",
  "TotalReadoutTime": 0.0344855,
  "TxRefAmp": 226.503,
  "dcmmeta_affine": [
    [-1.9494882822036743, -0.25527048110961914, -0.06635726243257523, 138.3688201904297],
    [-0.26303449273109436, 1.857103943824768, 0.6031031012535095, -118.63680267333984],
    [0.015361038036644459, -0.5965983271598816, 1.9057449102401733, -34.34382247924805],
    [0.0, 0.0, 0.0, 1.0]
],
  "dcmmeta_reorient_transform": [
    [0.0, -1.0, 0.0, 121.0],
    [1.0, 0.0, 0.0, 0.0],
    [0.0, 0.0, 1.0, 0.0],
    [0.0, 0.0, 0.0, 1.0]
],
  "dcmmeta_shape": [122, 122, 70, 31],
  "dcmmeta_slice_dim": 2,
  "dcmmeta_version": 0.6,
  "global": {
    "const": {
      "AccessionNumber": "qa",
      "AcquisitionMatrix": [122, 0, 0, 122],
      "AngioFlag": "N",
      "BitsAllocated": 16,
      "BitsStored": 12,
      "BodyPartExamined": "BRAIN",
      "Columns": 1098,
      "EchoNumbers": 1,
      "EchoTime": 75.0,
      "EchoTrainLength": 61,
      "FlipAngle": 90.0,
      "HighBit": 11,
      "ImageOrientationPatient": [0.99098984658089, 0.13370920263372, 0.00780852768752, -0.1297624849173, 0.94402781613238, 0.30327080287493],
      "ImagePositionPatient": [-934.25938055044, -1140.7003290309, -405.16838143639],
      "ImageType": [
        "ORIGINAL",
        "PRIMARY",
        "DIFFUSION",
        "NONE",
        "ND",
        "NORM",
        "MOSAIC"
],
      "ImagedNucleus": "1H",
      "ImagingFrequency": 123.259249,
      "InPlanePhaseEncodingDirection": "COL",
      "MRAcquisitionType": "2D",
      "MagneticFieldStrength": 3.0,
      "Manufacturer": "SIEMENS",
      "ManufacturerModelName": "Prisma",
      "Modality": "MR",
      "NumberOfAverages": 1.0,
      "NumberOfPhaseEncodingSteps": 122,
      "PercentPhaseFieldOfView": 100.0,
      "PercentSampling": 100.0,
      "PerformedProcedureStepStartTime": "095110.029000",
      "PhotometricInterpretation": "MONOCHROME2",
      "PixelBandwidth": 2050.0,
      "PixelRepresentation": 0,
      "PixelSpacing": [1.9672131538391, 1.9672131538391],
      "ProtocolName": "dwi_acq-DTI-30-p2",
      "RepetitionTime": 7700.0,
      "Rows": 1098,
      "SAR": 0.14900010942968,
      "SamplesPerPixel": 1,
      "ScanOptions": "FS",
      "ScanningSequence": "EP",
      "SequenceVariant": [
        "SK",
        "SP"
],
      "SeriesDescription": "dwi_acq-DTI-30-p2",
      "SeriesNumber": 9,
      "SeriesTime": "102452.703000",
      "SliceLocation": -73.091280641938,
      "SliceThickness": 2.0,
      "SmallestImagePixelValue": 0,
      "SoftwareVersions": "syngo MR E11",
      "SpacingBetweenSlices": 2.0000000193816,
      "SpecificCharacterSet": "ISO_IR 100",
      "StudyID": "24",
      "StudyTime": "095109.973000",
      "TransmitCoilName": "Body",
      "VariableFlipAngleFlag": "N",
      "WindowCenterWidthExplanation": "Algo1"
    },
    "slices": {}
  },
  "time": {
    "samples": {
      "AcquisitionNumber": [1, 2, 3, 4, 5, 6, 7, 8, 9, 10, 11, 12, 13, 14, 15, 16, 17, 18, 19, 20, 21, 22, 23, 24, 25, 26, 27, 28, 29, 30, 31],
      "AcquisitionTime": ["102222.212500", "102229.912500", "102237.612500", "102245.312500", "102253.012500", "102300.712500", "102308.412500", "102316.112500", "102323.812500", "102331.512500", "102339.212500", "102346.912500", "102354.612500", "102402.312500", "102410.012500", "102417.712500", "102425.412500", "102433.112500", "102440.812500", "102448.512500", "102456.212500", "102503.912500", "102511.612500", "102519.312500", "102527.012500", "102534.712500", "102542.412500", "102550.112500", "102557.812500", "102605.512500", "102613.212500"],
      "ContentTime": ["102452.707000", "102452.711000", "102452.714000", "102452.723000", "102452.726000", "102452.729000", "102452.732000", "102452.735000", "102452.738000", "102452.741000", "102452.744000", "102452.747000", "102452.756000", "102452.759000", "102452.761000", "102452.764000", "102452.773000", "102452.776000", "102452.779000", "102452.781000", "102617.175000", "102617.179000", "102617.188000", "102617.193000", "102617.201000", "102617.205000", "102617.213000", "102617.216000", "102617.219000", "102617.222000", "102617.226000"],
      "InstanceCreationTime": ["102452.707000", "102452.711000", "102452.714000", "102452.723000", "102452.726000", "102452.729000", "102452.732000", "102452.735000", "102452.738000", "102452.741000", "102452.744000", "102452.747000", "102452.756000", "102452.759000", "102452.761000", "102452.764000", "102452.773000", "102452.776000", "102452.779000", "102452.781000", "102617.175000", "102617.179000", "102617.188000", "102617.193000", "102617.201000", "102617.205000", "102617.213000", "102617.216000", "102617.219000", "102617.222000", "102617.226000"],
      "InstanceNumber": [1, 2, 3, 4, 5, 6, 7, 8, 9, 10, 11, 12, 13, 14, 15, 16, 17, 18, 19, 20, 21, 22, 23, 24, 25, 26, 27, 28, 29, 30, 31],
      "LargestImagePixelValue": [1904, 290, 293, 284, 301, 297, 296, 295, 303, 285, 294, 306, 289, 293, 294, 284, 286, 299, 277, 273, 284, 288, 276, 285, 298, 278, 282, 291, 280, 281, 275],
      "SequenceName": [
        "*ep_b0",
        "*ep_b1000#1",
        "*ep_b1000#2",
        "*ep_b1000#3",
        "*ep_b1000#4",
        "*ep_b1000#5",
        "*ep_b1000#6",
        "*ep_b1000#7",
        "*ep_b1000#8",
        "*ep_b1000#9",
        "*ep_b1000#10",
        "*ep_b1000#11",
        "*ep_b1000#12",
        "*ep_b1000#13",
        "*ep_b1000#14",
        "*ep_b1000#15",
        "*ep_b1000#16",
        "*ep_b1000#17",
        "*ep_b1000#18",
        "*ep_b1000#19",
        "*ep_b1000#20",
        "*ep_b1000#21",
        "*ep_b1000#22",
        "*ep_b1000#23",
        "*ep_b1000#24",
        "*ep_b1000#25",
        "*ep_b1000#26",
        "*ep_b1000#27",
        "*ep_b1000#28",
        "*ep_b1000#29",
        "*ep_b1000#30"
],
      "WindowCenter": [865.0, 214.0, 213.0, 213.0, 212.0, 211.0, 211.0, 212.0, 214.0, 212.0, 210.0, 210.0, 213.0, 212.0, 211.0, 211.0, 212.0, 211.0, 212.0, 213.0, 214.0, 213.0, 210.0, 210.0, 211.0, 211.0, 211.0, 211.0, 210.0, 211.0, 210.0],
      "WindowWidth": [1882.0, 487.0, 486.0, 486.0, 483.0, 481.0, 481.0, 483.0, 487.0, 484.0, 480.0, 480.0, 486.0, 483.0, 481.0, 482.0, 483.0, 481.0, 483.0, 486.0, 488.0, 486.0, 480.0, 479.0, 481.0, 482.0, 483.0, 481.0, 479.0, 482.0, 480.0]
    },
    "slices": {}
  }
}