{
  "AcquisitionMatrixPE": 122,
  "AcquisitionNumber": 1,
  "AcquisitionTime": "10:01:46.210000",
  "BandwidthPerPixelPhaseEncode": 28.76,
  "BaseResolution": 122,
  "BodyPartExamined": "BRAIN",
  "CoilCombinationMethod": "Adaptive Combine",
  "ConsistencyInfo": "N4_VE11E_LATEST_20181129",
  "ConversionSoftware": "dcm2niix",
  "ConversionSoftwareVersion": "v1.0.20220720",
  "DerivedVendorReportedEchoSpacing": 0.000570008,
  "DeviceSerialNumber": "66112",
  "DiffusionScheme": "Monopolar",
  "DwellTime": 2e-06,
  "EchoTime": 0.075,
  "EchoTrainLength": 61,
  "EffectiveEchoSpacing": 0.000285004,
  "FlipAngle": 90,
  "HeudiconvVersion": "0.13.1",
  "ImageOrientationPatientDICOM": [0.991002, 0.133602, 0.00813923, -0.129588, 0.942449, 0.308217],
  "ImageOrientationText": "Tra>Cor(17.9)>Sag(-1.9)",
  "ImageType": [
    "ORIGINAL",
    "PRIMARY",
    "DIFFUSION",
    "NONE",
    "ND",
    "NORM",
    "MOSAIC"
],
  "ImagingFrequency": 123.252,
  "InPlanePhaseEncodingDirectionDICOM": "COL",
  "InstitutionAddress": "Maynard 3,Hanover,NH,US,03755",
  "InstitutionName": "Dartmouth College - PBS",
  "InstitutionalDepartmentName": "Department",
  "MRAcquisitionType": "2D",
  "MagneticFieldStrength": 3,
  "Manufacturer": "Siemens",
  "ManufacturersModelName": "Prisma",
  "MatrixCoilMode": "GRAPPA",
  "Modality": "MR",
  "NonlinearGradientCorrection": false,
  "ParallelReductionFactorInPlane": 2,
  "PartialFourier": 1,
  "PatientPosition": "HFS",
  "PercentPhaseFOV": 100,
  "PercentSampling": 100,
  "PhaseEncodingDirection": "j-",
  "PhaseEncodingSteps": 122,
  "PhaseResolution": 1,
  "PixelBandwidth": 2050,
  "ProcedureStepDescription": "dbic^QA",
  "ProtocolName": "dwi_acq-DTI-30-p2",
  "PulseSequenceDetails": "%SiemensSeq%\\ep2d_diff",
  "ReceiveCoilActiveElements": "HEA;HEP",
  "ReceiveCoilName": "Head_32",
  "ReconMatrixPE": 122,
  "RefLinesPE": 38,
  "RepetitionTime": 7.7,
  "SAR": 0.101106,
  "ScanOptions": "FS",
  "ScanningSequence": "EP",
  "SequenceName": "*ep_b0",
  "SequenceVariant": "SK\\SP",
  "SeriesDescription": "dwi_acq-DTI-30-p2",
  "SeriesNumber": 12,
  "ShimSetting": [4143, -7703, -7508, 281, -81, -72, -18, 48],
  "SliceThickness": 2,
  "SliceTiming": [3.84, 0, 3.9475, 0.1075, 4.0575, 0.2175, 4.1675, 0.3275, 4.2775, 0.4375, 4.3875, 0.5475, 4.4975, 0.6575, 4.6075, 0.7675, 4.7175, 0.8775, 4.825, 0.9875, 4.935, 1.095, 5.045, 1.205, 5.155, 1.315, 5.265, 1.425, 5.375, 1.535, 5.485, 1.645, 5.595, 1.755, 5.705, 1.865, 5.8125, 1.9725, 5.9225, 2.0825, 6.0325, 2.1925, 6.1425, 2.3025, 6.2525, 2.4125, 6.3625, 2.5225, 6.4725, 2.6325, 6.5825, 2.7425, 6.69, 2.8525, 6.8, 2.96, 6.91, 3.07, 7.02, 3.18, 7.13, 3.29, 7.24, 3.4, 7.35, 3.51, 7.46, 3.62, 7.57, 3.73],
  "SoftwareVersions": "syngo MR E11",
  "SpacingBetweenSlices": 2,
  "SpoilingState": true,
  "StationName": "AWP66112",
  "TotalReadoutTime": 0.0344855,
  "TxRefAmp": 231.393,
  "dcmmeta_affine": [
    [-1.9495114088058472, -0.25492748618125916, -0.06701537221670151, 136.82394409179688],
    [-0.2628243863582611, 1.8539973497390747, 0.612995982170105, -108.78846740722656],
    [0.01601160131394863, -0.6063279509544373, 1.9025627374649048, -29.16119384765625],
    [0.0, 0.0, 0.0, 1.0]
],
  "dcmmeta_reorient_transform": [
    [0.0, -1.0, 0.0, 121.0],
    [1.0, 0.0, 0.0, 0.0],
    [0.0, 0.0, 1.0, 0.0],
    [0.0, 0.0, 0.0, 1.0]
],
  "dcmmeta_shape": [122, 122, 70, 31],
  "dcmmeta_slice_dim": 2,
  "dcmmeta_version": 0.6,
  "global": {
    "const": {
      "AccessionNumber": "qa",
      "AcquisitionMatrix": [122, 0, 0, 122],
      "AngioFlag": "N",
      "BitsAllocated": 16,
      "BitsStored": 12,
      "BodyPartExamined": "BRAIN",
      "Columns": 1098,
      "EchoNumbers": 1,
      "EchoTime": 75.0,
      "EchoTrainLength": 61,
      "FlipAngle": 90.0,
      "HighBit": 11,
      "ImageOrientationPatient": [0.99100158999406, 0.13360240100618, 0.00813923059154, -0.1295881307198, 0.94244860702786, 0.30821670864475],
      "ImagePositionPatient": [-932.93465706018, -1148.5541963153, -406.22858437147],
      "ImageType": [
        "ORIGINAL",
        "PRIMARY",
        "DIFFUSION",
        "NONE",
        "ND",
        "NORM",
        "MOSAIC"
],
      "ImagedNucleus": "1H",
      "ImagingFrequency": 123.252364,
      "InPlanePhaseEncodingDirection": "COL",
      "MRAcquisitionType": "2D",
      "MagneticFieldStrength": 3.0,
      "Manufacturer": "SIEMENS",
      "ManufacturerModelName": "Prisma",
      "Modality": "MR",
      "NumberOfAverages": 1.0,
      "NumberOfPhaseEncodingSteps": 122,
      "PercentPhaseFieldOfView": 100.0,
      "PercentSampling": 100.0,
      "PerformedProcedureStepStartTime": "093051.012000",
      "PhotometricInterpretation": "MONOCHROME2",
      "PixelBandwidth": 2050.0,
      "PixelRepresentation": 0,
      "PixelSpacing": [1.9672131538391, 1.9672131538391],
      "ProtocolName": "dwi_acq-DTI-30-p2",
      "RepetitionTime": 7700.0,
      "Rows": 1098,
      "SAR": 0.10110614653125,
      "SamplesPerPixel": 1,
      "ScanOptions": "FS",
      "ScanningSequence": "EP",
      "SequenceVariant": [
        "SK",
        "SP"
],
      "SeriesDescription": "dwi_acq-DTI-30-p2",
      "SeriesNumber": 12,
      "SeriesTime": "100434.854000",
      "SliceLocation": -65.668599412158,
      "SliceThickness": 2.0,
      "SmallestImagePixelValue": 0,
      "SoftwareVersions": "syngo MR E11",
      "SpacingBetweenSlices": 1.9999999783407,
      "SpecificCharacterSet": "ISO_IR 100",
      "StudyID": "1",
      "StudyTime": "093050.962000",
      "TransmitCoilName": "Body",
      "VariableFlipAngleFlag": "N",
      "WindowCenterWidthExplanation": "Algo1"
    },
    "slices": {}
  },
  "time": {
    "samples": {
      "AcquisitionNumber": [1, 2, 3, 4, 5, 6, 7, 8, 9, 10, 11, 12, 13, 14, 15, 16, 17, 18, 19, 20, 21, 22, 23, 24, 25, 26, 27, 28, 29, 30, 31],
      "AcquisitionTime": ["100146.210000", "100153.910000", "100201.610000", "100209.310000", "100217.010000", "100224.710000", "100232.410000", "100240.110000", "100247.810000", "100255.510000", "100303.210000", "100310.910000", "100318.610000", "100326.310000", "100334.010000", "100341.710000", "100349.410000", "100357.110000", "100404.810000", "100412.510000", "100420.210000", "100427.910000", "100435.610000", "100443.310000", "100451.010000", "100458.710000", "100506.410000", "100514.110000", "100521.810000", "100529.510000", "100537.210000"],
      "ContentTime": ["100434.858000", "100434.862000", "100434.865000", "100434.868000", "100434.871000", "100434.883000", "100434.887000", "100434.889000", "100434.892000", "100434.895000", "100434.898000", "100434.901000", "100434.904000", "100434.907000", "100434.910000", "100434.913000", "100434.916000", "100434.919000", "100434.922000", "100434.925000", "100434.927000", "100434.930000", "100541.162000", "100541.165000", "100541.170000", "100541.173000", "100541.176000", "100541.180000", "100541.183000", "100541.186000", "100541.190000"],
      "InstanceCreationTime": ["100434.858000", "100434.862000", "100434.865000", "100434.868000", "100434.871000", "100434.883000", "100434.887000", "100434.889000", "100434.892000", "100434.895000", "100434.898000", "100434.901000", "100434.904000", "100434.907000", "100434.910000", "100434.913000", "100434.916000", "100434.919000", "100434.922000", "100434.925000", "100434.927000", "100434.930000", "100541.162000", "100541.165000", "100541.170000", "100541.173000", "100541.176000", "100541.180000", "100541.183000", "100541.186000", "100541.190000"],
      "InstanceNumber": [1, 2, 3, 4, 5, 6, 7, 8, 9, 10, 11, 12, 13, 14, 15, 16, 17, 18, 19, 20, 21, 22, 23, 24, 25, 26, 27, 28, 29, 30, 31],
      "LargestImagePixelValue": [1924, 282, 269, 281, 261, 270, 291, 263, 261, 277, 270, 276, 264, 257, 268, 269, 276, 265, 282, 286, 283, 264, 250, 266, 253, 260, 268, 261, 258, 268, 272],
      "SequenceName": [
        "*ep_b0",
        "*ep_b1000#1",
        "*ep_b1000#2",
        "*ep_b1000#3",
        "*ep_b1000#4",
        "*ep_b1000#5",
        "*ep_b1000#6",
        "*ep_b1000#7",
        "*ep_b1000#8",
        "*ep_b1000#9",
        "*ep_b1000#10",
        "*ep_b1000#11",
        "*ep_b1000#12",
        "*ep_b1000#13",
        "*ep_b1000#14",
        "*ep_b1000#15",
        "*ep_b1000#16",
        "*ep_b1000#17",
        "*ep_b1000#18",
        "*ep_b1000#19",
        "*ep_b1000#20",
        "*ep_b1000#21",
        "*ep_b1000#22",
        "*ep_b1000#23",
        "*ep_b1000#24",
        "*ep_b1000#25",
        "*ep_b1000#26",
        "*ep_b1000#27",
        "*ep_b1000#28",
        "*ep_b1000#29",
        "*ep_b1000#30"
],
      "WindowCenter": [841.0, 195.0, 195.0, 195.0, 195.0, 194.0, 195.0, 195.0, 195.0, 195.0, 194.0, 194.0, 195.0, 194.0, 194.0, 194.0, 195.0, 194.0, 195.0, 195.0, 195.0, 194.0, 193.0, 193.0, 194.0, 194.0, 194.0, 193.0, 194.0, 195.0, 194.0],
      "WindowWidth": [1811.0, 451.0, 450.0, 451.0, 450.0, 449.0, 450.0, 450.0, 450.0, 451.0, 449.0, 449.0, 450.0, 449.0, 448.0, 449.0, 450.0, 448.0, 450.0, 451.0, 451.0, 449.0, 448.0, 447.0, 448.0, 448.0, 448.0, 447.0, 448.0, 450.0, 449.0]
    },
    "slices": {}
  }
}