{
  "AcquisitionMatrixPE": 80,
  "AcquisitionNumber": 1,
  "AcquisitionTime": "09:45:21.150000",
  "BandwidthPerPixelPhaseEncode": 44.643,
  "BaseResolution": 80,
  "BodyPartExamined": "BRAIN",
  "CoilCombinationMethod": "Sum of Squares",
  "ConsistencyInfo": "N4_VE11C_LATEST_20160120",
  "ConversionSoftware": "dcm2niix",
  "ConversionSoftwareVersion": "v1.0.20220720",
  "DerivedVendorReportedEchoSpacing": 0.000559998,
  "DeviceSerialNumber": "66112",
  "DwellTime": 2.7e-06,
  "EchoTime": 0.035,
  "EchoTrainLength": 39,
  "EffectiveEchoSpacing": 0.000279999,
  "FlipAngle": 90,
  "HeudiconvVersion": "0.13.1",
  "ImageOrientationPatientDICOM": [0.982499, 0.185771, 0.0135817, -0.1805, 0.931541, 0.315676],
  "ImageOrientationText": "Tra>Cor(18.2)>Sag(-2.6)",
  "ImageType": [
    "ORIGINAL",
    "PRIMARY",
    "M",
    "ND",
    "NORM",
    "MOSAIC"
],
  "ImagingFrequency": 123.252,
  "InPlanePhaseEncodingDirectionDICOM": "COL",
  "InstitutionAddress": "Maynard 3,Hanover,NH,US,03755",
  "InstitutionName": "Dartmouth College - PBS",
  "InstitutionalDepartmentName": "Department",
  "MRAcquisitionType": "2D",
  "MagneticFieldStrength": 3,
  "Manufacturer": "Siemens",
  "ManufacturersModelName": "Prisma",
  "Modality": "MR",
  "MultibandAccelerationFactor": 4,
  "NonlinearGradientCorrection": false,
  "ParallelReductionFactorInPlane": 2,
  "PartialFourier": 1,
  "PatientPosition": "HFS",
  "PercentPhaseFOV": 100,
  "PercentSampling": 100,
  "PhaseEncodingDirection": "j-",
  "PhaseEncodingSteps": 79,
  "PhaseResolution": 1,
  "PixelBandwidth": 2315,
  "ProcedureStepDescription": "dbic^QA",
  "ProtocolName": "func-bold_task-rest_acq-p2-s4-3.5mm",
  "PulseSequenceDetails": "%SiemensSeq%\\ep2d_bold",
  "ReceiveCoilActiveElements": "HEA;HEP",
  "ReceiveCoilName": "Head_32",
  "ReconMatrixPE": 80,
  "RefLinesPE": 24,
  "RepetitionTime": 2,
  "SAR": 0.020937,
  "ScanOptions": "FS",
  "ScanningSequence": "EP",
  "SequenceName": "*epfid2d1_80",
  "SequenceVariant": "SK",
  "SeriesDescription": "func-bold_task-rest_acq-p2-s4-3.5mm",
  "SeriesNumber": 7,
  "ShimSetting": [4143, -7698, -7522, 257, -104, -7, -4, 50],
  "SliceThickness": 3.5,
  "SliceTiming": [1.485, 0, 0.99, 0.2475, 1.2375, 0.7425, 1.7325, 0.495, 1.485, 0, 0.99, 0.2475, 1.2375, 0.7425, 1.7325, 0.495, 1.485, 0, 0.99, 0.2475, 1.2375, 0.7425, 1.7325, 0.495, 1.485, 0, 0.99, 0.2475, 1.2375, 0.7425, 1.7325, 0.495],
  "SoftwareVersions": "syngo MR E11",
  "SpacingBetweenSlices": 3.99,
  "StationName": "AWP66112",
  "TaskName": "rest",
  "TotalReadoutTime": 0.0221199,
  "TxRefAmp": 224.411,
  "dcmmeta_affine": [
    [-2.947497606277466, -0.5414988398551941, -0.18350672721862793, 143.35214233398438],
    [-0.5573131442070007, 2.7946224212646484, 1.2472869157791138, -93.11445617675781],
    [0.040744952857494354, -0.9470290541648865, 3.7855911254882812, -17.266347885131836],
    [0.0, 0.0, 0.0, 1.0]
],
  "dcmmeta_reorient_transform": [
    [0.0, -1.0, 0.0, 79.0],
    [1.0, 0.0, 0.0, 0.0],
    [0.0, 0.0, 1.0, 0.0],
    [0.0, 0.0, 0.0, 1.0]
],
  "dcmmeta_shape": [80, 80, 32, 200],
  "dcmmeta_slice_dim": 2,
  "dcmmeta_version": 0.6,
  "global": {
    "const": {
      "AccessionNumber": "qa",
      "AcquisitionMatrix": [80, 0, 0, 80],
      "AngioFlag": "N",
      "BitsAllocated": 16,
      "BitsStored": 12,
      "BodyPartExamined": "BRAIN",
      "Columns": 480,
      "EchoNumbers": 1,
      "EchoTime": 35.0,
      "EchoTrainLength": 39,
      "FlipAngle": 90.0,
      "HighBit": 11,
      "ImageOrientationPatient": [0.98249918963187, 0.18577104494219, 0.01358165062864, -0.1804996106063, 0.93154084057901, 0.31567634200922],
      "ImagePositionPatient": [-581.77348195546, -798.04785625843, -289.63643722489],
      "ImageType": [
        "ORIGINAL",
        "PRIMARY",
        "M",
        "ND",
        "NORM",
        "MOSAIC"
],
      "ImagedNucleus": "1H",
      "ImagingFrequency": 123.252371,
      "InPlanePhaseEncodingDirection": "COL",
      "MRAcquisitionType": "2D",
      "MagneticFieldStrength": 3.0,
      "Manufacturer": "SIEMENS",
      "ManufacturerModelName": "Prisma",
      "Modality": "MR",
      "NumberOfAverages": 1.0,
      "NumberOfPhaseEncodingSteps": 79,
      "PercentPhaseFieldOfView": 100.0,
      "PercentSampling": 100.0,
      "PerformedProcedureStepStartTime": "093652.333000",
      "PhotometricInterpretation": "MONOCHROME2",
      "PixelBandwidth": 2315.0,
      "PixelRepresentation": 0,
      "PixelSpacing": [3.0, 3.0],
      "ProtocolName": "func-bold_task-rest_acq-p2-s4-3.5mm",
      "RepetitionTime": 2000.0,
      "Rows": 480,
      "SAR": 0.02093697874549,
      "SamplesPerPixel": 1,
      "ScanOptions": "FS",
      "ScanningSequence": "EP",
      "SequenceName": "*epfid2d1_80",
      "SequenceVariant": "SK",
      "SeriesDescription": "func-bold_task-rest_acq-p2-s4-3.5mm",
      "SeriesNumber": 7,
      "SeriesTime": "094604.918000",
      "SliceLocation": -52.082671410495,
      "SliceThickness": 3.5,
      "SmallestImagePixelValue": 0,
      "SoftwareVersions": "syngo MR E11",
      "SpacingBetweenSlices": 3.9900000405438,
      "SpecificCharacterSet": "ISO_IR 100",
      "StudyID": "28",
      "StudyTime": "093652.288000",
      "TransmitCoilName": "Body",
      "VariableFlipAngleFlag": "N",
      "WindowCenter": 920.0,
      "WindowCenterWidthExplanation": "Algo1",
      "dBdt": 0.0},
