{
  "AcquisitionMatrixPE": 82,
  "AcquisitionNumber": 1,
  "AcquisitionTime": "11:16:12.457500",
  "BandwidthPerPixelPhaseEncode": 23.452,
  "BaseResolution": 82,
  "BodyPartExamined": "BRAIN",
  "CoilCombinationMethod": "Sum of Squares",
  "ConsistencyInfo": "N4_VE11C_LATEST_20160120",
  "ConversionSoftware": "dcm2niix",
  "ConversionSoftwareVersion": "v1.0.20220720",
  "DerivedVendorReportedEchoSpacing": 0.000520003,
  "DeviceSerialNumber": "66112",
  "DiffusionScheme": "Monopolar",
  "DwellTime": 2.1e-06,
  "EchoTime": 0.073,
  "EchoTrainLength": 82,
  "EffectiveEchoSpacing": 0.000520003,
  "FlipAngle": 90,
  "HeudiconvVersion": "0.13.1",
  "ImageOrientationPatientDICOM": [0.997625, 0.0688858, 0, -0.0688858, 0.997625, 0],
  "ImageOrientationText": "Tra",
  "ImageType": [
    "ORIGINAL",
    "PRIMARY",
    "DIFFUSION",
    "NONE",
    "ND",
    "NORM"
],
  "ImagingFrequency": 123.252,
  "InPlanePhaseEncodingDirectionDICOM": "COL",
  "InstitutionAddress": "Maynard 3,Hanover,NH,US,03755",
  "InstitutionName": "Dartmouth College - PBS",
  "InstitutionalDepartmentName": "Department",
  "IntendedFor": [
    "ses-20180521/dwi/sub-emmet_ses-20180521_acq-DTIX30Xp2Xs4X2mm_dwi.nii.gz",
    "ses-20180521/func/sub-emmet_ses-20180521_task-rest_acq-3mm_bold.nii.gz"
],
  "MRAcquisitionType": "2D",
  "MagneticFieldStrength": 3,
  "Manufacturer": "Siemens",
  "ManufacturersModelName": "Prisma",
  "MatrixCoilMode": "SENSE",
  "Modality": "MR",
  "NonlinearGradientCorrection": false,
  "PartialFourier": 1,
  "PatientPosition": "HFS",
  "PercentPhaseFOV": 100,
  "PercentSampling": 100,
  "PhaseEncodingDirection": "j-",
  "PhaseEncodingSteps": 82,
  "PhaseResolution": 1,
  "PixelBandwidth": 2905,
  "ProcedureStepDescription": "dbic^QA",
  "ProtocolName": "fmap_dir-AP_acq-topup-b0-3mm",
  "PulseSequenceDetails": "%SiemensSeq%\\ep2d_diff",
  "ReceiveCoilActiveElements": "HEA;HEP",
  "ReceiveCoilName": "Head_32",
  "ReconMatrixPE": 82,
  "RepetitionTime": 7.2,
  "SAR": 0.181966,
  "ScanOptions": "FS",
  "ScanningSequence": "EP",
  "SequenceName": "*ep_b0",
  "SequenceVariant": "SK\\SP",
  "SeriesDescription": "fmap_dir-AP_acq-topup-b0-3mm",
  "SeriesNumber": 22,
  "ShimSetting": [4143, -7700, -7245, -872, -66, -20, -63, 80],
  "SliceThickness": 3,
  "SliceTiming": [3.59375, 0, 3.74219, 0.14844, 3.89062, 0.29688, 4.03906, 0.45312, 4.1875, 0.60156, 4.33594, 0.75, 4.48438, 0.89844, 4.64062, 1.04688, 4.78906, 1.19531, 4.9375, 1.35156, 5.08594, 1.49219, 5.23438, 1.64844, 5.38281, 1.79688, 5.53906, 1.94531, 5.6875, 2.09375, 5.83594, 2.24219, 5.98438, 2.39062, 6.13281, 2.53906, 6.28125, 2.69531, 6.42969, 2.84375, 6.58594, 2.99219, 6.73438, 3.14062, 6.88281, 3.28906, 7.03125, 3.4375],
  "SoftwareVersions": "syngo MR E11",
  "SpacingBetweenSlices": 3,
  "SpoilingState": true,
  "StationName": "AWP66112",
  "TotalReadoutTime": 0.0421203,
  "TxRefAmp": 186.051,
  "dcmmeta_affine": [
    [-3.0172059535980225, -0.208337664604187, 0.0, 134.12107849121094],
    [-0.208337664604187, 3.0172059535980225, 0.0, -99.4400634765625],
    [0.0, 0.0, 3.0, -95.49585723876953],
    [0.0, 0.0, 0.0, 1.0]
],
  "dcmmeta_reorient_transform": [
    [0.0, -1.0, 0.0, 81.0],
    [1.0, 0.0, 0.0, 0.0],
    [0.0, 0.0, -1.0, 47.0],
    [0.0, 0.0, 0.0, 1.0]
],
  "dcmmeta_shape": [82, 82, 48],
  "dcmmeta_slice_dim": 2,
  "dcmmeta_version": 0.6,
  "global": {
    "const": {
      "AccessionNumber": "qa-emmet",
      "AcquisitionMatrix": [82, 0, 0, 82],
      "AcquisitionNumber": 1,
      "AngioFlag": "N",
      "BitsAllocated": 16,
      "BitsStored": 12,
      "BodyPartExamined": "BRAIN",
      "Columns": 82,
      "EchoNumbers": 1,
      "EchoTime": 73.0,
      "EchoTrainLength": 82,
      "FlipAngle": 90.0,
      "HighBit": 11,
      "ImageOrientationPatient": [0.9976245490056, 0.06888584195156, 0.0, -0.0688858419516, 0.9976245490056, 0.0],
      "ImageType": [
        "ORIGINAL",
        "PRIMARY",
        "DIFFUSION",
        "NONE",
        "ND",
        "NORM"
],
      "ImagedNucleus": "1H",
      "ImagingFrequency": 123.252342,
      "InPlanePhaseEncodingDirection": "COL",
      "MRAcquisitionType": "2D",
      "MagneticFieldStrength": 3.0,
      "Manufacturer": "SIEMENS",
      "ManufacturerModelName": "Prisma",
      "Modality": "MR",
      "NumberOfAverages": 1.0,
      "NumberOfPhaseEncodingSteps": 82,
      "PercentPhaseFieldOfView": 100.0,
      "PercentSampling": 100.0,
      "PerformedProcedureStepStartTime": "103605.312000",
      "PhotometricInterpretation": "MONOCHROME2",
      "PixelBandwidth": 2905.0,
      "PixelRepresentation": 0,
      "PixelSpacing": [3.0243902206421, 3.0243902206421],
      "ProtocolName": "fmap_dir-AP_acq-topup-b0-3mm",
      "RepetitionTime": 7200.0,
      "Rows": 82,
      "SAR": 0.18196570435726,
      "SamplesPerPixel": 1,
      "ScanOptions": "FS",
      "ScanningSequence": "EP",
      "SequenceName": "*ep_b0",
      "SequenceVariant": [
        "SK",
        "SP"
],
      "SeriesDescription": "fmap_dir-AP_acq-topup-b0-3mm",
      "SeriesNumber": 22,
      "SeriesTime": "111616.906000",
      "SliceThickness": 3.0,
      "SmallestImagePixelValue": 0,
      "SoftwareVersions": "syngo MR E11",
      "SpacingBetweenSlices": 3.0,
      "SpecificCharacterSet": "ISO_IR 100",
      "StudyID": "2",
      "StudyTime": "103605.248000",
      "TransmitCoilName": "Body",
      "VariableFlipAngleFlag": "N",
      "WindowCenterWidthExplanation": "Algo1",
      "dBdt": 0.0},
