{
  "AcquisitionMatrixPE": 82,
  "AcquisitionNumber": 1,
  "AcquisitionTime": "11:21:37.765000",
  "BaseResolution": 82,
  "BodyPartExamined": "BRAIN",
  "CoilCombinationMethod": "Sum of Squares",
  "ConsistencyInfo": "N4_VE11C_LATEST_20160120",
  "ConversionSoftware": "dcm2niix",
  "ConversionSoftwareVersion": "v1.0.20220720",
  "DeviceSerialNumber": "66112",
  "DwellTime": 1.02e-05,
  "EchoNumber": 2,
  "EchoTime": 0.00738,
  "FlipAngle": 45,
  "HeudiconvVersion": "0.13.1",
  "ImageOrientationPatientDICOM": [
    0.997625,
    0.0688859,
    0,
    -0.0688859,
    0.997625,
    0
  ],
  "ImageOrientationText": "Tra",
  "ImageType": [
    "ORIGINAL",
    "PRIMARY",
    "M",
    "ND"
  ],
  "ImagingFrequency": 123.252,
  "InPlanePhaseEncodingDirectionDICOM": "ROW",
  "InstitutionAddress": "Maynard 3,Hanover,NH,US,03755",
  "InstitutionName": "Dartmouth College - PBS",
  "InstitutionalDepartmentName": "Department",
  "MRAcquisitionType": "2D",
  "MagneticFieldStrength": 3,
  "Manufacturer": "Siemens",
  "ManufacturersModelName": "Prisma",
  "MatrixCoilMode": "SENSE",
  "Modality": "MR",
  "NonlinearGradientCorrection": false,
  "PartialFourier": 1,
  "PatientPosition": "HFS",
  "PercentPhaseFOV": 100,
  "PercentSampling": 100,
  "PhaseEncodingDirection": "i-",
  "PhaseEncodingSteps": 82,
  "PhaseResolution": 1,
  "PixelBandwidth": 600,
  "ProcedureStepDescription": "dbic^QA",
  "ProtocolName": "fmap_dir-LR_acq-3mm",
  "PulseSequenceDetails": "%SiemensSeq%\\gre_field_mapping",
  "ReceiveCoilActiveElements": "HEA;HEP",
  "ReceiveCoilName": "Head_32",
  "ReconMatrixPE": 82,
  "RepetitionTime": 0.52,
  "SAR": 0.121766,
  "ScanningSequence": "GR",
  "SequenceName": "*fm2d2r",
  "SequenceVariant": "SP",
  "SeriesDescription": "fmap_dir-LR_acq-3mm",
  "SeriesNumber": 30,
  "ShimSetting": [
    4143,
    -7700,
    -7245,
    -872,
    -66,
    -20,
    -63,
    80
  ],
  "SliceThickness": 3,
  "SliceTiming": [
    0.25781,
    0,
    0.26562,
    0.00781,
    0.28125,
    0.02344,
    0.28906,
    0.03125,
    0.29688,
    0.03906,
    0.3125,
    0.05469,
    0.32031,
    0.0625,
    0.33594,
    0.07031,
    0.34375,
    0.08594,
    0.35156,
    0.09375,
    0.36719,
    0.10156,
    0.375,
    0.11719,
    0.39062,
    0.125,
    0.39844,
    0.14062,
    0.40625,
    0.14844,
    0.42188,
    0.15625,
    0.42969,
    0.17188,
    0.4375,
    0.17969,
    0.45312,
    0.19531,
    0.46094,
    0.20312,
    0.46875,
    0.21094,
    0.48438,
    0.22656,
    0.49219,
    0.23438,
    0.50781,
    0.25
  ],
  "SoftwareVersions": "syngo MR E11",
  "SpacingBetweenSlices": 3,
  "StationName": "AWP66112",
  "TxRefAmp": 186.051
}