{
  "AcquisitionMatrixPE": 82,
  "AcquisitionNumber": 1,
  "AcquisitionTime": "11:20:6.757500",
  "BaseResolution": 82,
  "BodyPartExamined": "BRAIN",
  "CoilCombinationMethod": "Sum of Squares",
  "ConsistencyInfo": "N4_VE11C_LATEST_20160120",
  "ConversionSoftware": "dcm2niix",
  "ConversionSoftwareVersion": "v1.0.20220720",
  "DeviceSerialNumber": "66112",
  "DwellTime": 1.02e-05,
  "EchoNumber": 2,
  "EchoTime": 0.00738,
  "EchoTime1": 0.00492,
  "EchoTime2": 0.00738,
  "FlipAngle": 45,
  "HeudiconvVersion": "0.13.1",
  "ImageOrientationPatientDICOM": [0.997625, 0.0688858, 0, -0.0688858, 0.997625, 0],
  "ImageOrientationText": "Tra",
  "ImageType": [
    "ORIGINAL",
    "PRIMARY",
    "P",
    "ND",
    "PHASE"
],
  "ImagingFrequency": 123.252,
  "InPlanePhaseEncodingDirectionDICOM": "COL",
  "InstitutionAddress": "Maynard 3,Hanover,NH,US,03755",
  "InstitutionName": "Dartmouth College - PBS",
  "InstitutionalDepartmentName": "Department",
  "MRAcquisitionType": "2D",
  "MagneticFieldStrength": 3,
  "Manufacturer": "Siemens",
  "ManufacturersModelName": "Prisma",
  "MatrixCoilMode": "SENSE",
  "Modality": "MR",
  "NonlinearGradientCorrection": false,
  "PartialFourier": 1,
  "PatientPosition": "HFS",
  "PercentPhaseFOV": 100,
  "PercentSampling": 100,
  "PhaseEncodingDirection": "j",
  "PhaseEncodingSteps": 82,
  "PhaseResolution": 1,
  "PixelBandwidth": 600,
  "ProcedureStepDescription": "dbic^QA",
  "ProtocolName": "fmap_dir-PA_acq-3mm",
  "PulseSequenceDetails": "%SiemensSeq%\\gre_field_mapping",
  "ReceiveCoilActiveElements": "HEA;HEP",
  "ReceiveCoilName": "Head_32",
  "ReconMatrixPE": 82,
  "RepetitionTime": 0.52,
  "SAR": 0.121766,
  "ScanningSequence": "GR",
  "SequenceName": "*fm2d2r",
  "SequenceVariant": "SP",
  "SeriesDescription": "fmap_dir-PA_acq-3mm",
  "SeriesNumber": 29,
  "ShimSetting": [4143, -7700, -7245, -872, -66, -20, -63, 80],
  "SliceThickness": 3,
  "SliceTiming": [0.25781, 0, 0.27344, 0.00781, 0.28125, 0.02344, 0.28906, 0.03125, 0.30469, 0.03906, 0.3125, 0.05469, 0.32031, 0.0625, 0.33594, 0.07812, 0.34375, 0.08594, 0.35156, 0.09375, 0.36719, 0.10938, 0.375, 0.11719, 0.39062, 0.125, 0.39844, 0.14062, 0.40625, 0.14844, 0.42188, 0.15625, 0.42969, 0.17188, 0.44531, 0.17969, 0.45312, 0.19531, 0.46875, 0.20312, 0.47656, 0.21875, 0.48438, 0.22656, 0.5, 0.23438, 0.50781, 0.25],
  "SoftwareVersions": "syngo MR E11",
  "SpacingBetweenSlices": 3,
  "StationName": "AWP66112",
  "TxRefAmp": 186.051,
  "dcmmeta_affine": [
    [-3.0172059535980225, -0.208337664604187, 0.0, 134.12107849121094],
    [-0.208337664604187, 3.0172059535980225, 0.0, -99.4400634765625],
    [0.0, 0.0, 3.0, -95.49585723876953],
    [0.0, 0.0, 0.0, 1.0]
],
  "dcmmeta_reorient_transform": [
    [0.0, -1.0, 0.0, 81.0],
    [1.0, 0.0, 0.0, 0.0],
    [0.0, 0.0, -1.0, 47.0],
    [0.0, 0.0, 0.0, 1.0]
],
  "dcmmeta_shape": [82, 82, 48],
  "dcmmeta_slice_dim": 2,
  "dcmmeta_version": 0.6,
  "global": {
    "const": {
      "AccessionNumber": "qa-emmet",
      "AcquisitionMatrix": [82, 0, 0, 82],
      "AcquisitionNumber": 1,
      "AngioFlag": "N",
      "BitsAllocated": 16,
      "BitsStored": 12,
      "BodyPartExamined": "BRAIN",
      "Columns": 82,
      "EchoNumbers": 2,
      "EchoTime": 7.38,
      "EchoTrainLength": 0,
      "FlipAngle": 45.0,
      "HighBit": 11,
      "ImageOrientationPatient": [0.9976245490056, 0.06888584195156, 0.0, -0.0688858419516, 0.9976245490056, 0.0],
      "ImageType": [
        "ORIGINAL",
        "PRIMARY",
        "P",
        "ND"
],
      "ImagedNucleus": "1H",
      "ImagingFrequency": 123.252342,
      "InPlanePhaseEncodingDirection": "COL",
      "MRAcquisitionType": "2D",
      "MagneticFieldStrength": 3.0,
      "Manufacturer": "SIEMENS",
      "ManufacturerModelName": "Prisma",
      "Modality": "MR",
      "NumberOfAverages": 1.0,
      "NumberOfPhaseEncodingSteps": 82,
      "PercentPhaseFieldOfView": 100.0,
      "PercentSampling": 100.0,
      "PerformedProcedureStepStartTime": "103605.312000",
      "PhotometricInterpretation": "MONOCHROME2",
      "PixelBandwidth": 600.0,
      "PixelRepresentation": 0,
      "PixelSpacing": [3.0243902206421, 3.0243902206421],
      "ProtocolName": "fmap_dir-PA_acq-3mm",
      "RepetitionTime": 520.0,
      "RescaleIntercept": -4096.0,
      "RescaleSlope": 2.0,
      "RescaleType": "US",
      "Rows": 82,
      "SAR": 0.12176565055317,
      "SamplesPerPixel": 1,
      "ScanningSequence": "GR",
      "SequenceName": "*fm2d2r",
      "SequenceVariant": "SP",
      "SeriesDescription": "fmap_dir-PA_acq-3mm",
      "SeriesNumber": 29,
      "SeriesTime": "112132.020000",
      "SliceThickness": 3.0,
      "SoftwareVersions": "syngo MR E11",
      "SpacingBetweenSlices": 3.0,
      "SpecificCharacterSet": "ISO_IR 100",
      "StudyID": "2",
      "StudyTime": "103605.248000",
      "TransmitCoilName": "Body",
      "VariableFlipAngleFlag": "N",
      "WindowCenterWidthExplanation": "Algo1",
      "dBdt": 0.0},
