{
  "AcquisitionMatrixPE": 122,
  "AcquisitionNumber": 1,
  "AcquisitionTime": "11:02:9.212500",
  "BandwidthPerPixelPhaseEncode": 28.76,
  "BaseResolution": 122,
  "BodyPartExamined": "BRAIN",
  "CoilCombinationMethod": "Adaptive Combine",
  "ConsistencyInfo": "N4_VE11E_LATEST_20181129",
  "ConversionSoftware": "dcm2niix",
  "ConversionSoftwareVersion": "v1.0.20220720",
  "DerivedVendorReportedEchoSpacing": 0.000570008,
  "DeviceSerialNumber": "66112",
  "DiffusionScheme": "Monopolar",
  "DwellTime": 2e-06,
  "EchoTime": 0.075,
  "EchoTrainLength": 61,
  "EffectiveEchoSpacing": 0.000285004,
  "FlipAngle": 90,
  "HeudiconvVersion": "0.13.1",
  "ImageOrientationPatientDICOM": [0.984522, 0.174979, 0.00996316, -0.168111, 0.926744, 0.335983],
  "ImageOrientationText": "Tra>Cor(19.4)>Sag(-2.8)",
  "ImageType": [
    "ORIGINAL",
    "PRIMARY",
    "DIFFUSION",
    "NONE",
    "ND",
    "NORM",
    "MOSAIC"
],
  "ImagingFrequency": 123.259,
  "InPlanePhaseEncodingDirectionDICOM": "COL",
  "InstitutionAddress": "Maynard 3,Hanover,NH,US,03755",
  "InstitutionName": "Dartmouth College - PBS",
  "InstitutionalDepartmentName": "Department",
  "MRAcquisitionType": "2D",
  "MagneticFieldStrength": 3,
  "Manufacturer": "Siemens",
  "ManufacturersModelName": "Prisma",
  "MatrixCoilMode": "GRAPPA",
  "Modality": "MR",
  "NonlinearGradientCorrection": false,
  "ParallelReductionFactorInPlane": 2,
  "PartialFourier": 1,
  "PatientPosition": "HFS",
  "PercentPhaseFOV": 100,
  "PercentSampling": 100,
  "PhaseEncodingDirection": "j-",
  "PhaseEncodingSteps": 122,
  "PhaseResolution": 1,
  "PixelBandwidth": 2050,
  "ProcedureStepDescription": "dbic^QA",
  "ProtocolName": "dwi_acq-DTI-30-p2",
  "PulseSequenceDetails": "%SiemensSeq%\\ep2d_diff",
  "ReceiveCoilActiveElements": "HEA;HEP",
  "ReceiveCoilName": "Head_32",
  "ReconMatrixPE": 122,
  "RefLinesPE": 38,
  "RepetitionTime": 7.7,
  "SAR": 0.100838,
  "ScanOptions": "FS",
  "ScanningSequence": "EP",
  "SequenceName": "*ep_b0",
  "SequenceVariant": "SK\\SP",
  "SeriesDescription": "dwi_acq-DTI-30-p2",
  "SeriesNumber": 12,
  "ShimSetting": [4219, -7738, -7478, -25, -140, -20, 4, 67],
  "SliceThickness": 2,
  "SliceTiming": [3.84, 0, 3.95, 0.11, 4.06, 0.22, 4.1675, 0.3275, 4.2775, 0.4375, 4.3875, 0.5475, 4.4975, 0.6575, 4.6075, 0.7675, 4.7175, 0.8775, 4.8275, 0.9875, 4.9375, 1.0975, 5.0475, 1.2075, 5.155, 1.315, 5.265, 1.425, 5.375, 1.535, 5.485, 1.645, 5.595, 1.755, 5.705, 1.865, 5.815, 1.975, 5.925, 2.085, 6.0325, 2.195, 6.1425, 2.3025, 6.2525, 2.4125, 6.3625, 2.5225, 6.4725, 2.6325, 6.5825, 2.7425, 6.6925, 2.8525, 6.8025, 2.9625, 6.9125, 3.0725, 7.02, 3.18, 7.13, 3.29, 7.24, 3.4, 7.35, 3.51, 7.46, 3.62, 7.57, 3.73],
  "SoftwareVersions": "syngo MR E11",
  "SpacingBetweenSlices": 2,
  "SpoilingState": true,
  "StationName": "AWP66112",
  "TotalReadoutTime": 0.0344855,
  "TxRefAmp": 230.015,
  "dcmmeta_affine": [
    [-1.9367640018463135, -0.33070921897888184, -0.09911341220140457, 143.15635681152344],
    [-0.3442215621471405, 1.8231030702590942, 0.6649143099784851, -110.14733123779297],
    [0.019599664956331253, -0.6609495282173157, 1.8836308717727661, -20.610280990600586],
    [0.0, 0.0, 0.0, 1.0]
],
  "dcmmeta_reorient_transform": [
    [0.0, -1.0, 0.0, 121.0],
    [1.0, 0.0, 0.0, 0.0],
    [0.0, 0.0, 1.0, 0.0],
    [0.0, 0.0, 0.0, 1.0]
],
  "dcmmeta_shape": [122, 122, 70, 31],
  "dcmmeta_slice_dim": 2,
  "dcmmeta_version": 0.6,
  "global": {
    "const": {
      "AccessionNumber": "qa",
      "AcquisitionMatrix": [122, 0, 0, 122],
      "AngioFlag": "N",
      "BitsAllocated": 16,
      "BitsStored": 12,
      "BodyPartExamined": "BRAIN",
      "Columns": 1098,
      "EchoNumbers": 1,
      "EchoTime": 75.0,
      "EchoTrainLength": 61,
      "FlipAngle": 90.0,
      "HighBit": 11,
      "ImageOrientationPatient": [0.98452170371578, 0.17497928536396, 0.00996316245492, -0.1681105218672, 0.92674402581069, 0.3359826826813],
      "ImagePositionPatient": [-886.89528846809, -1168.1025384389, -432.69319451724],
      "ImageType": [
        "ORIGINAL",
        "PRIMARY",
        "DIFFUSION",
        "NONE",
        "ND",
        "NORM",
        "MOSAIC"
],
      "ImagedNucleus": "1H",
      "ImagingFrequency": 123.259273,
      "InPlanePhaseEncodingDirection": "COL",
      "MRAcquisitionType": "2D",
      "MagneticFieldStrength": 3.0,
      "Manufacturer": "SIEMENS",
      "ManufacturerModelName": "Prisma",
      "Modality": "MR",
      "NumberOfAverages": 1.0,
      "NumberOfPhaseEncodingSteps": 122,
      "PercentPhaseFieldOfView": 100.0,
      "PercentSampling": 100.0,
      "PerformedProcedureStepStartTime": "102802.171000",
      "PhotometricInterpretation": "MONOCHROME2",
      "PixelBandwidth": 2050.0,
      "PixelRepresentation": 0,
      "PixelSpacing": [1.9672131538391, 1.9672131538391],
      "ProtocolName": "dwi_acq-DTI-30-p2",
      "RepetitionTime": 7700.0,
      "Rows": 1098,
      "SAR": 0.10083750571664,
      "SamplesPerPixel": 1,
      "ScanOptions": "FS",
      "ScanningSequence": "EP",
      "SequenceVariant": [
        "SK",
        "SP"
],
      "SeriesDescription": "dwi_acq-DTI-30-p2",
      "SeriesNumber": 12,
      "SeriesTime": "110441.034000",
      "SliceLocation": -63.124706529466,
      "SliceThickness": 2.0,
      "SmallestImagePixelValue": 0,
      "SoftwareVersions": "syngo MR E11",
      "SpacingBetweenSlices": 1.9999999604988,
      "SpecificCharacterSet": "ISO_IR 100",
      "StudyID": "27",
      "StudyTime": "102802.116000",
      "TransmitCoilName": "Body",
      "VariableFlipAngleFlag": "N",
      "WindowCenterWidthExplanation": "Algo1"
    },
    "slices": {}
  },
  "time": {
    "samples": {
      "AcquisitionNumber": [1, 2, 3, 4, 5, 6, 7, 8, 9, 10, 11, 12, 13, 14, 15, 16, 17, 18, 19, 20, 21, 22, 23, 24, 25, 26, 27, 28, 29, 30, 31],
      "AcquisitionTime": ["110209.212500", "110216.912500", "110224.612500", "110232.312500", "110240.012500", "110247.712500", "110255.412500", "110303.112500", "110310.812500", "110318.512500", "110326.212500", "110333.912500", "110341.612500", "110349.312500", "110357.012500", "110404.712500", "110412.412500", "110420.112500", "110427.812500", "110435.512500", "110443.212500", "110450.912500", "110458.612500", "110506.312500", "110514.012500", "110521.712500", "110529.412500", "110537.112500", "110544.812500", "110552.512500", "110600.212500"],
      "ContentTime": ["110441.038000", "110441.049000", "110441.052000", "110441.055000", "110441.058000", "110441.061000", "110441.064000", "110441.067000", "110441.070000", "110441.073000", "110441.076000", "110441.079000", "110441.087000", "110441.090000", "110441.098000", "110441.101000", "110441.104000", "110441.107000", "110441.110000", "110441.113000", "110541.033000", "110541.036000", "110541.039000", "110541.042000", "110541.045000", "110541.055000", "110541.058000", "110604.929000", "110604.935000", "110604.939000", "110604.942000"],
      "InstanceCreationTime": ["110441.038000", "110441.049000", "110441.052000", "110441.055000", "110441.058000", "110441.061000", "110441.064000", "110441.067000", "110441.070000", "110441.073000", "110441.076000", "110441.079000", "110441.087000", "110441.090000", "110441.098000", "110441.101000", "110441.104000", "110441.107000", "110441.110000", "110441.113000", "110541.033000", "110541.036000", "110541.039000", "110541.042000", "110541.045000", "110541.055000", "110541.058000", "110604.929000", "110604.935000", "110604.939000", "110604.942000"],
      "InstanceNumber": [1, 2, 3, 4, 5, 6, 7, 8, 9, 10, 11, 12, 13, 14, 15, 16, 17, 18, 19, 20, 21, 22, 23, 24, 25, 26, 27, 28, 29, 30, 31],
      "LargestImagePixelValue": [2042, 287, 287, 291, 297, 284, 287, 288, 282, 286, 302, 288, 294, 293, 292, 302, 317, 293, 299, 315, 281, 284, 295, 289, 279, 273, 276, 286, 290, 296, 295],
      "SequenceName": [
        "*ep_b0",
        "*ep_b1000#1",
        "*ep_b1000#2",
        "*ep_b1000#3",
        "*ep_b1000#4",
        "*ep_b1000#5",
        "*ep_b1000#6",
        "*ep_b1000#7",
        "*ep_b1000#8",
        "*ep_b1000#9",
        "*ep_b1000#10",
        "*ep_b1000#11",
        "*ep_b1000#12",
        "*ep_b1000#13",
        "*ep_b1000#14",
        "*ep_b1000#15",
        "*ep_b1000#16",
        "*ep_b1000#17",
        "*ep_b1000#18",
        "*ep_b1000#19",
        "*ep_b1000#20",
        "*ep_b1000#21",
        "*ep_b1000#22",
        "*ep_b1000#23",
        "*ep_b1000#24",
        "*ep_b1000#25",
        "*ep_b1000#26",
        "*ep_b1000#27",
        "*ep_b1000#28",
        "*ep_b1000#29",
        "*ep_b1000#30"
],
      "WindowCenter": [879.0, 213.0, 212.0, 213.0, 211.0, 210.0, 209.0, 211.0, 213.0, 211.0, 209.0, 209.0, 213.0, 211.0, 210.0, 211.0, 212.0, 210.0, 212.0, 214.0, 213.0, 212.0, 210.0, 209.0, 209.0, 210.0, 211.0, 210.0, 210.0, 211.0, 210.0],
      "WindowWidth": [1917.0, 485.0, 485.0, 486.0, 483.0, 479.0, 479.0, 481.0, 486.0, 483.0, 479.0, 479.0, 486.0, 483.0, 481.0, 482.0, 484.0, 480.0, 484.0, 487.0, 487.0, 485.0, 480.0, 479.0, 479.0, 481.0, 482.0, 481.0, 480.0, 483.0, 481.0]
    },
    "slices": {}
  }
}