{
  "AcquisitionMatrixPE": 122,
  "AcquisitionNumber": 1,
  "AcquisitionTime": "11:06:30.475000",
  "BandwidthPerPixelPhaseEncode": 27.785,
  "BaseResolution": 122,
  "BodyPartExamined": "BRAIN",
  "CoilCombinationMethod": "Adaptive Combine",
  "ConsistencyInfo": "N4_VE11E_LATEST_20181129",
  "ConversionSoftware": "dcm2niix",
  "ConversionSoftwareVersion": "v1.0.20220720",
  "DerivedVendorReportedEchoSpacing": 0.000590011,
  "DeviceSerialNumber": "66112",
  "DiffusionScheme": "Monopolar",
  "DwellTime": 2e-06,
  "EchoTime": 0.068,
  "EchoTrainLength": 61,
  "EffectiveEchoSpacing": 0.000295005,
  "FlipAngle": 90,
  "HeudiconvVersion": "0.13.1",
  "ImageOrientationPatientDICOM": [0.984522, 0.174979, 0.00996316, -0.168111, 0.926744, 0.335983],
  "ImageOrientationText": "Tra>Cor(19.4)>Sag(-2.8)",
  "ImageType": [
    "ORIGINAL",
    "PRIMARY",
    "DIFFUSION",
    "NONE",
    "ND",
    "NORM",
    "MOSAIC"
],
  "ImagingFrequency": 123.259,
  "InPlanePhaseEncodingDirectionDICOM": "COL",
  "InstitutionAddress": "Maynard 3,Hanover,NH,US,03755",
  "InstitutionName": "Dartmouth College - PBS",
  "InstitutionalDepartmentName": "Department",
  "MRAcquisitionType": "2D",
  "MagneticFieldStrength": 3,
  "Manufacturer": "Siemens",
  "ManufacturersModelName": "Prisma",
  "Modality": "MR",
  "MultibandAccelerationFactor": 4,
  "NonlinearGradientCorrection": false,
  "ParallelReductionFactorInPlane": 2,
  "PartialFourier": 1,
  "PatientPosition": "HFS",
  "PercentPhaseFOV": 100,
  "PercentSampling": 100,
  "PhaseEncodingDirection": "j-",
  "PhaseEncodingSteps": 122,
  "PhaseResolution": 1,
  "PixelBandwidth": 2050,
  "ProcedureStepDescription": "dbic^QA",
  "ProtocolName": "dwi_acq-DTI-30-p2-s4",
  "PulseSequenceDetails": "%SiemensSeq%\\ep2d_diff",
  "ReceiveCoilActiveElements": "HEA;HEP",
  "ReceiveCoilName": "Head_32",
  "ReconMatrixPE": 122,
  "RefLinesPE": 38,
  "RepetitionTime": 3.6,
  "SAR": 0.149653,
  "ScanOptions": "FS",
  "ScanningSequence": "EP",
  "SequenceName": "*ep_b0",
  "SequenceVariant": "SK\\SP",
  "SeriesDescription": "dwi_acq-DTI-30-p2-s4",
  "SeriesNumber": 13,
  "ShimSetting": [4219, -7738, -7477, -27, -139, -21, 4, 66],
  "SliceThickness": 2,
  "SliceTiming": [2.5875, 0, 1.79, 0.2, 1.99, 0.3975, 2.1875, 0.5975, 2.3875, 0.995, 2.785, 1.195, 2.985, 1.3925, 3.1825, 1.5925, 3.3825, 0.7975, 2.5875, 0, 1.79, 0.2, 1.99, 0.3975, 2.1875, 0.5975, 2.3875, 0.995, 2.785, 1.195, 2.985, 1.3925, 3.1825, 1.5925, 3.3825, 0.7975, 2.5875, 0, 1.79, 0.2, 1.99, 0.3975, 2.1875, 0.5975, 2.3875, 0.995, 2.785, 1.195, 2.985, 1.3925, 3.1825, 1.5925, 3.3825, 0.7975, 2.5875, 0, 1.79, 0.2, 1.99, 0.3975, 2.1875, 0.5975, 2.3875, 0.995, 2.785, 1.195, 2.985, 1.3925, 3.1825, 1.5925, 3.3825, 0.7975],
  "SoftwareVersions": "syngo MR E11",
  "SpacingBetweenSlices": 2,
  "SpoilingState": true,
  "StationName": "AWP66112",
  "TotalReadoutTime": 0.0356956,
  "TxRefAmp": 230.015,
  "dcmmeta_affine": [
    [-1.9367640018463135, -0.33070921897888184, -0.09911341965198517, 143.25546264648438],
    [-0.3442215621471405, 1.8231030702590942, 0.6649143099784851, -110.81224060058594],
    [0.019599664956331253, -0.6609495282173157, 1.8836309909820557, -22.493913650512695],
    [0.0, 0.0, 0.0, 1.0]
],
  "dcmmeta_reorient_transform": [
    [0.0, -1.0, 0.0, 121.0],
    [1.0, 0.0, 0.0, 0.0],
    [0.0, 0.0, 1.0, 0.0],
    [0.0, 0.0, 0.0, 1.0]
],
  "dcmmeta_shape": [122, 122, 72, 31],
  "dcmmeta_slice_dim": 2,
  "dcmmeta_version": 0.6,
  "global": {
    "const": {
      "AccessionNumber": "qa",
      "AcquisitionMatrix": [122, 0, 0, 122],
      "AngioFlag": "N",
      "BitsAllocated": 16,
      "BitsStored": 12,
      "BodyPartExamined": "BRAIN",
      "Columns": 1098,
      "EchoNumbers": 1,
      "EchoTime": 68.0,
      "EchoTrainLength": 61,
      "FlipAngle": 90.0,
      "HighBit": 11,
      "ImageOrientationPatient": [0.98452170371578, 0.17497928536396, 0.00996316245492, -0.1681105218672, 0.92674402581069, 0.3359826826813],
      "ImagePositionPatient": [-886.99440193245, -1167.4376252614, -434.57682717715],
      "ImageType": [
        "ORIGINAL",
        "PRIMARY",
        "DIFFUSION",
        "NONE",
        "ND",
        "NORM",
        "MOSAIC"
],
      "ImagedNucleus": "1H",
      "ImagingFrequency": 123.259275,
      "InPlanePhaseEncodingDirection": "COL",
      "MRAcquisitionType": "2D",
      "MagneticFieldStrength": 3.0,
      "Manufacturer": "SIEMENS",
      "ManufacturerModelName": "Prisma",
      "Modality": "MR",
      "NumberOfAverages": 1.0,
      "NumberOfPhaseEncodingSteps": 122,
      "PercentPhaseFieldOfView": 100.0,
      "PercentSampling": 100.0,
      "PerformedProcedureStepStartTime": "102802.171000",
      "PhotometricInterpretation": "MONOCHROME2",
      "PixelBandwidth": 2050.0,
      "PixelRepresentation": 0,
      "PixelSpacing": [1.9672131538391, 1.9672131538391],
      "ProtocolName": "dwi_acq-DTI-30-p2-s4",
      "RepetitionTime": 3600.0,
      "Rows": 1098,
      "SAR": 0.14965309809615,
      "SamplesPerPixel": 1,
      "ScanOptions": "FS",
      "ScanningSequence": "EP",
      "SequenceVariant": [
        "SK",
        "SP"
],
      "SeriesDescription": "dwi_acq-DTI-30-p2-s4",
      "SeriesNumber": 13,
      "SeriesTime": "110801.135000",
      "SliceLocation": -65.124707781941,
      "SliceThickness": 2.0,
      "SmallestImagePixelValue": 0,
      "SoftwareVersions": "syngo MR E11",
      "SpacingBetweenSlices": 2.0000000563424,
      "SpecificCharacterSet": "ISO_IR 100",
      "StudyID": "27",
      "StudyTime": "102802.116000",
      "TransmitCoilName": "Body",
      "VariableFlipAngleFlag": "N",
      "WindowCenterWidthExplanation": "Algo1"
    },
    "slices": {}
  },
  "time": {
    "samples": {
      "AcquisitionNumber": [1, 2, 3, 4, 5, 6, 7, 8, 9, 10, 11, 12, 13, 14, 15, 16, 17, 18, 19, 20, 21, 22, 23, 24, 25, 26, 27, 28, 29, 30, 31],
      "AcquisitionTime": ["110630.475000", "110634.075000", "110637.675000", "110641.275000", "110644.875000", "110648.475000", "110652.075000", "110655.675000", "110659.275000", "110702.875000", "110706.475000", "110710.075000", "110713.675000", "110717.275000", "110720.875000", "110724.475000", "110728.075000", "110731.675000", "110735.275000", "110738.875000", "110742.475000", "110746.075000", "110749.675000", "110753.275000", "110756.875000", "110800.475000", "110804.075000", "110807.675000", "110811.275000", "110814.875000", "110818.475000"],
      "ContentTime": ["110801.139000", "110801.143000", "110801.154000", "110801.157000", "110801.160000", "110801.163000", "110801.166000", "110801.169000", "110801.172000", "110801.175000", "110801.184000", "110801.187000", "110801.190000", "110801.193000", "110801.196000", "110801.198000", "110801.201000", "110801.204000", "110801.213000", "110801.216000", "110801.219000", "110801.222000", "110801.225000", "110801.228000", "110801.231000", "110820.880000", "110820.885000", "110820.888000", "110820.899000", "110820.903000", "110820.906000"],
      "InstanceCreationTime": ["110801.139000", "110801.143000", "110801.154000", "110801.157000", "110801.160000", "110801.163000", "110801.166000", "110801.169000", "110801.172000", "110801.175000", "110801.184000", "110801.187000", "110801.190000", "110801.193000", "110801.196000", "110801.198000", "110801.201000", "110801.204000", "110801.213000", "110801.216000", "110801.219000", "110801.222000", "110801.225000", "110801.228000", "110801.231000", "110820.880000", "110820.885000", "110820.888000", "110820.899000", "110820.903000", "110820.906000"],
      "InstanceNumber": [1, 2, 3, 4, 5, 6, 7, 8, 9, 10, 11, 12, 13, 14, 15, 16, 17, 18, 19, 20, 21, 22, 23, 24, 25, 26, 27, 28, 29, 30, 31],
      "LargestImagePixelValue": [2142, 292, 296, 299, 283, 305, 295, 290, 294, 288, 293, 292, 299, 285, 297, 313, 309, 284, 290, 303, 289, 289, 286, 286, 294, 295, 290, 296, 288, 297, 302],
      "SequenceName": [
        "*ep_b0",
        "*ep_b1000#1",
        "*ep_b1000#2",
        "*ep_b1000#3",
        "*ep_b1000#4",
        "*ep_b1000#5",
        "*ep_b1000#6",
        "*ep_b1000#7",
        "*ep_b1000#8",
        "*ep_b1000#9",
        "*ep_b1000#10",
        "*ep_b1000#11",
        "*ep_b1000#12",
        "*ep_b1000#13",
        "*ep_b1000#14",
        "*ep_b1000#15",
        "*ep_b1000#16",
        "*ep_b1000#17",
        "*ep_b1000#18",
        "*ep_b1000#19",
        "*ep_b1000#20",
        "*ep_b1000#21",
        "*ep_b1000#22",
        "*ep_b1000#23",
        "*ep_b1000#24",
        "*ep_b1000#25",
        "*ep_b1000#26",
        "*ep_b1000#27",
        "*ep_b1000#28",
        "*ep_b1000#29",
        "*ep_b1000#30"
],
      "WindowCenter": [895.0, 216.0, 216.0, 216.0, 215.0, 214.0, 213.0, 214.0, 216.0, 215.0, 214.0, 213.0, 218.0, 216.0, 215.0, 215.0, 217.0, 214.0, 217.0, 219.0, 215.0, 215.0, 215.0, 214.0, 214.0, 215.0, 215.0, 214.0, 214.0, 217.0, 215.0],
      "WindowWidth": [1978.0, 493.0, 493.0, 493.0, 490.0, 489.0, 488.0, 489.0, 493.0, 490.0, 489.0, 488.0, 498.0, 493.0, 491.0, 490.0, 495.0, 490.0, 495.0, 499.0, 492.0, 492.0, 491.0, 489.0, 489.0, 490.0, 491.0, 490.0, 490.0, 496.0, 491.0]
    },
    "slices": {}
  }
}