{
  "AcquisitionMatrixPE": 122,
  "AcquisitionNumber": 1,
  "AcquisitionTime": "09:49:38.202500",
  "BandwidthPerPixelPhaseEncode": 28.76,
  "BaseResolution": 122,
  "BodyPartExamined": "BRAIN",
  "CoilCombinationMethod": "Adaptive Combine",
  "ConsistencyInfo": "N4_VE11E_LATEST_20181129",
  "ConversionSoftware": "dcm2niix",
  "ConversionSoftwareVersion": "v1.0.20220720",
  "DerivedVendorReportedEchoSpacing": 0.000570008,
  "DeviceSerialNumber": "66112",
  "DiffusionScheme": "Monopolar",
  "DwellTime": 2e-06,
  "EchoTime": 0.075,
  "EchoTrainLength": 61,
  "EffectiveEchoSpacing": 0.000285004,
  "FlipAngle": 90,
  "HeudiconvVersion": "0.13.1",
  "ImageOrientationPatientDICOM": [0.990134, -0.136949, -0.029653, 0.139154, 0.93619, 0.322775],
  "ImageOrientationText": "Tra>Cor(18.9)>Sag(0.9)",
  "ImageType": [
    "ORIGINAL",
    "PRIMARY",
    "DIFFUSION",
    "NONE",
    "ND",
    "NORM",
    "MOSAIC"
],
  "ImagingFrequency": 123.259,
  "InPlanePhaseEncodingDirectionDICOM": "COL",
  "InstitutionAddress": "Maynard 3,Hanover,NH,US,03755",
  "InstitutionName": "Dartmouth College - PBS",
  "InstitutionalDepartmentName": "Department",
  "MRAcquisitionType": "2D",
  "MagneticFieldStrength": 3,
  "Manufacturer": "Siemens",
  "ManufacturersModelName": "Prisma",
  "MatrixCoilMode": "GRAPPA",
  "Modality": "MR",
  "NonlinearGradientCorrection": false,
  "ParallelReductionFactorInPlane": 2,
  "PartialFourier": 1,
  "PatientPosition": "HFS",
  "PercentPhaseFOV": 100,
  "PercentSampling": 100,
  "PhaseEncodingDirection": "j-",
  "PhaseEncodingSteps": 122,
  "PhaseResolution": 1,
  "PixelBandwidth": 2050,
  "ProcedureStepDescription": "dbic^QA",
  "ProtocolName": "dwi_acq-DTI-30-p2",
  "PulseSequenceDetails": "%SiemensSeq%\\ep2d_diff",
  "ReceiveCoilActiveElements": "HEA;HEP",
  "ReceiveCoilName": "Head_32",
  "ReconMatrixPE": 122,
  "RefLinesPE": 38,
  "RepetitionTime": 7.7,
  "SAR": 0.149538,
  "ScanOptions": "FS",
  "ScanningSequence": "EP",
  "SequenceName": "*ep_b0",
  "SequenceVariant": "SK\\SP",
  "SeriesDescription": "dwi_acq-DTI-30-p2",
  "SeriesNumber": 9,
  "ShimSetting": [4222, -7749, -7493, -20, -136, -28, 15, 81],
  "SliceThickness": 2,
  "SliceTiming": [3.84, 0, 3.95, 0.11, 4.06, 0.22, 4.17, 0.33, 4.28, 0.44, 4.39, 0.55, 4.4975, 0.66, 4.6075, 0.7675, 4.7175, 0.8775, 4.8275, 0.9875, 4.9375, 1.0975, 5.0475, 1.2075, 5.1575, 1.3175, 5.2675, 1.4275, 5.3775, 1.5375, 5.485, 1.645, 5.595, 1.755, 5.705, 1.865, 5.815, 1.975, 5.925, 2.085, 6.035, 2.195, 6.145, 2.305, 6.255, 2.415, 6.3625, 2.525, 6.4725, 2.6325, 6.5825, 2.7425, 6.6925, 2.8525, 6.8025, 2.9625, 6.9125, 3.0725, 7.0225, 3.1825, 7.1325, 3.2925, 7.2425, 3.4025, 7.35, 3.51, 7.46, 3.62, 7.57, 3.73],
  "SoftwareVersions": "syngo MR E11",
  "SpacingBetweenSlices": 2,
  "SpoilingState": true,
  "StationName": "AWP66112",
  "TotalReadoutTime": 0.0344855,
  "TxRefAmp": 231.245,
  "dcmmeta_affine": [
    [-1.9478050470352173, 0.27374622225761414, 0.03288554772734642, 99.37311553955078],
    [0.26940760016441345, 1.8416861295700073, 0.6474335193634033, -147.9817657470703],
    [-0.058333806693553925, -0.6349669098854065, 1.8920222520828247, -14.519948959350586],
    [0.0, 0.0, 0.0, 1.0]
],
  "dcmmeta_reorient_transform": [
    [0.0, -1.0, 0.0, 121.0],
    [1.0, 0.0, 0.0, 0.0],
    [0.0, 0.0, 1.0, 0.0],
    [0.0, 0.0, 0.0, 1.0]
],
  "dcmmeta_shape": [122, 122, 70, 31],
  "dcmmeta_slice_dim": 2,
  "dcmmeta_version": 0.6,
  "global": {
    "const": {
      "AccessionNumber": "qa",
      "AcquisitionMatrix": [122, 0, 0, 122],
      "AngioFlag": "N",
      "BitsAllocated": 16,
      "BitsStored": 12,
      "BodyPartExamined": "BRAIN",
      "Columns": 1098,
      "EchoNumbers": 1,
      "EchoTime": 75.0,
      "EchoTrainLength": 61,
      "FlipAngle": 90.0,
      "HighBit": 11,
      "ImageOrientationPatient": [0.99013418786215, -0.1369488538056, -0.0296530178549, 0.13915432146446, 0.9361904035811, 0.32277484886592],
      "ImagePositionPatient": [-1216.613401271, -842.13415514391, -372.74791053331],
      "ImageType": [
        "ORIGINAL",
        "PRIMARY",
        "DIFFUSION",
        "NONE",
        "ND",
        "NORM",
        "MOSAIC"
],
      "ImagedNucleus": "1H",
      "ImagingFrequency": 123.259184,
      "InPlanePhaseEncodingDirection": "COL",
      "MRAcquisitionType": "2D",
      "MagneticFieldStrength": 3.0,
      "Manufacturer": "SIEMENS",
      "ManufacturerModelName": "Prisma",
      "Modality": "MR",
      "NumberOfAverages": 1.0,
      "NumberOfPhaseEncodingSteps": 122,
      "PercentPhaseFieldOfView": 100.0,
      "PercentSampling": 100.0,
      "PerformedProcedureStepStartTime": "091700.355000",
      "PhotometricInterpretation": "MONOCHROME2",
      "PixelBandwidth": 2050.0,
      "PixelRepresentation": 0,
      "PixelSpacing": [1.9672131538391, 1.9672131538391],
      "ProtocolName": "dwi_acq-DTI-30-p2",
      "RepetitionTime": 7700.0,
      "Rows": 1098,
      "SAR": 0.14953838347024,
      "SamplesPerPixel": 1,
      "ScanOptions": "FS",
      "ScanningSequence": "EP",
      "SequenceVariant": [
        "SK",
        "SP"
],
      "SeriesDescription": "dwi_acq-DTI-30-p2",
      "SeriesNumber": 9,
      "SeriesTime": "095214.648000",
      "SliceLocation": -60.006240333807,
      "SliceThickness": 2.0,
      "SmallestImagePixelValue": 0,
      "SoftwareVersions": "syngo MR E11",
      "SpacingBetweenSlices": 1.9999999423078,
      "SpecificCharacterSet": "ISO_IR 100",
      "StudyID": "36",
      "StudyTime": "091700.310000",
      "TransmitCoilName": "Body",
      "VariableFlipAngleFlag": "N",
      "WindowCenterWidthExplanation": "Algo1"
    },
    "slices": {}
  },
  "time": {
    "samples": {
      "AcquisitionNumber": [1, 2, 3, 4, 5, 6, 7, 8, 9, 10, 11, 12, 13, 14, 15, 16, 17, 18, 19, 20, 21, 22, 23, 24, 25, 26, 27, 28, 29, 30, 31],
      "AcquisitionTime": ["094938.202500", "094945.902500", "094953.602500", "095001.302500", "095009.002500", "095016.702500", "095024.402500", "095032.102500", "095039.802500", "095047.502500", "095055.202500", "095102.902500", "095110.602500", "095118.302500", "095126.002500", "095133.702500", "095141.402500", "095149.102500", "095156.802500", "095204.502500", "095212.202500", "095219.902500", "095227.602500", "095235.302500", "095243.002500", "095250.702500", "095258.402500", "095306.102500", "095313.802500", "095321.502500", "095329.202500"],
      "ContentTime": ["095214.652000", "095214.656000", "095214.659000", "095214.662000", "095214.665000", "095214.668000", "095214.671000", "095214.674000", "095214.677000", "095214.680000", "095214.683000", "095214.686000", "095214.696000", "095214.699000", "095214.702000", "095214.705000", "095214.708000", "095214.710000", "095214.714000", "095214.717000", "095333.257000", "095333.260000", "095333.264000", "095333.268000", "095333.273000", "095333.276000", "095333.279000", "095333.283000", "095333.287000", "095333.290000", "095333.294000"],
      "InstanceCreationTime": ["095214.652000", "095214.656000", "095214.659000", "095214.662000", "095214.665000", "095214.668000", "095214.671000", "095214.674000", "095214.677000", "095214.680000", "095214.683000", "095214.686000", "095214.696000", "095214.699000", "095214.702000", "095214.705000", "095214.708000", "095214.710000", "095214.714000", "095214.717000", "095333.257000", "095333.260000", "095333.264000", "095333.268000", "095333.273000", "095333.276000", "095333.279000", "095333.283000", "095333.287000", "095333.290000", "095333.294000"],
      "InstanceNumber": [1, 2, 3, 4, 5, 6, 7, 8, 9, 10, 11, 12, 13, 14, 15, 16, 17, 18, 19, 20, 21, 22, 23, 24, 25, 26, 27, 28, 29, 30, 31],
      "LargestImagePixelValue": [2148, 293, 304, 292, 294, 299, 310, 315, 310, 290, 304, 303, 287, 297, 303, 300, 301, 307, 324, 300, 309, 301, 332, 297, 306, 297, 291, 307, 309, 311, 311],
      "SequenceName": [
        "*ep_b0",
        "*ep_b1000#1",
        "*ep_b1000#2",
        "*ep_b1000#3",
        "*ep_b1000#4",
        "*ep_b1000#5",
        "*ep_b1000#6",
        "*ep_b1000#7",
        "*ep_b1000#8",
        "*ep_b1000#9",
        "*ep_b1000#10",
        "*ep_b1000#11",
        "*ep_b1000#12",
        "*ep_b1000#13",
        "*ep_b1000#14",
        "*ep_b1000#15",
        "*ep_b1000#16",
        "*ep_b1000#17",
        "*ep_b1000#18",
        "*ep_b1000#19",
        "*ep_b1000#20",
        "*ep_b1000#21",
        "*ep_b1000#22",
        "*ep_b1000#23",
        "*ep_b1000#24",
        "*ep_b1000#25",
        "*ep_b1000#26",
        "*ep_b1000#27",
        "*ep_b1000#28",
        "*ep_b1000#29",
        "*ep_b1000#30"
],
      "WindowCenter": [906.0, 220.0, 221.0, 221.0, 219.0, 217.0, 218.0, 219.0, 221.0, 219.0, 217.0, 217.0, 219.0, 219.0, 219.0, 219.0, 219.0, 217.0, 221.0, 221.0, 221.0, 220.0, 219.0, 217.0, 217.0, 219.0, 221.0, 220.0, 219.0, 219.0, 219.0],
      "WindowWidth": [2002.0, 501.0, 501.0, 502.0, 497.0, 495.0, 496.0, 498.0, 502.0, 499.0, 494.0, 494.0, 499.0, 498.0, 498.0, 498.0, 498.0, 494.0, 501.0, 502.0, 502.0, 501.0, 497.0, 494.0, 495.0, 498.0, 501.0, 500.0, 498.0, 498.0, 497.0]
    },
    "slices": {}
  }
}