{
  "AcquisitionMatrixPE": 122,
  "AcquisitionNumber": 1,
  "AcquisitionTime": "09:53:56.455000",
  "BandwidthPerPixelPhaseEncode": 27.785,
  "BaseResolution": 122,
  "BodyPartExamined": "BRAIN",
  "CoilCombinationMethod": "Adaptive Combine",
  "ConsistencyInfo": "N4_VE11E_LATEST_20181129",
  "ConversionSoftware": "dcm2niix",
  "ConversionSoftwareVersion": "v1.0.20220720",
  "DerivedVendorReportedEchoSpacing": 0.000590011,
  "DeviceSerialNumber": "66112",
  "DiffusionScheme": "Monopolar",
  "DwellTime": 2e-06,
  "EchoTime": 0.068,
  "EchoTrainLength": 61,
  "EffectiveEchoSpacing": 0.000295005,
  "FlipAngle": 90,
  "HeudiconvVersion": "0.13.1",
  "ImageOrientationPatientDICOM": [0.990134, -0.136949, -0.029653, 0.139154, 0.93619, 0.322775],
  "ImageOrientationText": "Tra>Cor(18.9)>Sag(0.9)",
  "ImageType": [
    "ORIGINAL",
    "PRIMARY",
    "DIFFUSION",
    "NONE",
    "ND",
    "NORM",
    "MOSAIC"
],
  "ImagingFrequency": 123.259,
  "InPlanePhaseEncodingDirectionDICOM": "COL",
  "InstitutionAddress": "Maynard 3,Hanover,NH,US,03755",
  "InstitutionName": "Dartmouth College - PBS",
  "InstitutionalDepartmentName": "Department",
  "MRAcquisitionType": "2D",
  "MagneticFieldStrength": 3,
  "Manufacturer": "Siemens",
  "ManufacturersModelName": "Prisma",
  "Modality": "MR",
  "MultibandAccelerationFactor": 4,
  "NonlinearGradientCorrection": false,
  "ParallelReductionFactorInPlane": 2,
  "PartialFourier": 1,
  "PatientPosition": "HFS",
  "PercentPhaseFOV": 100,
  "PercentSampling": 100,
  "PhaseEncodingDirection": "j-",
  "PhaseEncodingSteps": 122,
  "PhaseResolution": 1,
  "PixelBandwidth": 2050,
  "ProcedureStepDescription": "dbic^QA",
  "ProtocolName": "dwi_acq-DTI-30-p2-s4",
  "PulseSequenceDetails": "%SiemensSeq%\\ep2d_diff",
  "ReceiveCoilActiveElements": "HEA;HEP",
  "ReceiveCoilName": "Head_32",
  "ReconMatrixPE": 122,
  "RefLinesPE": 38,
  "RepetitionTime": 3.6,
  "SAR": 0.224626,
  "ScanOptions": "FS",
  "ScanningSequence": "EP",
  "SequenceName": "*ep_b0",
  "SequenceVariant": "SK\\SP",
  "SeriesDescription": "dwi_acq-DTI-30-p2-s4",
  "SeriesNumber": 10,
  "ShimSetting": [4223, -7749, -7493, -21, -134, -27, 16, 80],
  "SliceThickness": 2,
  "SliceTiming": [2.585, 0, 1.79, 0.1975, 1.9875, 0.3975, 2.1875, 0.595, 2.385, 0.9925, 2.7825, 1.1925, 2.9825, 1.3925, 3.18, 1.59, 3.38, 0.795, 2.585, 0, 1.79, 0.1975, 1.9875, 0.3975, 2.1875, 0.595, 2.385, 0.9925, 2.7825, 1.1925, 2.9825, 1.3925, 3.18, 1.59, 3.38, 0.795, 2.585, 0, 1.79, 0.1975, 1.9875, 0.3975, 2.1875, 0.595, 2.385, 0.9925, 2.7825, 1.1925, 2.9825, 1.3925, 3.18, 1.59, 3.38, 0.795, 2.585, 0, 1.79, 0.1975, 1.9875, 0.3975, 2.1875, 0.595, 2.385, 0.9925, 2.7825, 1.1925, 2.9825, 1.3925, 3.18, 1.59, 3.38, 0.795],
  "SoftwareVersions": "syngo MR E11",
  "SpacingBetweenSlices": 2,
  "SpoilingState": true,
  "StationName": "AWP66112",
  "TotalReadoutTime": 0.0356956,
  "TxRefAmp": 231.245,
  "dcmmeta_affine": [
    [-1.9478050470352173, 0.27374622225761414, 0.03288555145263672, 99.3402328491211],
    [0.26940760016441345, 1.8416861295700073, 0.6474335193634033, -148.6291961669922],
    [-0.058333806693553925, -0.6349669098854065, 1.8920222520828247, -16.411970138549805],
    [0.0, 0.0, 0.0, 1.0]
],
  "dcmmeta_reorient_transform": [
    [0.0, -1.0, 0.0, 121.0],
    [1.0, 0.0, 0.0, 0.0],
    [0.0, 0.0, 1.0, 0.0],
    [0.0, 0.0, 0.0, 1.0]
],
  "dcmmeta_shape": [122, 122, 72, 31],
  "dcmmeta_slice_dim": 2,
  "dcmmeta_version": 0.6,
  "global": {
    "const": {
      "AccessionNumber": "qa",
      "AcquisitionMatrix": [122, 0, 0, 122],
      "AngioFlag": "N",
      "BitsAllocated": 16,
      "BitsStored": 12,
      "BodyPartExamined": "BRAIN",
      "Columns": 1098,
      "EchoNumbers": 1,
      "EchoTime": 68.0,
      "EchoTrainLength": 61,
      "FlipAngle": 90.0,
      "HighBit": 11,
      "ImageOrientationPatient": [0.99013418786215, -0.1369488538056, -0.0296530178549, 0.13915432146446, 0.9361904035811, 0.32277484886592],
      "ImagePositionPatient": [-1216.5805157195, -841.48672281664, -374.63993171251],
      "ImageType": [
        "ORIGINAL",
        "PRIMARY",
        "DIFFUSION",
        "NONE",
        "ND",
        "NORM",
        "MOSAIC"
],
      "ImagedNucleus": "1H",
      "ImagingFrequency": 123.259187,
      "InPlanePhaseEncodingDirection": "COL",
      "MRAcquisitionType": "2D",
      "MagneticFieldStrength": 3.0,
      "Manufacturer": "SIEMENS",
      "ManufacturerModelName": "Prisma",
      "Modality": "MR",
      "NumberOfAverages": 1.0,
      "NumberOfPhaseEncodingSteps": 122,
      "PercentPhaseFieldOfView": 100.0,
      "PercentSampling": 100.0,
      "PerformedProcedureStepStartTime": "091700.355000",
      "PhotometricInterpretation": "MONOCHROME2",
      "PixelBandwidth": 2050.0,
      "PixelRepresentation": 0,
      "PixelSpacing": [1.9672131538391, 1.9672131538391],
      "ProtocolName": "dwi_acq-DTI-30-p2-s4",
      "RepetitionTime": 3600.0,
      "Rows": 1098,
      "SAR": 0.22462642468479,
      "SamplesPerPixel": 1,
      "ScanOptions": "FS",
      "ScanningSequence": "EP",
      "SequenceVariant": [
        "SK",
        "SP"
],
      "SeriesDescription": "dwi_acq-DTI-30-p2-s4",
      "SeriesNumber": 10,
      "SeriesTime": "095514.471000",
      "SliceLocation": -62.006238888913,
      "SliceThickness": 2.0,
      "SmallestImagePixelValue": 0,
      "SoftwareVersions": "syngo MR E11",
      "SpacingBetweenSlices": 2.0000000048727,
      "SpecificCharacterSet": "ISO_IR 100",
      "StudyID": "36",
      "StudyTime": "091700.310000",
      "TransmitCoilName": "Body",
      "VariableFlipAngleFlag": "N",
      "WindowCenterWidthExplanation": "Algo1"
    },
    "slices": {}
  },
  "time": {
    "samples": {
      "AcquisitionNumber": [1, 2, 3, 4, 5, 6, 7, 8, 9, 10, 11, 12, 13, 14, 15, 16, 17, 18, 19, 20, 21, 22, 23, 24, 25, 26, 27, 28, 29, 30, 31],
      "AcquisitionTime": ["095356.455000", "095400.055000", "095403.655000", "095407.255000", "095410.855000", "095414.455000", "095418.055000", "095421.655000", "095425.255000", "095428.855000", "095432.455000", "095436.055000", "095439.655000", "095443.255000", "095446.855000", "095450.455000", "095454.055000", "095457.655000", "095501.255000", "095504.855000", "095508.455000", "095512.055000", "095515.655000", "095519.255000", "095522.855000", "095526.455000", "095530.055000", "095533.655000", "095537.255000", "095540.855000", "095544.455000"],
      "ContentTime": ["095514.475000", "095514.478000", "095514.490000", "095514.493000", "095514.496000", "095514.499000", "095514.502000", "095514.505000", "095514.508000", "095514.511000", "095514.514000", "095514.517000", "095514.520000", "095514.523000", "095514.526000", "095514.529000", "095514.535000", "095514.538000", "095514.540000", "095514.544000", "095514.546000", "095514.549000", "095546.531000", "095546.534000", "095546.538000", "095546.541000", "095546.544000", "095546.547000", "095546.554000", "095546.557000", "095546.560000"],
      "InstanceCreationTime": ["095514.475000", "095514.478000", "095514.490000", "095514.493000", "095514.496000", "095514.499000", "095514.502000", "095514.505000", "095514.508000", "095514.511000", "095514.514000", "095514.517000", "095514.520000", "095514.523000", "095514.526000", "095514.529000", "095514.535000", "095514.538000", "095514.540000", "095514.544000", "095514.546000", "095514.549000", "095546.531000", "095546.534000", "095546.538000", "095546.541000", "095546.544000", "095546.547000", "095546.554000", "095546.557000", "095546.560000"],
      "InstanceNumber": [1, 2, 3, 4, 5, 6, 7, 8, 9, 10, 11, 12, 13, 14, 15, 16, 17, 18, 19, 20, 21, 22, 23, 24, 25, 26, 27, 28, 29, 30, 31],
      "LargestImagePixelValue": [2233, 303, 310, 308, 315, 306, 310, 310, 302, 302, 305, 302, 321, 312, 311, 314, 313, 305, 326, 313, 315, 314, 320, 301, 300, 314, 312, 327, 304, 313, 307],
      "SequenceName": [
        "*ep_b0",
        "*ep_b1000#1",
        "*ep_b1000#2",
        "*ep_b1000#3",
        "*ep_b1000#4",
        "*ep_b1000#5",
        "*ep_b1000#6",
        "*ep_b1000#7",
        "*ep_b1000#8",
        "*ep_b1000#9",
        "*ep_b1000#10",
        "*ep_b1000#11",
        "*ep_b1000#12",
        "*ep_b1000#13",
        "*ep_b1000#14",
        "*ep_b1000#15",
        "*ep_b1000#16",
        "*ep_b1000#17",
        "*ep_b1000#18",
        "*ep_b1000#19",
        "*ep_b1000#20",
        "*ep_b1000#21",
        "*ep_b1000#22",
        "*ep_b1000#23",
        "*ep_b1000#24",
        "*ep_b1000#25",
        "*ep_b1000#26",
        "*ep_b1000#27",
        "*ep_b1000#28",
        "*ep_b1000#29",
        "*ep_b1000#30"
],
      "WindowCenter": [932.0, 225.0, 226.0, 225.0, 223.0, 222.0, 222.0, 223.0, 225.0, 224.0, 221.0, 221.0, 226.0, 224.0, 223.0, 224.0, 224.0, 222.0, 227.0, 226.0, 224.0, 223.0, 225.0, 222.0, 222.0, 225.0, 225.0, 226.0, 226.0, 224.0, 223.0],
      "WindowWidth": [2079.0, 510.0, 512.0, 512.0, 507.0, 504.0, 506.0, 506.0, 510.0, 508.0, 503.0, 503.0, 512.0, 508.0, 507.0, 509.0, 508.0, 504.0, 513.0, 513.0, 509.0, 508.0, 510.0, 505.0, 505.0, 510.0, 511.0, 512.0, 512.0, 507.0, 506.0]
    },
    "slices": {}
  }
}