{
  "AcquisitionMatrixPE": 256,
  "AcquisitionNumber": 1,
  "AcquisitionTime": "11:28:16.867500",
  "BaseResolution": 256,
  "BodyPartExamined": "BRAIN",
  "CoilCombinationMethod": "Sum of Squares",
  "CoilString": "H31",
  "ConsistencyInfo": "N4_VE11C_LATEST_20160120",
  "ConversionSoftware": "dcm2niix",
  "ConversionSoftwareVersion": "v1.0.20220720",
  "DeviceSerialNumber": "66112",
  "DwellTime": 9.8e-06,
  "EchoTime": 0.00232,
  "FlipAngle": 8,
  "HeudiconvVersion": "0.13.1",
  "ImageOrientationPatientDICOM": [0.111987, 0.924554, 0.364223, 0.0488859, 0.360959, -0.9313],
  "ImageOrientationText": "Sag>Cor(7.0)>Tra(-0.3)",
  "ImageType": [
    "ORIGINAL",
    "PRIMARY",
    "M",
    "ND"
],
  "ImagingFrequency": 123.252,
  "InPlanePhaseEncodingDirectionDICOM": "ROW",
  "InstitutionAddress": "Maynard 3,Hanover,NH,US,03755",
  "InstitutionName": "Dartmouth College - PBS",
  "InstitutionalDepartmentName": "Department",
  "InversionTime": 0.933,
  "MRAcquisitionType": "3D",
  "MagneticFieldStrength": 3,
  "Manufacturer": "Siemens",
  "ManufacturersModelName": "Prisma",
  "MatrixCoilMode": "GRAPPA",
  "Modality": "MR",
  "NonlinearGradientCorrection": false,
  "ParallelReductionFactorInPlane": 2,
  "PartialFourier": 1,
  "PatientPosition": "HFS",
  "PercentPhaseFOV": 100,
  "PercentSampling": 100,
  "PhaseEncodingSteps": 255,
  "PhaseResolution": 1,
  "PixelBandwidth": 200,
  "ProcedureStepDescription": "dbic^QA",
  "ProtocolName": "anat-T1w_acq-MPRAGE-uncombined",
  "PulseSequenceDetails": "%SiemensSeq%\\tfl",
  "ReceiveCoilActiveElements": "HEA;HEP",
  "ReceiveCoilName": "Head_32",
  "ReconMatrixPE": 256,
  "RefLinesPE": 24,
  "RepetitionTime": 2.3,
  "SAR": 0.0174942,
  "ScanOptions": "IR",
  "ScanningSequence": "GR\\IR",
  "SequenceName": "*tfl3d1_16ns",
  "SequenceVariant": "SK\\SP\\MP",
  "SeriesDescription": "anat-T1w_acq-MPRAGE-uncombined",
  "SeriesNumber": 15,
  "ShimSetting": [4146, -7687, -7490, 179, -59, -78, -78, 65],
  "SliceThickness": 0.9,
  "SoftwareVersions": "syngo MR E11",
  "SpoilingState": true,
  "StationName": "AWP66112",
  "TxRefAmp": 220.271,
  "dcmmeta_affine": [
    [0.8932558298110962, 0.10498756915330887, 0.04583049938082695, -21.553497314453125],
    [-0.10988869518041611, 0.8667697906494141, 0.33839860558509827, -143.78305053710938],
    [-0.0042975666001439095, -0.34145864844322205, 0.8730934858322144, -75.06571960449219],
    [0.0, 0.0, 0.0, 1.0]
],
  "dcmmeta_reorient_transform": [
    [0.0, 0.0, -1.0, 255.0],
    [0.0, -1.0, 0.0, 255.0],
    [-1.0, 0.0, 0.0, 7.0],
    [0.0, 0.0, 0.0, 1.0]
],
  "dcmmeta_shape": [8, 256, 256],
  "dcmmeta_slice_dim": 0,
  "dcmmeta_version": 0.6,
  "global": {
    "const": {
      "AccessionNumber": "qa",
      "AcquisitionMatrix": [0, 256, 256, 0],
      "AcquisitionNumber": 1,
      "AcquisitionTime": "112816.867500",
      "AngioFlag": "N",
      "BitsAllocated": 16,
      "BitsStored": 12,
      "BodyPartExamined": "BRAIN",
      "Columns": 256,
      "EchoNumbers": 1,
      "EchoTime": 2.32,
      "EchoTrainLength": 1,
      "FlipAngle": 8.0,
      "HighBit": 11,
      "ImageOrientationPatient": [0.11198673955968, 0.92455442623706, 0.36422257355669, 0.04888586466002, 0.36095852484556, -0.9312996916019],
      "ImageType": [
        "ORIGINAL",
        "PRIMARY",
        "M",
        "ND"
],
      "ImagedNucleus": "1H",
      "ImagingFrequency": 123.252351,
      "InPlanePhaseEncodingDirection": "ROW",
      "InversionTime": 933.0,
      "MRAcquisitionType": "3D",
      "MagneticFieldStrength": 3.0,
      "Manufacturer": "SIEMENS",
      "ManufacturerModelName": "Prisma",
      "Modality": "MR",
      "NumberOfAverages": 1.0,
      "NumberOfPhaseEncodingSteps": 255,
      "PercentPhaseFieldOfView": 100.0,
      "PercentSampling": 100.0,
      "PerformedProcedureStepStartTime": "104518.047000",
      "PhotometricInterpretation": "MONOCHROME2",
      "PixelBandwidth": 200.0,
      "PixelRepresentation": 0,
      "PixelSpacing": [0.9375, 0.9375],
      "ProtocolName": "anat-T1w_acq-MPRAGE-uncombined",
      "RepetitionTime": 2300.0,
      "Rows": 256,
      "SAR": 0.01749416442567,
      "SamplesPerPixel": 1,
      "ScanOptions": "IR",
      "ScanningSequence": [
        "GR",
        "IR"
],
      "SequenceName": "*tfl3d1_16ns",
      "SequenceVariant": [
        "SK",
        "SP",
        "MP"
],
      "SeriesDescription": "anat-T1w_acq-MPRAGE-uncombined",
      "SeriesNumber": 15,
      "SeriesTime": "113335.279000",
      "SliceThickness": 0.89999997615814,
      "SmallestImagePixelValue": 0,
      "SoftwareVersions": "syngo MR E11",
      "SpecificCharacterSet": "ISO_IR 100",
      "StudyID": "23",
      "StudyTime": "104517.997000",
      "TransmitCoilName": "Body",
      "VariableFlipAngleFlag": "N",
      "WindowCenterWidthExplanation": "Algo1",
      "dBdt": 0.0},
    "slices": {
      "ContentTime": ["113336.504000", "113336.439000", "113335.756000", "113335.681000", "113335.598000", "113335.533000", "113335.467000", "113335.347000"],
      "CsaImage.Actual3DImaPartNumber": [7, 6, 5, 4, 3, 2, 1, 0],
      "CsaImage.ICE_Dims": [
 "32_1_1_1_1_1_8_1_1_1_1_1_71",
 "32_1_1_1_1_1_7_1_1_1_1_1_71",
 "32_1_1_1_1_1_6_1_1_1_1_1_71",
 "32_1_1_1_1_1_5_1_1_1_1_1_71",
 "32_1_1_1_1_1_4_1_1_1_1_1_71",
 "32_1_1_1_1_1_3_1_1_1_1_1_71",
 "32_1_1_1_1_1_2_1_1_1_1_1_71",
 "32_1_1_1_1_1_1_1_1_1_1_1_71"
],
      "CsaImage.SlicePosition_PCS": [
        [-16.90511042, -163.53488221, 60.50115097],
        [-17.79836624, -163.42499351, 60.4968534],
        [-18.69162206, -163.31510482, 60.49255583],
        [-19.58487788, -163.20521613, 60.48825826],
        [-20.47813371, -163.09532743, 60.4839607],
        [-21.37138953, -162.98543874, 60.47966313],
        [-22.26464535, -162.87555005, 60.47536556],
        [-23.15790117, -162.76566135, 60.471068]
],
      "ImagePositionPatient": [
        [-16.905110419466, -163.53488220817, 60.501150965037],
        [-17.798366241204, -163.42499351477, 60.496853398336],
        [-18.691622062942, -163.31510482138, 60.492555831636],
        [-19.58487788468, -163.20521612798, 60.488258264935],
        [-20.478133706418, -163.09532743458, 60.483960698235],
        [-21.371389528156, -162.98543874119, 60.479663131534],
        [-22.264645349894, -162.87555004779, 60.475365564834],
        [-23.157901171632, -162.7656613544, 60.471067998133]
],
      "InstanceCreationTime": ["113336.504000", "113336.439000", "113335.756000", "113335.681000", "113335.598000", "113335.533000", "113335.467000", "113335.347000"],
      "InstanceNumber": [8, 7, 6, 5, 4, 3, 2, 1],
      "LargestImagePixelValue": [3857, 3885, 3879, 3873, 3861, 3844, 3817, 3787],
      "SliceLocation": [3.477837828758, 2.5778378525998, 1.6778378764417, 0.77783790028356, -0.1221620758746, -1.0221620520327, -1.9221620281909, -2.822162004349],
      "WindowCenter": [947.0, 947.0, 946.0, 943.0, 942.0, 940.0, 941.0, 941.0],
      "WindowWidth": [2410.0, 2413.0, 2416.0, 2423.0, 2425.0, 2427.0, 2424.0, 2422.0]
    }
  }
}