{
  "AcquisitionMatrixPE": 82,
  "AcquisitionNumber": 1,
  "AcquisitionTime": "11:14:36.722500",
  "BandwidthPerPixelPhaseEncode": 23.452,
  "BaseResolution": 82,
  "BodyPartExamined": "BRAIN",
  "ConsistencyInfo": "N4_VE11C_LATEST_20160120",
  "ConversionSoftware": "dcm2niix",
  "ConversionSoftwareVersion": "v1.0.20171215 (OpenJPEG build) GCC6.3.0",
  "DerivedVendorReportedEchoSpacing": 0.000520003,
  "DeviceSerialNumber": "66112",
  "DwellTime": 2.1e-06,
  "EchoTime": 0.03,
  "EchoTrainLength": 82,
  "EffectiveEchoSpacing": 0.000520003,
  "FlipAngle": 41,
  "ImageOrientationPatientDICOM": [
    0.997625,
    0.0688858,
    0,
    -0.0688858,
    0.997625,
    0
  ],
  "ImageType": [
    "ORIGINAL",
    "PRIMARY",
    "FMRI",
    "NONE",
    "ND",
    "NORM",
    "MOSAIC"
  ],
  "InPlanePhaseEncodingDirectionDICOM": "COL",
  "InstitutionAddress": "Maynard_3_Hanover_NH_US_03755",
  "InstitutionName": "Dartmouth_College_-_PBS",
  "InstitutionalDepartmentName": "Department",
  "MRAcquisitionType": "2D",
  "MagneticFieldStrength": 3,
  "Manufacturer": "Siemens",
  "ManufacturersModelName": "Prisma",
  "Modality": "MR",
  "MultibandAccelerationFactor": 8,
  "PartialFourier": 1,
  "PatientPosition": "HFS",
  "PercentPhaseFOV": 100,
  "PhaseEncodingDirection": "j-",
  "PhaseEncodingSteps": 82,
  "PhaseResolution": 1,
  "PixelBandwidth": 2905,
  "ProcedureStepDescription": "dbic_QA",
  "ProtocolName": "func_task-rest_acq-3mm",
  "PulseSequenceDetails": "%SiemensSeq%_ep2d_bold",
  "ReceiveCoilActiveElements": "HEA;HEP",
  "ReceiveCoilName": "Head_32",
  "ReconMatrixPE": 82,
  "RepetitionTime": 0.426,
  "SAR": 0.104759,
  "ScanOptions": "FS",
  "ScanningSequence": "EP",
  "SequenceName": "_epfid2d1_82",
  "SequenceVariant": "SK",
  "SeriesDescription": "func_task-rest_acq-3mm",
  "SeriesNumber": 15,
  "ShimSetting": [
    4143,
    -7700,
    -7245,
    -872,
    -66,
    -20,
    -63,
    80
  ],
  "SliceThickness": 3,
  "SliceTiming": [
    0.27,
    0,
    0.2025,
    0.135,
    0.3375,
    0.0675,
    0.27,
    0,
    0.2025,
    0.135,
    0.3375,
    0.0675,
    0.27,
    0,
    0.2025,
    0.135,
    0.3375,
    0.0675,
    0.27,
    0,
    0.2025,
    0.135,
    0.3375,
    0.0675,
    0.27,
    0,
    0.2025,
    0.135,
    0.3375,
    0.0675,
    0.27,
    0,
    0.2025,
    0.135,
    0.3375,
    0.0675,
    0.27,
    0,
    0.2025,
    0.135,
    0.3375,
    0.0675,
    0.27,
    0,
    0.2025,
    0.135,
    0.3375,
    0.0675
  ],
  "SoftwareVersions": "syngo_MR_E11",
  "SpacingBetweenSlices": 3,
  "StationName": "AWP66112",
  "TotalReadoutTime": 0.0421203,
  "TxRefAmp": 186.051,
  "VendorReportedEchoSpacing": 0.00052
}