{
  "AcquisitionMatrixPE": 122,
  "AcquisitionNumber": 1,
  "AcquisitionTime": "09:55:25.437500",
  "BandwidthPerPixelPhaseEncode": 27.785,
  "BaseResolution": 122,
  "BodyPartExamined": "BRAIN",
  "CoilCombinationMethod": "Adaptive Combine",
  "ConsistencyInfo": "N4_VE11E_LATEST_20181129",
  "ConversionSoftware": "dcm2niix",
  "ConversionSoftwareVersion": "v1.0.20220720",
  "DerivedVendorReportedEchoSpacing": 0.000590011,
  "DeviceSerialNumber": "66112",
  "DiffusionScheme": "Monopolar",
  "DwellTime": 2e-06,
  "EchoTime": 0.068,
  "EchoTrainLength": 61,
  "EffectiveEchoSpacing": 0.000295005,
  "FlipAngle": 90,
  "HeudiconvVersion": "0.13.1",
  "ImageOrientationPatientDICOM": [0.979144, 0.202888, 0.0106467, -0.196186, 0.930577, 0.309091],
  "ImageOrientationText": "Tra>Cor(17.8)>Sag(-3.0)",
  "ImageType": [
    "ORIGINAL",
    "PRIMARY",
    "DIFFUSION",
    "NONE",
    "ND",
    "NORM",
    "MOSAIC"
],
  "ImagingFrequency": 123.259,
  "InPlanePhaseEncodingDirectionDICOM": "COL",
  "InstitutionAddress": "Maynard 3,Hanover,NH,US,03755",
  "InstitutionName": "Dartmouth College - PBS",
  "InstitutionalDepartmentName": "Department",
  "MRAcquisitionType": "2D",
  "MagneticFieldStrength": 3,
  "Manufacturer": "Siemens",
  "ManufacturersModelName": "Prisma",
  "Modality": "MR",
  "MultibandAccelerationFactor": 4,
  "NonlinearGradientCorrection": false,
  "ParallelReductionFactorInPlane": 2,
  "PartialFourier": 1,
  "PatientPosition": "HFS",
  "PercentPhaseFOV": 100,
  "PercentSampling": 100,
  "PhaseEncodingDirection": "j-",
  "PhaseEncodingSteps": 122,
  "PhaseResolution": 1,
  "PixelBandwidth": 2050,
  "ProcedureStepDescription": "dbic^QA",
  "ProtocolName": "dwi_acq-DTI-30-p2-s4",
  "PulseSequenceDetails": "%SiemensSeq%\\ep2d_diff",
  "ReceiveCoilActiveElements": "HEA;HEP",
  "ReceiveCoilName": "Head_32",
  "ReconMatrixPE": 122,
  "RefLinesPE": 38,
  "RepetitionTime": 3.6,
  "SAR": 0.132994,
  "ScanOptions": "FS",
  "ScanningSequence": "EP",
  "SequenceName": "*ep_b0",
  "SequenceVariant": "SK\\SP",
  "SeriesDescription": "dwi_acq-DTI-30-p2-s4",
  "SeriesNumber": 10,
  "ShimSetting": [4217, -7745, -7508, -42, -127, 37, 15, 79],
  "SliceThickness": 2,
  "SliceTiming": [2.585, 0, 1.79, 0.2, 1.99, 0.3975, 2.1875, 0.5975, 2.3875, 0.995, 2.785, 1.195, 2.985, 1.3925, 3.1825, 1.5925, 3.3825, 0.795, 2.585, 0, 1.79, 0.2, 1.99, 0.3975, 2.1875, 0.5975, 2.3875, 0.995, 2.785, 1.195, 2.985, 1.3925, 3.1825, 1.5925, 3.3825, 0.795, 2.585, 0, 1.79, 0.2, 1.99, 0.3975, 2.1875, 0.5975, 2.3875, 0.995, 2.785, 1.195, 2.985, 1.3925, 3.1825, 1.5925, 3.3825, 0.795, 2.585, 0, 1.79, 0.2, 1.99, 0.3975, 2.1875, 0.5975, 2.3875, 0.995, 2.785, 1.195, 2.985, 1.3925, 3.1825, 1.5925, 3.3825, 0.795],
  "SoftwareVersions": "syngo MR E11",
  "SpacingBetweenSlices": 2,
  "SpoilingState": true,
  "StationName": "AWP66112",
  "TotalReadoutTime": 0.0356956,
  "TxRefAmp": 224.466,
  "dcmmeta_affine": [
    [-1.9261850118637085, -0.38593876361846924, -0.10560669749975204, 147.56134033203125],
    [-0.39912426471710205, 1.830643892288208, 0.6094663739204407, -97.83272552490234],
    [0.020944232121109962, -0.608047604560852, 1.9019458293914795, -38.90077590942383],
    [0.0, 0.0, 0.0, 1.0]
],
  "dcmmeta_reorient_transform": [
    [0.0, -1.0, 0.0, 121.0],
    [1.0, 0.0, 0.0, 0.0],
    [0.0, 0.0, 1.0, 0.0],
    [0.0, 0.0, 0.0, 1.0]
],
  "dcmmeta_shape": [122, 122, 72, 31],
  "dcmmeta_slice_dim": 2,
  "dcmmeta_version": 0.6,
  "global": {
    "const": {
      "AccessionNumber": "qa",
      "AcquisitionMatrix": [122, 0, 0, 122],
      "AngioFlag": "N",
      "BitsAllocated": 16,
      "BitsStored": 12,
      "BodyPartExamined": "BRAIN",
      "Columns": 1098,
      "EchoNumbers": 1,
      "EchoTime": 68.0,
      "EchoTrainLength": 61,
      "FlipAngle": 90.0,
      "HighBit": 11,
      "ImageOrientationPatient": [0.97914403432269, 0.20288816840355, 0.01064665074792, -0.1961855411178, 0.9305772792895, 0.30909086160297],
      "ImagePositionPatient": [-852.50292337898, -1211.8020334297, -419.42255352498],
      "ImageType": [
        "ORIGINAL",
        "PRIMARY",
        "DIFFUSION",
        "NONE",
        "ND",
        "NORM",
        "MOSAIC"
],
      "ImagedNucleus": "1H",
      "ImagingFrequency": 123.259141,
      "InPlanePhaseEncodingDirection": "COL",
      "MRAcquisitionType": "2D",
      "MagneticFieldStrength": 3.0,
      "Manufacturer": "SIEMENS",
      "ManufacturerModelName": "Prisma",
      "Modality": "MR",
      "NumberOfAverages": 1.0,
      "NumberOfPhaseEncodingSteps": 122,
      "PercentPhaseFieldOfView": 100.0,
      "PercentSampling": 100.0,
      "PerformedProcedureStepStartTime": "091846.102000",
      "PhotometricInterpretation": "MONOCHROME2",
      "PixelBandwidth": 2050.0,
      "PixelRepresentation": 0,
      "PixelSpacing": [1.9672131538391, 1.9672131538391],
      "ProtocolName": "dwi_acq-DTI-30-p2-s4",
      "RepetitionTime": 3600.0,
      "Rows": 1098,
      "SAR": 0.13299402767331,
      "SamplesPerPixel": 1,
      "ScanOptions": "FS",
      "ScanningSequence": "EP",
      "SequenceVariant": [
        "SK",
        "SP"
],
      "SeriesDescription": "dwi_acq-DTI-30-p2-s4",
      "SeriesNumber": 10,
      "SeriesTime": "095646.562000",
      "SliceLocation": -74.598195226317,
      "SliceThickness": 2.0,
      "SmallestImagePixelValue": 0,
      "SoftwareVersions": "syngo MR E11",
      "SpacingBetweenSlices": 2.0000000032154,
      "SpecificCharacterSet": "ISO_IR 100",
      "StudyID": "13",
      "StudyTime": "091845.987000",
      "TransmitCoilName": "Body",
      "VariableFlipAngleFlag": "N",
      "WindowCenterWidthExplanation": "Algo1"
    },
    "slices": {}
  },
  "time": {
    "samples": {
      "AcquisitionNumber": [1, 2, 3, 4, 5, 6, 7, 8, 9, 10, 11, 12, 13, 14, 15, 16, 17, 18, 19, 20, 21, 22, 23, 24, 25, 26, 27, 28, 29, 30, 31],
      "AcquisitionTime": ["095525.437500", "095529.037500", "095532.637500", "095536.237500", "095539.837500", "095543.437500", "095547.037500", "095550.637500", "095554.237500", "095557.837500", "095601.437500", "095605.037500", "095608.637500", "095612.237500", "095615.837500", "095619.437500", "095623.037500", "095626.637500", "095630.237500", "095633.837500", "095637.437500", "095641.037500", "095644.637500", "095648.237500", "095651.837500", "095655.437500", "095659.037500", "095702.637500", "095706.237500", "095709.837500", "095713.437500"],
      "ContentTime": ["095646.566000", "095646.570000", "095646.573000", "095646.576000", "095646.579000", "095646.582000", "095646.585000", "095646.588000", "095646.591000", "095646.594000", "095646.597000", "095646.611000", "095646.614000", "095646.617000", "095646.620000", "095646.622000", "095646.625000", "095646.628000", "095646.631000", "095646.634000", "095646.637000", "095646.640000", "095646.650000", "095715.156000", "095715.160000", "095715.163000", "095715.166000", "095715.170000", "095715.173000", "095715.177000", "095715.181000"],
      "InstanceCreationTime": ["095646.566000", "095646.570000", "095646.573000", "095646.576000", "095646.579000", "095646.582000", "095646.585000", "095646.588000", "095646.591000", "095646.594000", "095646.597000", "095646.611000", "095646.614000", "095646.617000", "095646.620000", "095646.622000", "095646.625000", "095646.628000", "095646.631000", "095646.634000", "095646.637000", "095646.640000", "095646.650000", "095715.156000", "095715.160000", "095715.163000", "095715.166000", "095715.170000", "095715.173000", "095715.177000", "095715.181000"],
      "InstanceNumber": [1, 2, 3, 4, 5, 6, 7, 8, 9, 10, 11, 12, 13, 14, 15, 16, 17, 18, 19, 20, 21, 22, 23, 24, 25, 26, 27, 28, 29, 30, 31],
      "LargestImagePixelValue": [2506, 360, 340, 357, 348, 338, 352, 357, 361, 354, 346, 335, 360, 362, 366, 362, 326, 327, 347, 343, 354, 350, 319, 331, 330, 344, 348, 336, 338, 352, 360],
      "SequenceName": [
        "*ep_b0",
        "*ep_b1000#1",
        "*ep_b1000#2",
        "*ep_b1000#3",
        "*ep_b1000#4",
        "*ep_b1000#5",
        "*ep_b1000#6",
        "*ep_b1000#7",
        "*ep_b1000#8",
        "*ep_b1000#9",
        "*ep_b1000#10",
        "*ep_b1000#11",
        "*ep_b1000#12",
        "*ep_b1000#13",
        "*ep_b1000#14",
        "*ep_b1000#15",
        "*ep_b1000#16",
        "*ep_b1000#17",
        "*ep_b1000#18",
        "*ep_b1000#19",
        "*ep_b1000#20",
        "*ep_b1000#21",
        "*ep_b1000#22",
        "*ep_b1000#23",
        "*ep_b1000#24",
        "*ep_b1000#25",
        "*ep_b1000#26",
        "*ep_b1000#27",
        "*ep_b1000#28",
        "*ep_b1000#29",
        "*ep_b1000#30"
],
      "WindowCenter": [948.0, 236.0, 236.0, 236.0, 235.0, 234.0, 236.0, 236.0, 236.0, 236.0, 235.0, 234.0, 239.0, 237.0, 237.0, 236.0, 237.0, 234.0, 238.0, 239.0, 236.0, 236.0, 236.0, 235.0, 234.0, 235.0, 236.0, 236.0, 237.0, 240.0, 238.0],
      "WindowWidth": [2137.0, 532.0, 532.0, 532.0, 531.0, 528.0, 532.0, 532.0, 533.0, 533.0, 530.0, 528.0, 537.0, 534.0, 534.0, 533.0, 534.0, 528.0, 536.0, 538.0, 532.0, 532.0, 532.0, 530.0, 528.0, 530.0, 532.0, 532.0, 534.0, 540.0, 536.0]
    },
    "slices": {}
  }
}