{
  "AcquisitionMatrixPE": 122,
  "AcquisitionNumber": 1,
  "AcquisitionTime": "09:51:4.225000",
  "BandwidthPerPixelPhaseEncode": 28.76,
  "BaseResolution": 122,
  "BodyPartExamined": "BRAIN",
  "CoilCombinationMethod": "Adaptive Combine",
  "ConsistencyInfo": "N4_VE11E_LATEST_20181129",
  "ConversionSoftware": "dcm2niix",
  "ConversionSoftwareVersion": "v1.0.20220720",
  "DerivedVendorReportedEchoSpacing": 0.000570008,
  "DeviceSerialNumber": "66112",
  "DiffusionScheme": "Monopolar",
  "DwellTime": 2e-06,
  "EchoTime": 0.075,
  "EchoTrainLength": 61,
  "EffectiveEchoSpacing": 0.000285004,
  "FlipAngle": 90,
  "HeudiconvVersion": "0.13.1",
  "ImageOrientationPatientDICOM": [0.979144, 0.202888, 0.0106467, -0.196186, 0.930577, 0.309091],
  "ImageOrientationText": "Tra>Cor(17.8)>Sag(-3.0)",
  "ImageType": [
    "ORIGINAL",
    "PRIMARY",
    "DIFFUSION",
    "NONE",
    "ND",
    "NORM",
    "MOSAIC"
],
  "ImagingFrequency": 123.259,
  "InPlanePhaseEncodingDirectionDICOM": "COL",
  "InstitutionAddress": "Maynard 3,Hanover,NH,US,03755",
  "InstitutionName": "Dartmouth College - PBS",
  "InstitutionalDepartmentName": "Department",
  "MRAcquisitionType": "2D",
  "MagneticFieldStrength": 3,
  "Manufacturer": "Siemens",
  "ManufacturersModelName": "Prisma",
  "MatrixCoilMode": "GRAPPA",
  "Modality": "MR",
  "NonlinearGradientCorrection": false,
  "ParallelReductionFactorInPlane": 2,
  "PartialFourier": 1,
  "PatientPosition": "HFS",
  "PercentPhaseFOV": 100,
  "PercentSampling": 100,
  "PhaseEncodingDirection": "j-",
  "PhaseEncodingSteps": 122,
  "PhaseResolution": 1,
  "PixelBandwidth": 2050,
  "ProcedureStepDescription": "dbic^QA",
  "ProtocolName": "dwi_acq-DTI-30-p2",
  "PulseSequenceDetails": "%SiemensSeq%\\ep2d_diff",
  "ReceiveCoilActiveElements": "HEA;HEP",
  "ReceiveCoilName": "Head_32",
  "ReconMatrixPE": 122,
  "RefLinesPE": 38,
  "RepetitionTime": 7.7,
  "SAR": 0.0862744,
  "ScanOptions": "FS",
  "ScanningSequence": "EP",
  "SequenceName": "*ep_b0",
  "SequenceVariant": "SK\\SP",
  "SeriesDescription": "dwi_acq-DTI-30-p2",
  "SeriesNumber": 9,
  "ShimSetting": [4218, -7745, -7508, -42, -129, 35, 15, 80],
  "SliceThickness": 2,
  "SliceTiming": [3.8375, 0, 3.9475, 0.1075, 4.0575, 0.2175, 4.1675, 0.3275, 4.2775, 0.4375, 4.3875, 0.5475, 4.4975, 0.6575, 4.6075, 0.7675, 4.7175, 0.8775, 4.825, 0.985, 4.935, 1.095, 5.045, 1.205, 5.155, 1.315, 5.265, 1.425, 5.375, 1.535, 5.485, 1.645, 5.595, 1.755, 5.7025, 1.865, 5.8125, 1.9725, 5.9225, 2.0825, 6.0325, 2.1925, 6.1425, 2.3025, 6.2525, 2.4125, 6.3625, 2.5225, 6.4725, 2.6325, 6.5825, 2.7425, 6.69, 2.85, 6.8, 2.96, 6.91, 3.07, 7.02, 3.18, 7.13, 3.29, 7.24, 3.4, 7.35, 3.51, 7.46, 3.62, 7.57, 3.73],
  "SoftwareVersions": "syngo MR E11",
  "SpacingBetweenSlices": 2,
  "SpoilingState": true,
  "StationName": "AWP66112",
  "TotalReadoutTime": 0.0344855,
  "TxRefAmp": 224.466,
  "dcmmeta_affine": [
    [-1.9261850118637085, -0.38593876361846924, -0.10560669749975204, 147.4557342529297],
    [-0.39912426471710205, 1.830643892288208, 0.6094663739204407, -97.22325897216797],
    [0.020944232121109962, -0.608047604560852, 1.9019458293914795, -36.99882888793945],
    [0.0, 0.0, 0.0, 1.0]
],
  "dcmmeta_reorient_transform": [
    [0.0, -1.0, 0.0, 121.0],
    [1.0, 0.0, 0.0, 0.0],
    [0.0, 0.0, 1.0, 0.0],
    [0.0, 0.0, 0.0, 1.0]
],
  "dcmmeta_shape": [122, 122, 70, 31],
  "dcmmeta_slice_dim": 2,
  "dcmmeta_version": 0.6,
  "global": {
    "const": {
      "AccessionNumber": "qa",
      "AcquisitionMatrix": [122, 0, 0, 122],
      "AngioFlag": "N",
      "BitsAllocated": 16,
      "BitsStored": 12,
      "BodyPartExamined": "BRAIN",
      "Columns": 1098,
      "EchoNumbers": 1,
      "EchoTime": 75.0,
      "EchoTrainLength": 61,
      "FlipAngle": 90.0,
      "HighBit": 11,
      "ImageOrientationPatient": [0.97914403432269, 0.20288816840355, 0.01064665074792, -0.1961855411178, 0.9305772792895, 0.30909086160297],
      "ImagePositionPatient": [-852.39731682305, -1212.4114990288, -417.5206065035],
      "ImageType": [
        "ORIGINAL",
        "PRIMARY",
        "DIFFUSION",
        "NONE",
        "ND",
        "NORM",
        "MOSAIC"
],
      "ImagedNucleus": "1H",
      "ImagingFrequency": 123.259139,
      "InPlanePhaseEncodingDirection": "COL",
      "MRAcquisitionType": "2D",
      "MagneticFieldStrength": 3.0,
      "Manufacturer": "SIEMENS",
      "ManufacturerModelName": "Prisma",
      "Modality": "MR",
      "NumberOfAverages": 1.0,
      "NumberOfPhaseEncodingSteps": 122,
      "PercentPhaseFieldOfView": 100.0,
      "PercentSampling": 100.0,
      "PerformedProcedureStepStartTime": "091846.102000",
      "PhotometricInterpretation": "MONOCHROME2",
      "PixelBandwidth": 2050.0,
      "PixelRepresentation": 0,
      "PixelSpacing": [1.9672131538391, 1.9672131538391],
      "ProtocolName": "dwi_acq-DTI-30-p2",
      "RepetitionTime": 7700.0,
      "Rows": 1098,
      "SAR": 0.08627438967374,
      "SamplesPerPixel": 1,
      "ScanOptions": "FS",
      "ScanningSequence": "EP",
      "SequenceVariant": [
        "SK",
        "SP"
],
      "SeriesDescription": "dwi_acq-DTI-30-p2",
      "SeriesNumber": 9,
      "SeriesTime": "095346.733000",
      "SliceLocation": -72.59819434291,
      "SliceThickness": 2.0,
      "SmallestImagePixelValue": 0,
      "SoftwareVersions": "syngo MR E11",
      "SpacingBetweenSlices": 2.0000000259745,
      "SpecificCharacterSet": "ISO_IR 100",
      "StudyID": "13",
      "StudyTime": "091845.987000",
      "TransmitCoilName": "Body",
      "VariableFlipAngleFlag": "N",
      "WindowCenterWidthExplanation": "Algo1"
    },
    "slices": {}
  },
  "time": {
    "samples": {
      "AcquisitionNumber": [1, 2, 3, 4, 5, 6, 7, 8, 9, 10, 11, 12, 13, 14, 15, 16, 17, 18, 19, 20, 21, 22, 23, 24, 25, 26, 27, 28, 29, 30, 31],
      "AcquisitionTime": ["095104.225000", "095111.925000", "095119.625000", "095127.325000", "095135.025000", "095142.725000", "095150.425000", "095158.125000", "095205.825000", "095213.525000", "095221.225000", "095228.925000", "095236.625000", "095244.325000", "095252.025000", "095259.725000", "095307.425000", "095315.125000", "095322.825000", "095330.525000", "095338.225000", "095345.925000", "095353.625000", "095401.325000", "095409.025000", "095416.725000", "095424.425000", "095432.125000", "095439.825000", "095447.525000", "095455.225000"],
      "ContentTime": ["095346.737000", "095346.740000", "095346.743000", "095346.747000", "095346.750000", "095346.753000", "095346.756000", "095346.767000", "095346.770000", "095346.773000", "095346.776000", "095346.779000", "095346.782000", "095346.791000", "095346.794000", "095346.797000", "095346.800000", "095346.803000", "095346.806000", "095346.809000", "095346.812000", "095459.202000", "095459.206000", "095459.211000", "095459.216000", "095459.219000", "095459.222000", "095459.226000", "095459.229000", "095459.232000", "095459.235000"],
      "InstanceCreationTime": ["095346.737000", "095346.740000", "095346.743000", "095346.747000", "095346.750000", "095346.753000", "095346.756000", "095346.767000", "095346.770000", "095346.773000", "095346.776000", "095346.779000", "095346.782000", "095346.791000", "095346.794000", "095346.797000", "095346.800000", "095346.803000", "095346.806000", "095346.809000", "095346.812000", "095459.202000", "095459.206000", "095459.211000", "095459.216000", "095459.219000", "095459.222000", "095459.226000", "095459.229000", "095459.232000", "095459.235000"],
      "InstanceNumber": [1, 2, 3, 4, 5, 6, 7, 8, 9, 10, 11, 12, 13, 14, 15, 16, 17, 18, 19, 20, 21, 22, 23, 24, 25, 26, 27, 28, 29, 30, 31],
      "LargestImagePixelValue": [2545, 359, 363, 344, 351, 332, 351, 358, 346, 368, 347, 336, 355, 358, 390, 366, 327, 326, 334, 337, 343, 354, 317, 320, 347, 342, 336, 350, 325, 341, 347],
      "SequenceName": [
        "*ep_b0",
        "*ep_b1000#1",
        "*ep_b1000#2",
        "*ep_b1000#3",
        "*ep_b1000#4",
        "*ep_b1000#5",
        "*ep_b1000#6",
        "*ep_b1000#7",
        "*ep_b1000#8",
        "*ep_b1000#9",
        "*ep_b1000#10",
        "*ep_b1000#11",
        "*ep_b1000#12",
        "*ep_b1000#13",
        "*ep_b1000#14",
        "*ep_b1000#15",
        "*ep_b1000#16",
        "*ep_b1000#17",
        "*ep_b1000#18",
        "*ep_b1000#19",
        "*ep_b1000#20",
        "*ep_b1000#21",
        "*ep_b1000#22",
        "*ep_b1000#23",
        "*ep_b1000#24",
        "*ep_b1000#25",
        "*ep_b1000#26",
        "*ep_b1000#27",
        "*ep_b1000#28",
        "*ep_b1000#29",
        "*ep_b1000#30"
],
      "WindowCenter": [924.0, 232.0, 232.0, 232.0, 231.0, 230.0, 231.0, 232.0, 233.0, 232.0, 230.0, 229.0, 232.0, 232.0, 233.0, 232.0, 231.0, 230.0, 232.0, 233.0, 232.0, 232.0, 230.0, 229.0, 229.0, 231.0, 232.0, 231.0, 230.0, 232.0, 232.0],
      "WindowWidth": [2053.0, 524.0, 523.0, 524.0, 521.0, 518.0, 521.0, 523.0, 524.0, 523.0, 519.0, 518.0, 524.0, 523.0, 524.0, 523.0, 520.0, 518.0, 523.0, 525.0, 524.0, 523.0, 519.0, 518.0, 518.0, 520.0, 523.0, 521.0, 520.0, 524.0, 523.0]
    },
    "slices": {}
  }
}