{
  "AcquisitionDateTime": "2017-04-06T95:65:0.054688", 
  "CogAtlasID": "TODO", 
  "ConversionSoftware": "dcm2niix", 
  "ConversionSoftwareVersion": "v1.0.20170130", 
  "EchoTime": 0.032, 
  "EffectiveEchoSpacing": 0.000270002, 
  "FlipAngle": 90, 
  "ImageType": [
    "ORIGINAL", 
    "PRIMARY", 
    "M", 
    "ND", 
    "NORM", 
    "MOSAIC"
], 
  "MagneticFieldStrength": 3, 
  "Manufacturer": "Siemens", 
  "ManufacturersModelName": "Prisma", 
  "PhaseEncodingDirection": "j-", 
  "ProcedureStepDescription": "dbic_QA", 
  "ProtocolName": "func_run-05_task-rest_acq-2.4mm64sl1000", 
  "RepetitionTime": 1, 
  "SliceTiming": [0.735, 0, 0.49, 0.0625, 0.5525, 0.1225, 0.6125, 0.185, 0.675, 0.3075, 0.7975, 0.3675, 0.8575, 0.43, 0.92, 0.245, 0.735, 0, 0.49, 0.0625, 0.5525, 0.1225, 0.6125, 0.185, 0.675, 0.3075, 0.7975, 0.3675, 0.8575, 0.43, 0.92, 0.245, 0.735, 0, 0.49, 0.0625, 0.5525, 0.1225, 0.6125, 0.185, 0.675, 0.3075, 0.7975, 0.3675, 0.8575, 0.43, 0.92, 0.245, 0.735, 0, 0.49, 0.0625, 0.5525, 0.1225, 0.6125, 0.185, 0.675, 0.3075, 0.7975, 0.3675, 0.8575, 0.43, 0.92, 0.245], 
  "TaskName": "TODO: full task name for rest", 
  "dcmmeta_affine": [
    [-2.399653673171997, -0.021360276266932487, 0.03473822772502899, 113.39508819580078], 
    [-0.024779807776212692, 2.387465715408325, -0.24370934069156647, -80.25305938720703], 
    [0.032387759536504745, 0.2440328299999237, 2.3873414993286133, -81.22545623779297], 
    [0.0, 0.0, 0.0, 1.0]
], 
  "dcmmeta_reorient_transform": [
    [0.0, -1.0, 0.0, 89.0], 
    [1.0, 0.0, 0.0, 0.0], 
    [0.0, 0.0, 1.0, 0.0], 
    [0.0, 0.0, 0.0, 1.0]
], 
  "dcmmeta_shape": [90, 90, 64, 100], 
  "dcmmeta_slice_dim": 2, 
  "dcmmeta_version": 0.6, 
  "global": {
    "const": {
      "AccessionNumber": "A000554", 
      "AcquisitionMatrix": [90, 0, 0, 90], 
      "AngioFlag": "N", 
      "BitsAllocated": 16, 
      "BitsStored": 12, 
      "BodyPartExamined": "BRAIN", 
      "Columns": 720, 
      "EchoNumbers": 1, 
      "EchoTime": 32.0, 
      "EchoTrainLength": 45, 
      "FlipAngle": 90.0, 
      "HighBit": 11, 
      "ImageOrientationPatient": [0.99985563144019, 0.0103249194519, 0.01349489961611, -0.0089001144948, 0.99477730983345, -0.1016803412785], 
      "ImagePositionPatient": [-860.6564263347, -892.08869660852, 7.1616612693868], 
      "ImageType": [
        "ORIGINAL", 
        "PRIMARY", 
        "M", 
        "ND", 
        "NORM", 
        "MOSAIC"
], 
      "ImagedNucleus": "1H", 
      "ImagingFrequency": 123.252299, 
      "InPlanePhaseEncodingDirection": "COL", 
      "MRAcquisitionType": "2D", 
      "MagneticFieldStrength": 3.0, 
      "Manufacturer": "SIEMENS", 
      "ManufacturerModelName": "Prisma", 
      "Modality": "MR", 
      "NumberOfAverages": 1.0, 
      "NumberOfPhaseEncodingSteps": 90, 
      "PercentPhaseFieldOfView": 100.0, 
      "PercentSampling": 100.0, 
      "PerformedProcedureStepStartTime": "093846.110000", 
      "PhotometricInterpretation": "MONOCHROME2", 
      "PixelBandwidth": 2315.0, 
      "PixelRepresentation": 0, 
      "PixelSpacing": [2.4000000953674, 2.4000000953674], 
      "PositionReferenceIndicator": "", 
      "ProtocolName": "func_run-05_task-rest_acq-2.4mm64sl1000tr32te600dyn", 
      "RepetitionTime": 1000.0, 
      "Rows": 720, 
      "SAR": 0.12541205374212, 
      "SamplesPerPixel": 1, 
      "ScanOptions": "FS", 
      "ScanningSequence": "EP", 
      "SequenceName": "*epfid2d1_90", 
      "SequenceVariant": "SK", 
      "SeriesDescription": "func_run-05_task-rest_acq-2.4mm64sl1000tr32te600dyn", 
      "SeriesNumber": 5, 
      "SeriesTime": "095726.892000", 
      "SliceLocation": -71.00638871757, 
      "SliceThickness": 2.4000000953674, 
      "SmallestImagePixelValue": 0, 
      "SoftwareVersions": "syngo MR E11", 
      "SpacingBetweenSlices": 2.4000000423418, 
      "SpecificCharacterSet": "ISO_IR 100", 
      "StudyID": "1", 
      "StudyTime": "093845.821000", 
      "TransmitCoilName": "Body", 
      "VariableFlipAngleFlag": "N", 
      "WindowCenterWidthExplanation": "Algo1", 
      "dBdt": 0.0}, 
