{
  "AcquisitionMatrixPE": 82,
  "AcquisitionNumber": 1,
  "BandwidthPerPixelPhaseEncode": 23.452,
  "BaseResolution": 82,
  "BodyPartExamined": "BRAIN",
  "CogAtlasID": "TODO",
  "CoilCombinationMethod": "Sum of Squares",
  "ConsistencyInfo": "N4_VE11C_LATEST_20160120",
  "ConversionSoftware": "dcm2niix",
  "ConversionSoftwareVersion": "v1.0.20220720",
  "DerivedVendorReportedEchoSpacing": 0.000520003,
  "DeviceSerialNumber": "66112",
  "DwellTime": 2.1e-06,
  "EchoTime": 0.03,
  "EchoTrainLength": 82,
  "EffectiveEchoSpacing": 0.000520003,
  "FlipAngle": 41,
  "HeudiconvVersion": "0.13.1",
  "ImageOrientationText": "Tra",
  "ImageType": [
    "ORIGINAL",
    "PRIMARY",
    "FMRI",
    "NONE",
    "ND",
    "NORM",
    "MOSAIC"
],
  "ImagingFrequency": 123.252,
  "InPlanePhaseEncodingDirectionDICOM": "COL",
  "InstitutionAddress": "Maynard 3,Hanover,NH,US,03755",
  "InstitutionName": "Dartmouth College - PBS",
  "InstitutionalDepartmentName": "Department",
  "MRAcquisitionType": "2D",
  "MagneticFieldStrength": 3,
  "Manufacturer": "Siemens",
  "ManufacturersModelName": "Prisma",
  "Modality": "MR",
  "MultibandAccelerationFactor": 8,
  "NonlinearGradientCorrection": false,
  "PartialFourier": 1,
  "PatientPosition": "HFS",
  "PercentPhaseFOV": 100,
  "PercentSampling": 100,
  "PhaseEncodingDirection": "j-",
  "PhaseEncodingSteps": 82,
  "PhaseResolution": 1,
  "PixelBandwidth": 2905,
  "ProcedureStepDescription": "dbic^QA",
  "ProtocolName": "func_task-rest_acq-3mm",
  "PulseSequenceDetails": "%SiemensSeq%\\ep2d_bold",
  "ReceiveCoilActiveElements": "HEA;HEP",
  "ReceiveCoilName": "Head_32",
  "ReconMatrixPE": 82,
  "RefLinesPE": 12,
  "RepetitionTime": 0.426,
  "ScanOptions": "FS",
  "ScanningSequence": "EP",
  "SequenceName": "*epfid2d1_82",
  "SequenceVariant": "SK",
  "SeriesDescription": "func_task-rest_acq-3mm",
  "SliceThickness": 3,
  "SliceTiming": [0.27, 0, 0.2025, 0.135, 0.3375, 0.0675, 0.27, 0, 0.2025, 0.135, 0.3375, 0.0675, 0.27, 0, 0.2025, 0.135, 0.3375, 0.0675, 0.27, 0, 0.2025, 0.135, 0.3375, 0.0675, 0.27, 0, 0.2025, 0.135, 0.3375, 0.0675, 0.27, 0, 0.2025, 0.135, 0.3375, 0.0675, 0.27, 0, 0.2025, 0.135, 0.3375, 0.0675, 0.27, 0, 0.2025, 0.135, 0.3375, 0.0675],
  "SoftwareVersions": "syngo MR E11",
  "SpacingBetweenSlices": 3,
  "StationName": "AWP66112",
  "TaskName": "TODO: full task name for rest",
  "TotalReadoutTime": 0.0421203,
  "VendorReportedEchoSpacing": 0.00052,
  "dcmmeta_reorient_transform": [
    [0.0, -1.0, 0.0, 81.0],
    [1.0, 0.0, 0.0, 0.0],
    [0.0, 0.0, 1.0, 0.0],
    [0.0, 0.0, 0.0, 1.0]
],
  "dcmmeta_shape": [82, 82, 48, 150],
  "dcmmeta_slice_dim": 2,
  "dcmmeta_version": 0.6}