{
  "AcquisitionMatrixPE": 122,
  "AcquisitionNumber": 1,
  "AcquisitionTime": "10:12:32.227500",
  "BandwidthPerPixelPhaseEncode": 28.76,
  "BaseResolution": 122,
  "BodyPartExamined": "BRAIN",
  "CoilCombinationMethod": "Adaptive Combine",
  "ConsistencyInfo": "N4_VE11E_LATEST_20181129",
  "ConversionSoftware": "dcm2niix",
  "ConversionSoftwareVersion": "v1.0.20220720",
  "DerivedVendorReportedEchoSpacing": 0.000570008,
  "DeviceSerialNumber": "66112",
  "DiffusionScheme": "Monopolar",
  "DwellTime": 2e-06,
  "EchoTime": 0.075,
  "EchoTrainLength": 61,
  "EffectiveEchoSpacing": 0.000285004,
  "FlipAngle": 90,
  "HeudiconvVersion": "0.13.1",
  "ImageOrientationPatientDICOM": [0.980107, -0.19847, -0.000786887, 0.189449, 0.93436, 0.301795],
  "ImageOrientationText": "Tra>Cor(17.2)>Sag(3.4)",
  "ImageType": [
    "ORIGINAL",
    "PRIMARY",
    "DIFFUSION",
    "NONE",
    "ND",
    "NORM",
    "MOSAIC"
],
  "ImagingFrequency": 123.259,
  "InPlanePhaseEncodingDirectionDICOM": "COL",
  "InstitutionAddress": "Maynard 3,Hanover,NH,US,03755",
  "InstitutionName": "Dartmouth College - PBS",
  "InstitutionalDepartmentName": "Department",
  "MRAcquisitionType": "2D",
  "MagneticFieldStrength": 3,
  "Manufacturer": "Siemens",
  "ManufacturersModelName": "Prisma",
  "MatrixCoilMode": "GRAPPA",
  "Modality": "MR",
  "NonlinearGradientCorrection": false,
  "ParallelReductionFactorInPlane": 2,
  "PartialFourier": 1,
  "PatientPosition": "HFS",
  "PercentPhaseFOV": 100,
  "PercentSampling": 100,
  "PhaseEncodingDirection": "j-",
  "PhaseEncodingSteps": 122,
  "PhaseResolution": 1,
  "PixelBandwidth": 2050,
  "ProcedureStepDescription": "dbic^QA",
  "ProtocolName": "dwi_acq-DTI-30-p2",
  "PulseSequenceDetails": "%SiemensSeq%\\ep2d_diff",
  "ReceiveCoilActiveElements": "HEA;HEP",
  "ReceiveCoilName": "Head_32",
  "ReconMatrixPE": 122,
  "RefLinesPE": 38,
  "RepetitionTime": 7.7,
  "SAR": 0.0862092,
  "ScanOptions": "FS",
  "ScanningSequence": "EP",
  "SequenceName": "*ep_b0",
  "SequenceVariant": "SK\\SP",
  "SeriesDescription": "dwi_acq-DTI-30-p2",
  "SeriesNumber": 12,
  "ShimSetting": [4218, -7750, -7490, -65, -162, -22, -2, 69],
  "SliceThickness": 2,
  "SliceTiming": [3.84, 0, 3.95, 0.11, 4.06, 0.22, 4.17, 0.33, 4.28, 0.44, 4.39, 0.55, 4.5, 0.66, 4.61, 0.77, 4.7175, 0.88, 4.8275, 0.9875, 4.9375, 1.0975, 5.0475, 1.2075, 5.1575, 1.3175, 5.2675, 1.4275, 5.3775, 1.5375, 5.4875, 1.6475, 5.5975, 1.7575, 5.705, 1.865, 5.815, 1.975, 5.925, 2.085, 6.035, 2.195, 6.145, 2.305, 6.255, 2.415, 6.365, 2.525, 6.475, 2.635, 6.5825, 2.745, 6.6925, 2.8525, 6.8025, 2.9625, 6.9125, 3.0725, 7.0225, 3.1825, 7.1325, 3.2925, 7.2425, 3.4025, 7.3525, 3.5125, 7.4625, 3.6225, 7.57, 3.73],
  "SoftwareVersions": "syngo MR E11",
  "SpacingBetweenSlices": 2,
  "SpoilingState": true,
  "StationName": "AWP66112",
  "TotalReadoutTime": 0.0344855,
  "TxRefAmp": 228.4,
  "dcmmeta_affine": [
    [-1.9280787706375122, 0.37268567085266113, 0.11832395195960999, 88.73927307128906],
    [0.3904324471950531, 1.838085651397705, 0.5918808579444885, -146.40126037597656],
    [-0.0015479736030101776, -0.5936952233314514, 1.9067450761795044, -23.473176956176758],
    [0.0, 0.0, 0.0, 1.0]
],
  "dcmmeta_reorient_transform": [
    [0.0, -1.0, 0.0, 121.0],
    [1.0, 0.0, 0.0, 0.0],
    [0.0, 0.0, 1.0, 0.0],
    [0.0, 0.0, 0.0, 1.0]
],
  "dcmmeta_shape": [122, 122, 70, 31],
  "dcmmeta_slice_dim": 2,
  "dcmmeta_version": 0.6,
  "global": {
    "const": {
      "AccessionNumber": "qa",
      "AcquisitionMatrix": [122, 0, 0, 122],
      "AngioFlag": "N",
      "BitsAllocated": 16,
      "BitsStored": 12,
      "BodyPartExamined": "BRAIN",
      "Columns": 1098,
      "EchoNumbers": 1,
      "EchoTime": 75.0,
      "EchoTrainLength": 61,
      "FlipAngle": 90.0,
      "HighBit": 11,
      "ImageOrientationPatient": [0.98010668324928, -0.1984698220377, -0.0007868865548, 0.189448542103, 0.93436020585647, 0.30179505563693],
      "ImagePositionPatient": [-1256.607280247, -782.46189429187, -384.27814486351],
      "ImageType": [
        "ORIGINAL",
        "PRIMARY",
        "DIFFUSION",
        "NONE",
        "ND",
        "NORM",
        "MOSAIC"
],
      "ImagedNucleus": "1H",
      "ImagingFrequency": 123.259263,
      "InPlanePhaseEncodingDirection": "COL",
      "MRAcquisitionType": "2D",
      "MagneticFieldStrength": 3.0,
      "Manufacturer": "SIEMENS",
      "ManufacturerModelName": "Prisma",
      "Modality": "MR",
      "NumberOfAverages": 1.0,
      "NumberOfPhaseEncodingSteps": 122,
      "PercentPhaseFieldOfView": 100.0,
      "PercentSampling": 100.0,
      "PerformedProcedureStepStartTime": "094032.126000",
      "PhotometricInterpretation": "MONOCHROME2",
      "PixelBandwidth": 2050.0,
      "PixelRepresentation": 0,
      "PixelSpacing": [1.9672131538391, 1.9672131538391],
      "ProtocolName": "dwi_acq-DTI-30-p2",
      "RepetitionTime": 7700.0,
      "Rows": 1098,
      "SAR": 0.08620923117161,
      "SamplesPerPixel": 1,
      "ScanOptions": "FS",
      "ScanningSequence": "EP",
      "SequenceVariant": [
        "SK",
        "SP"
],
      "SeriesDescription": "dwi_acq-DTI-30-p2",
      "SeriesNumber": 12,
      "SeriesTime": "101252.266000",
      "SliceLocation": -60.454740883718,
      "SliceThickness": 2.0,
      "SmallestImagePixelValue": 0,
      "SoftwareVersions": "syngo MR E11",
      "SpacingBetweenSlices": 2.0000000243179,
      "SpecificCharacterSet": "ISO_IR 100",
      "StudyID": "30",
      "StudyTime": "094032.054000",
      "TransmitCoilName": "Body",
      "VariableFlipAngleFlag": "N",
      "WindowCenterWidthExplanation": "Algo1"
    },
    "slices": {}
  },
  "time": {
    "samples": {
      "AcquisitionNumber": [1, 2, 3, 4, 5, 6, 7, 8, 9, 10, 11, 12, 13, 14, 15, 16, 17, 18, 19, 20, 21, 22, 23, 24, 25, 26, 27, 28, 29, 30, 31],
      "AcquisitionTime": ["101232.227500", "101239.927500", "101247.627500", "101255.327500", "101303.027500", "101310.727500", "101318.427500", "101326.127500", "101333.827500", "101341.527500", "101349.227500", "101356.927500", "101404.627500", "101412.327500", "101420.027500", "101427.727500", "101435.427500", "101443.127500", "101450.827500", "101458.527500", "101506.227500", "101513.927500", "101521.627500", "101529.327500", "101537.027500", "101544.727500", "101552.427500", "101600.127500", "101607.827500", "101615.527500", "101623.227500"],
      "ContentTime": ["101252.270000", "101252.273000", "101252.276000", "101532.265000", "101532.268000", "101532.271000", "101532.274000", "101532.277000", "101532.280000", "101532.283000", "101532.286000", "101532.289000", "101532.292000", "101532.295000", "101532.298000", "101532.301000", "101532.304000", "101532.312000", "101532.315000", "101532.318000", "101532.321000", "101532.324000", "101532.327000", "101627.810000", "101627.813000", "101627.817000", "101627.822000", "101627.825000", "101627.838000", "101627.841000", "101627.844000"],
      "InstanceCreationTime": ["101252.270000", "101252.273000", "101252.276000", "101532.265000", "101532.268000", "101532.271000", "101532.274000", "101532.277000", "101532.280000", "101532.283000", "101532.286000", "101532.289000", "101532.292000", "101532.295000", "101532.298000", "101532.301000", "101532.304000", "101532.312000", "101532.315000", "101532.318000", "101532.321000", "101532.324000", "101532.327000", "101627.810000", "101627.813000", "101627.817000", "101627.822000", "101627.825000", "101627.838000", "101627.841000", "101627.844000"],
      "InstanceNumber": [1, 2, 3, 4, 5, 6, 7, 8, 9, 10, 11, 12, 13, 14, 15, 16, 17, 18, 19, 20, 21, 22, 23, 24, 25, 26, 27, 28, 29, 30, 31],
      "LargestImagePixelValue": [2494, 365, 359, 366, 347, 350, 346, 358, 368, 367, 348, 356, 354, 356, 375, 376, 367, 333, 346, 336, 378, 351, 353, 332, 346, 346, 339, 339, 334, 372, 363],
      "SequenceName": [
        "*ep_b0",
        "*ep_b1000#1",
        "*ep_b1000#2",
        "*ep_b1000#3",
        "*ep_b1000#4",
        "*ep_b1000#5",
        "*ep_b1000#6",
        "*ep_b1000#7",
        "*ep_b1000#8",
        "*ep_b1000#9",
        "*ep_b1000#10",
        "*ep_b1000#11",
        "*ep_b1000#12",
        "*ep_b1000#13",
        "*ep_b1000#14",
        "*ep_b1000#15",
        "*ep_b1000#16",
        "*ep_b1000#17",
        "*ep_b1000#18",
        "*ep_b1000#19",
        "*ep_b1000#20",
        "*ep_b1000#21",
        "*ep_b1000#22",
        "*ep_b1000#23",
        "*ep_b1000#24",
        "*ep_b1000#25",
        "*ep_b1000#26",
        "*ep_b1000#27",
        "*ep_b1000#28",
        "*ep_b1000#29",
        "*ep_b1000#30"
],
      "WindowCenter": [918.0, 230.0, 230.0, 231.0, 227.0, 226.0, 226.0, 227.0, 230.0, 228.0, 225.0, 226.0, 230.0, 227.0, 226.0, 227.0, 229.0, 227.0, 229.0, 230.0, 231.0, 230.0, 227.0, 226.0, 226.0, 229.0, 229.0, 228.0, 227.0, 227.0, 225.0],
      "WindowWidth": [2042.0, 520.0, 520.0, 521.0, 514.0, 512.0, 511.0, 514.0, 520.0, 516.0, 510.0, 511.0, 519.0, 514.0, 512.0, 514.0, 517.0, 512.0, 517.0, 520.0, 521.0, 520.0, 513.0, 512.0, 512.0, 516.0, 518.0, 516.0, 514.0, 514.0, 510.0]
    },
    "slices": {}
  }
}