{
  "AcquisitionMatrixPE": 122,
  "AcquisitionNumber": 1,
  "AcquisitionTime": "10:16:53.475000",
  "BandwidthPerPixelPhaseEncode": 27.785,
  "BaseResolution": 122,
  "BodyPartExamined": "BRAIN",
  "CoilCombinationMethod": "Adaptive Combine",
  "ConsistencyInfo": "N4_VE11E_LATEST_20181129",
  "ConversionSoftware": "dcm2niix",
  "ConversionSoftwareVersion": "v1.0.20220720",
  "DerivedVendorReportedEchoSpacing": 0.000590011,
  "DeviceSerialNumber": "66112",
  "DiffusionScheme": "Monopolar",
  "DwellTime": 2e-06,
  "EchoTime": 0.068,
  "EchoTrainLength": 61,
  "EffectiveEchoSpacing": 0.000295005,
  "FlipAngle": 90,
  "HeudiconvVersion": "0.13.1",
  "ImageOrientationPatientDICOM": [0.980107, -0.19847, -0.000786887, 0.189449, 0.93436, 0.301795],
  "ImageOrientationText": "Tra>Cor(17.2)>Sag(3.4)",
  "ImageType": [
    "ORIGINAL",
    "PRIMARY",
    "DIFFUSION",
    "NONE",
    "ND",
    "NORM",
    "MOSAIC"
],
  "ImagingFrequency": 123.259,
  "InPlanePhaseEncodingDirectionDICOM": "COL",
  "InstitutionAddress": "Maynard 3,Hanover,NH,US,03755",
  "InstitutionName": "Dartmouth College - PBS",
  "InstitutionalDepartmentName": "Department",
  "MRAcquisitionType": "2D",
  "MagneticFieldStrength": 3,
  "Manufacturer": "Siemens",
  "ManufacturersModelName": "Prisma",
  "Modality": "MR",
  "MultibandAccelerationFactor": 4,
  "NonlinearGradientCorrection": false,
  "ParallelReductionFactorInPlane": 2,
  "PartialFourier": 1,
  "PatientPosition": "HFS",
  "PercentPhaseFOV": 100,
  "PercentSampling": 100,
  "PhaseEncodingDirection": "j-",
  "PhaseEncodingSteps": 122,
  "PhaseResolution": 1,
  "PixelBandwidth": 2050,
  "ProcedureStepDescription": "dbic^QA",
  "ProtocolName": "dwi_acq-DTI-30-p2-s4",
  "PulseSequenceDetails": "%SiemensSeq%\\ep2d_diff",
  "ReceiveCoilActiveElements": "HEA;HEP",
  "ReceiveCoilName": "Head_32",
  "ReconMatrixPE": 122,
  "RefLinesPE": 38,
  "RepetitionTime": 3.6,
  "SAR": 0.130065,
  "ScanOptions": "FS",
  "ScanningSequence": "EP",
  "SequenceName": "*ep_b0",
  "SequenceVariant": "SK\\SP",
  "SeriesDescription": "dwi_acq-DTI-30-p2-s4",
  "SeriesNumber": 13,
  "ShimSetting": [4218, -7750, -7490, -63, -161, -22, -1, 69],
  "SliceThickness": 2,
  "SliceTiming": [2.585, 0, 1.79, 0.1975, 1.9875, 0.3975, 2.1875, 0.595, 2.385, 0.9925, 2.7825, 1.1925, 2.9825, 1.39, 3.18, 1.59, 3.38, 0.795, 2.585, 0, 1.79, 0.1975, 1.9875, 0.3975, 2.1875, 0.595, 2.385, 0.9925, 2.7825, 1.1925, 2.9825, 1.39, 3.18, 1.59, 3.38, 0.795, 2.585, 0, 1.79, 0.1975, 1.9875, 0.3975, 2.1875, 0.595, 2.385, 0.9925, 2.7825, 1.1925, 2.9825, 1.39, 3.18, 1.59, 3.38, 0.795, 2.585, 0, 1.79, 0.1975, 1.9875, 0.3975, 2.1875, 0.595, 2.385, 0.9925, 2.7825, 1.1925, 2.9825, 1.39, 3.18, 1.59, 3.38, 0.795],
  "SoftwareVersions": "syngo MR E11",
  "SpacingBetweenSlices": 2,
  "SpoilingState": true,
  "StationName": "AWP66112",
  "TotalReadoutTime": 0.0356956,
  "TxRefAmp": 228.4,
  "dcmmeta_affine": [
    [-1.9280787706375122, 0.37268567085266113, 0.11832395195960999, 88.6209487915039],
    [0.3904324471950531, 1.838085651397705, 0.5918808579444885, -146.99313354492188],
    [-0.0015479736030101776, -0.5936952233314514, 1.9067449569702148, -25.379919052124023],
    [0.0, 0.0, 0.0, 1.0]
],
  "dcmmeta_reorient_transform": [
    [0.0, -1.0, 0.0, 121.0],
    [1.0, 0.0, 0.0, 0.0],
    [0.0, 0.0, 1.0, 0.0],
    [0.0, 0.0, 0.0, 1.0]
],
  "dcmmeta_shape": [122, 122, 72, 31],
  "dcmmeta_slice_dim": 2,
  "dcmmeta_version": 0.6,
  "global": {
    "const": {
      "AccessionNumber": "qa",
      "AcquisitionMatrix": [122, 0, 0, 122],
      "AngioFlag": "N",
      "BitsAllocated": 16,
      "BitsStored": 12,
      "BodyPartExamined": "BRAIN",
      "Columns": 1098,
      "EchoNumbers": 1,
      "EchoTime": 68.0,
      "EchoTrainLength": 61,
      "FlipAngle": 90.0,
      "HighBit": 11,
      "ImageOrientationPatient": [0.98010668324928, -0.1984698220377, -0.0007868865548, 0.189448542103, 0.93436020585647, 0.30179505563693],
      "ImagePositionPatient": [-1256.4889564441, -781.87001349353, -386.18488695946],
      "ImageType": [
        "ORIGINAL",
        "PRIMARY",
        "DIFFUSION",
        "NONE",
        "ND",
        "NORM",
        "MOSAIC"
],
      "ImagedNucleus": "1H",
      "ImagingFrequency": 123.259266,
      "InPlanePhaseEncodingDirection": "COL",
      "MRAcquisitionType": "2D",
      "MagneticFieldStrength": 3.0,
      "Manufacturer": "SIEMENS",
      "ManufacturerModelName": "Prisma",
      "Modality": "MR",
      "NumberOfAverages": 1.0,
      "NumberOfPhaseEncodingSteps": 122,
      "PercentPhaseFieldOfView": 100.0,
      "PercentSampling": 100.0,
      "PerformedProcedureStepStartTime": "094032.126000",
      "PhotometricInterpretation": "MONOCHROME2",
      "PixelBandwidth": 2050.0,
      "PixelRepresentation": 0,
      "PixelSpacing": [1.9672131538391, 1.9672131538391],
      "ProtocolName": "dwi_acq-DTI-30-p2-s4",
      "RepetitionTime": 3600.0,
      "Rows": 1098,
      "SAR": 0.13006475680916,
      "SamplesPerPixel": 1,
      "ScanOptions": "FS",
      "ScanningSequence": "EP",
      "SequenceVariant": [
        "SK",
        "SP"
],
      "SeriesDescription": "dwi_acq-DTI-30-p2-s4",
      "SeriesNumber": 13,
      "SeriesTime": "101812.369000",
      "SliceLocation": -62.454738089277,
      "SliceThickness": 2.0,
      "SmallestImagePixelValue": 0,
      "SoftwareVersions": "syngo MR E11",
      "SpacingBetweenSlices": 1.9999999963379,
      "SpecificCharacterSet": "ISO_IR 100",
      "StudyID": "30",
      "StudyTime": "094032.054000",
      "TransmitCoilName": "Body",
      "VariableFlipAngleFlag": "N",
      "WindowCenterWidthExplanation": "Algo1"
    },
    "slices": {}
  },
  "time": {
    "samples": {
      "AcquisitionNumber": [1, 2, 3, 4, 5, 6, 7, 8, 9, 10, 11, 12, 13, 14, 15, 16, 17, 18, 19, 20, 21, 22, 23, 24, 25, 26, 27, 28, 29, 30, 31],
      "AcquisitionTime": ["101653.475000", "101657.075000", "101700.675000", "101704.275000", "101707.875000", "101711.475000", "101715.075000", "101718.675000", "101722.275000", "101725.875000", "101729.475000", "101733.075000", "101736.675000", "101740.275000", "101743.875000", "101747.475000", "101751.075000", "101754.675000", "101758.275000", "101801.875000", "101805.475000", "101809.075000", "101812.675000", "101816.275000", "101819.875000", "101823.475000", "101827.075000", "101830.675000", "101834.275000", "101837.875000", "101841.475000"],
      "ContentTime": ["101812.373000", "101812.377000", "101812.380000", "101812.383000", "101812.386000", "101812.389000", "101812.391000", "101812.404000", "101812.407000", "101812.410000", "101812.413000", "101812.420000", "101812.423000", "101812.426000", "101812.429000", "101812.432000", "101812.434000", "101812.437000", "101812.440000", "101812.443000", "101812.446000", "101812.449000", "101843.668000", "101843.671000", "101843.674000", "101843.677000", "101843.680000", "101843.683000", "101843.686000", "101843.689000", "101843.693000"],
      "InstanceCreationTime": ["101812.373000", "101812.377000", "101812.380000", "101812.383000", "101812.386000", "101812.389000", "101812.391000", "101812.404000", "101812.407000", "101812.410000", "101812.413000", "101812.420000", "101812.423000", "101812.426000", "101812.429000", "101812.432000", "101812.434000", "101812.437000", "101812.440000", "101812.443000", "101812.446000", "101812.449000", "101843.668000", "101843.671000", "101843.674000", "101843.677000", "101843.680000", "101843.683000", "101843.686000", "101843.689000", "101843.693000"],
      "InstanceNumber": [1, 2, 3, 4, 5, 6, 7, 8, 9, 10, 11, 12, 13, 14, 15, 16, 17, 18, 19, 20, 21, 22, 23, 24, 25, 26, 27, 28, 29, 30, 31],
      "LargestImagePixelValue": [2605, 336, 355, 354, 347, 351, 357, 366, 376, 370, 348, 361, 378, 354, 373, 372, 358, 347, 353, 367, 364, 363, 355, 356, 347, 351, 340, 352, 349, 372, 375],
      "SequenceName": [
        "*ep_b0",
        "*ep_b1000#1",
        "*ep_b1000#2",
        "*ep_b1000#3",
        "*ep_b1000#4",
        "*ep_b1000#5",
        "*ep_b1000#6",
        "*ep_b1000#7",
        "*ep_b1000#8",
        "*ep_b1000#9",
        "*ep_b1000#10",
        "*ep_b1000#11",
        "*ep_b1000#12",
        "*ep_b1000#13",
        "*ep_b1000#14",
        "*ep_b1000#15",
        "*ep_b1000#16",
        "*ep_b1000#17",
        "*ep_b1000#18",
        "*ep_b1000#19",
        "*ep_b1000#20",
        "*ep_b1000#21",
        "*ep_b1000#22",
        "*ep_b1000#23",
        "*ep_b1000#24",
        "*ep_b1000#25",
        "*ep_b1000#26",
        "*ep_b1000#27",
        "*ep_b1000#28",
        "*ep_b1000#29",
        "*ep_b1000#30"
],
      "WindowCenter": [944.0, 234.0, 234.0, 234.0, 232.0, 231.0, 231.0, 231.0, 234.0, 232.0, 231.0, 230.0, 236.0, 233.0, 231.0, 233.0, 234.0, 231.0, 235.0, 237.0, 233.0, 233.0, 233.0, 231.0, 231.0, 233.0, 232.0, 233.0, 233.0, 231.0, 231.0],
      "WindowWidth": [2121.0, 529.0, 529.0, 529.0, 525.0, 522.0, 522.0, 523.0, 528.0, 525.0, 522.0, 520.0, 531.0, 526.0, 522.0, 526.0, 529.0, 522.0, 530.0, 533.0, 527.0, 527.0, 526.0, 522.0, 522.0, 526.0, 525.0, 526.0, 526.0, 523.0, 522.0]
    },
    "slices": {}
  }
}