{
  "AcquisitionMatrixPE": 122,
  "AcquisitionNumber": 1,
  "AcquisitionTime": "09:54:24.460000",
  "BandwidthPerPixelPhaseEncode": 27.785,
  "BaseResolution": 122,
  "BodyPartExamined": "BRAIN",
  "CoilCombinationMethod": "Adaptive Combine",
  "ConsistencyInfo": "N4_VE11E_LATEST_20181129",
  "ConversionSoftware": "dcm2niix",
  "ConversionSoftwareVersion": "v1.0.20220720",
  "DerivedVendorReportedEchoSpacing": 0.000590011,
  "DeviceSerialNumber": "66112",
  "DiffusionScheme": "Monopolar",
  "DwellTime": 2e-06,
  "EchoTime": 0.068,
  "EchoTrainLength": 61,
  "EffectiveEchoSpacing": 0.000295005,
  "FlipAngle": 90,
  "HeudiconvVersion": "0.13.1",
  "ImageOrientationPatientDICOM": [0.981756, -0.18743, -0.0320297, 0.187635, 0.927656, 0.322873],
  "ImageOrientationText": "Tra>Cor(18.9)>Sag(1.8)",
  "ImageType": [
    "ORIGINAL",
    "PRIMARY",
    "DIFFUSION",
    "NONE",
    "ND",
    "NORM",
    "MOSAIC"
],
  "ImagingFrequency": 123.252,
  "InPlanePhaseEncodingDirectionDICOM": "COL",
  "InstitutionAddress": "Maynard 3,Hanover,NH,US,03755",
  "InstitutionName": "Dartmouth College - PBS",
  "InstitutionalDepartmentName": "Department",
  "MRAcquisitionType": "2D",
  "MagneticFieldStrength": 3,
  "Manufacturer": "Siemens",
  "ManufacturersModelName": "Prisma",
  "Modality": "MR",
  "MultibandAccelerationFactor": 4,
  "NonlinearGradientCorrection": false,
  "ParallelReductionFactorInPlane": 2,
  "PartialFourier": 1,
  "PatientPosition": "HFS",
  "PercentPhaseFOV": 100,
  "PercentSampling": 100,
  "PhaseEncodingDirection": "j-",
  "PhaseEncodingSteps": 122,
  "PhaseResolution": 1,
  "PixelBandwidth": 2050,
  "ProcedureStepDescription": "dbic^QA",
  "ProtocolName": "dwi_acq-DTI-30-p2-s4",
  "PulseSequenceDetails": "%SiemensSeq%\\ep2d_diff",
  "ReceiveCoilActiveElements": "HEA;HEP",
  "ReceiveCoilName": "Head_32",
  "ReconMatrixPE": 122,
  "RefLinesPE": 38,
  "RepetitionTime": 3.6,
  "SAR": 0.134935,
  "ScanOptions": "FS",
  "ScanningSequence": "EP",
  "SequenceName": "*ep_b0",
  "SequenceVariant": "SK\\SP",
  "SeriesDescription": "dwi_acq-DTI-30-p2-s4",
  "SeriesNumber": 13,
  "ShimSetting": [4143, -7719, -7515, 260, -87, -138, 44, 66],
  "SliceThickness": 2,
  "SliceTiming": [2.585, 0, 1.7875, 0.1975, 1.9875, 0.3975, 2.1875, 0.595, 2.385, 0.9925, 2.7825, 1.1925, 2.9825, 1.39, 3.18, 1.59, 3.38, 0.795, 2.585, 0, 1.7875, 0.1975, 1.9875, 0.3975, 2.1875, 0.595, 2.385, 0.9925, 2.7825, 1.1925, 2.9825, 1.39, 3.18, 1.59, 3.38, 0.795, 2.585, 0, 1.7875, 0.1975, 1.9875, 0.3975, 2.1875, 0.595, 2.385, 0.9925, 2.7825, 1.1925, 2.9825, 1.39, 3.18, 1.59, 3.38, 0.795, 2.585, 0, 1.7875, 0.1975, 1.9875, 0.3975, 2.1875, 0.595, 2.385, 0.9925, 2.7825, 1.1925, 2.9825, 1.39, 3.18, 1.59, 3.38, 0.795],
  "SoftwareVersions": "syngo MR E11",
  "SpacingBetweenSlices": 2,
  "SpoilingState": true,
  "StationName": "AWP66112",
  "TotalReadoutTime": 0.0356956,
  "TxRefAmp": 225.242,
  "dcmmeta_affine": [
    [-1.931322693824768, 0.369118332862854, 0.06160706654191017, 92.44906616210938],
    [0.36871424317359924, 1.824897289276123, 0.6459851264953613, -142.80841064453125],
    [-0.06300919502973557, -0.6351605653762817, 1.8918001651763916, -26.748001098632812],
    [0.0, 0.0, 0.0, 1.0]
],
  "dcmmeta_reorient_transform": [
    [0.0, -1.0, 0.0, 121.0],
    [1.0, 0.0, 0.0, 0.0],
    [0.0, 0.0, 1.0, 0.0],
    [0.0, 0.0, 0.0, 1.0]
],
  "dcmmeta_shape": [122, 122, 72, 31],
  "dcmmeta_slice_dim": 2,
  "dcmmeta_version": 0.6,
  "global": {
    "const": {
      "AccessionNumber": "qa",
      "AcquisitionMatrix": [122, 0, 0, 122],
      "AngioFlag": "N",
      "BitsAllocated": 16,
      "BitsStored": 12,
      "BodyPartExamined": "BRAIN",
      "Columns": 1098,
      "EchoNumbers": 1,
      "EchoTime": 68.0,
      "EchoTrainLength": 61,
      "FlipAngle": 90.0,
      "HighBit": 11,
      "ImageOrientationPatient": [0.98175566768793, -0.1874297440859, -0.0320296736564, 0.18763515489242, 0.92765613028176, 0.32287327637817],
      "ImagePositionPatient": [-1259.7276013694, -788.62150729884, -382.81229194356],
      "ImageType": [
        "ORIGINAL",
        "PRIMARY",
        "DIFFUSION",
        "NONE",
        "ND",
        "NORM",
        "MOSAIC"
],
      "ImagedNucleus": "1H",
      "ImagingFrequency": 123.252363,
      "InPlanePhaseEncodingDirection": "COL",
      "MRAcquisitionType": "2D",
      "MagneticFieldStrength": 3.0,
      "Manufacturer": "SIEMENS",
      "ManufacturerModelName": "Prisma",
      "Modality": "MR",
      "NumberOfAverages": 1.0,
      "NumberOfPhaseEncodingSteps": 122,
      "PercentPhaseFieldOfView": 100.0,
      "PercentSampling": 100.0,
      "PerformedProcedureStepStartTime": "091856.312000",
      "PhotometricInterpretation": "MONOCHROME2",
      "PixelBandwidth": 2050.0,
      "PixelRepresentation": 0,
      "PixelSpacing": [1.9672131538391, 1.9672131538391],
      "ProtocolName": "dwi_acq-DTI-30-p2-s4",
      "RepetitionTime": 3600.0,
      "Rows": 1098,
      "SAR": 0.13493508231095,
      "SamplesPerPixel": 1,
      "ScanOptions": "FS",
      "ScanningSequence": "EP",
      "SequenceVariant": [
        "SK",
        "SP"
],
      "SeriesDescription": "dwi_acq-DTI-30-p2-s4",
      "SeriesNumber": 13,
      "SeriesTime": "095536.628000",
      "SliceLocation": -68.579233774338,
      "SliceThickness": 2.0,
      "SmallestImagePixelValue": 0,
      "SoftwareVersions": "syngo MR E11",
      "SpacingBetweenSlices": 1.9999999989375,
      "SpecificCharacterSet": "ISO_IR 100",
      "StudyID": "8",
      "StudyTime": "091856.267000",
      "TransmitCoilName": "Body",
      "VariableFlipAngleFlag": "N",
      "WindowCenterWidthExplanation": "Algo1"
    },
    "slices": {}
  },
  "time": {
    "samples": {
      "AcquisitionNumber": [1, 2, 3, 4, 5, 6, 7, 8, 9, 10, 11, 12, 13, 14, 15, 16, 17, 18, 19, 20, 21, 22, 23, 24, 25, 26, 27, 28, 29, 30, 31],
      "AcquisitionTime": ["095424.460000", "095428.060000", "095431.660000", "095435.260000", "095438.860000", "095442.460000", "095446.060000", "095449.660000", "095453.260000", "095456.860000", "095500.460000", "095504.060000", "095507.660000", "095511.260000", "095514.860000", "095518.460000", "095522.060000", "095525.660000", "095529.260000", "095532.860000", "095536.460000", "095540.060000", "095543.660000", "095547.260000", "095550.860000", "095554.460000", "095558.060000", "095601.660000", "095605.260000", "095608.860000", "095612.460000"],
      "ContentTime": ["095536.632000", "095536.635000", "095536.638000", "095536.642000", "095536.645000", "095536.648000", "095536.651000", "095536.654000", "095536.657000", "095536.660000", "095536.663000", "095536.666000", "095536.669000", "095536.672000", "095536.675000", "095536.687000", "095536.690000", "095536.693000", "095536.696000", "095536.699000", "095614.416000", "095614.419000", "095614.422000", "095614.425000", "095614.429000", "095614.432000", "095614.435000", "095614.438000", "095614.441000", "095614.444000", "095614.458000"],
      "InstanceCreationTime": ["095536.632000", "095536.635000", "095536.638000", "095536.642000", "095536.645000", "095536.648000", "095536.651000", "095536.654000", "095536.657000", "095536.660000", "095536.663000", "095536.666000", "095536.669000", "095536.672000", "095536.675000", "095536.687000", "095536.690000", "095536.693000", "095536.696000", "095536.699000", "095614.416000", "095614.419000", "095614.422000", "095614.425000", "095614.429000", "095614.432000", "095614.435000", "095614.438000", "095614.441000", "095614.444000", "095614.458000"],
      "InstanceNumber": [1, 2, 3, 4, 5, 6, 7, 8, 9, 10, 11, 12, 13, 14, 15, 16, 17, 18, 19, 20, 21, 22, 23, 24, 25, 26, 27, 28, 29, 30, 31],
      "LargestImagePixelValue": [2695, 366, 356, 358, 374, 352, 391, 387, 369, 373, 381, 371, 382, 385, 392, 410, 387, 374, 410, 378, 390, 371, 366, 352, 359, 349, 367, 368, 369, 389, 401],
      "SequenceName": [
        "*ep_b0",
        "*ep_b1000#1",
        "*ep_b1000#2",
        "*ep_b1000#3",
        "*ep_b1000#4",
        "*ep_b1000#5",
        "*ep_b1000#6",
        "*ep_b1000#7",
        "*ep_b1000#8",
        "*ep_b1000#9",
        "*ep_b1000#10",
        "*ep_b1000#11",
        "*ep_b1000#12",
        "*ep_b1000#13",
        "*ep_b1000#14",
        "*ep_b1000#15",
        "*ep_b1000#16",
        "*ep_b1000#17",
        "*ep_b1000#18",
        "*ep_b1000#19",
        "*ep_b1000#20",
        "*ep_b1000#21",
        "*ep_b1000#22",
        "*ep_b1000#23",
        "*ep_b1000#24",
        "*ep_b1000#25",
        "*ep_b1000#26",
        "*ep_b1000#27",
        "*ep_b1000#28",
        "*ep_b1000#29",
        "*ep_b1000#30"
],
      "WindowCenter": [931.0, 236.0, 236.0, 235.0, 236.0, 235.0, 236.0, 235.0, 236.0, 236.0, 235.0, 235.0, 237.0, 236.0, 236.0, 237.0, 237.0, 235.0, 237.0, 238.0, 235.0, 235.0, 236.0, 235.0, 235.0, 235.0, 235.0, 235.0, 236.0, 235.0, 236.0],
      "WindowWidth": [2078.0, 533.0, 532.0, 531.0, 533.0, 531.0, 532.0, 531.0, 532.0, 532.0, 531.0, 530.0, 535.0, 533.0, 532.0, 534.0, 533.0, 530.0, 535.0, 536.0, 530.0, 531.0, 533.0, 531.0, 531.0, 531.0, 531.0, 531.0, 532.0, 531.0, 531.0]
    },
    "slices": {}
  }
}