{
  "AcquisitionMatrixPE": 80,
  "AcquisitionNumber": 1,
  "AcquisitionTime": "11:52:9.152500",
  "BandwidthPerPixelPhaseEncode": 44.643,
  "BaseResolution": 80,
  "BodyPartExamined": "BRAIN",
  "ConsistencyInfo": "N4_VE11C_LATEST_20160120",
  "ConversionSoftware": "dcm2niix",
  "ConversionSoftwareVersion": "v1.0.20171215 (OpenJPEG build) GCC6.3.0",
  "DerivedVendorReportedEchoSpacing": 0.000559998,
  "DeviceSerialNumber": "66112",
  "DwellTime": 2.7e-06,
  "EchoTime": 0.035,
  "EchoTrainLength": 39,
  "EffectiveEchoSpacing": 0.000279999,
  "FlipAngle": 90,
  "ImageOrientationPatientDICOM": [
    0.981016,
    0.193754,
    0.00816615,
    -0.186961,
    0.933764,
    0.305172
  ],
  "ImageType": [
    "ORIGINAL",
    "PRIMARY",
    "M",
    "ND",
    "NORM",
    "MOSAIC"
  ],
  "InPlanePhaseEncodingDirectionDICOM": "COL",
  "InstitutionAddress": "Maynard_3_Hanover_NH_US_03755",
  "InstitutionName": "Dartmouth_College_-_PBS",
  "InstitutionalDepartmentName": "Department",
  "MRAcquisitionType": "2D",
  "MagneticFieldStrength": 3,
  "Manufacturer": "Siemens",
  "ManufacturersModelName": "Prisma",
  "Modality": "MR",
  "MultibandAccelerationFactor": 4,
  "ParallelReductionFactorInPlane": 2,
  "PartialFourier": 1,
  "PatientPosition": "HFS",
  "PercentPhaseFOV": 100,
  "PhaseEncodingDirection": "j-",
  "PhaseEncodingSteps": 79,
  "PhaseResolution": 1,
  "PixelBandwidth": 2315,
  "ProcedureStepDescription": "dbic_QA",
  "ProtocolName": "func-bold_task-rest_acq-p2-s4-3.5mm",
  "PulseSequenceDetails": "%SiemensSeq%_ep2d_bold",
  "ReceiveCoilActiveElements": "HEA;HEP",
  "ReceiveCoilName": "Head_32",
  "ReconMatrixPE": 80,
  "RepetitionTime": 2,
  "SAR": 0.0208895,
  "ScanOptions": "FS",
  "ScanningSequence": "EP",
  "SequenceName": "_epfid2d1_80",
  "SequenceVariant": "SK",
  "SeriesDescription": "func-bold_task-rest_acq-p2-s4-3.5mm",
  "SeriesNumber": 7,
  "ShimSetting": [
    4144,
    -7687,
    -7508,
    285,
    -56,
    -67,
    -66,
    63
  ],
  "SliceThickness": 3.5,
  "SliceTiming": [
    1.485,
    0,
    0.99,
    0.2475,
    1.2375,
    0.7425,
    1.7325,
    0.495,
    1.485,
    0,
    0.99,
    0.2475,
    1.2375,
    0.7425,
    1.7325,
    0.495,
    1.485,
    0,
    0.99,
    0.2475,
    1.2375,
    0.7425,
    1.7325,
    0.495,
    1.485,
    0,
    0.99,
    0.2475,
    1.2375,
    0.7425,
    1.7325,
    0.495
  ],
  "SoftwareVersions": "syngo_MR_E11",
  "SpacingBetweenSlices": 3.99,
  "StationName": "AWP66112",
  "TotalReadoutTime": 0.0221199,
  "TxRefAmp": 222.905
}