{
  "AcquisitionMatrixPE": 122,
  "AcquisitionNumber": 1,
  "AcquisitionTime": "10:26:3.970000",
  "BandwidthPerPixelPhaseEncode": 28.76,
  "BaseResolution": 122,
  "BodyPartExamined": "BRAIN",
  "CoilCombinationMethod": "Adaptive Combine",
  "ConsistencyInfo": "N4_VE11E_LATEST_20181129",
  "ConversionSoftware": "dcm2niix",
  "ConversionSoftwareVersion": "v1.0.20220720",
  "DerivedVendorReportedEchoSpacing": 0.000570008,
  "DeviceSerialNumber": "66112",
  "DiffusionScheme": "Monopolar",
  "DwellTime": 2e-06,
  "EchoTime": 0.075,
  "EchoTrainLength": 61,
  "EffectiveEchoSpacing": 0.000285004,
  "FlipAngle": 90,
  "HeudiconvVersion": "0.13.1",
  "ImageOrientationPatientDICOM": [0.987928, 0.154687, 0.00833918, -0.150116, 0.942662, 0.298084],
  "ImageOrientationText": "Tra>Cor(17.2)>Sag(-2.2)",
  "ImageType": [
    "ORIGINAL",
    "PRIMARY",
    "DIFFUSION",
    "NONE",
    "ND",
    "NORM",
    "MOSAIC"
],
  "ImagingFrequency": 123.261,
  "InPlanePhaseEncodingDirectionDICOM": "COL",
  "InstitutionAddress": "Maynard 3,Hanover,NH,US,03755",
  "InstitutionName": "Dartmouth College - PBS",
  "InstitutionalDepartmentName": "Department",
  "MRAcquisitionType": "2D",
  "MagneticFieldStrength": 3,
  "Manufacturer": "Siemens",
  "ManufacturersModelName": "Prisma",
  "MatrixCoilMode": "GRAPPA",
  "Modality": "MR",
  "NonlinearGradientCorrection": false,
  "ParallelReductionFactorInPlane": 2,
  "PartialFourier": 1,
  "PatientPosition": "HFS",
  "PercentPhaseFOV": 100,
  "PercentSampling": 100,
  "PhaseEncodingDirection": "j-",
  "PhaseEncodingSteps": 122,
  "PhaseResolution": 1,
  "PixelBandwidth": 2050,
  "ProcedureStepDescription": "dbic^QA",
  "ProtocolName": "dwi_acq-DTI-30-p2",
  "PulseSequenceDetails": "%SiemensSeq%\\ep2d_diff",
  "ReceiveCoilActiveElements": "HEA;HEP",
  "ReceiveCoilName": "Head_32",
  "ReconMatrixPE": 122,
  "RefLinesPE": 38,
  "RepetitionTime": 7.7,
  "SAR": 0.0855955,
  "ScanOptions": "FS",
  "ScanningSequence": "EP",
  "SequenceName": "*ep_b0",
  "SequenceVariant": "SK\\SP",
  "SeriesDescription": "dwi_acq-DTI-30-p2",
  "SeriesNumber": 5,
  "ShimSetting": [4255, -7742, -7491, -28, -149, -43, -18, 121],
  "SliceThickness": 2,
  "SliceTiming": [3.84, 0, 3.95, 0.11, 4.06, 0.22, 4.17, 0.33, 4.28, 0.44, 4.39, 0.55, 4.5, 0.66, 4.61, 0.77, 4.7175, 0.88, 4.8275, 0.9875, 4.9375, 1.0975, 5.0475, 1.2075, 5.1575, 1.3175, 5.2675, 1.4275, 5.3775, 1.5375, 5.4875, 1.6475, 5.5975, 1.7575, 5.705, 1.8675, 5.815, 1.975, 5.925, 2.085, 6.035, 2.195, 6.145, 2.305, 6.255, 2.415, 6.365, 2.525, 6.475, 2.635, 6.585, 2.745, 6.6925, 2.8525, 6.8025, 2.9625, 6.9125, 3.0725, 7.0225, 3.1825, 7.1325, 3.2925, 7.2425, 3.4025, 7.3525, 3.5125, 7.4625, 3.6225, 7.57, 3.7325],
  "SoftwareVersions": "syngo MR E11",
  "SpacingBetweenSlices": 2,
  "SpoilingState": true,
  "StationName": "AWP66112",
  "TotalReadoutTime": 0.0344855,
  "TxRefAmp": 223.005,
  "dcmmeta_affine": [
    [-1.9434654712677002, -0.2953096032142639, -0.07649759203195572, 140.14639282226562],
    [-0.304302841424942, 1.8544164896011353, 0.5914751291275024, -113.14910125732422],
    [0.01640494354069233, -0.5863950252532959, 1.9090063571929932, -36.55146789550781],
    [0.0, 0.0, 0.0, 1.0]
],
  "dcmmeta_reorient_transform": [
    [0.0, -1.0, 0.0, 121.0],
    [1.0, 0.0, 0.0, 0.0],
    [0.0, 0.0, 1.0, 0.0],
    [0.0, 0.0, 0.0, 1.0]
],
  "dcmmeta_shape": [122, 122, 70, 31],
  "dcmmeta_slice_dim": 2,
  "dcmmeta_version": 0.6,
  "global": {
    "const": {
      "AccessionNumber": "DWITrace",
      "AcquisitionMatrix": [122, 0, 0, 122],
      "AngioFlag": "N",
      "BitsAllocated": 16,
      "BitsStored": 12,
      "BodyPartExamined": "BRAIN",
      "Columns": 1098,
      "EchoNumbers": 1,
      "EchoTime": 75.0,
      "EchoTrainLength": 61,
      "FlipAngle": 90.0,
      "HighBit": 11,
      "ImageOrientationPatient": [0.98792828857929, 0.15468728035469, 0.00833917989186, -0.1501157092332, 0.94266172522449, 0.29808412510267],
      "ImagePositionPatient": [-908.71401987769, -1164.6903667779, -401.67164252196],
      "ImageType": [
        "ORIGINAL",
        "PRIMARY",
        "DIFFUSION",
        "NONE",
        "ND",
        "NORM",
        "MOSAIC"
],
      "ImagedNucleus": "1H",
      "ImagingFrequency": 123.261277,
      "InPlanePhaseEncodingDirection": "COL",
      "MRAcquisitionType": "2D",
      "MagneticFieldStrength": 3.0,
      "Manufacturer": "SIEMENS",
      "ManufacturerModelName": "Prisma",
      "Modality": "MR",
      "NumberOfAverages": 1.0,
      "NumberOfPhaseEncodingSteps": 122,
      "PercentPhaseFieldOfView": 100.0,
      "PercentSampling": 100.0,
      "PerformedProcedureStepStartTime": "102009.923000",
      "PhotometricInterpretation": "MONOCHROME2",
      "PixelBandwidth": 2050.0,
      "PixelRepresentation": 0,
      "PixelSpacing": [1.9672131538391, 1.9672131538391],
      "ProtocolName": "dwi_acq-DTI-30-p2",
      "RepetitionTime": 7700.0,
      "Rows": 1098,
      "SAR": 0.08559545038447,
      "SamplesPerPixel": 1,
      "ScanOptions": "FS",
      "ScanningSequence": "EP",
      "SequenceVariant": [
        "SK",
        "SP"
],
      "SeriesDescription": "dwi_acq-DTI-30-p2",
      "SeriesNumber": 5,
      "SeriesTime": "102849.851000",
      "SliceLocation": -73.711364157877,
      "SliceThickness": 2.0,
      "SmallestImagePixelValue": 0,
      "SoftwareVersions": "syngo MR E11",
      "SpacingBetweenSlices": 1.9999999636194,
      "SpecificCharacterSet": "ISO_IR 100",
      "StudyID": "44",
      "StudyTime": "102009.748000",
      "TransmitCoilName": "Body",
      "VariableFlipAngleFlag": "N",
      "WindowCenterWidthExplanation": "Algo1"
    },
    "slices": {}
  },
  "time": {
    "samples": {
      "AcquisitionNumber": [1, 2, 3, 4, 5, 6, 7, 8, 9, 10, 11, 12, 13, 14, 15, 16, 17, 18, 19, 20, 21, 22, 23, 24, 25, 26, 27, 28, 29, 30, 31],
      "AcquisitionTime": ["102603.970000", "102611.670000", "102619.370000", "102627.070000", "102634.770000", "102642.470000", "102650.170000", "102657.870000", "102705.570000", "102713.270000", "102720.970000", "102728.670000", "102736.370000", "102744.070000", "102751.770000", "102759.470000", "102807.170000", "102814.870000", "102822.570000", "102830.270000", "102837.970000", "102845.670000", "102853.370000", "102901.070000", "102908.770000", "102916.470000", "102924.170000", "102931.870000", "102939.570000", "102947.270000", "102954.970000"],
      "ContentTime": ["102849.855000", "102849.866000", "102849.869000", "102849.872000", "102849.875000", "102849.878000", "102849.881000", "102849.884000", "102849.887000", "102849.894000", "102849.898000", "102849.901000", "102849.903000", "102849.911000", "102849.914000", "102849.917000", "102849.920000", "102849.929000", "102849.932000", "102849.935000", "102849.938000", "103001.472000", "103001.475000", "103001.478000", "103001.481000", "103001.484000", "103001.487000", "103001.490000", "103001.493000", "103001.496000", "103001.499000"],
      "InstanceCreationTime": ["102849.855000", "102849.866000", "102849.869000", "102849.872000", "102849.875000", "102849.878000", "102849.881000", "102849.884000", "102849.887000", "102849.894000", "102849.898000", "102849.901000", "102849.903000", "102849.911000", "102849.914000", "102849.917000", "102849.920000", "102849.929000", "102849.932000", "102849.935000", "102849.938000", "103001.472000", "103001.475000", "103001.478000", "103001.481000", "103001.484000", "103001.487000", "103001.490000", "103001.493000", "103001.496000", "103001.499000"],
      "InstanceNumber": [1, 2, 3, 4, 5, 6, 7, 8, 9, 10, 11, 12, 13, 14, 15, 16, 17, 18, 19, 20, 21, 22, 23, 24, 25, 26, 27, 28, 29, 30, 31],
      "LargestImagePixelValue": [2091, 315, 310, 304, 313, 310, 323, 315, 327, 322, 308, 306, 368, 307, 338, 321, 357, 329, 354, 352, 313, 315, 346, 334, 304, 307, 310, 315, 323, 339, 334],
      "SequenceName": [
        "*ep_b0",
        "*ep_b1000#1",
        "*ep_b1000#2",
        "*ep_b1000#3",
        "*ep_b1000#4",
        "*ep_b1000#5",
        "*ep_b1000#6",
        "*ep_b1000#7",
        "*ep_b1000#8",
        "*ep_b1000#9",
        "*ep_b1000#10",
        "*ep_b1000#11",
        "*ep_b1000#12",
        "*ep_b1000#13",
        "*ep_b1000#14",
        "*ep_b1000#15",
        "*ep_b1000#16",
        "*ep_b1000#17",
        "*ep_b1000#18",
        "*ep_b1000#19",
        "*ep_b1000#20",
        "*ep_b1000#21",
        "*ep_b1000#22",
        "*ep_b1000#23",
        "*ep_b1000#24",
        "*ep_b1000#25",
        "*ep_b1000#26",
        "*ep_b1000#27",
        "*ep_b1000#28",
        "*ep_b1000#29",
        "*ep_b1000#30"
],
      "WindowCenter": [889.0, 228.0, 228.0, 227.0, 227.0, 226.0, 227.0, 228.0, 229.0, 228.0, 226.0, 226.0, 229.0, 228.0, 228.0, 228.0, 227.0, 227.0, 228.0, 229.0, 229.0, 228.0, 227.0, 227.0, 226.0, 227.0, 228.0, 226.0, 227.0, 228.0, 227.0],
      "WindowWidth": [1951.0, 515.0, 515.0, 514.0, 512.0, 511.0, 513.0, 515.0, 516.0, 515.0, 511.0, 511.0, 517.0, 514.0, 516.0, 515.0, 514.0, 512.0, 516.0, 517.0, 517.0, 516.0, 512.0, 512.0, 511.0, 513.0, 515.0, 512.0, 512.0, 516.0, 514.0]
    },
    "slices": {}
  }
}