{
  "AcquisitionMatrixPE": 122,
  "AcquisitionNumber": 1,
  "AcquisitionTime": "11:12:3.452500",
  "BandwidthPerPixelPhaseEncode": 27.785,
  "BaseResolution": 122,
  "BodyPartExamined": "BRAIN",
  "CoilCombinationMethod": "Adaptive Combine",
  "ConsistencyInfo": "N4_VE11E_LATEST_20181129",
  "ConversionSoftware": "dcm2niix",
  "ConversionSoftwareVersion": "v1.0.20220720",
  "DerivedVendorReportedEchoSpacing": 0.000590011,
  "DeviceSerialNumber": "66112",
  "DiffusionScheme": "Monopolar",
  "DwellTime": 2e-06,
  "EchoTime": 0.068,
  "EchoTrainLength": 61,
  "EffectiveEchoSpacing": 0.000295005,
  "FlipAngle": 90,
  "HeudiconvVersion": "0.13.1",
  "ImageOrientationPatientDICOM": [0.994529, -0.104296, 0.00585004, 0.0976897, 0.948448, 0.301501],
  "ImageOrientationText": "Tra>Cor(17.4)>Sag(2.1)",
  "ImageType": [
    "ORIGINAL",
    "PRIMARY",
    "DIFFUSION",
    "NONE",
    "ND",
    "NORM",
    "MOSAIC"
],
  "ImagingFrequency": 123.261,
  "InPlanePhaseEncodingDirectionDICOM": "COL",
  "InstitutionAddress": "Maynard 3,Hanover,NH,US,03755",
  "InstitutionName": "Dartmouth College - PBS",
  "InstitutionalDepartmentName": "Department",
  "MRAcquisitionType": "2D",
  "MagneticFieldStrength": 3,
  "Manufacturer": "Siemens",
  "ManufacturersModelName": "Prisma",
  "Modality": "MR",
  "MultibandAccelerationFactor": 4,
  "NonlinearGradientCorrection": false,
  "ParallelReductionFactorInPlane": 2,
  "PartialFourier": 1,
  "PatientPosition": "HFS",
  "PercentPhaseFOV": 100,
  "PercentSampling": 100,
  "PhaseEncodingDirection": "j-",
  "PhaseEncodingSteps": 122,
  "PhaseResolution": 1,
  "PixelBandwidth": 2050,
  "ProcedureStepDescription": "dbic^QA",
  "ProtocolName": "dwi_acq-DTI-30-p2-s4",
  "PulseSequenceDetails": "%SiemensSeq%\\ep2d_diff",
  "ReceiveCoilActiveElements": "HEA;HEP",
  "ReceiveCoilName": "Head_32",
  "ReconMatrixPE": 122,
  "RefLinesPE": 38,
  "RepetitionTime": 3.6,
  "SAR": 0.152471,
  "ScanOptions": "FS",
  "ScanningSequence": "EP",
  "SequenceName": "*ep_b0",
  "SequenceVariant": "SK\\SP",
  "SeriesDescription": "dwi_acq-DTI-30-p2-s4",
  "SeriesNumber": 10,
  "ShimSetting": [4245, -7729, -7485, -20, -182, -37, 0, 84],
  "SliceThickness": 2,
  "SliceTiming": [2.585, 0, 1.79, 0.2, 1.99, 0.3975, 2.1875, 0.5975, 2.3875, 0.995, 2.785, 1.1925, 2.9825, 1.3925, 3.1825, 1.5925, 3.38, 0.795, 2.585, 0, 1.79, 0.2, 1.99, 0.3975, 2.1875, 0.5975, 2.3875, 0.995, 2.785, 1.1925, 2.9825, 1.3925, 3.1825, 1.5925, 3.38, 0.795, 2.585, 0, 1.79, 0.2, 1.99, 0.3975, 2.1875, 0.5975, 2.3875, 0.995, 2.785, 1.1925, 2.9825, 1.3925, 3.1825, 1.5925, 3.38, 0.795, 2.585, 0, 1.79, 0.2, 1.99, 0.3975, 2.1875, 0.5975, 2.3875, 0.995, 2.785, 1.1925, 2.9825, 1.3925, 3.1825, 1.5925, 3.38, 0.795],
  "SoftwareVersions": "syngo MR E11",
  "SpacingBetweenSlices": 2,
  "SpoilingState": true,
  "StationName": "AWP66112",
  "TotalReadoutTime": 0.0356956,
  "TxRefAmp": 221.481,
  "dcmmeta_affine": [
    [-1.9564508199691772, 0.19217638671398163, 0.07398739457130432, 106.19371795654297],
    [0.20517174899578094, 1.8657996654510498, 0.5985600352287292, -144.1454315185547],
    [0.011508275754749775, -0.5931167006492615, 1.9068957567214966, -34.78522872924805],
    [0.0, 0.0, 0.0, 1.0]
],
  "dcmmeta_reorient_transform": [
    [0.0, -1.0, 0.0, 121.0],
    [1.0, 0.0, 0.0, 0.0],
    [0.0, 0.0, 1.0, 0.0],
    [0.0, 0.0, 0.0, 1.0]
],
  "dcmmeta_shape": [122, 122, 72, 31],
  "dcmmeta_slice_dim": 2,
  "dcmmeta_version": 0.6,
  "global": {
    "const": {
      "AccessionNumber": "qa",
      "AcquisitionMatrix": [122, 0, 0, 122],
      "AngioFlag": "N",
      "BitsAllocated": 16,
      "BitsStored": 12,
      "BodyPartExamined": "BRAIN",
      "Columns": 1098,
      "EchoNumbers": 1,
      "EchoTime": 68.0,
      "EchoTrainLength": 61,
      "FlipAngle": 90.0,
      "HighBit": 11,
      "ImageOrientationPatient": [0.99452913318117, -0.104295638848, 0.00585004027427, 0.09768965920467, 0.94844814357016, 0.30150099409917],
      "ImagePositionPatient": [-1177.9771204141, -892.00274308048, -401.60935076913],
      "ImageType": [
        "ORIGINAL",
        "PRIMARY",
        "DIFFUSION",
        "NONE",
        "ND",
        "NORM",
        "MOSAIC"
],
      "ImagedNucleus": "1H",
      "ImagingFrequency": 123.261297,
      "InPlanePhaseEncodingDirection": "COL",
      "MRAcquisitionType": "2D",
      "MagneticFieldStrength": 3.0,
      "Manufacturer": "SIEMENS",
      "ManufacturerModelName": "Prisma",
      "Modality": "MR",
      "NumberOfAverages": 1.0,
      "NumberOfPhaseEncodingSteps": 122,
      "PercentPhaseFieldOfView": 100.0,
      "PercentSampling": 100.0,
      "PerformedProcedureStepStartTime": "103549.473000",
      "PhotometricInterpretation": "MONOCHROME2",
      "PixelBandwidth": 2050.0,
      "PixelRepresentation": 0,
      "PixelSpacing": [1.9672131538391, 1.9672131538391],
      "ProtocolName": "dwi_acq-DTI-30-p2-s4",
      "RepetitionTime": 3600.0,
      "Rows": 1098,
      "SAR": 0.15247128189079,
      "SamplesPerPixel": 1,
      "ScanOptions": "FS",
      "ScanningSequence": "EP",
      "SequenceVariant": [
        "SK",
        "SP"
],
      "SeriesDescription": "dwi_acq-DTI-30-p2-s4",
      "SeriesNumber": 10,
      "SeriesTime": "111321.608000",
      "SliceLocation": -72.377256587843,
      "SliceThickness": 2.0,
      "SmallestImagePixelValue": 0,
      "SoftwareVersions": "syngo MR E11",
      "SpacingBetweenSlices": 1.9999999820256,
      "SpecificCharacterSet": "ISO_IR 100",
      "StudyID": "34",
      "StudyTime": "103549.405000",
      "TransmitCoilName": "Body",
      "VariableFlipAngleFlag": "N",
      "WindowCenterWidthExplanation": "Algo1"
    },
    "slices": {}
  },
  "time": {
    "samples": {
      "AcquisitionNumber": [1, 2, 3, 4, 5, 6, 7, 8, 9, 10, 11, 12, 13, 14, 15, 16, 17, 18, 19, 20, 21, 22, 23, 24, 25, 26, 27, 28, 29, 30, 31],
      "AcquisitionTime": ["111203.452500", "111207.052500", "111210.652500", "111214.252500", "111217.852500", "111221.452500", "111225.052500", "111228.652500", "111232.252500", "111235.852500", "111239.452500", "111243.052500", "111246.652500", "111250.252500", "111253.852500", "111257.452500", "111301.052500", "111304.652500", "111308.252500", "111311.852500", "111315.452500", "111319.052500", "111322.652500", "111326.252500", "111329.852500", "111333.452500", "111337.052500", "111340.652500", "111344.252500", "111347.852500", "111351.452500"],
      "ContentTime": ["111321.612000", "111321.616000", "111321.625000", "111321.628000", "111321.631000", "111321.634000", "111321.637000", "111321.640000", "111321.646000", "111321.649000", "111321.652000", "111321.655000", "111321.659000", "111321.662000", "111321.664000", "111321.667000", "111321.670000", "111321.673000", "111321.676000", "111321.679000", "111321.682000", "111321.685000", "111353.596000", "111353.603000", "111353.609000", "111353.614000", "111353.618000", "111353.621000", "111353.624000", "111353.627000", "111353.630000"],
      "InstanceCreationTime": ["111321.612000", "111321.616000", "111321.625000", "111321.628000", "111321.631000", "111321.634000", "111321.637000", "111321.640000", "111321.646000", "111321.649000", "111321.652000", "111321.655000", "111321.659000", "111321.662000", "111321.664000", "111321.667000", "111321.670000", "111321.673000", "111321.676000", "111321.679000", "111321.682000", "111321.685000", "111353.596000", "111353.603000", "111353.609000", "111353.614000", "111353.618000", "111353.621000", "111353.624000", "111353.627000", "111353.630000"],
      "InstanceNumber": [1, 2, 3, 4, 5, 6, 7, 8, 9, 10, 11, 12, 13, 14, 15, 16, 17, 18, 19, 20, 21, 22, 23, 24, 25, 26, 27, 28, 29, 30, 31],
      "LargestImagePixelValue": [1886, 296, 291, 296, 290, 286, 291, 291, 296, 294, 292, 291, 297, 296, 305, 304, 293, 293, 304, 300, 297, 298, 292, 291, 290, 295, 298, 292, 294, 302, 294],
      "SequenceName": [
        "*ep_b0",
        "*ep_b1000#1",
        "*ep_b1000#2",
        "*ep_b1000#3",
        "*ep_b1000#4",
        "*ep_b1000#5",
        "*ep_b1000#6",
        "*ep_b1000#7",
        "*ep_b1000#8",
        "*ep_b1000#9",
        "*ep_b1000#10",
        "*ep_b1000#11",
        "*ep_b1000#12",
        "*ep_b1000#13",
        "*ep_b1000#14",
        "*ep_b1000#15",
        "*ep_b1000#16",
        "*ep_b1000#17",
        "*ep_b1000#18",
        "*ep_b1000#19",
        "*ep_b1000#20",
        "*ep_b1000#21",
        "*ep_b1000#22",
        "*ep_b1000#23",
        "*ep_b1000#24",
        "*ep_b1000#25",
        "*ep_b1000#26",
        "*ep_b1000#27",
        "*ep_b1000#28",
        "*ep_b1000#29",
        "*ep_b1000#30"
],
      "WindowCenter": [899.0, 235.0, 235.0, 235.0, 234.0, 233.0, 234.0, 234.0, 235.0, 234.0, 233.0, 233.0, 237.0, 235.0, 234.0, 235.0, 235.0, 233.0, 237.0, 238.0, 234.0, 234.0, 234.0, 233.0, 233.0, 234.0, 234.0, 234.0, 234.0, 234.0, 235.0],
      "WindowWidth": [1986.0, 529.0, 530.0, 530.0, 527.0, 526.0, 528.0, 528.0, 530.0, 528.0, 526.0, 526.0, 533.0, 530.0, 528.0, 530.0, 530.0, 527.0, 533.0, 535.0, 529.0, 528.0, 529.0, 526.0, 527.0, 528.0, 529.0, 528.0, 529.0, 528.0, 530.0]
    },
    "slices": {}
  }
}