{
  "AcquisitionMatrixPE": 122,
  "AcquisitionNumber": 1,
  "AcquisitionTime": "09:26:26.200000",
  "BandwidthPerPixelPhaseEncode": 28.76,
  "BaseResolution": 122,
  "BodyPartExamined": "BRAIN",
  "CoilCombinationMethod": "Adaptive Combine",
  "ConsistencyInfo": "N4_VE11E_LATEST_20181129",
  "ConversionSoftware": "dcm2niix",
  "ConversionSoftwareVersion": "v1.0.20220720",
  "DerivedVendorReportedEchoSpacing": 0.000570008,
  "DeviceSerialNumber": "66112",
  "DiffusionScheme": "Monopolar",
  "DwellTime": 2e-06,
  "EchoTime": 0.075,
  "EchoTrainLength": 61,
  "EffectiveEchoSpacing": 0.000285004,
  "FlipAngle": 90,
  "HeudiconvVersion": "0.13.1",
  "ImageOrientationPatientDICOM": [0.98972, 0.142685, 0.00972821, -0.138744, 0.941424, 0.30736],
  "ImageOrientationText": "Tra>Cor(17.8)>Sag(-2.0)",
  "ImageType": [
    "ORIGINAL",
    "PRIMARY",
    "DIFFUSION",
    "NONE",
    "ND",
    "NORM",
    "MOSAIC"
],
  "ImagingFrequency": 123.259,
  "InPlanePhaseEncodingDirectionDICOM": "COL",
  "InstitutionAddress": "Maynard 3,Hanover,NH,US,03755",
  "InstitutionName": "Dartmouth College - PBS",
  "InstitutionalDepartmentName": "Department",
  "MRAcquisitionType": "2D",
  "MagneticFieldStrength": 3,
  "Manufacturer": "Siemens",
  "ManufacturersModelName": "Prisma",
  "MatrixCoilMode": "GRAPPA",
  "Modality": "MR",
  "NonlinearGradientCorrection": false,
  "ParallelReductionFactorInPlane": 2,
  "PartialFourier": 1,
  "PatientPosition": "HFS",
  "PercentPhaseFOV": 100,
  "PercentSampling": 100,
  "PhaseEncodingDirection": "j-",
  "PhaseEncodingSteps": 122,
  "PhaseResolution": 1,
  "PixelBandwidth": 2050,
  "ProcedureStepDescription": "dbic^QA",
  "ProtocolName": "dwi_acq-DTI-30-p2",
  "PulseSequenceDetails": "%SiemensSeq%\\ep2d_diff",
  "ReceiveCoilActiveElements": "HEA;HEP",
  "ReceiveCoilName": "Head_32",
  "ReconMatrixPE": 122,
  "RefLinesPE": 38,
  "RepetitionTime": 7.7,
  "SAR": 0.0860586,
  "ScanOptions": "FS",
  "ScanningSequence": "EP",
  "SequenceName": "*ep_b0",
  "SequenceVariant": "SK\\SP",
  "SeriesDescription": "dwi_acq-DTI-30-p2",
  "SeriesNumber": 9,
  "ShimSetting": [4219, -7743, -7502, -28, -133, -86, 2, 71],
  "SliceThickness": 2,
  "SliceTiming": [3.84, 0, 3.95, 0.11, 4.0575, 0.2175, 4.1675, 0.3275, 4.2775, 0.4375, 4.3875, 0.5475, 4.4975, 0.6575, 4.6075, 0.7675, 4.7175, 0.8775, 4.8275, 0.9875, 4.935, 1.0975, 5.045, 1.205, 5.155, 1.315, 5.265, 1.425, 5.375, 1.535, 5.485, 1.645, 5.595, 1.755, 5.705, 1.865, 5.815, 1.975, 5.9225, 2.085, 6.0325, 2.1925, 6.1425, 2.3025, 6.2525, 2.4125, 6.3625, 2.5225, 6.4725, 2.6325, 6.5825, 2.7425, 6.6925, 2.8525, 6.8025, 2.9625, 6.91, 3.07, 7.02, 3.18, 7.13, 3.29, 7.24, 3.4, 7.35, 3.51, 7.46, 3.62, 7.57, 3.73],
  "SoftwareVersions": "syngo MR E11",
  "SpacingBetweenSlices": 2,
  "SpoilingState": true,
  "StationName": "AWP66112",
  "TotalReadoutTime": 0.0344855,
  "TxRefAmp": 224.925,
  "dcmmeta_affine": [
    [-1.946990728378296, -0.27293863892555237, -0.0693948045372963, 139.40573120117188],
    [-0.28069251775741577, 1.8519824743270874, 0.6111003756523132, -113.72320556640625],
    [0.019137464463710785, -0.6046426892280579, 1.9030871391296387, -37.748329162597656],
    [0.0, 0.0, 0.0, 1.0]
],
  "dcmmeta_reorient_transform": [
    [0.0, -1.0, 0.0, 121.0],
    [1.0, 0.0, 0.0, 0.0],
    [0.0, 0.0, 1.0, 0.0],
    [0.0, 0.0, 0.0, 1.0]
],
  "dcmmeta_shape": [122, 122, 70, 31],
  "dcmmeta_slice_dim": 2,
  "dcmmeta_version": 0.6,
  "global": {
    "const": {
      "AccessionNumber": "qa",
      "AcquisitionMatrix": [122, 0, 0, 122],
      "AngioFlag": "N",
      "BitsAllocated": 16,
      "BitsStored": 12,
      "BodyPartExamined": "BRAIN",
      "Columns": 1098,
      "EchoNumbers": 1,
      "EchoTime": 75.0,
      "EchoTrainLength": 61,
      "FlipAngle": 90.0,
      "HighBit": 11,
      "ImageOrientationPatient": [0.98972028790534, 0.14268536582115, 0.00972821098944, -0.1387437995844, 0.9414244358533, 0.30736003262489],
      "ImagePositionPatient": [-923.31760753818, -1151.1121133281, -415.31481460715],
      "ImageType": [
        "ORIGINAL",
        "PRIMARY",
        "DIFFUSION",
        "NONE",
        "ND",
        "NORM",
        "MOSAIC"
],
      "ImagedNucleus": "1H",
      "ImagingFrequency": 123.259145,
      "InPlanePhaseEncodingDirection": "COL",
      "MRAcquisitionType": "2D",
      "MagneticFieldStrength": 3.0,
      "Manufacturer": "SIEMENS",
      "ManufacturerModelName": "Prisma",
      "Modality": "MR",
      "NumberOfAverages": 1.0,
      "NumberOfPhaseEncodingSteps": 122,
      "PercentPhaseFieldOfView": 100.0,
      "PercentSampling": 100.0,
      "PerformedProcedureStepStartTime": "084911.301000",
      "PhotometricInterpretation": "MONOCHROME2",
      "PixelBandwidth": 2050.0,
      "PixelRepresentation": 0,
      "PixelSpacing": [1.9672131538391, 1.9672131538391],
      "ProtocolName": "dwi_acq-DTI-30-p2",
      "RepetitionTime": 7700.0,
      "Rows": 1098,
      "SAR": 0.08605862826898,
      "SamplesPerPixel": 1,
      "ScanOptions": "FS",
      "ScanningSequence": "EP",
      "SequenceVariant": [
        "SK",
        "SP"
],
      "SeriesDescription": "dwi_acq-DTI-30-p2",
      "SeriesNumber": 9,
      "SeriesTime": "092905.597000",
      "SliceLocation": -75.504342367463,
      "SliceThickness": 2.0,
      "SmallestImagePixelValue": 0,
      "SoftwareVersions": "syngo MR E11",
      "SpacingBetweenSlices": 1.9999999816032,
      "SpecificCharacterSet": "ISO_IR 100",
      "StudyID": "15",
      "StudyTime": "084911.240000",
      "TransmitCoilName": "Body",
      "VariableFlipAngleFlag": "N",
      "WindowCenterWidthExplanation": "Algo1"
    },
    "slices": {}
  },
  "time": {
    "samples": {
      "AcquisitionNumber": [1, 2, 3, 4, 5, 6, 7, 8, 9, 10, 11, 12, 13, 14, 15, 16, 17, 18, 19, 20, 21, 22, 23, 24, 25, 26, 27, 28, 29, 30, 31],
      "AcquisitionTime": ["092626.200000", "092633.900000", "092641.600000", "092649.300000", "092657.000000", "092704.700000", "092712.400000", "092720.100000", "092727.800000", "092735.500000", "092743.200000", "092750.900000", "092758.600000", "092806.300000", "092814.000000", "092821.700000", "092829.400000", "092837.100000", "092844.800000", "092852.500000", "092900.200000", "092907.900000", "092915.600000", "092923.300000", "092931.000000", "092938.700000", "092946.400000", "092954.100000", "093001.800000", "093009.500000", "093017.200000"],
      "ContentTime": ["092905.601000", "092905.605000", "092905.616000", "092905.619000", "092905.622000", "092905.625000", "092905.628000", "092905.631000", "092905.634000", "092905.636000", "092905.639000", "092905.642000", "092905.645000", "092905.648000", "092905.651000", "092905.654000", "092905.657000", "092905.660000", "092905.662000", "092905.671000", "092905.674000", "093021.961000", "093021.964000", "093021.971000", "093021.975000", "093021.978000", "093021.982000", "093021.985000", "093021.993000", "093021.997000", "093022.001000"],
      "InstanceCreationTime": ["092905.601000", "092905.605000", "092905.616000", "092905.619000", "092905.622000", "092905.625000", "092905.628000", "092905.631000", "092905.634000", "092905.636000", "092905.639000", "092905.642000", "092905.645000", "092905.648000", "092905.651000", "092905.654000", "092905.657000", "092905.660000", "092905.662000", "092905.671000", "092905.674000", "093021.961000", "093021.964000", "093021.971000", "093021.975000", "093021.978000", "093021.982000", "093021.985000", "093021.993000", "093021.997000", "093022.001000"],
      "InstanceNumber": [1, 2, 3, 4, 5, 6, 7, 8, 9, 10, 11, 12, 13, 14, 15, 16, 17, 18, 19, 20, 21, 22, 23, 24, 25, 26, 27, 28, 29, 30, 31],
      "LargestImagePixelValue": [2067, 297, 298, 306, 299, 302, 301, 294, 306, 304, 321, 305, 297, 302, 308, 296, 295, 301, 294, 301, 298, 305, 291, 295, 293, 296, 293, 296, 301, 299, 290],
      "SequenceName": [
        "*ep_b0",
        "*ep_b1000#1",
        "*ep_b1000#2",
        "*ep_b1000#3",
        "*ep_b1000#4",
        "*ep_b1000#5",
        "*ep_b1000#6",
        "*ep_b1000#7",
        "*ep_b1000#8",
        "*ep_b1000#9",
        "*ep_b1000#10",
        "*ep_b1000#11",
        "*ep_b1000#12",
        "*ep_b1000#13",
        "*ep_b1000#14",
        "*ep_b1000#15",
        "*ep_b1000#16",
        "*ep_b1000#17",
        "*ep_b1000#18",
        "*ep_b1000#19",
        "*ep_b1000#20",
        "*ep_b1000#21",
        "*ep_b1000#22",
        "*ep_b1000#23",
        "*ep_b1000#24",
        "*ep_b1000#25",
        "*ep_b1000#26",
        "*ep_b1000#27",
        "*ep_b1000#28",
        "*ep_b1000#29",
        "*ep_b1000#30"
],
      "WindowCenter": [886.0, 220.0, 220.0, 220.0, 219.0, 217.0, 219.0, 219.0, 220.0, 220.0, 218.0, 217.0, 220.0, 219.0, 220.0, 219.0, 219.0, 217.0, 220.0, 220.0, 220.0, 220.0, 218.0, 217.0, 217.0, 218.0, 219.0, 219.0, 218.0, 220.0, 219.0],
      "WindowWidth": [1945.0, 499.0, 499.0, 499.0, 497.0, 494.0, 497.0, 497.0, 500.0, 499.0, 495.0, 493.0, 499.0, 497.0, 499.0, 498.0, 497.0, 494.0, 498.0, 499.0, 499.0, 499.0, 495.0, 493.0, 494.0, 495.0, 497.0, 497.0, 496.0, 499.0, 497.0]
    },
    "slices": {}
  }
}