{
  "AcquisitionDateTime": "2017-01-09T10:27:39.210938", 
  "ConversionSoftware": "dcm2niix", 
  "ConversionSoftwareVersion": "v1.0.20170130", 
  "EchoTime": 0.035, 
  "EffectiveEchoSpacing": 0.00026, 
  "FlipAngle": 90, 
  "ImageType": [
    "ORIGINAL", 
    "PRIMARY", 
    "M", 
    "ND", 
    "NORM", 
    "MOSAIC"
], 
  "MagneticFieldStrength": 3, 
  "Manufacturer": "Siemens", 
  "ManufacturersModelName": "Prisma", 
  "PhaseEncodingDirection": "j-", 
  "ProcedureStepDescription": "dbic_QA", 
  "ProtocolName": "BOLD_p2", 
  "RepetitionTime": 2, 
  "SliceTiming": [0.99, 0, 1.0575, 0.0675, 1.1225, 0.1325, 1.19, 0.2, 1.255, 0.265, 1.32, 0.33, 1.3875, 0.3975, 1.4525, 0.4625, 1.52, 0.53, 1.585, 0.595, 1.65, 0.66, 1.7175, 0.7275, 1.7825, 0.7925, 1.85, 0.86, 1.915, 0.925], 
  "dcmmeta_affine": [
    [-2.929283618927002, -0.6295884847640991, -0.20133362710475922, 153.95274353027344], 
    [-0.6456210017204285, 2.7858738899230957, 1.2058930397033691, -90.21479034423828], 
    [0.04970584809780121, -0.9178917407989502, 3.798076868057251, -36.17521286010742], 
    [0.0, 0.0, 0.0, 1.0]
], 
  "dcmmeta_reorient_transform": [
    [0.0, -1.0, 0.0, 79.0], 
    [1.0, 0.0, 0.0, 0.0], 
    [0.0, 0.0, 1.0, 0.0], 
    [0.0, 0.0, 0.0, 1.0]
], 
  "dcmmeta_shape": [80, 80, 30, 157], 
  "dcmmeta_slice_dim": 2, 
  "dcmmeta_version": 0.6, 
  "global": {
    "const": {
      "AccessionNumber": "qa", 
      "AcquisitionMatrix": [80, 0, 0, 80], 
      "AngioFlag": "N", 
      "BitsAllocated": 16, 
      "BitsStored": 12, 
      "BodyPartExamined": "BRAIN", 
      "Columns": 480, 
      "EchoNumbers": 1, 
      "EchoTime": 35.0, 
      "EchoTrainLength": 39, 
      "FlipAngle": 90.0, 
      "HighBit": 11, 
      "ImageOrientationPatient": [0.97642789004798, 0.21520700845726, 0.01656861633717, -0.209862833946, 0.92862461565064, 0.3059639098584], 
      "ImagePositionPatient": [-564.15428885684, -816.16822160531, -302.20817533054], 
      "ImageType": [
        "ORIGINAL", 
        "PRIMARY", 
        "M", 
        "ND", 
        "NORM", 
        "MOSAIC"
], 
      "ImagedNucleus": "1H", 
      "ImagingFrequency": 123.252535, 
      "InPlanePhaseEncodingDirection": "COL", 
      "MRAcquisitionType": "2D", 
      "MagneticFieldStrength": 3.0, 
      "Manufacturer": "SIEMENS", 
      "ManufacturerModelName": "Prisma", 
      "Modality": "MR", 
      "NumberOfAverages": 1.0, 
      "NumberOfPhaseEncodingSteps": 79, 
      "PercentPhaseFieldOfView": 100.0, 
      "PercentSampling": 100.0, 
      "PerformedProcedureStepStartTime": "101041.185000", 
      "PhotometricInterpretation": "MONOCHROME2", 
      "PixelBandwidth": 2315.0, 
      "PixelRepresentation": 0, 
      "PixelSpacing": [3.0, 3.0], 
      "PositionReferenceIndicator": "", 
      "ProtocolName": "BOLD_p2", 
      "RepetitionTime": 2000.0, 
      "Rows": 480, 
      "SAR": 0.05572343375316, 
      "SamplesPerPixel": 1, 
      "ScanOptions": "FS", 
      "ScanningSequence": "EP", 
      "SequenceName": "*epfid2d1_80", 
      "SequenceVariant": "SK", 
      "SeriesDescription": "BOLD_p2", 
      "SeriesNumber": 5, 
      "SeriesTime": "102821.458000", 
      "SliceLocation": -69.469042768694, 
      "SliceThickness": 3.5, 
      "SmallestImagePixelValue": 0, 
      "SoftwareVersions": "syngo MR E11", 
      "SpacingBetweenSlices": 3.9900001720566, 
      "SpecificCharacterSet": "ISO_IR 100", 
      "StudyID": "20", 
      "StudyTime": "101041.066000", 
      "TransmitCoilName": "Body", 
      "VariableFlipAngleFlag": "N", 
      "WindowCenterWidthExplanation": "Algo1", 
      "dBdt": 0.0}, 
