{
  "AcquisitionDateTime": "2017-02-06T94:71:6.164062", 
  "ConversionSoftware": "dcm2niix", 
  "ConversionSoftwareVersion": "v1.0.20170130", 
  "EchoTime": 0.035, 
  "EffectiveEchoSpacing": 0.000279999, 
  "FlipAngle": 90, 
  "ImageType": [
    "ORIGINAL", 
    "PRIMARY", 
    "M", 
    "ND", 
    "NORM", 
    "MOSAIC"
], 
  "MagneticFieldStrength": 3, 
  "Manufacturer": "Siemens", 
  "ManufacturersModelName": "Prisma", 
  "PhaseEncodingDirection": "j-", 
  "ProcedureStepDescription": "dbic_QA", 
  "ProtocolName": "BOLD_p2_s4_3.5mm", 
  "RepetitionTime": 2, 
  "SliceTiming": [1.485, 0, 0.99, 0.2475, 1.2375, 0.7425, 1.7325, 0.495, 1.485, 0, 0.99, 0.2475, 1.2375, 0.7425, 1.7325, 0.495, 1.485, 0, 0.99, 0.2475, 1.2375, 0.7425, 1.7325, 0.495, 1.485, 0, 0.99, 0.2475, 1.2375, 0.7425, 1.7325, 0.495], 
  "dcmmeta_affine": [
    [-2.9578561782836914, 0.47800880670547485, 0.19991536438465118, 91.80682373046875], 
    [0.5010849833488464, 2.821300745010376, 1.1815129518508911, -137.42279052734375], 
    [-0.00018852185166906565, -0.9009824991226196, 3.8058061599731445, -25.307363510131836], 
    [0.0, 0.0, 0.0, 1.0]
], 
  "dcmmeta_reorient_transform": [
    [0.0, -1.0, 0.0, 79.0], 
    [1.0, 0.0, 0.0, 0.0], 
    [0.0, 0.0, 1.0, 0.0], 
    [0.0, 0.0, 0.0, 1.0]
], 
  "dcmmeta_shape": [80, 80, 32, 157], 
  "dcmmeta_slice_dim": 2, 
  "dcmmeta_version": 0.6, 
  "global": {
    "const": {
      "AccessionNumber": "qa", 
      "AcquisitionMatrix": [80, 0, 0, 80], 
      "AngioFlag": "N", 
      "BitsAllocated": 16, 
      "BitsStored": 12, 
      "BodyPartExamined": "BRAIN", 
      "Columns": 480, 
      "EchoNumbers": 1, 
      "EchoTime": 35.0, 
      "EchoTrainLength": 39, 
      "FlipAngle": 90.0, 
      "HighBit": 11, 
      "ImageOrientationPatient": [0.98595209386291, -0.1670283348968, -6.28406176e-05, 0.15933627159262, 0.9404335973123, 0.30032749058523], 
      "ImagePositionPatient": [-816.74253800301, -549.50312656276, -276.64376834414], 
      "ImageType": [
        "ORIGINAL", 
        "PRIMARY", 
        "M", 
        "ND", 
        "NORM", 
        "MOSAIC"
], 
      "ImagedNucleus": "1H", 
      "ImagingFrequency": 123.252539, 
      "InPlanePhaseEncodingDirection": "COL", 
      "MRAcquisitionType": "2D", 
      "MagneticFieldStrength": 3.0, 
      "Manufacturer": "SIEMENS", 
      "ManufacturerModelName": "Prisma", 
      "Modality": "MR", 
      "NumberOfAverages": 1.0, 
      "NumberOfPhaseEncodingSteps": 79, 
      "PercentPhaseFieldOfView": 100.0, 
      "PercentSampling": 100.0, 
      "PerformedProcedureStepStartTime": "092400.245000", 
      "PhotometricInterpretation": "MONOCHROME2", 
      "PixelBandwidth": 2315.0, 
      "PixelRepresentation": 0, 
      "PixelSpacing": [3.0, 3.0], 
      "PositionReferenceIndicator": "", 
      "ProtocolName": "BOLD_p2_s4_3.5mm", 
      "RepetitionTime": 2000.0, 
      "Rows": 480, 
      "SAR": 0.02103640084863, 
      "SamplesPerPixel": 1, 
      "ScanOptions": "FS", 
      "ScanningSequence": "EP", 
      "SequenceName": "*epfid2d1_80", 
      "SequenceVariant": "SK", 
      "SeriesDescription": "BOLD_p2_s4_3.5mm", 
      "SeriesNumber": 7, 
      "SeriesTime": "094803.295000", 
      "SliceLocation": -60.232614906019, 
      "SliceThickness": 3.5, 
      "SmallestImagePixelValue": 0, 
      "SoftwareVersions": "syngo MR E11", 
      "SpacingBetweenSlices": 3.9899999625265, 
      "SpecificCharacterSet": "ISO_IR 100", 
      "StudyID": "28", 
      "StudyTime": "092400.165000", 
      "TransmitCoilName": "Body", 
      "VariableFlipAngleFlag": "N", 
      "WindowCenter": 934.0, 
      "WindowCenterWidthExplanation": "Algo1", 
      "dBdt": 0.0}, 
