{
  "AcquisitionMatrixPE": 122,
  "AcquisitionNumber": 1,
  "AcquisitionTime": "11:07:11.442500",
  "BandwidthPerPixelPhaseEncode": 27.785,
  "BaseResolution": 122,
  "BodyPartExamined": "BRAIN",
  "CoilCombinationMethod": "Adaptive Combine",
  "ConsistencyInfo": "N4_VE11E_LATEST_20181129",
  "ConversionSoftware": "dcm2niix",
  "ConversionSoftwareVersion": "v1.0.20220720",
  "DerivedVendorReportedEchoSpacing": 0.000590011,
  "DeviceSerialNumber": "66112",
  "DiffusionScheme": "Monopolar",
  "DwellTime": 2e-06,
  "EchoTime": 0.068,
  "EchoTrainLength": 61,
  "EffectiveEchoSpacing": 0.000295005,
  "FlipAngle": 90,
  "HeudiconvVersion": "0.13.1",
  "ImageOrientationPatientDICOM": [0.999974, 0.00657935, 0.0029572, -0.00715573, 0.956516, 0.291591],
  "ImageOrientationText": "Tra>Cor(17.0)>Sag(0.1)",
  "ImageType": [
    "ORIGINAL",
    "PRIMARY",
    "DIFFUSION",
    "NONE",
    "ND",
    "NORM",
    "MOSAIC"
],
  "ImagingFrequency": 123.261,
  "InPlanePhaseEncodingDirectionDICOM": "COL",
  "InstitutionAddress": "Maynard 3,Hanover,NH,US,03755",
  "InstitutionName": "Dartmouth College - PBS",
  "InstitutionalDepartmentName": "Department",
  "MRAcquisitionType": "2D",
  "MagneticFieldStrength": 3,
  "Manufacturer": "Siemens",
  "ManufacturersModelName": "Prisma",
  "Modality": "MR",
  "MultibandAccelerationFactor": 4,
  "NonlinearGradientCorrection": false,
  "ParallelReductionFactorInPlane": 2,
  "PartialFourier": 1,
  "PatientPosition": "HFS",
  "PercentPhaseFOV": 100,
  "PercentSampling": 100,
  "PhaseEncodingDirection": "j-",
  "PhaseEncodingSteps": 122,
  "PhaseResolution": 1,
  "PixelBandwidth": 2050,
  "ProcedureStepDescription": "dbic^QA",
  "ProtocolName": "dwi_acq-DTI-30-p2-s4",
  "PulseSequenceDetails": "%SiemensSeq%\\ep2d_diff",
  "ReceiveCoilActiveElements": "HEA;HEP",
  "ReceiveCoilName": "Head_32",
  "ReconMatrixPE": 122,
  "RefLinesPE": 38,
  "RepetitionTime": 3.6,
  "SAR": 0.129897,
  "ScanOptions": "FS",
  "ScanningSequence": "EP",
  "SequenceName": "*ep_b0",
  "SequenceVariant": "SK\\SP",
  "SeriesDescription": "dwi_acq-DTI-30-p2-s4",
  "SeriesNumber": 10,
  "ShimSetting": [4250, -7737, -7492, -22, -179, -86, -9, 75],
  "SliceThickness": 2,
  "SliceTiming": [2.585, 0, 1.79, 0.1975, 1.9875, 0.3975, 2.1875, 0.5975, 2.385, 0.995, 2.785, 1.1925, 2.9825, 1.3925, 3.1825, 1.59, 3.38, 0.795, 2.585, 0, 1.79, 0.1975, 1.9875, 0.3975, 2.1875, 0.5975, 2.385, 0.995, 2.785, 1.1925, 2.9825, 1.3925, 3.1825, 1.59, 3.38, 0.795, 2.585, 0, 1.79, 0.1975, 1.9875, 0.3975, 2.1875, 0.5975, 2.385, 0.995, 2.785, 1.1925, 2.9825, 1.3925, 3.1825, 1.59, 3.38, 0.795, 2.585, 0, 1.79, 0.1975, 1.9875, 0.3975, 2.1875, 0.5975, 2.385, 0.995, 2.785, 1.1925, 2.9825, 1.3925, 3.1825, 1.59, 3.38, 0.795],
  "SoftwareVersions": "syngo MR E11",
  "SpacingBetweenSlices": 2,
  "SpoilingState": true,
  "StationName": "AWP66112",
  "TotalReadoutTime": 0.0356956,
  "TxRefAmp": 225.727,
  "dcmmeta_affine": [
    [-1.967162013053894, -0.014076851308345795, 0.0018202594947069883, 120.82646179199219],
    [-0.012942981906235218, 1.8816715478897095, 0.5832088589668274, -132.10720825195312],
    [0.005817437544465065, -0.5736213326454163, 1.9130771160125732, -41.67491149902344],
    [0.0, 0.0, 0.0, 1.0]
],
  "dcmmeta_reorient_transform": [
    [0.0, -1.0, 0.0, 121.0],
    [1.0, 0.0, 0.0, 0.0],
    [0.0, 0.0, 1.0, 0.0],
    [0.0, 0.0, 0.0, 1.0]
],
  "dcmmeta_shape": [122, 122, 72, 31],
  "dcmmeta_slice_dim": 2,
  "dcmmeta_version": 0.6,
  "global": {
    "const": {
      "AccessionNumber": "qa",
      "AcquisitionMatrix": [122, 0, 0, 122],
      "AngioFlag": "N",
      "BitsAllocated": 16,
      "BitsStored": 12,
      "BodyPartExamined": "BRAIN",
      "Columns": 1098,
      "EchoNumbers": 1,
      "EchoTime": 68.0,
      "EchoTrainLength": 61,
      "FlipAngle": 90.0,
      "HighBit": 11,
      "ImageOrientationPatient": [0.99997398323764, 0.00657934888146, 0.00295719734559, -0.0071557327868, 0.95651637234084, 0.29159085193503],
      "ImagePositionPatient": [-1072.2287032905, -1020.1469625131, -393.84922711907],
      "ImageType": [
        "ORIGINAL",
        "PRIMARY",
        "DIFFUSION",
        "NONE",
        "ND",
        "NORM",
        "MOSAIC"
],
      "ImagedNucleus": "1H",
      "ImagingFrequency": 123.261277,
      "InPlanePhaseEncodingDirection": "COL",
      "MRAcquisitionType": "2D",
      "MagneticFieldStrength": 3.0,
      "Manufacturer": "SIEMENS",
      "ManufacturerModelName": "Prisma",
      "Modality": "MR",
      "NumberOfAverages": 1.0,
      "NumberOfPhaseEncodingSteps": 122,
      "PercentPhaseFieldOfView": 100.0,
      "PercentSampling": 100.0,
      "PerformedProcedureStepStartTime": "103000.250000",
      "PhotometricInterpretation": "MONOCHROME2",
      "PixelBandwidth": 2050.0,
      "PixelRepresentation": 0,
      "PixelSpacing": [1.9672131538391, 1.9672131538391],
      "ProtocolName": "dwi_acq-DTI-30-p2-s4",
      "RepetitionTime": 3600.0,
      "Rows": 1098,
      "SAR": 0.12989652765418,
      "SamplesPerPixel": 1,
      "ScanOptions": "FS",
      "ScanningSequence": "EP",
      "SequenceVariant": [
        "SK",
        "SP"
],
      "SeriesDescription": "dwi_acq-DTI-30-p2-s4",
      "SeriesNumber": 10,
      "SeriesTime": "110800.715000",
      "SliceLocation": -78.276738027938,
      "SliceThickness": 2.0,
      "SmallestImagePixelValue": 0,
      "SoftwareVersions": "syngo MR E11",
      "SpacingBetweenSlices": 1.9999999954214,
      "SpecificCharacterSet": "ISO_IR 100",
      "StudyID": "32",
      "StudyTime": "103000.198000",
      "TransmitCoilName": "Body",
      "VariableFlipAngleFlag": "N",
      "WindowCenterWidthExplanation": "Algo1"
    },
    "slices": {}
  },
  "time": {
    "samples": {
      "AcquisitionNumber": [1, 2, 3, 4, 5, 6, 7, 8, 9, 10, 11, 12, 13, 14, 15, 16, 17, 18, 19, 20, 21, 22, 23, 24, 25, 26, 27, 28, 29, 30, 31],
      "AcquisitionTime": ["110711.442500", "110715.042500", "110718.642500", "110722.242500", "110725.842500", "110729.442500", "110733.042500", "110736.642500", "110740.242500", "110743.842500", "110747.442500", "110751.042500", "110754.642500", "110758.242500", "110801.842500", "110805.442500", "110809.042500", "110812.642500", "110816.242500", "110819.842500", "110823.442500", "110827.042500", "110830.642500", "110834.242500", "110837.842500", "110841.442500", "110845.042500", "110848.642500", "110852.242500", "110855.842500", "110859.442500"],
      "ContentTime": ["110800.719000", "110800.732000", "110800.735000", "110800.738000", "110800.741000", "110800.744000", "110800.747000", "110800.750000", "110800.753000", "110800.756000", "110800.759000", "110800.762000", "110800.765000", "110800.768000", "110901.279000", "110901.282000", "110901.285000", "110901.288000", "110901.291000", "110901.294000", "110901.297000", "110901.301000", "110901.304000", "110901.308000", "110901.311000", "110901.314000", "110901.326000", "110901.337000", "110901.340000", "110901.343000", "110901.346000"],
      "InstanceCreationTime": ["110800.719000", "110800.732000", "110800.735000", "110800.738000", "110800.741000", "110800.744000", "110800.747000", "110800.750000", "110800.753000", "110800.756000", "110800.759000", "110800.762000", "110800.765000", "110800.768000", "110901.279000", "110901.282000", "110901.285000", "110901.288000", "110901.291000", "110901.294000", "110901.297000", "110901.301000", "110901.304000", "110901.308000", "110901.311000", "110901.314000", "110901.326000", "110901.337000", "110901.340000", "110901.343000", "110901.346000"],
      "InstanceNumber": [1, 2, 3, 4, 5, 6, 7, 8, 9, 10, 11, 12, 13, 14, 15, 16, 17, 18, 19, 20, 21, 22, 23, 24, 25, 26, 27, 28, 29, 30, 31],
      "LargestImagePixelValue": [2074, 296, 297, 302, 293, 293, 301, 292, 301, 296, 298, 291, 291, 294, 291, 306, 288, 290, 307, 293, 303, 301, 294, 286, 286, 296, 300, 295, 299, 311, 302],
      "SequenceName": [
        "*ep_b0",
        "*ep_b1000#1",
        "*ep_b1000#2",
        "*ep_b1000#3",
        "*ep_b1000#4",
        "*ep_b1000#5",
        "*ep_b1000#6",
        "*ep_b1000#7",
        "*ep_b1000#8",
        "*ep_b1000#9",
        "*ep_b1000#10",
        "*ep_b1000#11",
        "*ep_b1000#12",
        "*ep_b1000#13",
        "*ep_b1000#14",
        "*ep_b1000#15",
        "*ep_b1000#16",
        "*ep_b1000#17",
        "*ep_b1000#18",
        "*ep_b1000#19",
        "*ep_b1000#20",
        "*ep_b1000#21",
        "*ep_b1000#22",
        "*ep_b1000#23",
        "*ep_b1000#24",
        "*ep_b1000#25",
        "*ep_b1000#26",
        "*ep_b1000#27",
        "*ep_b1000#28",
        "*ep_b1000#29",
        "*ep_b1000#30"
],
      "WindowCenter": [924.0, 228.0, 229.0, 229.0, 227.0, 227.0, 228.0, 228.0, 229.0, 228.0, 227.0, 227.0, 231.0, 229.0, 229.0, 230.0, 229.0, 227.0, 231.0, 232.0, 228.0, 228.0, 228.0, 227.0, 227.0, 228.0, 228.0, 228.0, 228.0, 232.0, 230.0],
      "WindowWidth": [2062.0, 517.0, 518.0, 519.0, 515.0, 515.0, 517.0, 516.0, 519.0, 517.0, 515.0, 514.0, 522.0, 519.0, 518.0, 520.0, 519.0, 515.0, 522.0, 524.0, 517.0, 517.0, 516.0, 514.0, 514.0, 516.0, 516.0, 516.0, 517.0, 523.0, 520.0]
    },
    "slices": {}
  }
}