{
  "AcquisitionMatrixPE": 122,
  "AcquisitionNumber": 1,
  "AcquisitionTime": "10:21:3.210000",
  "BandwidthPerPixelPhaseEncode": 28.76,
  "BaseResolution": 122,
  "BodyPartExamined": "BRAIN",
  "CoilCombinationMethod": "Adaptive Combine",
  "ConsistencyInfo": "N4_VE11E_LATEST_20181129",
  "ConversionSoftware": "dcm2niix",
  "ConversionSoftwareVersion": "v1.0.20220720",
  "DerivedVendorReportedEchoSpacing": 0.000570008,
  "DeviceSerialNumber": "66112",
  "DiffusionScheme": "Monopolar",
  "DwellTime": 2e-06,
  "EchoTime": 0.075,
  "EchoTrainLength": 61,
  "EffectiveEchoSpacing": 0.000285004,
  "FlipAngle": 90,
  "HeudiconvVersion": "0.13.1",
  "ImageOrientationPatientDICOM": [0.986523, 0.163375, 0.00897027, -0.158369, 0.939636, 0.303322],
  "ImageOrientationText": "Tra>Cor(17.5)>Sag(-2.4)",
  "ImageType": [
    "ORIGINAL",
    "PRIMARY",
    "DIFFUSION",
    "NONE",
    "ND",
    "NORM",
    "MOSAIC"
],
  "ImagingFrequency": 123.259,
  "InPlanePhaseEncodingDirectionDICOM": "COL",
  "InstitutionAddress": "Maynard 3,Hanover,NH,US,03755",
  "InstitutionName": "Dartmouth College - PBS",
  "InstitutionalDepartmentName": "Department",
  "MRAcquisitionType": "2D",
  "MagneticFieldStrength": 3,
  "Manufacturer": "Siemens",
  "ManufacturersModelName": "Prisma",
  "MatrixCoilMode": "GRAPPA",
  "Modality": "MR",
  "NonlinearGradientCorrection": false,
  "ParallelReductionFactorInPlane": 2,
  "PartialFourier": 1,
  "PatientPosition": "HFS",
  "PercentPhaseFOV": 100,
  "PercentSampling": 100,
  "PhaseEncodingDirection": "j-",
  "PhaseEncodingSteps": 122,
  "PhaseResolution": 1,
  "PixelBandwidth": 2050,
  "ProcedureStepDescription": "dbic^QA",
  "ProtocolName": "dwi_acq-DTI-30-p2",
  "PulseSequenceDetails": "%SiemensSeq%\\ep2d_diff",
  "ReceiveCoilActiveElements": "HEA;HEP",
  "ReceiveCoilName": "Head_32",
  "ReconMatrixPE": 122,
  "RefLinesPE": 38,
  "RepetitionTime": 7.7,
  "SAR": 0.0859724,
  "ScanOptions": "FS",
  "ScanningSequence": "EP",
  "SequenceName": "*ep_b0",
  "SequenceVariant": "SK\\SP",
  "SeriesDescription": "dwi_acq-DTI-30-p2",
  "SeriesNumber": 9,
  "ShimSetting": [4220, -7737, -7505, -33, -157, -106, 16, 78],
  "SliceThickness": 2,
  "SliceTiming": [3.84, 0, 3.9475, 0.11, 4.0575, 0.2175, 4.1675, 0.3275, 4.2775, 0.4375, 4.3875, 0.5475, 4.4975, 0.6575, 4.6075, 0.7675, 4.7175, 0.8775, 4.8275, 0.9875, 4.935, 1.095, 5.045, 1.205, 5.155, 1.315, 5.265, 1.425, 5.375, 1.535, 5.485, 1.645, 5.595, 1.755, 5.705, 1.865, 5.8125, 1.975, 5.9225, 2.0825, 6.0325, 2.1925, 6.1425, 2.3025, 6.2525, 2.4125, 6.3625, 2.5225, 6.4725, 2.6325, 6.5825, 2.7425, 6.6925, 2.8525, 6.8, 2.96, 6.91, 3.07, 7.02, 3.18, 7.13, 3.29, 7.24, 3.4, 7.35, 3.51, 7.46, 3.62, 7.57, 3.73],
  "SoftwareVersions": "syngo MR E11",
  "SpacingBetweenSlices": 2,
  "SpoilingState": true,
  "StationName": "AWP66112",
  "TotalReadoutTime": 0.0344855,
  "TxRefAmp": 222.989,
  "dcmmeta_affine": [
    [-1.9407013654708862, -0.31154483556747437, -0.0822531059384346, 141.0159912109375],
    [-0.3213944137096405, 1.848463773727417, 0.601309061050415, -112.85700225830078],
    [0.017646433785557747, -0.596698522567749, 1.9056918621063232, -41.51493835449219],
    [0.0, 0.0, 0.0, 1.0]
],
  "dcmmeta_reorient_transform": [
    [0.0, -1.0, 0.0, 121.0],
    [1.0, 0.0, 0.0, 0.0],
    [0.0, 0.0, 1.0, 0.0],
    [0.0, 0.0, 0.0, 1.0]
],
  "dcmmeta_shape": [122, 122, 70, 31],
  "dcmmeta_slice_dim": 2,
  "dcmmeta_version": 0.6,
  "global": {
    "const": {
      "AccessionNumber": "qa",
      "AcquisitionMatrix": [122, 0, 0, 122],
      "AngioFlag": "N",
      "BitsAllocated": 16,
      "BitsStored": 12,
      "BodyPartExamined": "BRAIN",
      "Columns": 1098,
      "EchoNumbers": 1,
      "EchoTime": 75.0,
      "EchoTrainLength": 61,
      "FlipAngle": 90.0,
      "HighBit": 11,
      "ImageOrientationPatient": [0.98652318020901, 0.16337548519068, 0.00897027028703, -0.158368625724, 0.93963572321833, 0.30332175332192],
      "ImagePositionPatient": [-898.34745547018, -1169.6978951988, -413.51580967919],
      "ImageType": [
        "ORIGINAL",
        "PRIMARY",
        "DIFFUSION",
        "NONE",
        "ND",
        "NORM",
        "MOSAIC"
],
      "ImagedNucleus": "1H",
      "ImagingFrequency": 123.259137,
      "InPlanePhaseEncodingDirection": "COL",
      "MRAcquisitionType": "2D",
      "MagneticFieldStrength": 3.0,
      "Manufacturer": "SIEMENS",
      "ManufacturerModelName": "Prisma",
      "Modality": "MR",
      "NumberOfAverages": 1.0,
      "NumberOfPhaseEncodingSteps": 122,
      "PercentPhaseFieldOfView": 100.0,
      "PercentSampling": 100.0,
      "PerformedProcedureStepStartTime": "094501.012000",
      "PhotometricInterpretation": "MONOCHROME2",
      "PixelBandwidth": 2050.0,
      "PixelRepresentation": 0,
      "PixelSpacing": [1.9672131538391, 1.9672131538391],
      "ProtocolName": "dwi_acq-DTI-30-p2",
      "RepetitionTime": 7700.0,
      "Rows": 1098,
      "SAR": 0.08597239136419,
      "SamplesPerPixel": 1,
      "ScanOptions": "FS",
      "ScanningSequence": "EP",
      "SequenceVariant": [
        "SK",
        "SP"
],
      "SeriesDescription": "dwi_acq-DTI-30-p2",
      "SeriesNumber": 9,
      "SeriesTime": "102338.669000",
      "SliceLocation": -79.287813119432,
      "SliceThickness": 2.0,
      "SmallestImagePixelValue": 0,
      "SoftwareVersions": "syngo MR E11",
      "SpacingBetweenSlices": 1.9999999486644,
      "SpecificCharacterSet": "ISO_IR 100",
      "StudyID": "8",
      "StudyTime": "094500.921000",
      "TransmitCoilName": "Body",
      "VariableFlipAngleFlag": "N",
      "WindowCenterWidthExplanation": "Algo1"
    },
    "slices": {}
  },
  "time": {
    "samples": {
      "AcquisitionNumber": [1, 2, 3, 4, 5, 6, 7, 8, 9, 10, 11, 12, 13, 14, 15, 16, 17, 18, 19, 20, 21, 22, 23, 24, 25, 26, 27, 28, 29, 30, 31],
      "AcquisitionTime": ["102103.210000", "102110.910000", "102118.610000", "102126.310000", "102134.010000", "102141.710000", "102149.410000", "102157.110000", "102204.810000", "102212.510000", "102220.210000", "102227.910000", "102235.610000", "102243.310000", "102251.010000", "102258.710000", "102306.410000", "102314.110000", "102321.810000", "102329.510000", "102337.210000", "102344.910000", "102352.610000", "102400.310000", "102408.010000", "102415.710000", "102423.410000", "102431.110000", "102438.810000", "102446.510000", "102454.210000"],
      "ContentTime": ["102338.673000", "102338.677000", "102338.679000", "102338.682000", "102338.685000", "102338.688000", "102338.691000", "102338.701000", "102338.704000", "102338.707000", "102338.710000", "102338.713000", "102338.716000", "102338.722000", "102338.725000", "102338.728000", "102338.730000", "102338.733000", "102338.736000", "102338.739000", "102458.432000", "102458.437000", "102458.440000", "102458.444000", "102458.448000", "102458.451000", "102458.455000", "102458.458000", "102458.463000", "102458.467000", "102458.471000"],
      "InstanceCreationTime": ["102338.673000", "102338.677000", "102338.679000", "102338.682000", "102338.685000", "102338.688000", "102338.691000", "102338.701000", "102338.704000", "102338.707000", "102338.710000", "102338.713000", "102338.716000", "102338.722000", "102338.725000", "102338.728000", "102338.730000", "102338.733000", "102338.736000", "102338.739000", "102458.432000", "102458.437000", "102458.440000", "102458.444000", "102458.448000", "102458.451000", "102458.455000", "102458.458000", "102458.463000", "102458.467000", "102458.471000"],
      "InstanceNumber": [1, 2, 3, 4, 5, 6, 7, 8, 9, 10, 11, 12, 13, 14, 15, 16, 17, 18, 19, 20, 21, 22, 23, 24, 25, 26, 27, 28, 29, 30, 31],
      "LargestImagePixelValue": [2085, 304, 307, 305, 317, 319, 321, 317, 320, 308, 319, 325, 327, 329, 322, 307, 306, 314, 314, 305, 300, 314, 295, 308, 309, 310, 299, 303, 308, 316, 310],
      "SequenceName": [
        "*ep_b0",
        "*ep_b1000#1",
        "*ep_b1000#2",
        "*ep_b1000#3",
        "*ep_b1000#4",
        "*ep_b1000#5",
        "*ep_b1000#6",
        "*ep_b1000#7",
        "*ep_b1000#8",
        "*ep_b1000#9",
        "*ep_b1000#10",
        "*ep_b1000#11",
        "*ep_b1000#12",
        "*ep_b1000#13",
        "*ep_b1000#14",
        "*ep_b1000#15",
        "*ep_b1000#16",
        "*ep_b1000#17",
        "*ep_b1000#18",
        "*ep_b1000#19",
        "*ep_b1000#20",
        "*ep_b1000#21",
        "*ep_b1000#22",
        "*ep_b1000#23",
        "*ep_b1000#24",
        "*ep_b1000#25",
        "*ep_b1000#26",
        "*ep_b1000#27",
        "*ep_b1000#28",
        "*ep_b1000#29",
        "*ep_b1000#30"
],
      "WindowCenter": [889.0, 225.0, 224.0, 225.0, 224.0, 222.0, 223.0, 224.0, 225.0, 225.0, 222.0, 222.0, 225.0, 224.0, 224.0, 224.0, 223.0, 222.0, 224.0, 224.0, 225.0, 224.0, 222.0, 222.0, 222.0, 223.0, 224.0, 223.0, 223.0, 224.0, 224.0],
      "WindowWidth": [1953.0, 508.0, 507.0, 509.0, 506.0, 504.0, 506.0, 508.0, 510.0, 508.0, 504.0, 504.0, 508.0, 508.0, 508.0, 508.0, 505.0, 504.0, 508.0, 508.0, 510.0, 508.0, 503.0, 502.0, 503.0, 506.0, 507.0, 505.0, 505.0, 508.0, 507.0]
    },
    "slices": {}
  }
}