{
  "AcquisitionMatrixPE": 122,
  "AcquisitionNumber": 1,
  "AcquisitionTime": "10:32:50.162500",
  "BandwidthPerPixelPhaseEncode": 28.76,
  "BaseResolution": 122,
  "BodyPartExamined": "BRAIN",
  "ConsistencyInfo": "N4_VE11C_LATEST_20160120",
  "ConversionSoftware": "dcm2niix",
  "ConversionSoftwareVersion": "v1.0.20171215 (OpenJPEG build) GCC6.3.0",
  "DerivedVendorReportedEchoSpacing": 0.000570008,
  "DeviceSerialNumber": "66112",
  "DwellTime": 2e-06,
  "EchoTime": 0.075,
  "EchoTrainLength": 61,
  "EffectiveEchoSpacing": 0.000285004,
  "FlipAngle": 90,
  "ImageOrientationPatientDICOM": [
    0.984501,
    0.174903,
    0.0129209,
    -0.17023,
    0.935271,
    0.310305
  ],
  "ImageType": [
    "ORIGINAL",
    "PRIMARY",
    "DIFFUSION",
    "NONE",
    "ND",
    "NORM",
    "MOSAIC"
  ],
  "InPlanePhaseEncodingDirectionDICOM": "COL",
  "InstitutionAddress": "Maynard_3_Hanover_NH_US_03755",
  "InstitutionName": "Dartmouth_College_-_PBS",
  "InstitutionalDepartmentName": "Department",
  "MRAcquisitionType": "2D",
  "MagneticFieldStrength": 3,
  "Manufacturer": "Siemens",
  "ManufacturersModelName": "Prisma",
  "Modality": "MR",
  "ParallelReductionFactorInPlane": 2,
  "PartialFourier": 1,
  "PatientPosition": "HFS",
  "PercentPhaseFOV": 100,
  "PhaseEncodingDirection": "j-",
  "PhaseEncodingSteps": 122,
  "PhaseResolution": 1,
  "PixelBandwidth": 2050,
  "ProcedureStepDescription": "dbic_QA",
  "ProtocolName": "dwi_acq-DTI-30-p2-bro1",
  "PulseSequenceDetails": "%SiemensSeq%_ep2d_diff",
  "ReceiveCoilActiveElements": "HEA;HEP",
  "ReceiveCoilName": "Head_32",
  "ReconMatrixPE": 122,
  "RepetitionTime": 7.7,
  "SAR": 0.101981,
  "ScanOptions": "FS",
  "ScanningSequence": "EP",
  "SequenceName": "_ep_b0",
  "SequenceVariant": "SK_SP",
  "SeriesDescription": "dwi_acq-DTI-30-p2-bro1",
  "SeriesNumber": 5,
  "ShimSetting": [
    4144,
    -7684,
    -7513,
    257,
    -49,
    -171,
    -47,
    61
  ],
  "SliceThickness": 2,
  "SliceTiming": [
    3.84,
    0,
    3.95,
    0.11,
    4.06,
    0.22,
    4.1675,
    0.3275,
    4.2775,
    0.4375,
    4.3875,
    0.5475,
    4.4975,
    0.6575,
    4.6075,
    0.7675,
    4.7175,
    0.8775,
    4.8275,
    0.9875,
    4.9375,
    1.0975,
    5.045,
    1.2075,
    5.155,
    1.315,
    5.265,
    1.425,
    5.375,
    1.535,
    5.485,
    1.645,
    5.595,
    1.755,
    5.705,
    1.865,
    5.815,
    1.975,
    5.925,
    2.085,
    6.0325,
    2.195,
    6.1425,
    2.3025,
    6.2525,
    2.4125,
    6.3625,
    2.5225,
    6.4725,
    2.6325,
    6.5825,
    2.7425,
    6.6925,
    2.8525,
    6.8025,
    2.9625,
    6.9125,
    3.0725,
    7.02,
    3.18,
    7.13,
    3.29,
    7.24,
    3.4,
    7.35,
    3.51,
    7.46,
    3.62,
    7.57,
    3.73
  ],
  "SoftwareVersions": "syngo_MR_E11",
  "SpacingBetweenSlices": 2,
  "StationName": "AWP66112",
  "TotalReadoutTime": 0.0344855,
  "TxRefAmp": 230.629
}