{
  "AcquisitionMatrixPE": 80,
  "AcquisitionNumber": 1,
  "AcquisitionTime": "09:24:25.175000",
  "BandwidthPerPixelPhaseEncode": 46.296,
  "BaseResolution": 80,
  "BodyPartExamined": "BRAIN",
  "CoilCombinationMethod": "Sum of Squares",
  "ConsistencyInfo": "N4_VE11E_LATEST_20181129",
  "ConversionSoftware": "dcm2niix",
  "ConversionSoftwareVersion": "v1.0.20220720",
  "DerivedVendorReportedEchoSpacing": 0.000540003,
  "DeviceSerialNumber": "66112",
  "DwellTime": 2.7e-06,
  "EchoTime": 0.035,
  "EchoTrainLength": 39,
  "EffectiveEchoSpacing": 0.000270002,
  "FlipAngle": 90,
  "HeudiconvVersion": "0.13.1",
  "ImageOrientationPatientDICOM": [0.999957, 0.00862536, 0.0034111, -0.00925012, 0.954465, 0.298179],
  "ImageOrientationText": "Tra>Cor(17.3)>Sag(0.0)",
  "ImageType": [
    "ORIGINAL",
    "PRIMARY",
    "M",
    "ND",
    "NORM",
    "MOSAIC"
],
  "ImagingFrequency": 123.252,
  "InPlanePhaseEncodingDirectionDICOM": "COL",
  "InstitutionAddress": "Maynard 3,Hanover,NH,US,03755",
  "InstitutionName": "Dartmouth College - PBS",
  "InstitutionalDepartmentName": "Department",
  "MRAcquisitionType": "2D",
  "MagneticFieldStrength": 3,
  "Manufacturer": "Siemens",
  "ManufacturersModelName": "Prisma",
  "Modality": "MR",
  "MultibandAccelerationFactor": 4,
  "NonlinearGradientCorrection": false,
  "ParallelReductionFactorInPlane": 2,
  "PartialFourier": 1,
  "PatientPosition": "HFS",
  "PercentPhaseFOV": 100,
  "PercentSampling": 100,
  "PhaseEncodingDirection": "j-",
  "PhaseEncodingSteps": 79,
  "PhaseResolution": 1,
  "PixelBandwidth": 2315,
  "ProcedureStepDescription": "dbic^QA",
  "ProtocolName": "func-bold_task-rest_acq-p2-s4-3.5mm",
  "PulseSequenceDetails": "%SiemensSeq%\\ep2d_bold",
  "ReceiveCoilActiveElements": "HEA;HEP",
  "ReceiveCoilName": "Head_32",
  "ReconMatrixPE": 80,
  "RefLinesPE": 24,
  "RepetitionTime": 2,
  "SAR": 0.0207082,
  "ScanOptions": "FS",
  "ScanningSequence": "EP",
  "SequenceName": "*epfid2d1_80",
  "SequenceVariant": "SK",
  "SeriesDescription": "func-bold_task-rest_acq-p2-s4-3.5mm",
  "SeriesNumber": 7,
  "ShimSetting": [4154, -7702, -7519, 288, -18, -156, -33, 77],
  "SliceThickness": 3.5,
  "SliceTiming": [1.485, 0, 0.99, 0.2475, 1.2375, 0.7425, 1.7325, 0.495, 1.485, 0, 0.99, 0.2475, 1.2375, 0.7425, 1.7325, 0.495, 1.485, 0, 0.99, 0.2475, 1.2375, 0.7425, 1.7325, 0.495, 1.485, 0, 0.99, 0.2475, 1.2375, 0.7425, 1.7325, 0.495],
  "SoftwareVersions": "syngo MR E11",
  "SpacingBetweenSlices": 3.99,
  "StationName": "AWP66112",
  "TaskName": "rest",
  "TotalReadoutTime": 0.0213301,
  "TxRefAmp": 225.479,
  "dcmmeta_affine": [
    [-2.999871015548706, -0.027750354260206223, 0.0027286531403660774, 121.5820541381836],
    [-0.025876067578792572, 2.8633952140808105, 1.1898103952407837, -128.82650756835938],
    [0.010233300738036633, -0.8945380449295044, 3.8084700107574463, -23.747835159301758],
    [0.0, 0.0, 0.0, 1.0]
],
  "dcmmeta_reorient_transform": [
    [0.0, -1.0, 0.0, 79.0],
    [1.0, 0.0, 0.0, 0.0],
    [0.0, 0.0, 1.0, 0.0],
    [0.0, 0.0, 0.0, 1.0]
],
  "dcmmeta_shape": [80, 80, 32, 200],
  "dcmmeta_slice_dim": 2,
  "dcmmeta_version": 0.6,
  "global": {
    "const": {
      "AccessionNumber": "qa",
      "AcquisitionMatrix": [80, 0, 0, 80],
      "AngioFlag": "N",
      "BitsAllocated": 16,
      "BitsStored": 12,
      "BodyPartExamined": "BRAIN",
      "Columns": 480,
      "EchoNumbers": 1,
      "EchoTime": 35.0,
      "EchoTrainLength": 39,
      "FlipAngle": 90.0,
      "HighBit": 11,
      "ImageOrientationPatient": [0.99995698289095, 0.00862535578067, 0.00341110030336, -0.0092501181281, 0.95446503783583, 0.29817935351675],
      "ImagePositionPatient": [-713.8138942851, -675.23594308405, -275.37061350585],
      "ImageType": [
        "ORIGINAL",
        "PRIMARY",
        "M",
        "ND",
        "NORM",
        "MOSAIC"
],
      "ImagedNucleus": "1H",
      "ImagingFrequency": 123.252469,
      "InPlanePhaseEncodingDirection": "COL",
      "MRAcquisitionType": "2D",
      "MagneticFieldStrength": 3.0,
      "Manufacturer": "SIEMENS",
      "ManufacturerModelName": "Prisma",
      "Modality": "MR",
      "NumberOfAverages": 1.0,
      "NumberOfPhaseEncodingSteps": 79,
      "PercentPhaseFieldOfView": 100.0,
      "PercentSampling": 100.0,
      "PerformedProcedureStepStartTime": "091411.626000",
      "PhotometricInterpretation": "MONOCHROME2",
      "PixelBandwidth": 2315.0,
      "PixelRepresentation": 0,
      "PixelSpacing": [3.0, 3.0],
      "ProtocolName": "func-bold_task-rest_acq-p2-s4-3.5mm",
      "RepetitionTime": 2000.0,
      "Rows": 480,
      "SAR": 0.02070823182335,
      "SamplesPerPixel": 1,
      "ScanOptions": "FS",
      "ScanningSequence": "EP",
      "SequenceName": "*epfid2d1_80",
      "SequenceVariant": "SK",
      "SeriesDescription": "func-bold_task-rest_acq-p2-s4-3.5mm",
      "SeriesNumber": 7,
      "SeriesTime": "092509.296000",
      "SliceLocation": -61.000067724482,
      "SliceThickness": 3.5,
      "SmallestImagePixelValue": 0,
      "SoftwareVersions": "syngo MR E11",
      "SpacingBetweenSlices": 3.9900000590939,
      "SpecificCharacterSet": "ISO_IR 100",
      "StudyID": "1",
      "StudyTime": "091411.532000",
      "TransmitCoilName": "Body",
      "VariableFlipAngleFlag": "N",
      "WindowCenterWidthExplanation": "Algo1"
    },
