{
  "AcquisitionMatrixPE": 122,
  "AcquisitionNumber": 1,
  "AcquisitionTime": "10:25:58.185000",
  "BandwidthPerPixelPhaseEncode": 28.76,
  "BaseResolution": 122,
  "BodyPartExamined": "BRAIN",
  "CoilCombinationMethod": "Adaptive Combine",
  "ConsistencyInfo": "N4_VE11E_LATEST_20181129",
  "ConversionSoftware": "dcm2niix",
  "ConversionSoftwareVersion": "v1.0.20220720",
  "DerivedVendorReportedEchoSpacing": 0.000570008,
  "DeviceSerialNumber": "66112",
  "DiffusionScheme": "Monopolar",
  "DwellTime": 2e-06,
  "EchoTime": 0.075,
  "EchoTrainLength": 61,
  "EffectiveEchoSpacing": 0.000285004,
  "FlipAngle": 90,
  "HeudiconvVersion": "0.13.1",
  "ImageOrientationPatientDICOM": [0.999964, 0.00723739, 0.00436026, -0.00820291, 0.955274, 0.295609],
  "ImageOrientationText": "Tra>Cor(17.2)>Sag(0.1)",
  "ImageType": [
    "ORIGINAL",
    "PRIMARY",
    "DIFFUSION",
    "NONE",
    "ND",
    "NORM",
    "MOSAIC"
],
  "ImagingFrequency": 123.259,
  "InPlanePhaseEncodingDirectionDICOM": "COL",
  "InstitutionAddress": "Maynard 3,Hanover,NH,US,03755",
  "InstitutionName": "Dartmouth College - PBS",
  "InstitutionalDepartmentName": "Department",
  "MRAcquisitionType": "2D",
  "MagneticFieldStrength": 3,
  "Manufacturer": "Siemens",
  "ManufacturersModelName": "Prisma",
  "MatrixCoilMode": "GRAPPA",
  "Modality": "MR",
  "NonlinearGradientCorrection": false,
  "ParallelReductionFactorInPlane": 2,
  "PartialFourier": 1,
  "PatientPosition": "HFS",
  "PercentPhaseFOV": 100,
  "PercentSampling": 100,
  "PhaseEncodingDirection": "j-",
  "PhaseEncodingSteps": 122,
  "PhaseResolution": 1,
  "PixelBandwidth": 2050,
  "ProcedureStepDescription": "dbic^QA",
  "ProtocolName": "dwi_acq-DTI-30-p2",
  "PulseSequenceDetails": "%SiemensSeq%\\ep2d_diff",
  "ReceiveCoilActiveElements": "HEA;HEP",
  "ReceiveCoilName": "Head_32",
  "ReconMatrixPE": 122,
  "RefLinesPE": 38,
  "RepetitionTime": 7.7,
  "SAR": 0.101514,
  "ScanOptions": "FS",
  "ScanningSequence": "EP",
  "SequenceName": "*ep_b0",
  "SequenceVariant": "SK\\SP",
  "SeriesDescription": "dwi_acq-DTI-30-p2",
  "SeriesNumber": 12,
  "ShimSetting": [4219, -7721, -7490, -72, -153, -14, -50, 68],
  "SliceThickness": 2,
  "SliceTiming": [3.84, 0, 3.95, 0.11, 4.06, 0.22, 4.17, 0.33, 4.28, 0.44, 4.39, 0.55, 4.5, 0.66, 4.6075, 0.77, 4.7175, 0.8775, 4.8275, 0.9875, 4.9375, 1.0975, 5.0475, 1.2075, 5.1575, 1.3175, 5.2675, 1.4275, 5.3775, 1.5375, 5.4875, 1.6475, 5.595, 1.755, 5.705, 1.865, 5.815, 1.975, 5.925, 2.085, 6.035, 2.195, 6.145, 2.305, 6.255, 2.415, 6.365, 2.525, 6.4725, 2.635, 6.5825, 2.7425, 6.6925, 2.8525, 6.8025, 2.9625, 6.9125, 3.0725, 7.0225, 3.1825, 7.1325, 3.2925, 7.2425, 3.4025, 7.3525, 3.5125, 7.46, 3.6225, 7.57, 3.73],
  "SoftwareVersions": "syngo MR E11",
  "SpacingBetweenSlices": 2,
  "SpoilingState": true,
  "StationName": "AWP66112",
  "TotalReadoutTime": 0.0344855,
  "TxRefAmp": 226.483,
  "dcmmeta_affine": [
    [-1.967142939567566, -0.01613687165081501, 0.004051621537655592, 122.0418930053711],
    [-0.01423747930675745, 1.8792272806167603, 0.5912680625915527, -122.60305786132812],
    [0.008577567525207996, -0.5815255641937256, 1.9105982780456543, -29.534809112548828],
    [0.0, 0.0, 0.0, 1.0]
],
  "dcmmeta_reorient_transform": [
    [0.0, -1.0, 0.0, 121.0],
    [1.0, 0.0, 0.0, 0.0],
    [0.0, 0.0, 1.0, 0.0],
    [0.0, 0.0, 0.0, 1.0]
],
  "dcmmeta_shape": [122, 122, 70, 31],
  "dcmmeta_slice_dim": 2,
  "dcmmeta_version": 0.6,
  "global": {
    "const": {
      "AccessionNumber": "qa",
      "AcquisitionMatrix": [122, 0, 0, 122],
      "AngioFlag": "N",
      "BitsAllocated": 16,
      "BitsStored": 12,
      "BodyPartExamined": "BRAIN",
      "Columns": 1098,
      "EchoNumbers": 1,
      "EchoTime": 75.0,
      "EchoTrainLength": 61,
      "FlipAngle": 90.0,
      "HighBit": 11,
      "ImageOrientationPatient": [0.9999643035422, 0.0072373851689, 0.00436026344072, -0.0082029099636, 0.95527385652316, 0.2956088146715],
      "ImagePositionPatient": [-1072.1802858832, -1028.7942566361, -387.86972130199],
      "ImageType": [
        "ORIGINAL",
        "PRIMARY",
        "DIFFUSION",
        "NONE",
        "ND",
        "NORM",
        "MOSAIC"
],
      "ImagedNucleus": "1H",
      "ImagingFrequency": 123.259341,
      "InPlanePhaseEncodingDirection": "COL",
      "MRAcquisitionType": "2D",
      "MagneticFieldStrength": 3.0,
      "Manufacturer": "SIEMENS",
      "ManufacturerModelName": "Prisma",
      "Modality": "MR",
      "NumberOfAverages": 1.0,
      "NumberOfPhaseEncodingSteps": 122,
      "PercentPhaseFieldOfView": 100.0,
      "PercentSampling": 100.0,
      "PerformedProcedureStepStartTime": "095645.255000",
      "PhotometricInterpretation": "MONOCHROME2",
      "PixelBandwidth": 2050.0,
      "PixelRepresentation": 0,
      "PixelSpacing": [1.9672131538391, 1.9672131538391],
      "ProtocolName": "dwi_acq-DTI-30-p2",
      "RepetitionTime": 7700.0,
      "Rows": 1098,
      "SAR": 0.10151442419822,
      "SamplesPerPixel": 1,
      "ScanOptions": "FS",
      "ScanningSequence": "EP",
      "SequenceVariant": [
        "SK",
        "SP"
],
      "SeriesDescription": "dwi_acq-DTI-30-p2",
      "SeriesNumber": 12,
      "SeriesTime": "102605.475000",
      "SliceLocation": -64.21297921364,
      "SliceThickness": 2.0,
      "SmallestImagePixelValue": 0,
      "SoftwareVersions": "syngo MR E11",
      "SpacingBetweenSlices": 2.000000003442,
      "SpecificCharacterSet": "ISO_IR 100",
      "StudyID": "9",
      "StudyTime": "095645.208000",
      "TransmitCoilName": "Body",
      "VariableFlipAngleFlag": "N",
      "WindowCenterWidthExplanation": "Algo1"
    },
    "slices": {}
  },
  "time": {
    "samples": {
      "AcquisitionNumber": [1, 2, 3, 4, 5, 6, 7, 8, 9, 10, 11, 12, 13, 14, 15, 16, 17, 18, 19, 20, 21, 22, 23, 24, 25, 26, 27, 28, 29, 30, 31],
      "AcquisitionTime": ["102558.185000", "102605.885000", "102613.585000", "102621.285000", "102628.985000", "102636.685000", "102644.385000", "102652.085000", "102659.785000", "102707.485000", "102715.185000", "102722.885000", "102730.585000", "102738.285000", "102745.985000", "102753.685000", "102801.385000", "102809.085000", "102816.785000", "102824.485000", "102832.185000", "102839.885000", "102847.585000", "102855.285000", "102902.985000", "102910.685000", "102918.385000", "102926.085000", "102933.785000", "102941.485000", "102949.185000"],
      "ContentTime": ["102605.478000", "102845.475000", "102845.478000", "102845.481000", "102845.491000", "102845.494000", "102845.497000", "102845.500000", "102845.503000", "102845.506000", "102845.509000", "102845.512000", "102845.515000", "102845.518000", "102845.521000", "102845.530000", "102845.533000", "102845.536000", "102845.544000", "102845.547000", "102845.550000", "102845.553000", "102953.176000", "102953.179000", "102953.186000", "102953.189000", "102953.193000", "102953.197000", "102953.200000", "102953.204000", "102953.209000"],
      "InstanceCreationTime": ["102605.478000", "102845.475000", "102845.478000", "102845.481000", "102845.491000", "102845.494000", "102845.497000", "102845.500000", "102845.503000", "102845.506000", "102845.509000", "102845.512000", "102845.515000", "102845.518000", "102845.521000", "102845.530000", "102845.533000", "102845.536000", "102845.544000", "102845.547000", "102845.550000", "102845.553000", "102953.176000", "102953.179000", "102953.186000", "102953.189000", "102953.193000", "102953.197000", "102953.200000", "102953.204000", "102953.209000"],
      "InstanceNumber": [1, 2, 3, 4, 5, 6, 7, 8, 9, 10, 11, 12, 13, 14, 15, 16, 17, 18, 19, 20, 21, 22, 23, 24, 25, 26, 27, 28, 29, 30, 31],
      "LargestImagePixelValue": [1721, 204, 181, 136, 240, 286, 290, 254, 193, 242, 267, 282, 203, 219, 281, 227, 198, 244, 238, 215, 227, 186, 279, 275, 249, 219, 206, 226, 254, 271, 278],
      "SequenceName": [
        "*ep_b0",
        "*ep_b1000#1",
        "*ep_b1000#2",
        "*ep_b1000#3",
        "*ep_b1000#4",
        "*ep_b1000#5",
        "*ep_b1000#6",
        "*ep_b1000#7",
        "*ep_b1000#8",
        "*ep_b1000#9",
        "*ep_b1000#10",
        "*ep_b1000#11",
        "*ep_b1000#12",
        "*ep_b1000#13",
        "*ep_b1000#14",
        "*ep_b1000#15",
        "*ep_b1000#16",
        "*ep_b1000#17",
        "*ep_b1000#18",
        "*ep_b1000#19",
        "*ep_b1000#20",
        "*ep_b1000#21",
        "*ep_b1000#22",
        "*ep_b1000#23",
        "*ep_b1000#24",
        "*ep_b1000#25",
        "*ep_b1000#26",
        "*ep_b1000#27",
        "*ep_b1000#28",
        "*ep_b1000#29",
        "*ep_b1000#30"
],
      "WindowCenter": [840.0, 125.0, 97.0, 76.0, 162.0, 196.0, 206.0, 201.0, 112.0, 157.0, 183.0, 205.0, 138.0, 167.0, 211.0, 168.0, 157.0, 195.0, 179.0, 149.0, 99.0, 86.0, 182.0, 205.0, 203.0, 161.0, 126.0, 162.0, 198.0, 181.0, 213.0],
      "WindowWidth": [1819.0, 312.0, 247.0, 202.0, 383.0, 452.0, 471.0, 461.0, 283.0, 373.0, 425.0, 470.0, 335.0, 394.0, 482.0, 396.0, 373.0, 449.0, 417.0, 357.0, 268.0, 224.0, 423.0, 469.0, 467.0, 381.0, 308.0, 384.0, 455.0, 420.0, 485.0]
    },
    "slices": {}
  }
}