{
  "AcquisitionMatrixPE": 122,
  "AcquisitionNumber": 1,
  "AcquisitionTime": "10:08:28.207500",
  "BandwidthPerPixelPhaseEncode": 28.76,
  "BaseResolution": 122,
  "BodyPartExamined": "BRAIN",
  "CoilCombinationMethod": "Adaptive Combine",
  "ConsistencyInfo": "N4_VE11E_LATEST_20181129",
  "ConversionSoftware": "dcm2niix",
  "ConversionSoftwareVersion": "v1.0.20220720",
  "DerivedVendorReportedEchoSpacing": 0.000570008,
  "DeviceSerialNumber": "66112",
  "DiffusionScheme": "Monopolar",
  "DwellTime": 2e-06,
  "EchoTime": 0.075,
  "EchoTrainLength": 61,
  "EffectiveEchoSpacing": 0.000285004,
  "FlipAngle": 90,
  "HeudiconvVersion": "0.13.1",
  "ImageOrientationPatientDICOM": [0.990962, -0.134123, 0.00244944, 0.127297, 0.945972, 0.298214],
  "ImageOrientationText": "Tra>Cor(17.2)>Sag(2.4)",
  "ImageType": [
    "ORIGINAL",
    "PRIMARY",
    "DIFFUSION",
    "NONE",
    "ND",
    "NORM",
    "MOSAIC"
],
  "ImagingFrequency": 123.259,
  "InPlanePhaseEncodingDirectionDICOM": "COL",
  "InstitutionAddress": "Maynard 3,Hanover,NH,US,03755",
  "InstitutionName": "Dartmouth College - PBS",
  "InstitutionalDepartmentName": "Department",
  "MRAcquisitionType": "2D",
  "MagneticFieldStrength": 3,
  "Manufacturer": "Siemens",
  "ManufacturersModelName": "Prisma",
  "MatrixCoilMode": "GRAPPA",
  "Modality": "MR",
  "NonlinearGradientCorrection": false,
  "ParallelReductionFactorInPlane": 2,
  "PartialFourier": 1,
  "PatientPosition": "HFS",
  "PercentPhaseFOV": 100,
  "PercentSampling": 100,
  "PhaseEncodingDirection": "j-",
  "PhaseEncodingSteps": 122,
  "PhaseResolution": 1,
  "PixelBandwidth": 2050,
  "ProcedureStepDescription": "dbic^QA",
  "ProtocolName": "dwi_acq-DTI-30-p2",
  "PulseSequenceDetails": "%SiemensSeq%\\ep2d_diff",
  "ReceiveCoilActiveElements": "HEA;HEP",
  "ReceiveCoilName": "Head_32",
  "ReconMatrixPE": 122,
  "RefLinesPE": 38,
  "RepetitionTime": 7.7,
  "SAR": 0.0862577,
  "ScanOptions": "FS",
  "ScanningSequence": "EP",
  "SequenceName": "*ep_b0",
  "SequenceVariant": "SK\\SP",
  "SeriesDescription": "dwi_acq-DTI-30-p2",
  "SeriesNumber": 9,
  "ShimSetting": [4217, -7747, -7497, -27, -162, -27, -13, 63],
  "SliceThickness": 2,
  "SliceTiming": [3.84, 0, 3.95, 0.11, 4.06, 0.22, 4.17, 0.33, 4.28, 0.44, 4.39, 0.55, 4.4975, 0.66, 4.6075, 0.7675, 4.7175, 0.8775, 4.8275, 0.9875, 4.9375, 1.0975, 5.0475, 1.2075, 5.1575, 1.3175, 5.2675, 1.4275, 5.3775, 1.5375, 5.485, 1.645, 5.595, 1.755, 5.705, 1.865, 5.815, 1.975, 5.925, 2.085, 6.035, 2.195, 6.145, 2.305, 6.255, 2.415, 6.3625, 2.525, 6.4725, 2.6325, 6.5825, 2.7425, 6.6925, 2.8525, 6.8025, 2.9625, 6.9125, 3.0725, 7.0225, 3.1825, 7.1325, 3.2925, 7.2425, 3.4025, 7.35, 3.5125, 7.46, 3.62, 7.57, 3.73],
  "SoftwareVersions": "syngo MR E11",
  "SpacingBetweenSlices": 2,
  "SpoilingState": true,
  "StationName": "AWP66112",
  "TotalReadoutTime": 0.0344855,
  "TxRefAmp": 226.073,
  "dcmmeta_affine": [
    [-1.9494328498840332, 0.25041985511779785, 0.08462905883789062, 101.09547424316406],
    [0.26384857296943665, 1.860929250717163, 0.5904146432876587, -146.82937622070312],
    [0.004818570334464312, -0.5866514444351196, 1.9089914560317993, -40.779483795166016],
    [0.0, 0.0, 0.0, 1.0]
],
  "dcmmeta_reorient_transform": [
    [0.0, -1.0, 0.0, 121.0],
    [1.0, 0.0, 0.0, 0.0],
    [0.0, 0.0, 1.0, 0.0],
    [0.0, 0.0, 0.0, 1.0]
],
  "dcmmeta_shape": [122, 122, 70, 31],
  "dcmmeta_slice_dim": 2,
  "dcmmeta_version": 0.6,
  "global": {
    "const": {
      "AccessionNumber": "qa",
      "AcquisitionMatrix": [122, 0, 0, 122],
      "AngioFlag": "N",
      "BitsAllocated": 16,
      "BitsStored": 12,
      "BodyPartExamined": "BRAIN",
      "Columns": 1098,
      "EchoNumbers": 1,
      "EchoTime": 75.0,
      "EchoTrainLength": 61,
      "FlipAngle": 90.0,
      "HighBit": 11,
      "ImageOrientationPatient": [0.99096166238843, -0.1341230178618, 0.00244943993692, 0.12729675668214, 0.94597233285659, 0.29821448859517],
      "ImagePositionPatient": [-1204.9243825903, -857.71841637816, -400.40168824326],
      "ImageType": [
        "ORIGINAL",
        "PRIMARY",
        "DIFFUSION",
        "NONE",
        "ND",
        "NORM",
        "MOSAIC"
],
      "ImagedNucleus": "1H",
      "ImagingFrequency": 123.259129,
      "InPlanePhaseEncodingDirection": "COL",
      "MRAcquisitionType": "2D",
      "MagneticFieldStrength": 3.0,
      "Manufacturer": "SIEMENS",
      "ManufacturerModelName": "Prisma",
      "Modality": "MR",
      "NumberOfAverages": 1.0,
      "NumberOfPhaseEncodingSteps": 122,
      "PercentPhaseFieldOfView": 100.0,
      "PercentSampling": 100.0,
      "PerformedProcedureStepStartTime": "093644.786000",
      "PhotometricInterpretation": "MONOCHROME2",
      "PixelBandwidth": 2050.0,
      "PixelRepresentation": 0,
      "PixelSpacing": [1.9672131538391, 1.9672131538391],
      "ProtocolName": "dwi_acq-DTI-30-p2",
      "RepetitionTime": 7700.0,
      "Rows": 1098,
      "SAR": 0.08625768459124,
      "SamplesPerPixel": 1,
      "ScanOptions": "FS",
      "ScanningSequence": "EP",
      "SequenceVariant": [
        "SK",
        "SP"
],
      "SeriesDescription": "dwi_acq-DTI-30-p2",
      "SeriesNumber": 9,
      "SeriesTime": "101100.737000",
      "SliceLocation": -77.991142882258,
      "SliceThickness": 2.0,
      "SmallestImagePixelValue": 0,
      "SoftwareVersions": "syngo MR E11",
      "SpacingBetweenSlices": 2.0000000092673,
      "SpecificCharacterSet": "ISO_IR 100",
      "StudyID": "18",
      "StudyTime": "093644.715000",
      "TransmitCoilName": "Body",
      "VariableFlipAngleFlag": "N",
      "WindowCenterWidthExplanation": "Algo1"
    },
    "slices": {}
  },
  "time": {
    "samples": {
      "AcquisitionNumber": [1, 2, 3, 4, 5, 6, 7, 8, 9, 10, 11, 12, 13, 14, 15, 16, 17, 18, 19, 20, 21, 22, 23, 24, 25, 26, 27, 28, 29, 30, 31],
      "AcquisitionTime": ["100828.207500", "100835.907500", "100843.607500", "100851.307500", "100859.007500", "100906.707500", "100914.407500", "100922.107500", "100929.807500", "100937.507500", "100945.207500", "100952.907500", "101000.607500", "101008.307500", "101016.007500", "101023.707500", "101031.407500", "101039.107500", "101046.807500", "101054.507500", "101102.207500", "101109.907500", "101117.607500", "101125.307500", "101133.007500", "101140.707500", "101148.407500", "101156.107500", "101203.807500", "101211.507500", "101219.207500"],
      "ContentTime": ["101100.740000", "101100.744000", "101100.747000", "101100.755000", "101100.757000", "101100.760000", "101100.763000", "101100.766000", "101100.769000", "101100.772000", "101100.775000", "101100.778000", "101100.787000", "101100.790000", "101100.793000", "101100.796000", "101100.804000", "101100.807000", "101100.810000", "101100.813000", "101224.002000", "101224.006000", "101224.010000", "101224.015000", "101224.018000", "101224.021000", "101224.031000", "101224.034000", "101224.037000", "101224.041000", "101224.044000"],
      "InstanceCreationTime": ["101100.740000", "101100.744000", "101100.747000", "101100.755000", "101100.757000", "101100.760000", "101100.763000", "101100.766000", "101100.769000", "101100.772000", "101100.775000", "101100.778000", "101100.787000", "101100.790000", "101100.793000", "101100.796000", "101100.804000", "101100.807000", "101100.810000", "101100.813000", "101224.002000", "101224.006000", "101224.010000", "101224.015000", "101224.018000", "101224.021000", "101224.031000", "101224.034000", "101224.037000", "101224.041000", "101224.044000"],
      "InstanceNumber": [1, 2, 3, 4, 5, 6, 7, 8, 9, 10, 11, 12, 13, 14, 15, 16, 17, 18, 19, 20, 21, 22, 23, 24, 25, 26, 27, 28, 29, 30, 31],
      "LargestImagePixelValue": [2022, 294, 293, 289, 281, 284, 285, 293, 286, 294, 293, 283, 280, 299, 291, 294, 277, 277, 284, 276, 284, 281, 280, 281, 294, 276, 279, 279, 283, 281, 286],
      "SequenceName": [
        "*ep_b0",
        "*ep_b1000#1",
        "*ep_b1000#2",
        "*ep_b1000#3",
        "*ep_b1000#4",
        "*ep_b1000#5",
        "*ep_b1000#6",
        "*ep_b1000#7",
        "*ep_b1000#8",
        "*ep_b1000#9",
        "*ep_b1000#10",
        "*ep_b1000#11",
        "*ep_b1000#12",
        "*ep_b1000#13",
        "*ep_b1000#14",
        "*ep_b1000#15",
        "*ep_b1000#16",
        "*ep_b1000#17",
        "*ep_b1000#18",
        "*ep_b1000#19",
        "*ep_b1000#20",
        "*ep_b1000#21",
        "*ep_b1000#22",
        "*ep_b1000#23",
        "*ep_b1000#24",
        "*ep_b1000#25",
        "*ep_b1000#26",
        "*ep_b1000#27",
        "*ep_b1000#28",
        "*ep_b1000#29",
        "*ep_b1000#30"
],
      "WindowCenter": [883.0, 220.0, 220.0, 220.0, 218.0, 216.0, 217.0, 218.0, 219.0, 219.0, 217.0, 217.0, 218.0, 218.0, 218.0, 218.0, 218.0, 217.0, 219.0, 219.0, 220.0, 219.0, 218.0, 217.0, 217.0, 219.0, 219.0, 219.0, 218.0, 218.0, 219.0],
      "WindowWidth": [1940.0, 499.0, 499.0, 499.0, 496.0, 493.0, 494.0, 496.0, 498.0, 497.0, 494.0, 493.0, 496.0, 496.0, 495.0, 496.0, 495.0, 493.0, 497.0, 497.0, 499.0, 497.0, 495.0, 493.0, 494.0, 497.0, 497.0, 497.0, 496.0, 495.0, 497.0]
    },
    "slices": {}
  }
}