{
  "AcquisitionMatrixPE": 122,
  "AcquisitionNumber": 1,
  "AcquisitionTime": "10:24:41.507500",
  "BandwidthPerPixelPhaseEncode": 27.785,
  "BaseResolution": 122,
  "BodyPartExamined": "BRAIN",
  "CoilCombinationMethod": "Adaptive Combine",
  "ConsistencyInfo": "N4_VE11E_LATEST_20181129",
  "ConversionSoftware": "dcm2niix",
  "ConversionSoftwareVersion": "v1.0.20220720",
  "DerivedVendorReportedEchoSpacing": 0.000590011,
  "DeviceSerialNumber": "66112",
  "DiffusionScheme": "Monopolar",
  "DwellTime": 2e-06,
  "EchoTime": 0.068,
  "EchoTrainLength": 61,
  "EffectiveEchoSpacing": 0.000295005,
  "FlipAngle": 90,
  "HeudiconvVersion": "0.13.1",
  "ImageOrientationPatientDICOM": [0.98433, -0.176298, 0.00376163, 0.167017, 0.938931, 0.300856],
  "ImageOrientationText": "Tra>Cor(17.2)>Sag(3.2)",
  "ImageType": [
    "ORIGINAL",
    "PRIMARY",
    "DIFFUSION",
    "NONE",
    "ND",
    "NORM",
    "MOSAIC"
],
  "ImagingFrequency": 123.259,
  "InPlanePhaseEncodingDirectionDICOM": "COL",
  "InstitutionAddress": "Maynard 3,Hanover,NH,US,03755",
  "InstitutionName": "Dartmouth College - PBS",
  "InstitutionalDepartmentName": "Department",
  "MRAcquisitionType": "2D",
  "MagneticFieldStrength": 3,
  "Manufacturer": "Siemens",
  "ManufacturersModelName": "Prisma",
  "Modality": "MR",
  "MultibandAccelerationFactor": 4,
  "NonlinearGradientCorrection": false,
  "ParallelReductionFactorInPlane": 2,
  "PartialFourier": 1,
  "PatientPosition": "HFS",
  "PercentPhaseFOV": 100,
  "PercentSampling": 100,
  "PhaseEncodingDirection": "j-",
  "PhaseEncodingSteps": 122,
  "PhaseResolution": 1,
  "PixelBandwidth": 2050,
  "ProcedureStepDescription": "dbic^QA",
  "ProtocolName": "dwi_acq-DTI-30-p2-s4",
  "PulseSequenceDetails": "%SiemensSeq%\\ep2d_diff",
  "ReceiveCoilActiveElements": "HEA;HEP",
  "ReceiveCoilName": "Head_32",
  "ReconMatrixPE": 122,
  "RefLinesPE": 38,
  "RepetitionTime": 3.6,
  "SAR": 0.199961,
  "ScanOptions": "FS",
  "ScanningSequence": "EP",
  "SequenceName": "*ep_b0",
  "SequenceVariant": "SK\\SP",
  "SeriesDescription": "dwi_acq-DTI-30-p2-s4",
  "SeriesNumber": 10,
  "ShimSetting": [4217, -7745, -7497, -34, -153, -43, -14, 64],
  "SliceThickness": 2,
  "SliceTiming": [2.585, 0, 1.79, 0.2, 1.99, 0.3975, 2.1875, 0.5975, 2.3875, 0.995, 2.785, 1.195, 2.9825, 1.3925, 3.1825, 1.5925, 3.3825, 0.795, 2.585, 0, 1.79, 0.2, 1.99, 0.3975, 2.1875, 0.5975, 2.3875, 0.995, 2.785, 1.195, 2.9825, 1.3925, 3.1825, 1.5925, 3.3825, 0.795, 2.585, 0, 1.79, 0.2, 1.99, 0.3975, 2.1875, 0.5975, 2.3875, 0.995, 2.785, 1.195, 2.9825, 1.3925, 3.1825, 1.5925, 3.3825, 0.795, 2.585, 0, 1.79, 0.2, 1.99, 0.3975, 2.1875, 0.5975, 2.3875, 0.995, 2.785, 1.195, 2.9825, 1.3925, 3.1825, 1.5925, 3.3825, 0.795],
  "SoftwareVersions": "syngo MR E11",
  "SpacingBetweenSlices": 2,
  "SpoilingState": true,
  "StationName": "AWP66112",
  "TotalReadoutTime": 0.0356956,
  "TxRefAmp": 221.453,
  "dcmmeta_affine": [
    [-1.936386227607727, 0.32855814695358276, 0.11314426362514496, 93.3149185180664],
    [0.3468155860900879, 1.8470771312713623, 0.591025710105896, -154.05345153808594],
    [0.007399935275316238, -0.5918471217155457, 1.9073245525360107, -40.26707458496094],
    [0.0, 0.0, 0.0, 1.0]
],
  "dcmmeta_reorient_transform": [
    [0.0, -1.0, 0.0, 121.0],
    [1.0, 0.0, 0.0, 0.0],
    [0.0, 0.0, 1.0, 0.0],
    [0.0, 0.0, 0.0, 1.0]
],
  "dcmmeta_shape": [122, 122, 72, 31],
  "dcmmeta_slice_dim": 2,
  "dcmmeta_version": 0.6,
  "global": {
    "const": {
      "AccessionNumber": "qa",
      "AcquisitionMatrix": [122, 0, 0, 122],
      "AngioFlag": "N",
      "BitsAllocated": 16,
      "BitsStored": 12,
      "BodyPartExamined": "BRAIN",
      "Columns": 1098,
      "EchoNumbers": 1,
      "EchoTime": 68.0,
      "EchoTrainLength": 61,
      "FlipAngle": 90.0,
      "HighBit": 11,
      "ImageOrientationPatient": [0.98432966803541, -0.1762979147296, 0.00376163359323, 0.16701706055878, 0.93893088087006, 0.30085561725],
      "ImagePositionPatient": [-1238.3633365348, -801.57055308458, -404.31314501543],
      "ImageType": [
        "ORIGINAL",
        "PRIMARY",
        "DIFFUSION",
        "NONE",
        "ND",
        "NORM",
        "MOSAIC"
],
      "ImagedNucleus": "1H",
      "ImagingFrequency": 123.259179,
      "InPlanePhaseEncodingDirection": "COL",
      "MRAcquisitionType": "2D",
      "MagneticFieldStrength": 3.0,
      "Manufacturer": "SIEMENS",
      "ManufacturerModelName": "Prisma",
      "Modality": "MR",
      "NumberOfAverages": 1.0,
      "NumberOfPhaseEncodingSteps": 122,
      "PercentPhaseFieldOfView": 100.0,
      "PercentSampling": 100.0,
      "PerformedProcedureStepStartTime": "093654.614000",
      "PhotometricInterpretation": "MONOCHROME2",
      "PixelBandwidth": 2050.0,
      "PixelRepresentation": 0,
      "PixelSpacing": [1.9672131538391, 1.9672131538391],
      "ProtocolName": "dwi_acq-DTI-30-p2-s4",
      "RepetitionTime": 3600.0,
      "Rows": 1098,
      "SAR": 0.19996140191166,
      "SamplesPerPixel": 1,
      "ScanOptions": "FS",
      "ScanningSequence": "EP",
      "SequenceVariant": [
        "SK",
        "SP"
],
      "SeriesDescription": "dwi_acq-DTI-30-p2-s4",
      "SeriesNumber": 10,
      "SeriesTime": "102553.812000",
      "SliceLocation": -78.646941496428,
      "SliceThickness": 2.0,
      "SmallestImagePixelValue": 0,
      "SoftwareVersions": "syngo MR E11",
      "SpacingBetweenSlices": 1.9999999943011,
      "SpecificCharacterSet": "ISO_IR 100",
      "StudyID": "32",
      "StudyTime": "093654.578000",
      "TransmitCoilName": "Body",
      "VariableFlipAngleFlag": "N",
      "WindowCenterWidthExplanation": "Algo1"
    },
    "slices": {}
  },
  "time": {
    "samples": {
      "AcquisitionNumber": [1, 2, 3, 4, 5, 6, 7, 8, 9, 10, 11, 12, 13, 14, 15, 16, 17, 18, 19, 20, 21, 22, 23, 24, 25, 26, 27, 28, 29, 30, 31],
      "AcquisitionTime": ["102441.507500", "102445.107500", "102448.707500", "102452.307500", "102455.907500", "102459.507500", "102503.107500", "102506.707500", "102510.307500", "102513.907500", "102517.507500", "102521.107500", "102524.707500", "102528.307500", "102531.907500", "102535.507500", "102539.107500", "102542.707500", "102546.307500", "102549.907500", "102553.507500", "102557.107500", "102600.707500", "102604.307500", "102607.907500", "102611.507500", "102615.107500", "102618.707500", "102622.307500", "102625.907500", "102629.507500"],
      "ContentTime": ["102553.816000", "102553.819000", "102553.822000", "102553.825000", "102553.828000", "102553.831000", "102553.834000", "102553.837000", "102553.840000", "102553.843000", "102553.846000", "102553.849000", "102553.852000", "102553.864000", "102553.867000", "102553.870000", "102553.873000", "102553.876000", "102553.879000", "102553.882000", "102631.397000", "102631.401000", "102631.406000", "102631.410000", "102631.414000", "102631.418000", "102631.421000", "102631.432000", "102631.435000", "102631.438000", "102631.441000"],
      "InstanceCreationTime": ["102553.816000", "102553.819000", "102553.822000", "102553.825000", "102553.828000", "102553.831000", "102553.834000", "102553.837000", "102553.840000", "102553.843000", "102553.846000", "102553.849000", "102553.852000", "102553.864000", "102553.867000", "102553.870000", "102553.873000", "102553.876000", "102553.879000", "102553.882000", "102631.397000", "102631.401000", "102631.406000", "102631.410000", "102631.414000", "102631.418000", "102631.421000", "102631.432000", "102631.435000", "102631.438000", "102631.441000"],
      "InstanceNumber": [1, 2, 3, 4, 5, 6, 7, 8, 9, 10, 11, 12, 13, 14, 15, 16, 17, 18, 19, 20, 21, 22, 23, 24, 25, 26, 27, 28, 29, 30, 31],
      "LargestImagePixelValue": [2076, 310, 312, 320, 304, 301, 302, 304, 319, 310, 305, 305, 301, 304, 295, 296, 296, 300, 309, 295, 308, 318, 305, 300, 298, 312, 321, 318, 316, 318, 309],
      "SequenceName": [
        "*ep_b0",
        "*ep_b1000#1",
        "*ep_b1000#2",
        "*ep_b1000#3",
        "*ep_b1000#4",
        "*ep_b1000#5",
        "*ep_b1000#6",
        "*ep_b1000#7",
        "*ep_b1000#8",
        "*ep_b1000#9",
        "*ep_b1000#10",
        "*ep_b1000#11",
        "*ep_b1000#12",
        "*ep_b1000#13",
        "*ep_b1000#14",
        "*ep_b1000#15",
        "*ep_b1000#16",
        "*ep_b1000#17",
        "*ep_b1000#18",
        "*ep_b1000#19",
        "*ep_b1000#20",
        "*ep_b1000#21",
        "*ep_b1000#22",
        "*ep_b1000#23",
        "*ep_b1000#24",
        "*ep_b1000#25",
        "*ep_b1000#26",
        "*ep_b1000#27",
        "*ep_b1000#28",
        "*ep_b1000#29",
        "*ep_b1000#30"
],
      "WindowCenter": [909.0, 233.0, 234.0, 234.0, 231.0, 230.0, 232.0, 232.0, 234.0, 233.0, 230.0, 229.0, 234.0, 233.0, 233.0, 233.0, 232.0, 229.0, 234.0, 235.0, 233.0, 233.0, 232.0, 230.0, 229.0, 232.0, 233.0, 233.0, 234.0, 233.0, 233.0],
      "WindowWidth": [2018.0, 525.0, 527.0, 527.0, 523.0, 520.0, 523.0, 523.0, 527.0, 525.0, 521.0, 519.0, 529.0, 525.0, 525.0, 527.0, 524.0, 519.0, 528.0, 529.0, 526.0, 526.0, 524.0, 520.0, 519.0, 524.0, 526.0, 525.0, 527.0, 526.0, 526.0]
    },
    "slices": {}
  }
}