{
  "AcquisitionMatrixPE": 122,
  "AcquisitionNumber": 1,
  "AcquisitionTime": "09:59:19.175000",
  "BandwidthPerPixelPhaseEncode": 28.76,
  "BaseResolution": 122,
  "BodyPartExamined": "BRAIN",
  "CoilCombinationMethod": "Adaptive Combine",
  "ConsistencyInfo": "N4_VE11E_LATEST_20181129",
  "ConversionSoftware": "dcm2niix",
  "ConversionSoftwareVersion": "v1.0.20220720",
  "DerivedVendorReportedEchoSpacing": 0.000570008,
  "DeviceSerialNumber": "66112",
  "DiffusionScheme": "Monopolar",
  "DwellTime": 2e-06,
  "EchoTime": 0.075,
  "EchoTrainLength": 61,
  "EffectiveEchoSpacing": 0.000285004,
  "FlipAngle": 90,
  "HeudiconvVersion": "0.13.1",
  "ImageOrientationPatientDICOM": [0.998648, 0.00779049, -0.0514031, 0.00819216, 0.952778, 0.303556],
  "ImageOrientationText": "Tra>Cor(17.7)>Sag(-2.9)",
  "ImageType": [
    "ORIGINAL",
    "PRIMARY",
    "DIFFUSION",
    "NONE",
    "ND",
    "NORM",
    "MOSAIC"
],
  "ImagingFrequency": 123.252,
  "InPlanePhaseEncodingDirectionDICOM": "COL",
  "InstitutionAddress": "Maynard 3,Hanover,NH,US,03755",
  "InstitutionName": "Dartmouth College - PBS",
  "InstitutionalDepartmentName": "Department",
  "MRAcquisitionType": "2D",
  "MagneticFieldStrength": 3,
  "Manufacturer": "Siemens",
  "ManufacturersModelName": "Prisma",
  "MatrixCoilMode": "GRAPPA",
  "Modality": "MR",
  "NonlinearGradientCorrection": false,
  "ParallelReductionFactorInPlane": 2,
  "PartialFourier": 1,
  "PatientPosition": "HFS",
  "PercentPhaseFOV": 100,
  "PercentSampling": 100,
  "PhaseEncodingDirection": "j-",
  "PhaseEncodingSteps": 122,
  "PhaseResolution": 1,
  "PixelBandwidth": 2050,
  "ProcedureStepDescription": "dbic^QA",
  "ProtocolName": "dwi_acq-DTI-30-p2",
  "PulseSequenceDetails": "%SiemensSeq%\\ep2d_diff",
  "ReceiveCoilActiveElements": "HEA;HEP",
  "ReceiveCoilName": "Head_32",
  "ReconMatrixPE": 122,
  "RefLinesPE": 38,
  "RepetitionTime": 7.7,
  "SAR": 0.0877402,
  "ScanOptions": "FS",
  "ScanningSequence": "EP",
  "SequenceName": "*ep_b0",
  "SequenceVariant": "SK\\SP",
  "SeriesDescription": "dwi_acq-DTI-30-p2",
  "SeriesNumber": 12,
  "ShimSetting": [4139, -7698, -7525, 276, -96, -106, 32, 46],
  "SliceThickness": 2,
  "SliceTiming": [3.84, 0, 3.95, 0.11, 4.0575, 0.22, 4.1675, 0.3275, 4.2775, 0.4375, 4.3875, 0.5475, 4.4975, 0.6575, 4.6075, 0.7675, 4.7175, 0.8775, 4.8275, 0.9875, 4.9375, 1.0975, 5.045, 1.205, 5.155, 1.315, 5.265, 1.425, 5.375, 1.535, 5.485, 1.645, 5.595, 1.755, 5.705, 1.865, 5.815, 1.975, 5.925, 2.085, 6.0325, 2.1925, 6.1425, 2.3025, 6.2525, 2.4125, 6.3625, 2.5225, 6.4725, 2.6325, 6.5825, 2.7425, 6.6925, 2.8525, 6.8025, 2.9625, 6.91, 3.0725, 7.02, 3.18, 7.13, 3.29, 7.24, 3.4, 7.35, 3.51, 7.46, 3.62, 7.57, 3.73],
  "SoftwareVersions": "syngo MR E11",
  "SpacingBetweenSlices": 2,
  "SpoilingState": true,
  "StationName": "AWP66112",
  "TotalReadoutTime": 0.0344855,
  "TxRefAmp": 232.827,
  "dcmmeta_affine": [
    [-1.964552640914917, 0.016115723177790642, -0.10268115997314453, 121.08977508544922],
    [-0.015325563959777355, 1.8743183612823486, 0.6071326732635498, -125.20420837402344],
    [-0.10112077742815018, -0.5971589088439941, 1.902852177619934, -14.199722290039062],
    [0.0, 0.0, 0.0, 1.0]
],
  "dcmmeta_reorient_transform": [
    [0.0, -1.0, 0.0, 121.0],
    [1.0, 0.0, 0.0, 0.0],
    [0.0, 0.0, 1.0, 0.0],
    [0.0, 0.0, 0.0, 1.0]
],
  "dcmmeta_shape": [122, 122, 70, 31],
  "dcmmeta_slice_dim": 2,
  "dcmmeta_version": 0.6,
  "global": {
    "const": {
      "AccessionNumber": "qa",
      "AcquisitionMatrix": [122, 0, 0, 122],
      "AngioFlag": "N",
      "BitsAllocated": 16,
      "BitsStored": 12,
      "BodyPartExamined": "BRAIN",
      "Columns": 1098,
      "EchoNumbers": 1,
      "EchoTime": 75.0,
      "EchoTrainLength": 61,
      "FlipAngle": 90.0,
      "HighBit": 11,
      "ImageOrientationPatient": [0.99864760220308, 0.00779049490947, -0.0514030621957, 0.00819215942046, 0.95277845470704, 0.30355576879727],
      "ImagePositionPatient": [-1089.6059709347, -1023.7345135488, -328.52255274684],
      "ImageType": [
        "ORIGINAL",
        "PRIMARY",
        "DIFFUSION",
        "NONE",
        "ND",
        "NORM",
        "MOSAIC"
],
      "ImagedNucleus": "1H",
      "ImagingFrequency": 123.25235,
      "InPlanePhaseEncodingDirection": "COL",
      "MRAcquisitionType": "2D",
      "MagneticFieldStrength": 3.0,
      "Manufacturer": "SIEMENS",
      "ManufacturerModelName": "Prisma",
      "Modality": "MR",
      "NumberOfAverages": 1.0,
      "NumberOfPhaseEncodingSteps": 122,
      "PercentPhaseFieldOfView": 100.0,
      "PercentSampling": 100.0,
      "PerformedProcedureStepStartTime": "092429.543000",
      "PhotometricInterpretation": "MONOCHROME2",
      "PixelBandwidth": 2050.0,
      "PixelRepresentation": 0,
      "PixelSpacing": [1.9672131538391, 1.9672131538391],
      "ProtocolName": "dwi_acq-DTI-30-p2",
      "RepetitionTime": 7700.0,
      "Rows": 1098,
      "SAR": 0.08774018579306,
      "SamplesPerPixel": 1,
      "ScanOptions": "FS",
      "ScanningSequence": "EP",
      "SequenceVariant": [
        "SK",
        "SP"
],
      "SeriesDescription": "dwi_acq-DTI-30-p2",
      "SeriesNumber": 12,
      "SeriesTime": "100204.585000",
      "SliceLocation": -57.734590689719,
      "SliceThickness": 2.0,
      "SmallestImagePixelValue": 0,
      "SoftwareVersions": "syngo MR E11",
      "SpacingBetweenSlices": 1.9999999638301,
      "SpecificCharacterSet": "ISO_IR 100",
      "StudyID": "5",
      "StudyTime": "092429.450000",
      "TransmitCoilName": "Body",
      "VariableFlipAngleFlag": "N",
      "WindowCenterWidthExplanation": "Algo1"
    },
    "slices": {}
  },
  "time": {
    "samples": {
      "AcquisitionNumber": [1, 2, 3, 4, 5, 6, 7, 8, 9, 10, 11, 12, 13, 14, 15, 16, 17, 18, 19, 20, 21, 22, 23, 24, 25, 26, 27, 28, 29, 30, 31],
      "AcquisitionTime": ["095919.175000", "095926.875000", "095934.575000", "095942.275000", "095949.975000", "095957.675000", "100005.375000", "100013.075000", "100020.775000", "100028.475000", "100036.175000", "100043.875000", "100051.575000", "100059.275000", "100106.975000", "100114.675000", "100122.375000", "100130.075000", "100137.775000", "100145.475000", "100153.175000", "100200.875000", "100208.575000", "100216.275000", "100223.975000", "100231.675000", "100239.375000", "100247.075000", "100254.775000", "100302.475000", "100310.175000"],
      "ContentTime": ["100204.589000", "100204.593000", "100204.595000", "100204.607000", "100204.610000", "100204.617000", "100204.620000", "100204.623000", "100204.626000", "100204.629000", "100204.632000", "100204.635000", "100204.638000", "100204.641000", "100204.644000", "100204.647000", "100204.651000", "100204.654000", "100204.657000", "100204.660000", "100204.663000", "100314.415000", "100314.419000", "100314.428000", "100314.431000", "100314.434000", "100314.438000", "100314.441000", "100314.445000", "100314.448000", "100314.451000"],
      "InstanceCreationTime": ["100204.589000", "100204.593000", "100204.595000", "100204.607000", "100204.610000", "100204.617000", "100204.620000", "100204.623000", "100204.626000", "100204.629000", "100204.632000", "100204.635000", "100204.638000", "100204.641000", "100204.644000", "100204.647000", "100204.651000", "100204.654000", "100204.657000", "100204.660000", "100204.663000", "100314.415000", "100314.419000", "100314.428000", "100314.431000", "100314.434000", "100314.438000", "100314.441000", "100314.445000", "100314.448000", "100314.451000"],
      "InstanceNumber": [1, 2, 3, 4, 5, 6, 7, 8, 9, 10, 11, 12, 13, 14, 15, 16, 17, 18, 19, 20, 21, 22, 23, 24, 25, 26, 27, 28, 29, 30, 31],
      "LargestImagePixelValue": [2370, 332, 330, 343, 323, 327, 330, 339, 337, 343, 323, 323, 338, 333, 334, 338, 323, 326, 337, 326, 336, 340, 333, 332, 315, 321, 331, 330, 327, 347, 353],
      "SequenceName": [
        "*ep_b0",
        "*ep_b1000#1",
        "*ep_b1000#2",
        "*ep_b1000#3",
        "*ep_b1000#4",
        "*ep_b1000#5",
        "*ep_b1000#6",
        "*ep_b1000#7",
        "*ep_b1000#8",
        "*ep_b1000#9",
        "*ep_b1000#10",
        "*ep_b1000#11",
        "*ep_b1000#12",
        "*ep_b1000#13",
        "*ep_b1000#14",
        "*ep_b1000#15",
        "*ep_b1000#16",
        "*ep_b1000#17",
        "*ep_b1000#18",
        "*ep_b1000#19",
        "*ep_b1000#20",
        "*ep_b1000#21",
        "*ep_b1000#22",
        "*ep_b1000#23",
        "*ep_b1000#24",
        "*ep_b1000#25",
        "*ep_b1000#26",
        "*ep_b1000#27",
        "*ep_b1000#28",
        "*ep_b1000#29",
        "*ep_b1000#30"
],
      "WindowCenter": [935.0, 237.0, 237.0, 237.0, 236.0, 236.0, 236.0, 237.0, 238.0, 237.0, 235.0, 235.0, 237.0, 236.0, 235.0, 236.0, 236.0, 235.0, 236.0, 236.0, 237.0, 237.0, 235.0, 235.0, 235.0, 236.0, 236.0, 235.0, 235.0, 236.0, 236.0],
      "WindowWidth": [2086.0, 534.0, 534.0, 534.0, 532.0, 531.0, 531.0, 533.0, 535.0, 533.0, 530.0, 530.0, 533.0, 531.0, 530.0, 531.0, 532.0, 530.0, 531.0, 532.0, 534.0, 533.0, 529.0, 529.0, 530.0, 532.0, 531.0, 530.0, 529.0, 532.0, 531.0]
    },
    "slices": {}
  }
}