{
  "AcquisitionMatrixPE": 122,
  "AcquisitionNumber": 1,
  "AcquisitionTime": "10:33:23.192500",
  "BandwidthPerPixelPhaseEncode": 28.76,
  "BaseResolution": 122,
  "BodyPartExamined": "BRAIN",
  "CoilCombinationMethod": "Adaptive Combine",
  "ConsistencyInfo": "N4_VE11E_LATEST_20181129",
  "ConversionSoftware": "dcm2niix",
  "ConversionSoftwareVersion": "v1.0.20220720",
  "DerivedVendorReportedEchoSpacing": 0.000570008,
  "DeviceSerialNumber": "66112",
  "DiffusionScheme": "Monopolar",
  "DwellTime": 2e-06,
  "EchoTime": 0.075,
  "EchoTrainLength": 61,
  "EffectiveEchoSpacing": 0.000285004,
  "FlipAngle": 90,
  "HeudiconvVersion": "0.13.1",
  "ImageOrientationPatientDICOM": [0.98834, 0.151945, 0.00979482, -0.147708, 0.941195, 0.303867],
  "ImageOrientationText": "Tra>Cor(17.6)>Sag(-2.1)",
  "ImageType": [
    "ORIGINAL",
    "PRIMARY",
    "DIFFUSION",
    "NONE",
    "ND",
    "NORM",
    "MOSAIC"
],
  "ImagingFrequency": 123.259,
  "InPlanePhaseEncodingDirectionDICOM": "COL",
  "InstitutionAddress": "Maynard 3,Hanover,NH,US,03755",
  "InstitutionName": "Dartmouth College - PBS",
  "InstitutionalDepartmentName": "Department",
  "MRAcquisitionType": "2D",
  "MagneticFieldStrength": 3,
  "Manufacturer": "Siemens",
  "ManufacturersModelName": "Prisma",
  "MatrixCoilMode": "GRAPPA",
  "Modality": "MR",
  "NonlinearGradientCorrection": false,
  "ParallelReductionFactorInPlane": 2,
  "PartialFourier": 1,
  "PatientPosition": "HFS",
  "PercentPhaseFOV": 100,
  "PercentSampling": 100,
  "PhaseEncodingDirection": "j-",
  "PhaseEncodingSteps": 122,
  "PhaseResolution": 1,
  "PixelBandwidth": 2050,
  "ProcedureStepDescription": "dbic^QA",
  "ProtocolName": "dwi_acq-DTI-30-p2",
  "PulseSequenceDetails": "%SiemensSeq%\\ep2d_diff",
  "ReceiveCoilActiveElements": "HEA;HEP",
  "ReceiveCoilName": "Head_32",
  "ReconMatrixPE": 122,
  "RefLinesPE": 38,
  "RepetitionTime": 7.7,
  "SAR": 0.100293,
  "ScanOptions": "FS",
  "ScanningSequence": "EP",
  "SequenceName": "*ep_b0",
  "SequenceVariant": "SK\\SP",
  "SeriesDescription": "dwi_acq-DTI-30-p2",
  "SeriesNumber": 9,
  "ShimSetting": [4229, -7747, -7498, -20, -120, -35, -2, 107],
  "SliceThickness": 2,
  "SliceTiming": [3.84, 0, 3.95, 0.11, 4.06, 0.22, 4.17, 0.33, 4.28, 0.44, 4.3875, 0.5475, 4.4975, 0.6575, 4.6075, 0.7675, 4.7175, 0.8775, 4.8275, 0.9875, 4.9375, 1.0975, 5.0475, 1.2075, 5.1575, 1.3175, 5.2675, 1.4275, 5.375, 1.535, 5.485, 1.645, 5.595, 1.755, 5.705, 1.865, 5.815, 1.975, 5.925, 2.085, 6.035, 2.195, 6.145, 2.305, 6.2525, 2.415, 6.3625, 2.5225, 6.4725, 2.6325, 6.5825, 2.7425, 6.6925, 2.8525, 6.8025, 2.9625, 6.9125, 3.0725, 7.0225, 3.1825, 7.1325, 3.2925, 7.24, 3.4, 7.35, 3.51, 7.46, 3.62, 7.57, 3.73],
  "SoftwareVersions": "syngo MR E11",
  "SpacingBetweenSlices": 2,
  "SpoilingState": true,
  "StationName": "AWP66112",
  "TotalReadoutTime": 0.0344855,
  "TxRefAmp": 226.236,
  "dcmmeta_affine": [
    [-1.944276213645935, -0.29057398438453674, -0.07390445470809937, 141.4161376953125],
    [-0.29890838265419006, 1.8515303134918213, 0.6035411357879639, -110.91449737548828],
    [0.019268503412604332, -0.597770631313324, 1.905328392982483, -27.93270492553711],
    [0.0, 0.0, 0.0, 1.0]
],
  "dcmmeta_reorient_transform": [
    [0.0, -1.0, 0.0, 121.0],
    [1.0, 0.0, 0.0, 0.0],
    [0.0, 0.0, 1.0, 0.0],
    [0.0, 0.0, 0.0, 1.0]
],
  "dcmmeta_shape": [122, 122, 70, 31],
  "dcmmeta_slice_dim": 2,
  "dcmmeta_version": 0.6,
  "global": {
    "const": {
      "AccessionNumber": "qa",
      "AcquisitionMatrix": [122, 0, 0, 122],
      "AngioFlag": "N",
      "BitsAllocated": 16,
      "BitsStored": 12,
      "BodyPartExamined": "BRAIN",
      "Columns": 1098,
      "EchoNumbers": 1,
      "EchoTime": 75.0,
      "EchoTrainLength": 61,
      "FlipAngle": 90.0,
      "HighBit": 11,
      "ImageOrientationPatient": [0.98834040117102, 0.15194509821656, 0.00979482215601, -0.1477084432622, 0.94119456990727, 0.30386674277739],
      "ImagePositionPatient": [-913.26338289466, -1162.5347737214, -401.37806253235],
      "ImageType": [
        "ORIGINAL",
        "PRIMARY",
        "DIFFUSION",
        "NONE",
        "ND",
        "NORM",
        "MOSAIC"
],
      "ImagedNucleus": "1H",
      "ImagingFrequency": 123.259103,
      "InPlanePhaseEncodingDirection": "COL",
      "MRAcquisitionType": "2D",
      "MagneticFieldStrength": 3.0,
      "Manufacturer": "SIEMENS",
      "ManufacturerModelName": "Prisma",
      "Modality": "MR",
      "NumberOfAverages": 1.0,
      "NumberOfPhaseEncodingSteps": 122,
      "PercentPhaseFieldOfView": 100.0,
      "PercentSampling": 100.0,
      "PerformedProcedureStepStartTime": "100403.289000",
      "PhotometricInterpretation": "MONOCHROME2",
      "PixelBandwidth": 2050.0,
      "PixelRepresentation": 0,
      "PixelSpacing": [1.9672131538391, 1.9672131538391],
      "ProtocolName": "dwi_acq-DTI-30-p2",
      "RepetitionTime": 7700.0,
      "Rows": 1098,
      "SAR": 0.1002931533163,
      "SamplesPerPixel": 1,
      "ScanOptions": "FS",
      "ScanningSequence": "EP",
      "SequenceVariant": [
        "SK",
        "SP"
],
      "SeriesDescription": "dwi_acq-DTI-30-p2",
      "SeriesNumber": 9,
      "SeriesTime": "103602.465000",
      "SliceLocation": -65.306859769598,
      "SliceThickness": 2.0,
      "SmallestImagePixelValue": 0,
      "SoftwareVersions": "syngo MR E11",
      "SpacingBetweenSlices": 2.0000000061382,
      "SpecificCharacterSet": "ISO_IR 100",
      "StudyID": "28",
      "StudyTime": "100403.204000",
      "TransmitCoilName": "Body",
      "VariableFlipAngleFlag": "N",
      "WindowCenterWidthExplanation": "Algo1"
    },
    "slices": {}
  },
  "time": {
    "samples": {
      "AcquisitionNumber": [1, 2, 3, 4, 5, 6, 7, 8, 9, 10, 11, 12, 13, 14, 15, 16, 17, 18, 19, 20, 21, 22, 23, 24, 25, 26, 27, 28, 29, 30, 31],
      "AcquisitionTime": ["103323.192500", "103330.892500", "103338.592500", "103346.292500", "103353.992500", "103401.692500", "103409.392500", "103417.092500", "103424.792500", "103432.492500", "103440.192500", "103447.892500", "103455.592500", "103503.292500", "103510.992500", "103518.692500", "103526.392500", "103534.092500", "103541.792500", "103549.492500", "103557.192500", "103604.892500", "103612.592500", "103620.292500", "103627.992500", "103635.692500", "103643.392500", "103651.092500", "103658.792500", "103706.492500", "103714.192500"],
      "ContentTime": ["103602.468000", "103602.472000", "103602.475000", "103602.478000", "103602.481000", "103602.484000", "103602.486000", "103602.489000", "103602.492000", "103602.495000", "103602.498000", "103602.501000", "103602.504000", "103602.507000", "103602.510000", "103602.513000", "103602.516000", "103602.519000", "103602.521000", "103602.524000", "103602.527000", "103718.727000", "103718.731000", "103718.740000", "103718.744000", "103718.747000", "103718.750000", "103718.753000", "103718.757000", "103718.761000", "103718.764000"],
      "InstanceCreationTime": ["103602.468000", "103602.472000", "103602.475000", "103602.478000", "103602.481000", "103602.484000", "103602.486000", "103602.489000", "103602.492000", "103602.495000", "103602.498000", "103602.501000", "103602.504000", "103602.507000", "103602.510000", "103602.513000", "103602.516000", "103602.519000", "103602.521000", "103602.524000", "103602.527000", "103718.727000", "103718.731000", "103718.740000", "103718.744000", "103718.747000", "103718.750000", "103718.753000", "103718.757000", "103718.761000", "103718.764000"],
      "InstanceNumber": [1, 2, 3, 4, 5, 6, 7, 8, 9, 10, 11, 12, 13, 14, 15, 16, 17, 18, 19, 20, 21, 22, 23, 24, 25, 26, 27, 28, 29, 30, 31],
      "LargestImagePixelValue": [1970, 294, 290, 293, 297, 307, 305, 298, 296, 293, 328, 309, 309, 299, 294, 295, 303, 317, 291, 299, 303, 300, 298, 288, 295, 283, 296, 297, 304, 306, 301],
      "SequenceName": [
        "*ep_b0",
        "*ep_b1000#1",
        "*ep_b1000#2",
        "*ep_b1000#3",
        "*ep_b1000#4",
        "*ep_b1000#5",
        "*ep_b1000#6",
        "*ep_b1000#7",
        "*ep_b1000#8",
        "*ep_b1000#9",
        "*ep_b1000#10",
        "*ep_b1000#11",
        "*ep_b1000#12",
        "*ep_b1000#13",
        "*ep_b1000#14",
        "*ep_b1000#15",
        "*ep_b1000#16",
        "*ep_b1000#17",
        "*ep_b1000#18",
        "*ep_b1000#19",
        "*ep_b1000#20",
        "*ep_b1000#21",
        "*ep_b1000#22",
        "*ep_b1000#23",
        "*ep_b1000#24",
        "*ep_b1000#25",
        "*ep_b1000#26",
        "*ep_b1000#27",
        "*ep_b1000#28",
        "*ep_b1000#29",
        "*ep_b1000#30"
],
      "WindowCenter": [887.0, 223.0, 222.0, 223.0, 222.0, 221.0, 222.0, 222.0, 223.0, 222.0, 222.0, 221.0, 223.0, 222.0, 222.0, 222.0, 222.0, 221.0, 222.0, 223.0, 223.0, 222.0, 221.0, 220.0, 221.0, 221.0, 222.0, 222.0, 221.0, 222.0, 222.0],
      "WindowWidth": [1948.0, 505.0, 504.0, 505.0, 503.0, 502.0, 503.0, 504.0, 505.0, 504.0, 503.0, 501.0, 505.0, 504.0, 503.0, 503.0, 503.0, 502.0, 503.0, 505.0, 505.0, 504.0, 501.0, 500.0, 501.0, 502.0, 504.0, 503.0, 502.0, 505.0, 503.0]
    },
    "slices": {}
  }
}