{
  "AcquisitionMatrixPE": 122,
  "AcquisitionNumber": 1,
  "AcquisitionTime": "10:19:26.447500",
  "BandwidthPerPixelPhaseEncode": 27.785,
  "BaseResolution": 122,
  "BodyPartExamined": "BRAIN",
  "CoilCombinationMethod": "Adaptive Combine",
  "ConsistencyInfo": "N4_VE11E_LATEST_20181129",
  "ConversionSoftware": "dcm2niix",
  "ConversionSoftwareVersion": "v1.0.20220720",
  "DerivedVendorReportedEchoSpacing": 0.000590011,
  "DeviceSerialNumber": "66112",
  "DiffusionScheme": "Monopolar",
  "DwellTime": 2e-06,
  "EchoTime": 0.068,
  "EchoTrainLength": 61,
  "EffectiveEchoSpacing": 0.000295005,
  "FlipAngle": 90,
  "HeudiconvVersion": "0.13.1",
  "ImageOrientationPatientDICOM": [0.988167, 0.153227, 0.00693706, -0.148212, 0.94222, 0.300423],
  "ImageOrientationText": "Tra>Cor(17.3)>Sag(-2.3)",
  "ImageType": [
    "ORIGINAL",
    "PRIMARY",
    "DIFFUSION",
    "NONE",
    "ND",
    "NORM",
    "MOSAIC"
],
  "ImagingFrequency": 123.259,
  "InPlanePhaseEncodingDirectionDICOM": "COL",
  "InstitutionAddress": "Maynard 3,Hanover,NH,US,03755",
  "InstitutionName": "Dartmouth College - PBS",
  "InstitutionalDepartmentName": "Department",
  "MRAcquisitionType": "2D",
  "MagneticFieldStrength": 3,
  "Manufacturer": "Siemens",
  "ManufacturersModelName": "Prisma",
  "Modality": "MR",
  "MultibandAccelerationFactor": 4,
  "NonlinearGradientCorrection": false,
  "ParallelReductionFactorInPlane": 2,
  "PartialFourier": 1,
  "PatientPosition": "HFS",
  "PercentPhaseFOV": 100,
  "PercentSampling": 100,
  "PhaseEncodingDirection": "j-",
  "PhaseEncodingSteps": 122,
  "PhaseResolution": 1,
  "PixelBandwidth": 2050,
  "ProcedureStepDescription": "dbic^QA",
  "ProtocolName": "dwi_acq-DTI-30-p2-s4",
  "PulseSequenceDetails": "%SiemensSeq%\\ep2d_diff",
  "ReceiveCoilActiveElements": "HEA;HEP",
  "ReceiveCoilName": "Head_32",
  "ReconMatrixPE": 122,
  "RefLinesPE": 38,
  "RepetitionTime": 3.6,
  "SAR": 0.22698,
  "ScanOptions": "FS",
  "ScanningSequence": "EP",
  "SequenceName": "*ep_b0",
  "SequenceVariant": "SK\\SP",
  "SeriesDescription": "dwi_acq-DTI-30-p2-s4",
  "SeriesNumber": 10,
  "ShimSetting": [4226, -7738, -7494, -44, -124, 14, -56, 88],
  "SliceThickness": 2,
  "SliceTiming": [2.585, 0, 1.79, 0.1975, 1.9875, 0.3975, 2.1875, 0.595, 2.385, 0.995, 2.785, 1.1925, 2.9825, 1.3925, 3.1825, 1.59, 3.38, 0.795, 2.585, 0, 1.79, 0.1975, 1.9875, 0.3975, 2.1875, 0.595, 2.385, 0.995, 2.785, 1.1925, 2.9825, 1.3925, 3.1825, 1.59, 3.38, 0.795, 2.585, 0, 1.79, 0.1975, 1.9875, 0.3975, 2.1875, 0.595, 2.385, 0.995, 2.785, 1.1925, 2.9825, 1.3925, 3.1825, 1.59, 3.38, 0.795, 2.585, 0, 1.79, 0.1975, 1.9875, 0.3975, 2.1875, 0.595, 2.385, 0.995, 2.785, 1.1925, 2.9825, 1.3925, 3.1825, 1.59, 3.38, 0.795],
  "SoftwareVersions": "syngo MR E11",
  "SpacingBetweenSlices": 2,
  "SpoilingState": true,
  "StationName": "AWP66112",
  "TotalReadoutTime": 0.0356956,
  "TxRefAmp": 229.225,
  "dcmmeta_affine": [
    [-1.943934440612793, -0.2915637195110321, -0.07899345457553864, 139.9172821044922],
    [-0.3014303147792816, 1.853548288345337, 0.5957927107810974, -113.49737548828125],
    [0.013646681793034077, -0.590996503829956, 1.9075615406036377, -24.634519577026367],
    [0.0, 0.0, 0.0, 1.0]
],
  "dcmmeta_reorient_transform": [
    [0.0, -1.0, 0.0, 121.0],
    [1.0, 0.0, 0.0, 0.0],
    [0.0, 0.0, 1.0, 0.0],
    [0.0, 0.0, 0.0, 1.0]
],
  "dcmmeta_shape": [122, 122, 72, 31],
  "dcmmeta_slice_dim": 2,
  "dcmmeta_version": 0.6,
  "global": {
    "const": {
      "AccessionNumber": "qa",
      "AcquisitionMatrix": [122, 0, 0, 122],
      "AngioFlag": "N",
      "BitsAllocated": 16,
      "BitsStored": 12,
      "BodyPartExamined": "BRAIN",
      "Columns": 1098,
      "EchoNumbers": 1,
      "EchoTime": 68.0,
      "EchoTrainLength": 61,
      "FlipAngle": 90.0,
      "HighBit": 11,
      "ImageOrientationPatient": [0.9881666566394, 0.15322707287265, 0.00693706313884, -0.1482115618174, 0.94222036557994, 0.30042322751419],
      "ImagePositionPatient": [-910.9949831368, -1162.411526993, -391.210984209],
      "ImageType": [
        "ORIGINAL",
        "PRIMARY",
        "DIFFUSION",
        "NONE",
        "ND",
        "NORM",
        "MOSAIC"
],
      "ImagedNucleus": "1H",
      "ImagingFrequency": 123.259186,
      "InPlanePhaseEncodingDirection": "COL",
      "MRAcquisitionType": "2D",
      "MagneticFieldStrength": 3.0,
      "Manufacturer": "SIEMENS",
      "ManufacturerModelName": "Prisma",
      "Modality": "MR",
      "NumberOfAverages": 1.0,
      "NumberOfPhaseEncodingSteps": 122,
      "PercentPhaseFieldOfView": 100.0,
      "PercentSampling": 100.0,
      "PerformedProcedureStepStartTime": "093907.374000",
      "PhotometricInterpretation": "MONOCHROME2",
      "PixelBandwidth": 2050.0,
      "PixelRepresentation": 0,
      "PixelSpacing": [1.9672131538391, 1.9672131538391],
      "ProtocolName": "dwi_acq-DTI-30-p2-s4",
      "RepetitionTime": 3600.0,
      "Rows": 1098,
      "SAR": 0.2269799607068,
      "SamplesPerPixel": 1,
      "ScanOptions": "FS",
      "ScanningSequence": "EP",
      "SequenceVariant": [
        "SK",
        "SP"
],
      "SeriesDescription": "dwi_acq-DTI-30-p2-s4",
      "SeriesNumber": 10,
      "SeriesTime": "102048.606000",
      "SliceLocation": -62.832663666383,
      "SliceThickness": 2.0,
      "SmallestImagePixelValue": 0,
      "SoftwareVersions": "syngo MR E11",
      "SpacingBetweenSlices": 1.9999999542807,
      "SpecificCharacterSet": "ISO_IR 100",
      "StudyID": "34",
      "StudyTime": "093907.335000",
      "TransmitCoilName": "Body",
      "VariableFlipAngleFlag": "N",
      "WindowCenterWidthExplanation": "Algo1"
    },
    "slices": {}
  },
  "time": {
    "samples": {
      "AcquisitionNumber": [1, 2, 3, 4, 5, 6, 7, 8, 9, 10, 11, 12, 13, 14, 15, 16, 17, 18, 19, 20, 21, 22, 23, 24, 25, 26, 27, 28, 29, 30, 31],
      "AcquisitionTime": ["101926.447500", "101930.047500", "101933.647500", "101937.247500", "101940.847500", "101944.447500", "101948.047500", "101951.647500", "101955.247500", "101958.847500", "102002.447500", "102006.047500", "102009.647500", "102013.247500", "102016.847500", "102020.447500", "102024.047500", "102027.647500", "102031.247500", "102034.847500", "102038.447500", "102042.047500", "102045.647500", "102049.247500", "102052.847500", "102056.447500", "102100.047500", "102103.647500", "102107.247500", "102110.847500", "102114.447500"],
      "ContentTime": ["102048.610000", "102048.614000", "102048.623000", "102048.628000", "102048.631000", "102048.634000", "102048.636000", "102048.639000", "102048.642000", "102048.645000", "102048.648000", "102048.651000", "102048.654000", "102048.657000", "102048.660000", "102048.663000", "102048.666000", "102048.668000", "102048.671000", "102048.674000", "102048.677000", "102048.680000", "102048.683000", "102116.627000", "102116.630000", "102116.633000", "102116.636000", "102116.640000", "102116.643000", "102116.648000", "102116.651000"],
      "InstanceCreationTime": ["102048.610000", "102048.614000", "102048.623000", "102048.628000", "102048.631000", "102048.634000", "102048.636000", "102048.639000", "102048.642000", "102048.645000", "102048.648000", "102048.651000", "102048.654000", "102048.657000", "102048.660000", "102048.663000", "102048.666000", "102048.668000", "102048.671000", "102048.674000", "102048.677000", "102048.680000", "102048.683000", "102116.627000", "102116.630000", "102116.633000", "102116.636000", "102116.640000", "102116.643000", "102116.648000", "102116.651000"],
      "InstanceNumber": [1, 2, 3, 4, 5, 6, 7, 8, 9, 10, 11, 12, 13, 14, 15, 16, 17, 18, 19, 20, 21, 22, 23, 24, 25, 26, 27, 28, 29, 30, 31],
      "LargestImagePixelValue": [2263, 318, 308, 313, 321, 318, 315, 327, 316, 313, 336, 344, 326, 319, 323, 316, 359, 314, 336, 348, 348, 319, 315, 307, 299, 298, 339, 320, 331, 334, 330],
      "SequenceName": [
        "*ep_b0",
        "*ep_b1000#1",
        "*ep_b1000#2",
        "*ep_b1000#3",
        "*ep_b1000#4",
        "*ep_b1000#5",
        "*ep_b1000#6",
        "*ep_b1000#7",
        "*ep_b1000#8",
        "*ep_b1000#9",
        "*ep_b1000#10",
        "*ep_b1000#11",
        "*ep_b1000#12",
        "*ep_b1000#13",
        "*ep_b1000#14",
        "*ep_b1000#15",
        "*ep_b1000#16",
        "*ep_b1000#17",
        "*ep_b1000#18",
        "*ep_b1000#19",
        "*ep_b1000#20",
        "*ep_b1000#21",
        "*ep_b1000#22",
        "*ep_b1000#23",
        "*ep_b1000#24",
        "*ep_b1000#25",
        "*ep_b1000#26",
        "*ep_b1000#27",
        "*ep_b1000#28",
        "*ep_b1000#29",
        "*ep_b1000#30"
],
      "WindowCenter": [916.0, 226.0, 226.0, 226.0, 224.0, 223.0, 225.0, 225.0, 226.0, 225.0, 224.0, 223.0, 227.0, 225.0, 227.0, 226.0, 226.0, 223.0, 228.0, 228.0, 225.0, 225.0, 226.0, 223.0, 223.0, 225.0, 226.0, 226.0, 226.0, 229.0, 228.0],
      "WindowWidth": [2032.0, 512.0, 512.0, 512.0, 509.0, 507.0, 510.0, 510.0, 512.0, 511.0, 508.0, 506.0, 515.0, 512.0, 514.0, 512.0, 512.0, 507.0, 516.0, 516.0, 511.0, 510.0, 512.0, 507.0, 507.0, 510.0, 513.0, 512.0, 513.0, 519.0, 515.0]
    },
    "slices": {}
  }
}