{
  "AcquisitionMatrixPE": 122,
  "AcquisitionNumber": 1,
  "AcquisitionTime": "10:48:40.200000",
  "BandwidthPerPixelPhaseEncode": 28.76,
  "BaseResolution": 122,
  "BodyPartExamined": "BRAIN",
  "CoilCombinationMethod": "Adaptive Combine",
  "ConsistencyInfo": "N4_VE11E_LATEST_20181129",
  "ConversionSoftware": "dcm2niix",
  "ConversionSoftwareVersion": "v1.0.20220720",
  "DerivedVendorReportedEchoSpacing": 0.000570008,
  "DeviceSerialNumber": "66112",
  "DiffusionScheme": "Monopolar",
  "DwellTime": 2e-06,
  "EchoTime": 0.075,
  "EchoTrainLength": 61,
  "EffectiveEchoSpacing": 0.000285004,
  "FlipAngle": 90,
  "HeudiconvVersion": "0.13.1",
  "ImageOrientationPatientDICOM": [0.999972, 0.00705812, 0.00257618, -0.00750478, 0.954838, 0.297031],
  "ImageOrientationText": "Tra>Cor(17.3)>Sag(0.0)",
  "ImageType": [
    "ORIGINAL",
    "PRIMARY",
    "DIFFUSION",
    "NONE",
    "ND",
    "NORM",
    "MOSAIC"
],
  "ImagingFrequency": 123.261,
  "InPlanePhaseEncodingDirectionDICOM": "COL",
  "InstitutionAddress": "Maynard 3,Hanover,NH,US,03755",
  "InstitutionName": "Dartmouth College - PBS",
  "InstitutionalDepartmentName": "Department",
  "MRAcquisitionType": "2D",
  "MagneticFieldStrength": 3,
  "Manufacturer": "Siemens",
  "ManufacturersModelName": "Prisma",
  "MatrixCoilMode": "GRAPPA",
  "Modality": "MR",
  "NonlinearGradientCorrection": false,
  "ParallelReductionFactorInPlane": 2,
  "PartialFourier": 1,
  "PatientPosition": "HFS",
  "PercentPhaseFOV": 100,
  "PercentSampling": 100,
  "PhaseEncodingDirection": "j-",
  "PhaseEncodingSteps": 122,
  "PhaseResolution": 1,
  "PixelBandwidth": 2050,
  "ProcedureStepDescription": "dbic^QA",
  "ProtocolName": "dwi_acq-DTI-30-p2",
  "PulseSequenceDetails": "%SiemensSeq%\\ep2d_diff",
  "ReceiveCoilActiveElements": "HEA;HEP",
  "ReceiveCoilName": "Head_32",
  "ReconMatrixPE": 122,
  "RefLinesPE": 38,
  "RepetitionTime": 7.7,
  "SAR": 0.100531,
  "ScanOptions": "FS",
  "ScanningSequence": "EP",
  "SequenceName": "*ep_b0",
  "SequenceVariant": "SK\\SP",
  "SeriesDescription": "dwi_acq-DTI-30-p2",
  "SeriesNumber": 9,
  "ShimSetting": [4245, -7737, -7483, -7, -182, -59, -9, 88],
  "SliceThickness": 2,
  "SliceTiming": [3.84, 0, 3.95, 0.11, 4.06, 0.22, 4.17, 0.33, 4.28, 0.44, 4.3875, 0.55, 4.4975, 0.6575, 4.6075, 0.7675, 4.7175, 0.8775, 4.8275, 0.9875, 4.9375, 1.0975, 5.0475, 1.2075, 5.1575, 1.3175, 5.2675, 1.4275, 5.375, 1.535, 5.485, 1.645, 5.595, 1.755, 5.705, 1.865, 5.815, 1.975, 5.925, 2.085, 6.035, 2.195, 6.145, 2.305, 6.255, 2.415, 6.3625, 2.5225, 6.4725, 2.6325, 6.5825, 2.7425, 6.6925, 2.8525, 6.8025, 2.9625, 6.9125, 3.0725, 7.0225, 3.1825, 7.1325, 3.2925, 7.24, 3.4025, 7.35, 3.51, 7.46, 3.62, 7.57, 3.73],
  "SoftwareVersions": "syngo MR E11",
  "SpacingBetweenSlices": 2,
  "SpoilingState": true,
  "StationName": "AWP66112",
  "TotalReadoutTime": 0.0344855,
  "TxRefAmp": 222.629,
  "dcmmeta_affine": [
    [-1.9671576023101807, -0.01476349402219057, 0.0007267084438353777, 120.85858917236328],
    [-0.013884819112718105, 1.878370761871338, 0.5940831899642944, -133.29002380371094],
    [0.0050678858533501625, -0.5843226313591003, 1.9097288846969604, -32.41425323486328],
    [0.0, 0.0, 0.0, 1.0]
],
  "dcmmeta_reorient_transform": [
    [0.0, -1.0, 0.0, 121.0],
    [1.0, 0.0, 0.0, 0.0],
    [0.0, 0.0, 1.0, 0.0],
    [0.0, 0.0, 0.0, 1.0]
],
  "dcmmeta_shape": [122, 122, 70, 31],
  "dcmmeta_slice_dim": 2,
  "dcmmeta_version": 0.6,
  "global": {
    "const": {
      "AccessionNumber": "qa",
      "AcquisitionMatrix": [122, 0, 0, 122],
      "AngioFlag": "N",
      "BitsAllocated": 16,
      "BitsStored": 12,
      "BodyPartExamined": "BRAIN",
      "Columns": 1098,
      "EchoNumbers": 1,
      "EchoTime": 75.0,
      "EchoTrainLength": 61,
      "FlipAngle": 90.0,
      "HighBit": 11,
      "ImageOrientationPatient": [0.99997177275875, 0.00705811638736, 0.00257617522262, -0.0075047757734, 0.95483845211009, 0.29703065281649],
      "ImagePositionPatient": [-1071.8405413288, -1017.4135611993, -390.73984756901],
      "ImageType": [
        "ORIGINAL",
        "PRIMARY",
        "DIFFUSION",
        "NONE",
        "ND",
        "NORM",
        "MOSAIC"
],
      "ImagedNucleus": "1H",
      "ImagingFrequency": 123.261248,
      "InPlanePhaseEncodingDirection": "COL",
      "MRAcquisitionType": "2D",
      "MagneticFieldStrength": 3.0,
      "Manufacturer": "SIEMENS",
      "ManufacturerModelName": "Prisma",
      "Modality": "MR",
      "NumberOfAverages": 1.0,
      "NumberOfPhaseEncodingSteps": 122,
      "PercentPhaseFieldOfView": 100.0,
      "PercentSampling": 100.0,
      "PerformedProcedureStepStartTime": "101337.660000",
      "PhotometricInterpretation": "MONOCHROME2",
      "PixelBandwidth": 2050.0,
      "PixelRepresentation": 0,
      "PixelSpacing": [1.9672131538391, 1.9672131538391],
      "ProtocolName": "dwi_acq-DTI-30-p2",
      "RepetitionTime": 7700.0,
      "Rows": 1098,
      "SAR": 0.10053146912322,
      "SamplesPerPixel": 1,
      "ScanOptions": "FS",
      "ScanningSequence": "EP",
      "SequenceVariant": [
        "SK",
        "SP"
],
      "SeriesDescription": "dwi_acq-DTI-30-p2",
      "SeriesNumber": 9,
      "SeriesTime": "104856.015000",
      "SliceLocation": -70.499985154363,
      "SliceThickness": 2.0,
      "SmallestImagePixelValue": 0,
      "SoftwareVersions": "syngo MR E11",
      "SpacingBetweenSlices": 1.9999999572963,
      "SpecificCharacterSet": "ISO_IR 100",
      "StudyID": "40",
      "StudyTime": "101337.606000",
      "TransmitCoilName": "Body",
      "VariableFlipAngleFlag": "N",
      "WindowCenterWidthExplanation": "Algo1"
    },
    "slices": {}
  },
  "time": {
    "samples": {
      "AcquisitionNumber": [1, 2, 3, 4, 5, 6, 7, 8, 9, 10, 11, 12, 13, 14, 15, 16, 17, 18, 19, 20, 21, 22, 23, 24, 25, 26, 27, 28, 29, 30, 31],
      "AcquisitionTime": ["104840.200000", "104847.900000", "104855.600000", "104903.300000", "104911.000000", "104918.700000", "104926.400000", "104934.100000", "104941.800000", "104949.500000", "104957.200000", "105004.900000", "105012.600000", "105020.300000", "105028.000000", "105035.700000", "105043.400000", "105051.100000", "105058.800000", "105106.500000", "105114.200000", "105121.900000", "105129.600000", "105137.300000", "105145.000000", "105152.700000", "105200.400000", "105208.100000", "105215.800000", "105223.500000", "105231.200000"],
      "ContentTime": ["104856.018000", "104856.022000", "105136.014000", "105136.017000", "105136.020000", "105136.023000", "105136.026000", "105136.038000", "105136.041000", "105136.044000", "105136.047000", "105136.049000", "105136.052000", "105136.055000", "105136.064000", "105136.067000", "105136.070000", "105136.073000", "105136.085000", "105136.088000", "105136.091000", "105136.094000", "105136.097000", "105235.814000", "105235.818000", "105235.823000", "105235.828000", "105235.833000", "105235.836000", "105235.840000", "105235.843000"],
      "InstanceCreationTime": ["104856.018000", "104856.022000", "105136.014000", "105136.017000", "105136.020000", "105136.023000", "105136.026000", "105136.038000", "105136.041000", "105136.044000", "105136.047000", "105136.049000", "105136.052000", "105136.055000", "105136.064000", "105136.067000", "105136.070000", "105136.073000", "105136.085000", "105136.088000", "105136.091000", "105136.094000", "105136.097000", "105235.814000", "105235.818000", "105235.823000", "105235.828000", "105235.833000", "105235.836000", "105235.840000", "105235.843000"],
      "InstanceNumber": [1, 2, 3, 4, 5, 6, 7, 8, 9, 10, 11, 12, 13, 14, 15, 16, 17, 18, 19, 20, 21, 22, 23, 24, 25, 26, 27, 28, 29, 30, 31],
      "LargestImagePixelValue": [1964, 308, 308, 311, 307, 311, 324, 313, 312, 307, 315, 313, 306, 312, 299, 310, 306, 308, 301, 310, 311, 316, 295, 302, 309, 301, 309, 305, 303, 323, 314],
      "SequenceName": [
        "*ep_b0",
        "*ep_b1000#1",
        "*ep_b1000#2",
        "*ep_b1000#3",
        "*ep_b1000#4",
        "*ep_b1000#5",
        "*ep_b1000#6",
        "*ep_b1000#7",
        "*ep_b1000#8",
        "*ep_b1000#9",
        "*ep_b1000#10",
        "*ep_b1000#11",
        "*ep_b1000#12",
        "*ep_b1000#13",
        "*ep_b1000#14",
        "*ep_b1000#15",
        "*ep_b1000#16",
        "*ep_b1000#17",
        "*ep_b1000#18",
        "*ep_b1000#19",
        "*ep_b1000#20",
        "*ep_b1000#21",
        "*ep_b1000#22",
        "*ep_b1000#23",
        "*ep_b1000#24",
        "*ep_b1000#25",
        "*ep_b1000#26",
        "*ep_b1000#27",
        "*ep_b1000#28",
        "*ep_b1000#29",
        "*ep_b1000#30"
],
      "WindowCenter": [900.0, 233.0, 233.0, 234.0, 232.0, 231.0, 232.0, 233.0, 234.0, 233.0, 232.0, 231.0, 234.0, 233.0, 232.0, 233.0, 233.0, 231.0, 233.0, 234.0, 235.0, 234.0, 231.0, 231.0, 231.0, 232.0, 233.0, 232.0, 232.0, 234.0, 233.0],
      "WindowWidth": [1978.0, 526.0, 526.0, 528.0, 523.0, 522.0, 523.0, 525.0, 528.0, 526.0, 522.0, 522.0, 527.0, 525.0, 524.0, 525.0, 524.0, 522.0, 526.0, 527.0, 529.0, 526.0, 522.0, 522.0, 522.0, 524.0, 526.0, 524.0, 524.0, 527.0, 525.0]
    },
    "slices": {}
  }
}