{
  "AcquisitionMatrixPE": 122,
  "AcquisitionNumber": 1,
  "AcquisitionTime": "15:45:29.435000",
  "BandwidthPerPixelPhaseEncode": 27.785,
  "BaseResolution": 122,
  "BodyPartExamined": "BRAIN",
  "CoilCombinationMethod": "Adaptive Combine",
  "ConsistencyInfo": "N4_VE11E_LATEST_20181129",
  "ConversionSoftware": "dcm2niix",
  "ConversionSoftwareVersion": "v1.0.20220720",
  "DerivedVendorReportedEchoSpacing": 0.000590011,
  "DeviceSerialNumber": "66112",
  "DiffusionScheme": "Monopolar",
  "DwellTime": 2e-06,
  "EchoTime": 0.068,
  "EchoTrainLength": 61,
  "EffectiveEchoSpacing": 0.000295005,
  "FlipAngle": 90,
  "HeudiconvVersion": "0.13.1",
  "ImageOrientationPatientDICOM": [0.999683, 0.00981368, -0.0231956, -0.00226818, 0.952302, 0.305149],
  "ImageOrientationText": "Tra>Cor(17.8)>Sag(-1.4)",
  "ImageType": [
    "ORIGINAL",
    "PRIMARY",
    "DIFFUSION",
    "NONE",
    "ND",
    "NORM",
    "MOSAIC"
],
  "ImagingFrequency": 123.259,
  "InPlanePhaseEncodingDirectionDICOM": "COL",
  "InstitutionAddress": "Maynard 3,Hanover,NH,US,03755",
  "InstitutionName": "Dartmouth College - PBS",
  "InstitutionalDepartmentName": "Department",
  "MRAcquisitionType": "2D",
  "MagneticFieldStrength": 3,
  "Manufacturer": "Siemens",
  "ManufacturersModelName": "Prisma",
  "Modality": "MR",
  "MultibandAccelerationFactor": 4,
  "NonlinearGradientCorrection": false,
  "ParallelReductionFactorInPlane": 2,
  "PartialFourier": 1,
  "PatientPosition": "HFS",
  "PercentPhaseFOV": 100,
  "PercentSampling": 100,
  "PhaseEncodingDirection": "j-",
  "PhaseEncodingSteps": 122,
  "PhaseResolution": 1,
  "PixelBandwidth": 2050,
  "ProcedureStepDescription": "dbic^QA",
  "ProtocolName": "dwi_acq-DTI-30-p2-s4",
  "PulseSequenceDetails": "%SiemensSeq%\\ep2d_diff",
  "ReceiveCoilActiveElements": "HEA;HEP",
  "ReceiveCoilName": "Head_32",
  "ReconMatrixPE": 122,
  "RefLinesPE": 38,
  "RepetitionTime": 3.6,
  "SAR": 0.19992,
  "ScanOptions": "FS",
  "ScanningSequence": "EP",
  "SequenceName": "*ep_b0",
  "SequenceVariant": "SK\\SP",
  "SeriesDescription": "dwi_acq-DTI-30-p2-s4",
  "SeriesNumber": 10,
  "ShimSetting": [4221, -7729, -7494, -25, -148, -143, -55, 72],
  "SliceThickness": 2,
  "SliceTiming": [2.585, 0, 1.79, 0.1975, 1.9875, 0.3975, 2.1875, 0.595, 2.385, 0.9925, 2.7825, 1.1925, 2.9825, 1.39, 3.18, 1.59, 3.38, 0.795, 2.585, 0, 1.79, 0.1975, 1.9875, 0.3975, 2.1875, 0.595, 2.385, 0.9925, 2.7825, 1.1925, 2.9825, 1.39, 3.18, 1.59, 3.38, 0.795, 2.585, 0, 1.79, 0.1975, 1.9875, 0.3975, 2.1875, 0.595, 2.385, 0.9925, 2.7825, 1.1925, 2.9825, 1.39, 3.18, 1.59, 3.38, 0.795, 2.585, 0, 1.79, 0.1975, 1.9875, 0.3975, 2.1875, 0.595, 2.385, 0.9925, 2.7825, 1.1925, 2.9825, 1.39, 3.18, 1.59, 3.38, 0.795],
  "SoftwareVersions": "syngo MR E11",
  "SpacingBetweenSlices": 2,
  "SpoilingState": true,
  "StationName": "AWP66112",
  "TotalReadoutTime": 0.0356956,
  "TxRefAmp": 224.6,
  "dcmmeta_affine": [
    [-1.966589093208313, -0.004461993928998709, -0.0501677542924881, 124.58348846435547],
    [-0.019305605441331863, 1.8733807802200317, 0.6099995970726013, -132.74887084960938],
    [-0.045630745589733124, -0.6002935171127319, 1.9040440320968628, -48.40691375732422],
    [0.0, 0.0, 0.0, 1.0]
],
  "dcmmeta_reorient_transform": [
    [0.0, -1.0, 0.0, 121.0],
    [1.0, 0.0, 0.0, 0.0],
    [0.0, 0.0, 1.0, 0.0],
    [0.0, 0.0, 0.0, 1.0]
],
  "dcmmeta_shape": [122, 122, 72, 31],
  "dcmmeta_slice_dim": 2,
  "dcmmeta_version": 0.6,
  "global": {
    "const": {
      "AccessionNumber": "qa",
      "AcquisitionMatrix": [122, 0, 0, 122],
      "AngioFlag": "N",
      "BitsAllocated": 16,
      "BitsStored": 12,
      "BodyPartExamined": "BRAIN",
      "Columns": 1098,
      "EchoNumbers": 1,
      "EchoTime": 68.0,
      "EchoTrainLength": 61,
      "FlipAngle": 90.0,
      "HighBit": 11,
      "ImageOrientationPatient": [0.99968277691579, 0.00981368274433, -0.0231956282287, -0.0022681801725, 0.95230185129431, 0.30514920838853],
      "ImagePositionPatient": [-1081.5616186067, -1017.5611233953, -391.71787280582],
      "ImageType": [
        "ORIGINAL",
        "PRIMARY",
        "DIFFUSION",
        "NONE",
        "ND",
        "NORM",
        "MOSAIC"
],
      "ImagedNucleus": "1H",
      "ImagingFrequency": 123.259227,
      "InPlanePhaseEncodingDirection": "COL",
      "MRAcquisitionType": "2D",
      "MagneticFieldStrength": 3.0,
      "Manufacturer": "SIEMENS",
      "ManufacturerModelName": "Prisma",
      "Modality": "MR",
      "NumberOfAverages": 1.0,
      "NumberOfPhaseEncodingSteps": 122,
      "PercentPhaseFieldOfView": 100.0,
      "PercentSampling": 100.0,
      "PerformedProcedureStepStartTime": "151153.927000",
      "PhotometricInterpretation": "MONOCHROME2",
      "PixelBandwidth": 2050.0,
      "PixelRepresentation": 0,
      "PixelSpacing": [1.9672131538391, 1.9672131538391],
      "ProtocolName": "dwi_acq-DTI-30-p2-s4",
      "RepetitionTime": 3600.0,
      "Rows": 1098,
      "SAR": 0.19992008685066,
      "SamplesPerPixel": 1,
      "ScanOptions": "FS",
      "ScanningSequence": "EP",
      "SequenceVariant": [
        "SK",
        "SP"
],
      "SeriesDescription": "dwi_acq-DTI-30-p2-s4",
      "SeriesNumber": 10,
      "SeriesTime": "154658.630000",
      "SliceLocation": -89.697863543162,
      "SliceThickness": 2.0,
      "SmallestImagePixelValue": 0,
      "SoftwareVersions": "syngo MR E11",
      "SpacingBetweenSlices": 2.0000000530767,
      "SpecificCharacterSet": "ISO_IR 100",
      "StudyID": "17",
      "StudyTime": "151153.735000",
      "TransmitCoilName": "Body",
      "VariableFlipAngleFlag": "N",
      "WindowCenterWidthExplanation": "Algo1"
    },
    "slices": {}
  },
  "time": {
    "samples": {
      "AcquisitionNumber": [1, 2, 3, 4, 5, 6, 7, 8, 9, 10, 11, 12, 13, 14, 15, 16, 17, 18, 19, 20, 21, 22, 23, 24, 25, 26, 27, 28, 29, 30, 31],
      "AcquisitionTime": ["154529.435000", "154533.035000", "154536.635000", "154540.235000", "154543.835000", "154547.435000", "154551.035000", "154554.635000", "154558.235000", "154601.835000", "154605.435000", "154609.035000", "154612.635000", "154616.235000", "154619.835000", "154623.435000", "154627.035000", "154630.635000", "154634.235000", "154637.835000", "154641.435000", "154645.035000", "154648.635000", "154652.235000", "154655.835000", "154659.435000", "154703.035000", "154706.635000", "154710.235000", "154713.835000", "154717.435000"],
      "ContentTime": ["154658.634000", "154658.637000", "154658.640000", "154658.643000", "154658.654000", "154658.656000", "154658.659000", "154658.662000", "154658.665000", "154658.674000", "154658.677000", "154658.684000", "154658.687000", "154658.690000", "154658.693000", "154658.696000", "154658.699000", "154658.702000", "154658.704000", "154658.707000", "154658.710000", "154658.713000", "154658.716000", "154658.719000", "154658.722000", "154719.266000", "154719.286000", "154719.292000", "154719.296000", "154719.300000", "154719.304000"],
      "InstanceCreationTime": ["154658.634000", "154658.637000", "154658.640000", "154658.643000", "154658.654000", "154658.656000", "154658.659000", "154658.662000", "154658.665000", "154658.674000", "154658.677000", "154658.684000", "154658.687000", "154658.690000", "154658.693000", "154658.696000", "154658.699000", "154658.702000", "154658.704000", "154658.707000", "154658.710000", "154658.713000", "154658.716000", "154658.719000", "154658.722000", "154719.266000", "154719.286000", "154719.292000", "154719.296000", "154719.300000", "154719.304000"],
      "InstanceNumber": [1, 2, 3, 4, 5, 6, 7, 8, 9, 10, 11, 12, 13, 14, 15, 16, 17, 18, 19, 20, 21, 22, 23, 24, 25, 26, 27, 28, 29, 30, 31],
      "LargestImagePixelValue": [1920, 292, 281, 290, 312, 307, 314, 310, 281, 285, 317, 313, 303, 316, 295, 294, 297, 310, 288, 288, 286, 291, 285, 293, 298, 287, 280, 289, 292, 290, 276],
      "SequenceName": [
        "*ep_b0",
        "*ep_b1000#1",
        "*ep_b1000#2",
        "*ep_b1000#3",
        "*ep_b1000#4",
        "*ep_b1000#5",
        "*ep_b1000#6",
        "*ep_b1000#7",
        "*ep_b1000#8",
        "*ep_b1000#9",
        "*ep_b1000#10",
        "*ep_b1000#11",
        "*ep_b1000#12",
        "*ep_b1000#13",
        "*ep_b1000#14",
        "*ep_b1000#15",
        "*ep_b1000#16",
        "*ep_b1000#17",
        "*ep_b1000#18",
        "*ep_b1000#19",
        "*ep_b1000#20",
        "*ep_b1000#21",
        "*ep_b1000#22",
        "*ep_b1000#23",
        "*ep_b1000#24",
        "*ep_b1000#25",
        "*ep_b1000#26",
        "*ep_b1000#27",
        "*ep_b1000#28",
        "*ep_b1000#29",
        "*ep_b1000#30"
],
      "WindowCenter": [877.0, 220.0, 220.0, 220.0, 219.0, 217.0, 219.0, 219.0, 221.0, 220.0, 219.0, 217.0, 223.0, 221.0, 220.0, 221.0, 220.0, 218.0, 220.0, 222.0, 221.0, 221.0, 218.0, 217.0, 217.0, 218.0, 218.0, 218.0, 218.0, 222.0, 219.0],
      "WindowWidth": [1927.0, 501.0, 501.0, 501.0, 498.0, 495.0, 499.0, 499.0, 503.0, 501.0, 498.0, 495.0, 506.0, 502.0, 500.0, 503.0, 501.0, 496.0, 501.0, 505.0, 502.0, 503.0, 496.0, 494.0, 494.0, 496.0, 497.0, 496.0, 496.0, 504.0, 498.0]
    },
    "slices": {}
  }
}