{
  "AcquisitionMatrixPE": 122,
  "AcquisitionNumber": 1,
  "AcquisitionTime": "09:56:33.192500",
  "BandwidthPerPixelPhaseEncode": 28.76,
  "BaseResolution": 122,
  "BodyPartExamined": "BRAIN",
  "CoilCombinationMethod": "Adaptive Combine",
  "ConsistencyInfo": "N4_VE11E_LATEST_20181129",
  "ConversionSoftware": "dcm2niix",
  "ConversionSoftwareVersion": "v1.0.20220720",
  "DerivedVendorReportedEchoSpacing": 0.000570008,
  "DeviceSerialNumber": "66112",
  "DiffusionScheme": "Monopolar",
  "DwellTime": 2e-06,
  "EchoTime": 0.075,
  "EchoTrainLength": 61,
  "EffectiveEchoSpacing": 0.000285004,
  "FlipAngle": 90,
  "HeudiconvVersion": "0.13.1",
  "ImageOrientationPatientDICOM": [0.988381, 0.151984, 0.00201656, -0.145246, 0.94049, 0.307218],
  "ImageOrientationText": "Tra>Cor(17.7)>Sag(-2.6)",
  "ImageType": [
    "ORIGINAL",
    "PRIMARY",
    "DIFFUSION",
    "NONE",
    "ND",
    "NORM",
    "MOSAIC"
],
  "ImagingFrequency": 123.261,
  "InPlanePhaseEncodingDirectionDICOM": "COL",
  "InstitutionAddress": "Maynard 3,Hanover,NH,US,03755",
  "InstitutionName": "Dartmouth College - PBS",
  "InstitutionalDepartmentName": "Department",
  "MRAcquisitionType": "2D",
  "MagneticFieldStrength": 3,
  "Manufacturer": "Siemens",
  "ManufacturersModelName": "Prisma",
  "MatrixCoilMode": "GRAPPA",
  "Modality": "MR",
  "NonlinearGradientCorrection": false,
  "ParallelReductionFactorInPlane": 2,
  "PartialFourier": 1,
  "PatientPosition": "HFS",
  "PercentPhaseFOV": 100,
  "PercentSampling": 100,
  "PhaseEncodingDirection": "j-",
  "PhaseEncodingSteps": 122,
  "PhaseResolution": 1,
  "PixelBandwidth": 2050,
  "ProcedureStepDescription": "dbic^QA",
  "ProtocolName": "dwi_acq-DTI-30-p2",
  "PulseSequenceDetails": "%SiemensSeq%\\ep2d_diff",
  "ReceiveCoilActiveElements": "HEA;HEP",
  "ReceiveCoilName": "Head_32",
  "ReconMatrixPE": 122,
  "RefLinesPE": 38,
  "RepetitionTime": 7.7,
  "SAR": 0.0858434,
  "ScanOptions": "FS",
  "ScanningSequence": "EP",
  "SequenceName": "*ep_b0",
  "SequenceVariant": "SK\\SP",
  "SeriesDescription": "dwi_acq-DTI-30-p2",
  "SeriesNumber": 9,
  "ShimSetting": [4250, -7725, -7500, -78, -153, -46, -35, 97],
  "SliceThickness": 2,
  "SliceTiming": [3.84, 0, 3.95, 0.11, 4.06, 0.22, 4.17, 0.33, 4.28, 0.44, 4.3875, 0.55, 4.4975, 0.6575, 4.6075, 0.7675, 4.7175, 0.8775, 4.8275, 0.9875, 4.9375, 1.0975, 5.0475, 1.2075, 5.1575, 1.3175, 5.2675, 1.4275, 5.375, 1.5375, 5.485, 1.645, 5.595, 1.755, 5.705, 1.865, 5.815, 1.975, 5.925, 2.085, 6.035, 2.195, 6.145, 2.305, 6.255, 2.415, 6.3625, 2.5225, 6.4725, 2.6325, 6.5825, 2.7425, 6.6925, 2.8525, 6.8025, 2.9625, 6.9125, 3.0725, 7.0225, 3.1825, 7.1325, 3.2925, 7.24, 3.4025, 7.35, 3.51, 7.46, 3.62, 7.57, 3.73],
  "SoftwareVersions": "syngo MR E11",
  "SpacingBetweenSlices": 2,
  "SpoilingState": true,
  "StationName": "AWP66112",
  "TotalReadoutTime": 0.0344855,
  "TxRefAmp": 218.232,
  "dcmmeta_affine": [
    [-1.9443559646606445, -0.2857306897640228, -0.08959122002124786, 139.02804565429688],
    [-0.29898473620414734, 1.850143551826477, 0.6078822016716003, -106.16944122314453],
    [0.003966996446251869, -0.6043629050254822, 1.9032741785049438, -30.976184844970703],
    [0.0, 0.0, 0.0, 1.0]
],
  "dcmmeta_reorient_transform": [
    [0.0, -1.0, 0.0, 121.0],
    [1.0, 0.0, 0.0, 0.0],
    [0.0, 0.0, 1.0, 0.0],
    [0.0, 0.0, 0.0, 1.0]
],
  "dcmmeta_shape": [122, 122, 70, 31],
  "dcmmeta_slice_dim": 2,
  "dcmmeta_version": 0.6,
  "global": {
    "const": {
      "AccessionNumber": "qa",
      "AcquisitionMatrix": [122, 0, 0, 122],
      "AngioFlag": "N",
      "BitsAllocated": 16,
      "BitsStored": 12,
      "BodyPartExamined": "BRAIN",
      "Columns": 1098,
      "EchoNumbers": 1,
      "EchoTime": 75.0,
      "EchoTrainLength": 61,
      "FlipAngle": 90.0,
      "HighBit": 11,
      "ImageOrientationPatient": [0.98838091254019, 0.15198389791843, 0.00201655640758, -0.1452464291324, 0.94048960515649, 0.30721780126951],
      "ImagePositionPatient": [-913.86374713917, -1166.4725076845, -400.96908460639],
      "ImageType": [
        "ORIGINAL",
        "PRIMARY",
        "DIFFUSION",
        "NONE",
        "ND",
        "NORM",
        "MOSAIC"
],
      "ImagedNucleus": "1H",
      "ImagingFrequency": 123.261225,
      "InPlanePhaseEncodingDirection": "COL",
      "MRAcquisitionType": "2D",
      "MagneticFieldStrength": 3.0,
      "Manufacturer": "SIEMENS",
      "ManufacturerModelName": "Prisma",
      "Modality": "MR",
      "NumberOfAverages": 1.0,
      "NumberOfPhaseEncodingSteps": 122,
      "PercentPhaseFieldOfView": 100.0,
      "PercentSampling": 100.0,
      "PerformedProcedureStepStartTime": "092717.317000",
      "PhotometricInterpretation": "MONOCHROME2",
      "PixelBandwidth": 2050.0,
      "PixelRepresentation": 0,
      "PixelSpacing": [1.9672131538391, 1.9672131538391],
      "ProtocolName": "dwi_acq-DTI-30-p2",
      "RepetitionTime": 7700.0,
      "Rows": 1098,
      "SAR": 0.08584343414139,
      "SamplesPerPixel": 1,
      "ScanOptions": "FS",
      "ScanningSequence": "EP",
      "SequenceVariant": [
        "SK",
        "SP"
],
      "SeriesDescription": "dwi_acq-DTI-30-p2",
      "SeriesNumber": 9,
      "SeriesTime": "095910.650000",
      "SliceLocation": -67.975189763692,
      "SliceThickness": 2.0,
      "SmallestImagePixelValue": 0,
      "SoftwareVersions": "syngo MR E11",
      "SpacingBetweenSlices": 2.0000000238921,
      "SpecificCharacterSet": "ISO_IR 100",
      "StudyID": "49",
      "StudyTime": "092717.254000",
      "TransmitCoilName": "Body",
      "VariableFlipAngleFlag": "N",
      "WindowCenterWidthExplanation": "Algo1"
    },
    "slices": {}
  },
  "time": {
    "samples": {
      "AcquisitionNumber": [1, 2, 3, 4, 5, 6, 7, 8, 9, 10, 11, 12, 13, 14, 15, 16, 17, 18, 19, 20, 21, 22, 23, 24, 25, 26, 27, 28, 29, 30, 31],
      "AcquisitionTime": ["095633.192500", "095640.892500", "095648.592500", "095656.292500", "095703.992500", "095711.692500", "095719.392500", "095727.092500", "095734.792500", "095742.492500", "095750.192500", "095757.892500", "095805.592500", "095813.292500", "095820.992500", "095828.692500", "095836.392500", "095844.092500", "095851.792500", "095859.492500", "095907.192500", "095914.892500", "095922.592500", "095930.292500", "095937.992500", "095945.692500", "095953.392500", "100001.092500", "100008.792500", "100016.492500", "100024.192500"],
      "ContentTime": ["095910.654000", "095910.668000", "095910.671000", "095910.674000", "095910.677000", "095910.680000", "095910.683000", "095910.686000", "095910.688000", "095910.691000", "095910.694000", "095910.697000", "095910.705000", "095910.708000", "095910.717000", "095910.720000", "095910.723000", "095910.726000", "095910.729000", "095910.732000", "100028.260000", "100028.263000", "100028.268000", "100028.275000", "100028.278000", "100028.294000", "100028.298000", "100028.301000", "100028.304000", "100028.308000", "100028.311000"],
      "InstanceCreationTime": ["095910.654000", "095910.668000", "095910.671000", "095910.674000", "095910.677000", "095910.680000", "095910.683000", "095910.686000", "095910.688000", "095910.691000", "095910.694000", "095910.697000", "095910.705000", "095910.708000", "095910.717000", "095910.720000", "095910.723000", "095910.726000", "095910.729000", "095910.732000", "100028.260000", "100028.263000", "100028.268000", "100028.275000", "100028.278000", "100028.294000", "100028.298000", "100028.301000", "100028.304000", "100028.308000", "100028.311000"],
      "InstanceNumber": [1, 2, 3, 4, 5, 6, 7, 8, 9, 10, 11, 12, 13, 14, 15, 16, 17, 18, 19, 20, 21, 22, 23, 24, 25, 26, 27, 28, 29, 30, 31],
      "LargestImagePixelValue": [2027, 341, 336, 340, 330, 330, 330, 337, 339, 343, 325, 322, 325, 329, 347, 347, 330, 324, 334, 331, 339, 334, 335, 320, 336, 327, 330, 328, 323, 333, 330],
      "SequenceName": [
        "*ep_b0",
        "*ep_b1000#1",
        "*ep_b1000#2",
        "*ep_b1000#3",
        "*ep_b1000#4",
        "*ep_b1000#5",
        "*ep_b1000#6",
        "*ep_b1000#7",
        "*ep_b1000#8",
        "*ep_b1000#9",
        "*ep_b1000#10",
        "*ep_b1000#11",
        "*ep_b1000#12",
        "*ep_b1000#13",
        "*ep_b1000#14",
        "*ep_b1000#15",
        "*ep_b1000#16",
        "*ep_b1000#17",
        "*ep_b1000#18",
        "*ep_b1000#19",
        "*ep_b1000#20",
        "*ep_b1000#21",
        "*ep_b1000#22",
        "*ep_b1000#23",
        "*ep_b1000#24",
        "*ep_b1000#25",
        "*ep_b1000#26",
        "*ep_b1000#27",
        "*ep_b1000#28",
        "*ep_b1000#29",
        "*ep_b1000#30"
],
      "WindowCenter": [889.0, 247.0, 246.0, 246.0, 245.0, 244.0, 246.0, 245.0, 247.0, 246.0, 244.0, 244.0, 247.0, 246.0, 246.0, 245.0, 245.0, 244.0, 246.0, 247.0, 247.0, 246.0, 244.0, 244.0, 245.0, 245.0, 246.0, 244.0, 244.0, 246.0, 245.0],
      "WindowWidth": [1954.0, 551.0, 551.0, 551.0, 548.0, 547.0, 549.0, 549.0, 553.0, 551.0, 547.0, 546.0, 553.0, 550.0, 551.0, 549.0, 549.0, 547.0, 551.0, 553.0, 553.0, 551.0, 547.0, 546.0, 547.0, 548.0, 550.0, 547.0, 547.0, 551.0, 549.0]
    },
    "slices": {}
  }
}