{
  "AcquisitionMatrixPE": 122,
  "AcquisitionNumber": 1,
  "AcquisitionTime": "09:58:28.197500",
  "BandwidthPerPixelPhaseEncode": 28.76,
  "BaseResolution": 122,
  "BodyPartExamined": "BRAIN",
  "CoilCombinationMethod": "Adaptive Combine",
  "ConsistencyInfo": "N4_VE11E_LATEST_20181129",
  "ConversionSoftware": "dcm2niix",
  "ConversionSoftwareVersion": "v1.0.20220720",
  "DerivedVendorReportedEchoSpacing": 0.000570008,
  "DeviceSerialNumber": "66112",
  "DiffusionScheme": "Monopolar",
  "DwellTime": 2e-06,
  "EchoTime": 0.075,
  "EchoTrainLength": 61,
  "EffectiveEchoSpacing": 0.000285004,
  "FlipAngle": 90,
  "HeudiconvVersion": "0.13.1",
  "ImageOrientationPatientDICOM": [0.990833, -0.135055, 0.00331164, 0.127808, 0.945041, 0.300937],
  "ImageOrientationText": "Tra>Cor(17.3)>Sag(2.5)",
  "ImageType": [
    "ORIGINAL",
    "PRIMARY",
    "DIFFUSION",
    "NONE",
    "ND",
    "NORM",
    "MOSAIC"
],
  "ImagingFrequency": 123.259,
  "InPlanePhaseEncodingDirectionDICOM": "COL",
  "InstitutionAddress": "Maynard 3,Hanover,NH,US,03755",
  "InstitutionName": "Dartmouth College - PBS",
  "InstitutionalDepartmentName": "Department",
  "MRAcquisitionType": "2D",
  "MagneticFieldStrength": 3,
  "Manufacturer": "Siemens",
  "ManufacturersModelName": "Prisma",
  "MatrixCoilMode": "GRAPPA",
  "Modality": "MR",
  "NonlinearGradientCorrection": false,
  "ParallelReductionFactorInPlane": 2,
  "PartialFourier": 1,
  "PatientPosition": "HFS",
  "PercentPhaseFOV": 100,
  "PercentSampling": 100,
  "PhaseEncodingDirection": "j-",
  "PhaseEncodingSteps": 122,
  "PhaseResolution": 1,
  "PixelBandwidth": 2050,
  "ProcedureStepDescription": "dbic^QA",
  "ProtocolName": "dwi_acq-DTI-30-p2",
  "PulseSequenceDetails": "%SiemensSeq%\\ep2d_diff",
  "ReceiveCoilActiveElements": "HEA;HEP",
  "ReceiveCoilName": "Head_32",
  "ReconMatrixPE": 122,
  "RefLinesPE": 38,
  "RepetitionTime": 7.7,
  "SAR": 0.131611,
  "ScanOptions": "FS",
  "ScanningSequence": "EP",
  "SequenceName": "*ep_b0",
  "SequenceVariant": "SK\\SP",
  "SeriesDescription": "dwi_acq-DTI-30-p2",
  "SeriesNumber": 9,
  "ShimSetting": [4225, -7741, -7489, -31, -121, -18, 19, 77],
  "SliceThickness": 2,
  "SliceTiming": [3.84, 0, 3.95, 0.11, 4.0575, 0.22, 4.1675, 0.3275, 4.2775, 0.4375, 4.3875, 0.5475, 4.4975, 0.6575, 4.6075, 0.7675, 4.7175, 0.8775, 4.8275, 0.9875, 4.9375, 1.0975, 5.045, 1.2075, 5.155, 1.315, 5.265, 1.425, 5.375, 1.535, 5.485, 1.645, 5.595, 1.755, 5.705, 1.865, 5.815, 1.975, 5.925, 2.085, 6.0325, 2.1925, 6.1425, 2.3025, 6.2525, 2.4125, 6.3625, 2.5225, 6.4725, 2.6325, 6.5825, 2.7425, 6.6925, 2.8525, 6.8025, 2.9625, 6.91, 3.0725, 7.02, 3.18, 7.13, 3.29, 7.24, 3.4, 7.35, 3.51, 7.46, 3.62, 7.57, 3.73],
  "SoftwareVersions": "syngo MR E11",
  "SpacingBetweenSlices": 2,
  "SpoilingState": true,
  "StationName": "AWP66112",
  "TotalReadoutTime": 0.0344855,
  "TxRefAmp": 221.753,
  "dcmmeta_affine": [
    [-1.9491788148880005, 0.251424640417099, 0.08754540979862213, 100.20555877685547],
    [0.2656818926334381, 1.8590965270996094, 0.5955104231834412, -148.1741180419922],
    [0.006514696404337883, -0.5920077562332153, 1.9072763919830322, -26.349681854248047],
    [0.0, 0.0, 0.0, 1.0]
],
  "dcmmeta_reorient_transform": [
    [0.0, -1.0, 0.0, 121.0],
    [1.0, 0.0, 0.0, 0.0],
    [0.0, 0.0, 1.0, 0.0],
    [0.0, 0.0, 0.0, 1.0]
],
  "dcmmeta_shape": [122, 122, 70, 31],
  "dcmmeta_slice_dim": 2,
  "dcmmeta_version": 0.6,
  "global": {
    "const": {
      "AccessionNumber": "qa",
      "AcquisitionMatrix": [122, 0, 0, 122],
      "AngioFlag": "N",
      "BitsAllocated": 16,
      "BitsStored": 12,
      "BodyPartExamined": "BRAIN",
      "Columns": 1098,
      "EchoNumbers": 1,
      "EchoTime": 75.0,
      "EchoTrainLength": 61,
      "FlipAngle": 90.0,
      "HighBit": 11,
      "ImageOrientationPatient": [0.99083257362882, -0.1350549669384, 0.00331163726463, 0.12780751663043, 0.94504073864113, 0.3009372708745],
      "ImagePositionPatient": [-1204.5224445398, -854.3629207779, -390.06157893616],
      "ImageType": [
        "ORIGINAL",
        "PRIMARY",
        "DIFFUSION",
        "NONE",
        "ND",
        "NORM",
        "MOSAIC"
],
      "ImagedNucleus": "1H",
      "ImagingFrequency": 123.259236,
      "InPlanePhaseEncodingDirection": "COL",
      "MRAcquisitionType": "2D",
      "MagneticFieldStrength": 3.0,
      "Manufacturer": "SIEMENS",
      "ManufacturerModelName": "Prisma",
      "Modality": "MR",
      "NumberOfAverages": 1.0,
      "NumberOfPhaseEncodingSteps": 122,
      "PercentPhaseFieldOfView": 100.0,
      "PercentSampling": 100.0,
      "PerformedProcedureStepStartTime": "092627.339000",
      "PhotometricInterpretation": "MONOCHROME2",
      "PixelBandwidth": 2050.0,
      "PixelRepresentation": 0,
      "PixelSpacing": [1.9672131538391, 1.9672131538391],
      "ProtocolName": "dwi_acq-DTI-30-p2",
      "RepetitionTime": 7700.0,
      "Rows": 1098,
      "SAR": 0.13161144842768,
      "SamplesPerPixel": 1,
      "ScanOptions": "FS",
      "ScanningSequence": "EP",
      "SequenceVariant": [
        "SK",
        "SP"
],
      "SeriesDescription": "dwi_acq-DTI-30-p2",
      "SeriesNumber": 9,
      "SeriesTime": "100039.739000",
      "SliceLocation": -64.861410002151,
      "SliceThickness": 2.0,
      "SmallestImagePixelValue": 0,
      "SoftwareVersions": "syngo MR E11",
      "SpacingBetweenSlices": 2.0000000011105,
      "SpecificCharacterSet": "ISO_IR 100",
      "StudyID": "14",
      "StudyTime": "092627.299000",
      "TransmitCoilName": "Body",
      "VariableFlipAngleFlag": "N",
      "WindowCenterWidthExplanation": "Algo1"
    },
    "slices": {}
  },
  "time": {
    "samples": {
      "AcquisitionNumber": [1, 2, 3, 4, 5, 6, 7, 8, 9, 10, 11, 12, 13, 14, 15, 16, 17, 18, 19, 20, 21, 22, 23, 24, 25, 26, 27, 28, 29, 30, 31],
      "AcquisitionTime": ["095828.197500", "095835.897500", "095843.597500", "095851.297500", "095858.997500", "095906.697500", "095914.397500", "095922.097500", "095929.797500", "095937.497500", "095945.197500", "095952.897500", "100000.597500", "100008.297500", "100015.997500", "100023.697500", "100031.397500", "100039.097500", "100046.797500", "100054.497500", "100102.197500", "100109.897500", "100117.597500", "100125.297500", "100132.997500", "100140.697500", "100148.397500", "100156.097500", "100203.797500", "100211.497500", "100219.197500"],
      "ContentTime": ["100039.743000", "100039.747000", "100039.750000", "100039.753000", "100039.755000", "100039.758000", "100039.761000", "100039.771000", "100039.774000", "100039.783000", "100039.786000", "100039.789000", "100039.792000", "100039.795000", "100039.797000", "100039.800000", "100039.803000", "100224.005000", "100224.008000", "100224.017000", "100224.020000", "100224.024000", "100224.027000", "100224.032000", "100224.040000", "100224.052000", "100224.055000", "100224.059000", "100224.063000", "100224.066000", "100224.069000"],
      "InstanceCreationTime": ["100039.743000", "100039.747000", "100039.750000", "100039.753000", "100039.755000", "100039.758000", "100039.761000", "100039.771000", "100039.774000", "100039.783000", "100039.786000", "100039.789000", "100039.792000", "100039.795000", "100039.797000", "100039.800000", "100039.803000", "100224.005000", "100224.008000", "100224.017000", "100224.020000", "100224.024000", "100224.027000", "100224.032000", "100224.040000", "100224.052000", "100224.055000", "100224.059000", "100224.063000", "100224.066000", "100224.069000"],
      "InstanceNumber": [1, 2, 3, 4, 5, 6, 7, 8, 9, 10, 11, 12, 13, 14, 15, 16, 17, 18, 19, 20, 21, 22, 23, 24, 25, 26, 27, 28, 29, 30, 31],
      "LargestImagePixelValue": [2057, 306, 300, 311, 294, 299, 313, 303, 314, 316, 299, 319, 299, 305, 309, 320, 305, 292, 311, 308, 310, 314, 307, 288, 290, 300, 306, 298, 303, 314, 324],
      "SequenceName": [
        "*ep_b0",
        "*ep_b1000#1",
        "*ep_b1000#2",
        "*ep_b1000#3",
        "*ep_b1000#4",
        "*ep_b1000#5",
        "*ep_b1000#6",
        "*ep_b1000#7",
        "*ep_b1000#8",
        "*ep_b1000#9",
        "*ep_b1000#10",
        "*ep_b1000#11",
        "*ep_b1000#12",
        "*ep_b1000#13",
        "*ep_b1000#14",
        "*ep_b1000#15",
        "*ep_b1000#16",
        "*ep_b1000#17",
        "*ep_b1000#18",
        "*ep_b1000#19",
        "*ep_b1000#20",
        "*ep_b1000#21",
        "*ep_b1000#22",
        "*ep_b1000#23",
        "*ep_b1000#24",
        "*ep_b1000#25",
        "*ep_b1000#26",
        "*ep_b1000#27",
        "*ep_b1000#28",
        "*ep_b1000#29",
        "*ep_b1000#30"
],
      "WindowCenter": [894.0, 234.0, 234.0, 235.0, 231.0, 230.0, 230.0, 231.0, 234.0, 232.0, 229.0, 230.0, 233.0, 231.0, 230.0, 231.0, 232.0, 230.0, 233.0, 234.0, 235.0, 234.0, 230.0, 230.0, 230.0, 232.0, 233.0, 231.0, 231.0, 231.0, 231.0],
      "WindowWidth": [1965.0, 526.0, 528.0, 529.0, 522.0, 520.0, 520.0, 521.0, 528.0, 523.0, 518.0, 519.0, 526.0, 522.0, 520.0, 522.0, 523.0, 520.0, 525.0, 527.0, 529.0, 528.0, 520.0, 518.0, 520.0, 524.0, 526.0, 522.0, 521.0, 521.0, 522.0]
    },
    "slices": {}
  }
}