{
  "AcquisitionMatrixPE": 256,
  "AcquisitionNumber": 1,
  "AcquisitionTime": "10:03:26.952500",
  "BaseResolution": 256,
  "BodyPartExamined": "BRAIN",
  "CoilCombinationMethod": "Adaptive Combine",
  "ConsistencyInfo": "N4_VE11E_LATEST_20181129",
  "ConversionSoftware": "dcm2niix",
  "ConversionSoftwareVersion": "v1.0.20220720",
  "DeviceSerialNumber": "66112",
  "DwellTime": 9.8e-06,
  "EchoTime": 0.00232,
  "FlipAngle": 8,
  "HeudiconvVersion": "0.13.1",
  "ImageOrientationPatientDICOM": [-0.150217, 0.940157, 0.305841, -0.0363862, 0.303885, -0.952014],
  "ImageOrientationText": "Sag>Cor(-8.9)>Tra(-0.7)",
  "ImageType": [
    "ORIGINAL",
    "PRIMARY",
    "M",
    "ND",
    "NORM"
],
  "ImagingFrequency": 123.259,
  "InPlanePhaseEncodingDirectionDICOM": "ROW",
  "InstitutionAddress": "Maynard 3,Hanover,NH,US,03755",
  "InstitutionName": "Dartmouth College - PBS",
  "InstitutionalDepartmentName": "Department",
  "InversionTime": 0.933,
  "MRAcquisitionType": "3D",
  "MagneticFieldStrength": 3,
  "Manufacturer": "Siemens",
  "ManufacturersModelName": "Prisma",
  "MatrixCoilMode": "GRAPPA",
  "Modality": "MR",
  "NonlinearGradientCorrection": false,
  "ParallelReductionFactorInPlane": 2,
  "PartialFourier": 1,
  "PatientPosition": "HFS",
  "PercentPhaseFOV": 100,
  "PercentSampling": 100,
  "PhaseEncodingSteps": 255,
  "PhaseResolution": 1,
  "PixelBandwidth": 200,
  "ProcedureStepDescription": "dbic^QA",
  "ProtocolName": "anat-T1w_acq-MPRAGE",
  "PulseSequenceDetails": "%SiemensSeq%\\tfl",
  "ReceiveCoilActiveElements": "HEA;HEP",
  "ReceiveCoilName": "Head_32",
  "ReconMatrixPE": 256,
  "RefLinesPE": 24,
  "RepetitionTime": 2.3,
  "SAR": 0.0280908,
  "ScanOptions": "IR",
  "ScanningSequence": "GR\\IR",
  "SequenceName": "*tfl3d1_16ns",
  "SequenceVariant": "SK\\SP\\MP",
  "SeriesDescription": "anat-T1w_acq-MPRAGE",
  "SeriesNumber": 14,
  "ShimSetting": [4221, -7724, -7463, -137, -146, 10, -68, 64],
  "SliceThickness": 0.9,
  "SoftwareVersions": "syngo MR E11",
  "SpoilingState": true,
  "StationName": "AWP66112",
  "TxRefAmp": 227.61,
  "dcmmeta_affine": [
    [0.8891850113868713, -0.14082802832126617, -0.034112028777599335, -61.13722610473633],
    [0.1387229710817337, 0.8813976049423218, 0.28489190340042114, -155.463623046875],
    [-0.010295816697180271, -0.2867263853549957, 0.892512857913971, -89.94419860839844],
    [0.0, 0.0, 0.0, 1.0]
],
  "dcmmeta_reorient_transform": [
    [0.0, 0.0, -1.0, 255.0],
    [0.0, -1.0, 0.0, 255.0],
    [-1.0, 0.0, 0.0, 191.0],
    [0.0, 0.0, 0.0, 1.0]
],
  "dcmmeta_shape": [192, 256, 256],
  "dcmmeta_slice_dim": 0,
  "dcmmeta_version": 0.6,
  "global": {
    "const": {
      "AccessionNumber": "qa",
      "AcquisitionMatrix": [0, 256, 256, 0],
      "AcquisitionNumber": 1,
      "AcquisitionTime": "100326.952500",
      "AngioFlag": "N",
      "BitsAllocated": 16,
      "BitsStored": 12,
      "BodyPartExamined": "BRAIN",
      "Columns": 256,
      "EchoNumbers": 1,
      "EchoTime": 2.32,
      "EchoTrainLength": 1,
      "FlipAngle": 8.0,
      "HighBit": 11,
      "ImageOrientationPatient": [-0.1502165714349, 0.94015742280634, 0.30584146548251, -0.0363861648085, 0.30388471163317, -0.9520137231396],
      "ImageType": [
        "ORIGINAL",
        "PRIMARY",
        "M",
        "ND",
        "NORM"
],
      "ImagedNucleus": "1H",
      "ImagingFrequency": 123.259257,
      "InPlanePhaseEncodingDirection": "ROW",
      "InversionTime": 933.0,
      "MRAcquisitionType": "3D",
      "MagneticFieldStrength": 3.0,
      "Manufacturer": "SIEMENS",
      "ManufacturerModelName": "Prisma",
      "Modality": "MR",
      "NumberOfAverages": 1.0,
      "NumberOfPhaseEncodingSteps": 255,
      "PercentPhaseFieldOfView": 100.0,
      "PercentSampling": 100.0,
      "PerformedProcedureStepStartTime": "092755.226000",
      "PhotometricInterpretation": "MONOCHROME2",
      "PixelBandwidth": 200.0,
      "PixelRepresentation": 0,
      "PixelSpacing": [0.9375, 0.9375],
      "ProtocolName": "anat-T1w_acq-MPRAGE",
      "RepetitionTime": 2300.0,
      "Rows": 256,
      "SAR": 0.02809082433523,
      "SamplesPerPixel": 1,
      "ScanOptions": "IR",
      "ScanningSequence": [
        "GR",
        "IR"
],
      "SequenceName": "*tfl3d1_16ns",
      "SequenceVariant": [
        "SK",
        "SP",
        "MP"
],
      "SeriesDescription": "anat-T1w_acq-MPRAGE",
      "SeriesNumber": 14,
      "SeriesTime": "100853.756000",
      "SliceThickness": 0.90000003576279,
      "SmallestImagePixelValue": 0,
      "SoftwareVersions": "syngo MR E11",
      "SpecificCharacterSet": "ISO_IR 100",
      "StudyID": "7",
      "StudyTime": "092755.189000",
      "TransmitCoilName": "Body",
      "VariableFlipAngleFlag": "N",
      "WindowCenterWidthExplanation": "Algo1"
    },
