{
  "AcquisitionMatrixPE": 122,
  "AcquisitionNumber": 1,
  "AcquisitionTime": "10:37:22.415000",
  "BandwidthPerPixelPhaseEncode": 27.785,
  "BaseResolution": 122,
  "BodyPartExamined": "BRAIN",
  "CoilCombinationMethod": "Adaptive Combine",
  "ConsistencyInfo": "N4_VE11E_LATEST_20181129",
  "ConversionSoftware": "dcm2niix",
  "ConversionSoftwareVersion": "v1.0.20220720",
  "DerivedVendorReportedEchoSpacing": 0.000590011,
  "DeviceSerialNumber": "66112",
  "DiffusionScheme": "Monopolar",
  "DwellTime": 2e-06,
  "EchoTime": 0.068,
  "EchoTrainLength": 61,
  "EffectiveEchoSpacing": 0.000295005,
  "FlipAngle": 90,
  "HeudiconvVersion": "0.13.1",
  "ImageOrientationPatientDICOM": [0.999398, -0.0340788, 0.00653361, 0.0305343, 0.95315, 0.300952],
  "ImageOrientationText": "Tra>Cor(17.5)>Sag(0.9)",
  "ImageType": [
    "ORIGINAL",
    "PRIMARY",
    "DIFFUSION",
    "NONE",
    "ND",
    "NORM",
    "MOSAIC"
],
  "ImagingFrequency": 123.261,
  "InPlanePhaseEncodingDirectionDICOM": "COL",
  "InstitutionAddress": "Maynard 3,Hanover,NH,US,03755",
  "InstitutionName": "Dartmouth College - PBS",
  "InstitutionalDepartmentName": "Department",
  "MRAcquisitionType": "2D",
  "MagneticFieldStrength": 3,
  "Manufacturer": "Siemens",
  "ManufacturersModelName": "Prisma",
  "Modality": "MR",
  "MultibandAccelerationFactor": 4,
  "NonlinearGradientCorrection": false,
  "ParallelReductionFactorInPlane": 2,
  "PartialFourier": 1,
  "PatientPosition": "HFS",
  "PercentPhaseFOV": 100,
  "PercentSampling": 100,
  "PhaseEncodingDirection": "j-",
  "PhaseEncodingSteps": 122,
  "PhaseResolution": 1,
  "PixelBandwidth": 2050,
  "ProcedureStepDescription": "dbic^QA",
  "ProtocolName": "dwi_acq-DTI-30-p2-s4",
  "PulseSequenceDetails": "%SiemensSeq%\\ep2d_diff",
  "ReceiveCoilActiveElements": "HEA;HEP",
  "ReceiveCoilName": "Head_32",
  "ReconMatrixPE": 122,
  "RefLinesPE": 38,
  "RepetitionTime": 3.6,
  "SAR": 0.151674,
  "ScanOptions": "FS",
  "ScanningSequence": "EP",
  "SequenceName": "*ep_b0",
  "SequenceVariant": "SK\\SP",
  "SeriesDescription": "dwi_acq-DTI-30-p2-s4",
  "SeriesNumber": 10,
  "ShimSetting": [4245, -7741, -7478, 11, -181, -53, -17, 73],
  "SliceThickness": 2,
  "SliceTiming": [2.585, 0, 1.79, 0.2, 1.99, 0.3975, 2.1875, 0.5975, 2.3875, 0.995, 2.785, 1.1925, 2.9825, 1.3925, 3.1825, 1.5925, 3.3825, 0.795, 2.585, 0, 1.79, 0.2, 1.99, 0.3975, 2.1875, 0.5975, 2.3875, 0.995, 2.785, 1.1925, 2.9825, 1.3925, 3.1825, 1.5925, 3.3825, 0.795, 2.585, 0, 1.79, 0.2, 1.99, 0.3975, 2.1875, 0.5975, 2.3875, 0.995, 2.785, 1.1925, 2.9825, 1.3925, 3.1825, 1.5925, 3.3825, 0.795, 2.585, 0, 1.79, 0.2, 1.99, 0.3975, 2.1875, 0.5975, 2.3875, 0.995, 2.785, 1.1925, 2.9825, 1.3925, 3.1825, 1.5925, 3.3825, 0.795],
  "SoftwareVersions": "syngo MR E11",
  "SpacingBetweenSlices": 2,
  "SpoilingState": true,
  "StationName": "AWP66112",
  "TotalReadoutTime": 0.0356956,
  "TxRefAmp": 228.809,
  "dcmmeta_affine": [
    [-1.9660284519195557, 0.060067515820264816, 0.03296716883778572, 116.82337188720703],
    [0.06704027950763702, 1.8750500679016113, 0.6011418104171753, -141.23275756835938],
    [0.01285299938172102, -0.5920360088348389, 1.9072340726852417, -28.11893081665039],
    [0.0, 0.0, 0.0, 1.0]
],
  "dcmmeta_reorient_transform": [
    [0.0, -1.0, 0.0, 121.0],
    [1.0, 0.0, 0.0, 0.0],
    [0.0, 0.0, 1.0, 0.0],
    [0.0, 0.0, 0.0, 1.0]
],
  "dcmmeta_shape": [122, 122, 72, 31],
  "dcmmeta_slice_dim": 2,
  "dcmmeta_version": 0.6,
  "global": {
    "const": {
      "AccessionNumber": "qa",
      "AcquisitionMatrix": [122, 0, 0, 122],
      "AngioFlag": "N",
      "BitsAllocated": 16,
      "BitsStored": 12,
      "BodyPartExamined": "BRAIN",
      "Columns": 1098,
      "EchoNumbers": 1,
      "EchoTime": 68.0,
      "EchoTrainLength": 61,
      "FlipAngle": 90.0,
      "HighBit": 11,
      "ImageOrientationPatient": [0.99939779207097, -0.0340788082906, 0.00653360766891, 0.03053431934028, 0.95315044375343, 0.3009516355082],
      "ImagePositionPatient": [-1112.826385536, -967.95708908494, -394.94112870795],
      "ImageType": [
        "ORIGINAL",
        "PRIMARY",
        "DIFFUSION",
        "NONE",
        "ND",
        "NORM",
        "MOSAIC"
],
      "ImagedNucleus": "1H",
      "ImagingFrequency": 123.26126,
      "InPlanePhaseEncodingDirection": "COL",
      "MRAcquisitionType": "2D",
      "MagneticFieldStrength": 3.0,
      "Manufacturer": "SIEMENS",
      "ManufacturerModelName": "Prisma",
      "Modality": "MR",
      "NumberOfAverages": 1.0,
      "NumberOfPhaseEncodingSteps": 122,
      "PercentPhaseFieldOfView": 100.0,
      "PercentSampling": 100.0,
      "PerformedProcedureStepStartTime": "095618.017000",
      "PhotometricInterpretation": "MONOCHROME2",
      "PixelBandwidth": 2050.0,
      "PixelRepresentation": 0,
      "PixelSpacing": [1.9672131538391, 1.9672131538391],
      "ProtocolName": "dwi_acq-DTI-30-p2-s4",
      "RepetitionTime": 3600.0,
      "Rows": 1098,
      "SAR": 0.15167420625468,
      "SamplesPerPixel": 1,
      "ScanOptions": "FS",
      "ScanningSequence": "EP",
      "SequenceVariant": [
        "SK",
        "SP"
],
      "SeriesDescription": "dwi_acq-DTI-30-p2-s4",
      "SeriesNumber": 10,
      "SeriesTime": "103848.612000",
      "SliceLocation": -67.339481562277,
      "SliceThickness": 2.0,
      "SmallestImagePixelValue": 0,
      "SoftwareVersions": "syngo MR E11",
      "SpacingBetweenSlices": 1.9999999892398,
      "SpecificCharacterSet": "ISO_IR 100",
      "StudyID": "43",
      "StudyTime": "095617.970000",
      "TransmitCoilName": "Body",
      "VariableFlipAngleFlag": "N",
      "WindowCenterWidthExplanation": "Algo1"
    },
    "slices": {}
  },
  "time": {
    "samples": {
      "AcquisitionNumber": [1, 2, 3, 4, 5, 6, 7, 8, 9, 10, 11, 12, 13, 14, 15, 16, 17, 18, 19, 20, 21, 22, 23, 24, 25, 26, 27, 28, 29, 30, 31],
      "AcquisitionTime": ["103722.415000", "103726.015000", "103729.615000", "103733.215000", "103736.815000", "103740.415000", "103744.015000", "103747.615000", "103751.215000", "103754.815000", "103758.415000", "103802.015000", "103805.615000", "103809.215000", "103812.815000", "103816.415000", "103820.015000", "103823.615000", "103827.215000", "103830.815000", "103834.415000", "103838.015000", "103841.615000", "103845.215000", "103848.815000", "103852.415000", "103856.015000", "103859.615000", "103903.215000", "103906.815000", "103910.415000"],
      "ContentTime": ["103848.616000", "103848.619000", "103848.622000", "103848.625000", "103848.628000", "103848.631000", "103848.634000", "103848.637000", "103848.640000", "103848.643000", "103848.646000", "103848.650000", "103848.653000", "103848.656000", "103848.658000", "103848.661000", "103848.664000", "103848.667000", "103848.670000", "103848.673000", "103848.676000", "103848.679000", "103848.682000", "103848.685000", "103912.466000", "103912.471000", "103912.476000", "103912.479000", "103912.483000", "103912.486000", "103912.490000"],
      "InstanceCreationTime": ["103848.616000", "103848.619000", "103848.622000", "103848.625000", "103848.628000", "103848.631000", "103848.634000", "103848.637000", "103848.640000", "103848.643000", "103848.646000", "103848.650000", "103848.653000", "103848.656000", "103848.658000", "103848.661000", "103848.664000", "103848.667000", "103848.670000", "103848.673000", "103848.676000", "103848.679000", "103848.682000", "103848.685000", "103912.466000", "103912.471000", "103912.476000", "103912.479000", "103912.483000", "103912.486000", "103912.490000"],
      "InstanceNumber": [1, 2, 3, 4, 5, 6, 7, 8, 9, 10, 11, 12, 13, 14, 15, 16, 17, 18, 19, 20, 21, 22, 23, 24, 25, 26, 27, 28, 29, 30, 31],
      "LargestImagePixelValue": [2076, 296, 290, 295, 304, 303, 312, 303, 287, 291, 310, 307, 300, 304, 298, 308, 293, 300, 299, 297, 291, 298, 285, 288, 298, 283, 290, 297, 299, 295, 289],
      "SequenceName": [
        "*ep_b0",
        "*ep_b1000#1",
        "*ep_b1000#2",
        "*ep_b1000#3",
        "*ep_b1000#4",
        "*ep_b1000#5",
        "*ep_b1000#6",
        "*ep_b1000#7",
        "*ep_b1000#8",
        "*ep_b1000#9",
        "*ep_b1000#10",
        "*ep_b1000#11",
        "*ep_b1000#12",
        "*ep_b1000#13",
        "*ep_b1000#14",
        "*ep_b1000#15",
        "*ep_b1000#16",
        "*ep_b1000#17",
        "*ep_b1000#18",
        "*ep_b1000#19",
        "*ep_b1000#20",
        "*ep_b1000#21",
        "*ep_b1000#22",
        "*ep_b1000#23",
        "*ep_b1000#24",
        "*ep_b1000#25",
        "*ep_b1000#26",
        "*ep_b1000#27",
        "*ep_b1000#28",
        "*ep_b1000#29",
        "*ep_b1000#30"
],
      "WindowCenter": [902.0, 219.0, 220.0, 220.0, 218.0, 218.0, 218.0, 218.0, 219.0, 219.0, 217.0, 217.0, 221.0, 219.0, 219.0, 219.0, 219.0, 218.0, 222.0, 222.0, 219.0, 219.0, 219.0, 217.0, 218.0, 219.0, 219.0, 219.0, 220.0, 219.0, 220.0],
      "WindowWidth": [1989.0, 499.0, 501.0, 501.0, 497.0, 496.0, 497.0, 497.0, 500.0, 498.0, 495.0, 495.0, 503.0, 499.0, 499.0, 500.0, 499.0, 496.0, 503.0, 504.0, 499.0, 499.0, 498.0, 495.0, 496.0, 498.0, 499.0, 498.0, 500.0, 498.0, 500.0]
    },
    "slices": {}
  }
}