{
  "AcquisitionMatrixPE": 122,
  "AcquisitionNumber": 1,
  "AcquisitionTime": "10:33:1.222500",
  "BandwidthPerPixelPhaseEncode": 28.76,
  "BaseResolution": 122,
  "BodyPartExamined": "BRAIN",
  "CoilCombinationMethod": "Adaptive Combine",
  "ConsistencyInfo": "N4_VE11E_LATEST_20181129",
  "ConversionSoftware": "dcm2niix",
  "ConversionSoftwareVersion": "v1.0.20220720",
  "DerivedVendorReportedEchoSpacing": 0.000570008,
  "DeviceSerialNumber": "66112",
  "DiffusionScheme": "Monopolar",
  "DwellTime": 2e-06,
  "EchoTime": 0.075,
  "EchoTrainLength": 61,
  "EffectiveEchoSpacing": 0.000285004,
  "FlipAngle": 90,
  "HeudiconvVersion": "0.13.1",
  "ImageOrientationPatientDICOM": [0.999398, -0.0340788, 0.00653361, 0.0305343, 0.95315, 0.300952],
  "ImageOrientationText": "Tra>Cor(17.5)>Sag(0.9)",
  "ImageType": [
    "ORIGINAL",
    "PRIMARY",
    "DIFFUSION",
    "NONE",
    "ND",
    "NORM",
    "MOSAIC"
],
  "ImagingFrequency": 123.261,
  "InPlanePhaseEncodingDirectionDICOM": "COL",
  "InstitutionAddress": "Maynard 3,Hanover,NH,US,03755",
  "InstitutionName": "Dartmouth College - PBS",
  "InstitutionalDepartmentName": "Department",
  "MRAcquisitionType": "2D",
  "MagneticFieldStrength": 3,
  "Manufacturer": "Siemens",
  "ManufacturersModelName": "Prisma",
  "MatrixCoilMode": "GRAPPA",
  "Modality": "MR",
  "NonlinearGradientCorrection": false,
  "ParallelReductionFactorInPlane": 2,
  "PartialFourier": 1,
  "PatientPosition": "HFS",
  "PercentPhaseFOV": 100,
  "PercentSampling": 100,
  "PhaseEncodingDirection": "j-",
  "PhaseEncodingSteps": 122,
  "PhaseResolution": 1,
  "PixelBandwidth": 2050,
  "ProcedureStepDescription": "dbic^QA",
  "ProtocolName": "dwi_acq-DTI-30-p2",
  "PulseSequenceDetails": "%SiemensSeq%\\ep2d_diff",
  "ReceiveCoilActiveElements": "HEA;HEP",
  "ReceiveCoilName": "Head_32",
  "ReconMatrixPE": 122,
  "RefLinesPE": 38,
  "RepetitionTime": 7.7,
  "SAR": 0.100273,
  "ScanOptions": "FS",
  "ScanningSequence": "EP",
  "SequenceName": "*ep_b0",
  "SequenceVariant": "SK\\SP",
  "SeriesDescription": "dwi_acq-DTI-30-p2",
  "SeriesNumber": 9,
  "ShimSetting": [4245, -7741, -7478, 14, -181, -54, -17, 73],
  "SliceThickness": 2,
  "SliceTiming": [3.84, 0, 3.95, 0.11, 4.0575, 0.2175, 4.1675, 0.3275, 4.2775, 0.4375, 4.3875, 0.5475, 4.4975, 0.6575, 4.6075, 0.7675, 4.7175, 0.8775, 4.8275, 0.9875, 4.935, 1.0975, 5.045, 1.205, 5.155, 1.315, 5.265, 1.425, 5.375, 1.535, 5.485, 1.645, 5.595, 1.755, 5.705, 1.865, 5.815, 1.975, 5.9225, 2.0825, 6.0325, 2.1925, 6.1425, 2.3025, 6.2525, 2.4125, 6.3625, 2.5225, 6.4725, 2.6325, 6.5825, 2.7425, 6.6925, 2.8525, 6.8, 2.9625, 6.91, 3.07, 7.02, 3.18, 7.13, 3.29, 7.24, 3.4, 7.35, 3.51, 7.46, 3.62, 7.57, 3.73],
  "SoftwareVersions": "syngo MR E11",
  "SpacingBetweenSlices": 2,
  "SpoilingState": true,
  "StationName": "AWP66112",
  "TotalReadoutTime": 0.0344855,
  "TxRefAmp": 228.809,
  "dcmmeta_affine": [
    [-1.9660284519195557, 0.060067515820264816, 0.03296716883778572, 116.85633850097656],
    [0.06704027950763702, 1.8750500679016113, 0.6011418104171753, -140.63162231445312],
    [0.01285299938172102, -0.5920360088348389, 1.9072340726852417, -26.21169662475586],
    [0.0, 0.0, 0.0, 1.0]
],
  "dcmmeta_reorient_transform": [
    [0.0, -1.0, 0.0, 121.0],
    [1.0, 0.0, 0.0, 0.0],
    [0.0, 0.0, 1.0, 0.0],
    [0.0, 0.0, 0.0, 1.0]
],
  "dcmmeta_shape": [122, 122, 70, 31],
  "dcmmeta_slice_dim": 2,
  "dcmmeta_version": 0.6,
  "global": {
    "const": {
      "AccessionNumber": "qa",
      "AcquisitionMatrix": [122, 0, 0, 122],
      "AngioFlag": "N",
      "BitsAllocated": 16,
      "BitsStored": 12,
      "BodyPartExamined": "BRAIN",
      "Columns": 1098,
      "EchoNumbers": 1,
      "EchoTime": 75.0,
      "EchoTrainLength": 61,
      "FlipAngle": 90.0,
      "HighBit": 11,
      "ImageOrientationPatient": [0.99939779207097, -0.0340788082906, 0.00653360766891, 0.03053431934028, 0.95315044375343, 0.3009516355082],
      "ImagePositionPatient": [-1112.859352716, -968.55823196824, -393.03389451606],
      "ImageType": [
        "ORIGINAL",
        "PRIMARY",
        "DIFFUSION",
        "NONE",
        "ND",
        "NORM",
        "MOSAIC"
],
      "ImagedNucleus": "1H",
      "ImagingFrequency": 123.261258,
      "InPlanePhaseEncodingDirection": "COL",
      "MRAcquisitionType": "2D",
      "MagneticFieldStrength": 3.0,
      "Manufacturer": "SIEMENS",
      "ManufacturerModelName": "Prisma",
      "Modality": "MR",
      "NumberOfAverages": 1.0,
      "NumberOfPhaseEncodingSteps": 122,
      "PercentPhaseFieldOfView": 100.0,
      "PercentSampling": 100.0,
      "PerformedProcedureStepStartTime": "095618.017000",
      "PhotometricInterpretation": "MONOCHROME2",
      "PixelBandwidth": 2050.0,
      "PixelRepresentation": 0,
      "PixelSpacing": [1.9672131538391, 1.9672131538391],
      "ProtocolName": "dwi_acq-DTI-30-p2",
      "RepetitionTime": 7700.0,
      "Rows": 1098,
      "SAR": 0.10027259541998,
      "SamplesPerPixel": 1,
      "ScanOptions": "FS",
      "ScanningSequence": "EP",
      "SequenceVariant": [
        "SK",
        "SP"
],
      "SeriesDescription": "dwi_acq-DTI-30-p2",
      "SeriesNumber": 9,
      "SeriesTime": "103548.527000",
      "SliceLocation": -65.33948109632,
      "SliceThickness": 2.0,
      "SmallestImagePixelValue": 0,
      "SoftwareVersions": "syngo MR E11",
      "SpacingBetweenSlices": 1.9999999754432,
      "SpecificCharacterSet": "ISO_IR 100",
      "StudyID": "43",
      "StudyTime": "095617.970000",
      "TransmitCoilName": "Body",
      "VariableFlipAngleFlag": "N",
      "WindowCenterWidthExplanation": "Algo1"
    },
    "slices": {}
  },
  "time": {
    "samples": {
      "AcquisitionNumber": [1, 2, 3, 4, 5, 6, 7, 8, 9, 10, 11, 12, 13, 14, 15, 16, 17, 18, 19, 20, 21, 22, 23, 24, 25, 26, 27, 28, 29, 30, 31],
      "AcquisitionTime": ["103301.222500", "103308.922500", "103316.622500", "103324.322500", "103332.022500", "103339.722500", "103347.422500", "103355.122500", "103402.822500", "103410.522500", "103418.222500", "103425.922500", "103433.622500", "103441.322500", "103449.022500", "103456.722500", "103504.422500", "103512.122500", "103519.822500", "103527.522500", "103535.222500", "103542.922500", "103550.622500", "103558.322500", "103606.022500", "103613.722500", "103621.422500", "103629.122500", "103636.822500", "103644.522500", "103652.222500"],
      "ContentTime": ["103548.530000", "103548.534000", "103548.537000", "103548.540000", "103548.543000", "103548.546000", "103548.549000", "103548.552000", "103548.555000", "103548.558000", "103548.561000", "103548.564000", "103548.567000", "103548.570000", "103548.573000", "103548.576000", "103548.579000", "103548.582000", "103548.585000", "103548.588000", "103548.591000", "103548.594000", "103656.495000", "103656.507000", "103656.511000", "103656.514000", "103656.517000", "103656.520000", "103656.523000", "103656.526000", "103656.529000"],
      "InstanceCreationTime": ["103548.530000", "103548.534000", "103548.537000", "103548.540000", "103548.543000", "103548.546000", "103548.549000", "103548.552000", "103548.555000", "103548.558000", "103548.561000", "103548.564000", "103548.567000", "103548.570000", "103548.573000", "103548.576000", "103548.579000", "103548.582000", "103548.585000", "103548.588000", "103548.591000", "103548.594000", "103656.495000", "103656.507000", "103656.511000", "103656.514000", "103656.517000", "103656.520000", "103656.523000", "103656.526000", "103656.529000"],
      "InstanceNumber": [1, 2, 3, 4, 5, 6, 7, 8, 9, 10, 11, 12, 13, 14, 15, 16, 17, 18, 19, 20, 21, 22, 23, 24, 25, 26, 27, 28, 29, 30, 31],
      "LargestImagePixelValue": [1974, 287, 290, 290, 299, 301, 307, 303, 286, 285, 305, 309, 289, 297, 291, 286, 286, 289, 304, 291, 296, 291, 281, 285, 293, 288, 283, 294, 288, 285, 276],
      "SequenceName": [
        "*ep_b0",
        "*ep_b1000#1",
        "*ep_b1000#2",
        "*ep_b1000#3",
        "*ep_b1000#4",
        "*ep_b1000#5",
        "*ep_b1000#6",
        "*ep_b1000#7",
        "*ep_b1000#8",
        "*ep_b1000#9",
        "*ep_b1000#10",
        "*ep_b1000#11",
        "*ep_b1000#12",
        "*ep_b1000#13",
        "*ep_b1000#14",
        "*ep_b1000#15",
        "*ep_b1000#16",
        "*ep_b1000#17",
        "*ep_b1000#18",
        "*ep_b1000#19",
        "*ep_b1000#20",
        "*ep_b1000#21",
        "*ep_b1000#22",
        "*ep_b1000#23",
        "*ep_b1000#24",
        "*ep_b1000#25",
        "*ep_b1000#26",
        "*ep_b1000#27",
        "*ep_b1000#28",
        "*ep_b1000#29",
        "*ep_b1000#30"
],
      "WindowCenter": [879.0, 215.0, 215.0, 216.0, 214.0, 213.0, 214.0, 214.0, 215.0, 214.0, 213.0, 213.0, 215.0, 215.0, 214.0, 214.0, 214.0, 213.0, 216.0, 216.0, 216.0, 215.0, 213.0, 213.0, 213.0, 214.0, 215.0, 214.0, 214.0, 214.0, 214.0],
      "WindowWidth": [1918.0, 490.0, 490.0, 492.0, 488.0, 486.0, 488.0, 488.0, 490.0, 489.0, 486.0, 486.0, 490.0, 489.0, 488.0, 488.0, 488.0, 486.0, 491.0, 491.0, 492.0, 490.0, 485.0, 486.0, 486.0, 488.0, 490.0, 488.0, 487.0, 488.0, 488.0]
    },
    "slices": {}
  }
}