{
  "AcquisitionMatrixPE": 122,
  "AcquisitionNumber": 1,
  "AcquisitionTime": "10:32:40.425000",
  "BandwidthPerPixelPhaseEncode": 27.785,
  "BaseResolution": 122,
  "BodyPartExamined": "BRAIN",
  "CoilCombinationMethod": "Adaptive Combine",
  "ConsistencyInfo": "N4_VE11E_LATEST_20181129",
  "ConversionSoftware": "dcm2niix",
  "ConversionSoftwareVersion": "v1.0.20220720",
  "DerivedVendorReportedEchoSpacing": 0.000590011,
  "DeviceSerialNumber": "66112",
  "DiffusionScheme": "Monopolar",
  "DwellTime": 2e-06,
  "EchoTime": 0.068,
  "EchoTrainLength": 61,
  "EffectiveEchoSpacing": 0.000295005,
  "FlipAngle": 90,
  "HeudiconvVersion": "0.13.1",
  "ImageOrientationPatientDICOM": [0.98804, 0.154045, 0.00689135, -0.148898, 0.9415, 0.302336],
  "ImageOrientationText": "Tra>Cor(17.5)>Sag(-2.3)",
  "ImageType": [
    "ORIGINAL",
    "PRIMARY",
    "DIFFUSION",
    "NONE",
    "ND",
    "NORM",
    "MOSAIC"
],
  "ImagingFrequency": 123.259,
  "InPlanePhaseEncodingDirectionDICOM": "COL",
  "InstitutionAddress": "Maynard 3,Hanover,NH,US,03755",
  "InstitutionName": "Dartmouth College - PBS",
  "InstitutionalDepartmentName": "Department",
  "MRAcquisitionType": "2D",
  "MagneticFieldStrength": 3,
  "Manufacturer": "Siemens",
  "ManufacturersModelName": "Prisma",
  "Modality": "MR",
  "MultibandAccelerationFactor": 4,
  "NonlinearGradientCorrection": false,
  "ParallelReductionFactorInPlane": 2,
  "PartialFourier": 1,
  "PatientPosition": "HFS",
  "PercentPhaseFOV": 100,
  "PercentSampling": 100,
  "PhaseEncodingDirection": "j-",
  "PhaseEncodingSteps": 122,
  "PhaseResolution": 1,
  "PixelBandwidth": 2050,
  "ProcedureStepDescription": "dbic^QA",
  "ProtocolName": "dwi_acq-DTI-30-p2-s4",
  "PulseSequenceDetails": "%SiemensSeq%\\ep2d_diff",
  "ReceiveCoilActiveElements": "HEA;HEP",
  "ReceiveCoilName": "Head_32",
  "ReconMatrixPE": 122,
  "RefLinesPE": 38,
  "RepetitionTime": 3.6,
  "SAR": 0.13038,
  "ScanOptions": "FS",
  "ScanningSequence": "EP",
  "SequenceName": "*ep_b0",
  "SequenceVariant": "SK\\SP",
  "SeriesDescription": "dwi_acq-DTI-30-p2-s4",
  "SeriesNumber": 10,
  "ShimSetting": [4219, -7743, -7498, -37, -123, -31, -11, 67],
  "SliceThickness": 2,
  "SliceTiming": [2.585, 0, 1.79, 0.2, 1.99, 0.3975, 2.1875, 0.5975, 2.3875, 0.995, 2.785, 1.1925, 2.9825, 1.3925, 3.1825, 1.59, 3.38, 0.795, 2.585, 0, 1.79, 0.2, 1.99, 0.3975, 2.1875, 0.5975, 2.3875, 0.995, 2.785, 1.1925, 2.9825, 1.3925, 3.1825, 1.59, 3.38, 0.795, 2.585, 0, 1.79, 0.2, 1.99, 0.3975, 2.1875, 0.5975, 2.3875, 0.995, 2.785, 1.1925, 2.9825, 1.3925, 3.1825, 1.59, 3.38, 0.795, 2.585, 0, 1.79, 0.2, 1.99, 0.3975, 2.1875, 0.5975, 2.3875, 0.995, 2.785, 1.1925, 2.9825, 1.3925, 3.1825, 1.59, 3.38, 0.795],
  "SoftwareVersions": "syngo MR E11",
  "SpacingBetweenSlices": 2,
  "SpoilingState": true,
  "StationName": "AWP66112",
  "TotalReadoutTime": 0.0356956,
  "TxRefAmp": 222.912,
  "dcmmeta_affine": [
    [-1.9436848163604736, -0.2929137945175171, -0.08017043769359589, 140.3605499267578],
    [-0.3030395805835724, 1.8521311283111572, 0.5994927287101746, -114.54753875732422],
    [0.01355675794184208, -0.5947598814964294, 1.9063528776168823, -36.11605453491211],
    [0.0, 0.0, 0.0, 1.0]
],
  "dcmmeta_reorient_transform": [
    [0.0, -1.0, 0.0, 121.0],
    [1.0, 0.0, 0.0, 0.0],
    [0.0, 0.0, 1.0, 0.0],
    [0.0, 0.0, 0.0, 1.0]
],
  "dcmmeta_shape": [122, 122, 72, 31],
  "dcmmeta_slice_dim": 2,
  "dcmmeta_version": 0.6,
  "global": {
    "const": {
      "AccessionNumber": "qa",
      "AcquisitionMatrix": [122, 0, 0, 122],
      "AngioFlag": "N",
      "BitsAllocated": 16,
      "BitsStored": 12,
      "BodyPartExamined": "BRAIN",
      "Columns": 1098,
      "EchoNumbers": 1,
      "EchoTime": 68.0,
      "EchoTrainLength": 61,
      "FlipAngle": 90.0,
      "HighBit": 11,
      "ImageOrientationPatient": [0.98803978109286, 0.15404512406157, 0.00689135188711, -0.1488978380049, 0.94149998305032, 0.30233626271704],
      "ImagePositionPatient": [-910.49426142246, -1161.2836564861, -404.94051607673],
      "ImageType": [
        "ORIGINAL",
        "PRIMARY",
        "DIFFUSION",
        "NONE",
        "ND",
        "NORM",
        "MOSAIC"
],
      "ImagedNucleus": "1H",
      "ImagingFrequency": 123.259119,
      "InPlanePhaseEncodingDirection": "COL",
      "MRAcquisitionType": "2D",
      "MagneticFieldStrength": 3.0,
      "Manufacturer": "SIEMENS",
      "ManufacturerModelName": "Prisma",
      "Modality": "MR",
      "NumberOfAverages": 1.0,
      "NumberOfPhaseEncodingSteps": 122,
      "PercentPhaseFieldOfView": 100.0,
      "PercentSampling": 100.0,
      "PerformedProcedureStepStartTime": "095353.029000",
      "PhotometricInterpretation": "MONOCHROME2",
      "PixelBandwidth": 2050.0,
      "PixelRepresentation": 0,
      "PixelSpacing": [1.9672131538391, 1.9672131538391],
      "ProtocolName": "dwi_acq-DTI-30-p2-s4",
      "RepetitionTime": 3600.0,
      "Rows": 1098,
      "SAR": 0.13037991378661,
      "SamplesPerPixel": 1,
      "ScanOptions": "FS",
      "ScanningSequence": "EP",
      "SequenceVariant": [
        "SK",
        "SP"
],
      "SeriesDescription": "dwi_acq-DTI-30-p2-s4",
      "SeriesNumber": 10,
      "SeriesTime": "103402.700000",
      "SliceLocation": -74.386563371279,
      "SliceThickness": 2.0,
      "SmallestImagePixelValue": 0,
      "SoftwareVersions": "syngo MR E11",
      "SpacingBetweenSlices": 1.9999999836625,
      "SpecificCharacterSet": "ISO_IR 100",
      "StudyID": "19",
      "StudyTime": "095352.971000",
      "TransmitCoilName": "Body",
      "VariableFlipAngleFlag": "N",
      "WindowCenterWidthExplanation": "Algo1"
    },
    "slices": {}
  },
  "time": {
    "samples": {
      "AcquisitionNumber": [1, 2, 3, 4, 5, 6, 7, 8, 9, 10, 11, 12, 13, 14, 15, 16, 17, 18, 19, 20, 21, 22, 23, 24, 25, 26, 27, 28, 29, 30, 31],
      "AcquisitionTime": ["103240.425000", "103244.025000", "103247.625000", "103251.225000", "103254.825000", "103258.425000", "103302.025000", "103305.625000", "103309.225000", "103312.825000", "103316.425000", "103320.025000", "103323.625000", "103327.225000", "103330.825000", "103334.425000", "103338.025000", "103341.625000", "103345.225000", "103348.825000", "103352.425000", "103356.025000", "103359.625000", "103403.225000", "103406.825000", "103410.425000", "103414.025000", "103417.625000", "103421.225000", "103424.825000", "103428.425000"],
      "ContentTime": ["103402.704000", "103402.707000", "103402.710000", "103402.713000", "103402.716000", "103402.719000", "103402.722000", "103402.725000", "103402.728000", "103402.731000", "103402.734000", "103402.737000", "103402.740000", "103402.743000", "103402.745000", "103402.748000", "103402.751000", "103402.754000", "103402.757000", "103402.760000", "103402.763000", "103402.766000", "103402.769000", "103430.919000", "103430.941000", "103430.944000", "103430.948000", "103430.952000", "103430.956000", "103430.959000", "103430.962000"],
      "InstanceCreationTime": ["103402.704000", "103402.707000", "103402.710000", "103402.713000", "103402.716000", "103402.719000", "103402.722000", "103402.725000", "103402.728000", "103402.731000", "103402.734000", "103402.737000", "103402.740000", "103402.743000", "103402.745000", "103402.748000", "103402.751000", "103402.754000", "103402.757000", "103402.760000", "103402.763000", "103402.766000", "103402.769000", "103430.919000", "103430.941000", "103430.944000", "103430.948000", "103430.952000", "103430.956000", "103430.959000", "103430.962000"],
      "InstanceNumber": [1, 2, 3, 4, 5, 6, 7, 8, 9, 10, 11, 12, 13, 14, 15, 16, 17, 18, 19, 20, 21, 22, 23, 24, 25, 26, 27, 28, 29, 30, 31],
      "LargestImagePixelValue": [1981, 291, 291, 300, 302, 304, 306, 301, 296, 290, 313, 305, 293, 304, 297, 299, 298, 304, 302, 299, 294, 297, 293, 294, 294, 290, 297, 300, 306, 304, 299],
      "SequenceName": [
        "*ep_b0",
        "*ep_b1000#1",
        "*ep_b1000#2",
        "*ep_b1000#3",
        "*ep_b1000#4",
        "*ep_b1000#5",
        "*ep_b1000#6",
        "*ep_b1000#7",
        "*ep_b1000#8",
        "*ep_b1000#9",
        "*ep_b1000#10",
        "*ep_b1000#11",
        "*ep_b1000#12",
        "*ep_b1000#13",
        "*ep_b1000#14",
        "*ep_b1000#15",
        "*ep_b1000#16",
        "*ep_b1000#17",
        "*ep_b1000#18",
        "*ep_b1000#19",
        "*ep_b1000#20",
        "*ep_b1000#21",
        "*ep_b1000#22",
        "*ep_b1000#23",
        "*ep_b1000#24",
        "*ep_b1000#25",
        "*ep_b1000#26",
        "*ep_b1000#27",
        "*ep_b1000#28",
        "*ep_b1000#29",
        "*ep_b1000#30"
],
      "WindowCenter": [908.0, 228.0, 228.0, 228.0, 228.0, 227.0, 228.0, 228.0, 228.0, 228.0, 228.0, 227.0, 231.0, 230.0, 229.0, 228.0, 230.0, 228.0, 231.0, 232.0, 227.0, 227.0, 228.0, 228.0, 227.0, 227.0, 228.0, 228.0, 229.0, 231.0, 230.0],
      "WindowWidth": [2016.0, 516.0, 516.0, 516.0, 516.0, 514.0, 516.0, 516.0, 517.0, 516.0, 516.0, 514.0, 522.0, 520.0, 519.0, 517.0, 520.0, 516.0, 521.0, 524.0, 515.0, 515.0, 517.0, 516.0, 514.0, 514.0, 516.0, 516.0, 518.0, 523.0, 520.0]
    },
    "slices": {}
  }
}