{
  "AcquisitionMatrixPE": 122,
  "AcquisitionNumber": 1,
  "AcquisitionTime": "10:28:22.185000",
  "BandwidthPerPixelPhaseEncode": 28.76,
  "BaseResolution": 122,
  "BodyPartExamined": "BRAIN",
  "CoilCombinationMethod": "Adaptive Combine",
  "ConsistencyInfo": "N4_VE11E_LATEST_20181129",
  "ConversionSoftware": "dcm2niix",
  "ConversionSoftwareVersion": "v1.0.20220720",
  "DerivedVendorReportedEchoSpacing": 0.000570008,
  "DeviceSerialNumber": "66112",
  "DiffusionScheme": "Monopolar",
  "DwellTime": 2e-06,
  "EchoTime": 0.075,
  "EchoTrainLength": 61,
  "EffectiveEchoSpacing": 0.000285004,
  "FlipAngle": 90,
  "HeudiconvVersion": "0.13.1",
  "ImageOrientationPatientDICOM": [0.98804, 0.154045, 0.00689135, -0.148898, 0.9415, 0.302336],
  "ImageOrientationText": "Tra>Cor(17.5)>Sag(-2.3)",
  "ImageType": [
    "ORIGINAL",
    "PRIMARY",
    "DIFFUSION",
    "NONE",
    "ND",
    "NORM",
    "MOSAIC"
],
  "ImagingFrequency": 123.259,
  "InPlanePhaseEncodingDirectionDICOM": "COL",
  "InstitutionAddress": "Maynard 3,Hanover,NH,US,03755",
  "InstitutionName": "Dartmouth College - PBS",
  "InstitutionalDepartmentName": "Department",
  "MRAcquisitionType": "2D",
  "MagneticFieldStrength": 3,
  "Manufacturer": "Siemens",
  "ManufacturersModelName": "Prisma",
  "MatrixCoilMode": "GRAPPA",
  "Modality": "MR",
  "NonlinearGradientCorrection": false,
  "ParallelReductionFactorInPlane": 2,
  "PartialFourier": 1,
  "PatientPosition": "HFS",
  "PercentPhaseFOV": 100,
  "PercentSampling": 100,
  "PhaseEncodingDirection": "j-",
  "PhaseEncodingSteps": 122,
  "PhaseResolution": 1,
  "PixelBandwidth": 2050,
  "ProcedureStepDescription": "dbic^QA",
  "ProtocolName": "dwi_acq-DTI-30-p2",
  "PulseSequenceDetails": "%SiemensSeq%\\ep2d_diff",
  "ReceiveCoilActiveElements": "HEA;HEP",
  "ReceiveCoilName": "Head_32",
  "ReconMatrixPE": 122,
  "RefLinesPE": 38,
  "RepetitionTime": 7.7,
  "SAR": 0.0859608,
  "ScanOptions": "FS",
  "ScanningSequence": "EP",
  "SequenceName": "*ep_b0",
  "SequenceVariant": "SK\\SP",
  "SeriesDescription": "dwi_acq-DTI-30-p2",
  "SeriesNumber": 9,
  "ShimSetting": [4219, -7743, -7498, -39, -123, -31, -12, 67],
  "SliceThickness": 2,
  "SliceTiming": [3.84, 0, 3.95, 0.11, 4.06, 0.22, 4.1675, 0.33, 4.2775, 0.4375, 4.3875, 0.5475, 4.4975, 0.6575, 4.6075, 0.7675, 4.7175, 0.8775, 4.8275, 0.9875, 4.9375, 1.0975, 5.0475, 1.2075, 5.155, 1.315, 5.265, 1.425, 5.375, 1.535, 5.485, 1.645, 5.595, 1.755, 5.705, 1.865, 5.815, 1.975, 5.925, 2.085, 6.0325, 2.195, 6.1425, 2.3025, 6.2525, 2.4125, 6.3625, 2.5225, 6.4725, 2.6325, 6.5825, 2.7425, 6.6925, 2.8525, 6.8025, 2.9625, 6.9125, 3.0725, 7.02, 3.1825, 7.13, 3.29, 7.24, 3.4, 7.35, 3.51, 7.46, 3.62, 7.57, 3.73],
  "SoftwareVersions": "syngo MR E11",
  "SpacingBetweenSlices": 2,
  "SpoilingState": true,
  "StationName": "AWP66112",
  "TotalReadoutTime": 0.0344855,
  "TxRefAmp": 222.912,
  "dcmmeta_affine": [
    [-1.9436848163604736, -0.2929137945175171, -0.08017043769359589, 140.28038024902344],
    [-0.3030395805835724, 1.8521311283111572, 0.5994927287101746, -113.94804382324219],
    [0.01355675794184208, -0.5947598814964294, 1.9063528776168823, -34.2097053527832],
    [0.0, 0.0, 0.0, 1.0]
],
  "dcmmeta_reorient_transform": [
    [0.0, -1.0, 0.0, 121.0],
    [1.0, 0.0, 0.0, 0.0],
    [0.0, 0.0, 1.0, 0.0],
    [0.0, 0.0, 0.0, 1.0]
],
  "dcmmeta_shape": [122, 122, 70, 31],
  "dcmmeta_slice_dim": 2,
  "dcmmeta_version": 0.6,
  "global": {
    "const": {
      "AccessionNumber": "qa",
      "AcquisitionMatrix": [122, 0, 0, 122],
      "AngioFlag": "N",
      "BitsAllocated": 16,
      "BitsStored": 12,
      "BodyPartExamined": "BRAIN",
      "Columns": 1098,
      "EchoNumbers": 1,
      "EchoTime": 75.0,
      "EchoTrainLength": 61,
      "FlipAngle": 90.0,
      "HighBit": 11,
      "ImageOrientationPatient": [0.98803978109286, 0.15404512406157, 0.00689135188711, -0.1488978380049, 0.94149998305032, 0.30233626271704],
      "ImagePositionPatient": [-910.41409126789, -1161.8831495128, -403.0341668946],
      "ImageType": [
        "ORIGINAL",
        "PRIMARY",
        "DIFFUSION",
        "NONE",
        "ND",
        "NORM",
        "MOSAIC"
],
      "ImagedNucleus": "1H",
      "ImagingFrequency": 123.259115,
      "InPlanePhaseEncodingDirection": "COL",
      "MRAcquisitionType": "2D",
      "MagneticFieldStrength": 3.0,
      "Manufacturer": "SIEMENS",
      "ManufacturerModelName": "Prisma",
      "Modality": "MR",
      "NumberOfAverages": 1.0,
      "NumberOfPhaseEncodingSteps": 122,
      "PercentPhaseFieldOfView": 100.0,
      "PercentSampling": 100.0,
      "PerformedProcedureStepStartTime": "095353.029000",
      "PhotometricInterpretation": "MONOCHROME2",
      "PixelBandwidth": 2050.0,
      "PixelRepresentation": 0,
      "PixelSpacing": [1.9672131538391, 1.9672131538391],
      "ProtocolName": "dwi_acq-DTI-30-p2",
      "RepetitionTime": 7700.0,
      "Rows": 1098,
      "SAR": 0.08596075433734,
      "SamplesPerPixel": 1,
      "ScanOptions": "FS",
      "ScanningSequence": "EP",
      "SequenceVariant": [
        "SK",
        "SP"
],
      "SeriesDescription": "dwi_acq-DTI-30-p2",
      "SeriesNumber": 9,
      "SeriesTime": "103102.616000",
      "SliceLocation": -72.386566784535,
      "SliceThickness": 2.0,
      "SmallestImagePixelValue": 0,
      "SoftwareVersions": "syngo MR E11",
      "SpacingBetweenSlices": 2.0000000292193,
      "SpecificCharacterSet": "ISO_IR 100",
      "StudyID": "19",
      "StudyTime": "095352.971000",
      "TransmitCoilName": "Body",
      "VariableFlipAngleFlag": "N",
      "WindowCenterWidthExplanation": "Algo1"
    },
    "slices": {}
  },
  "time": {
    "samples": {
      "AcquisitionNumber": [1, 2, 3, 4, 5, 6, 7, 8, 9, 10, 11, 12, 13, 14, 15, 16, 17, 18, 19, 20, 21, 22, 23, 24, 25, 26, 27, 28, 29, 30, 31],
      "AcquisitionTime": ["102822.185000", "102829.885000", "102837.585000", "102845.285000", "102852.985000", "102900.685000", "102908.385000", "102916.085000", "102923.785000", "102931.485000", "102939.185000", "102946.885000", "102954.585000", "103002.285000", "103009.985000", "103017.685000", "103025.385000", "103033.085000", "103040.785000", "103048.485000", "103056.185000", "103103.885000", "103111.585000", "103119.285000", "103126.985000", "103134.685000", "103142.385000", "103150.085000", "103157.785000", "103205.485000", "103213.185000"],
      "ContentTime": ["103102.620000", "103102.623000", "103102.626000", "103102.639000", "103102.642000", "103102.645000", "103102.650000", "103102.653000", "103102.656000", "103102.659000", "103102.662000", "103102.665000", "103102.673000", "103102.676000", "103102.679000", "103102.681000", "103102.684000", "103102.687000", "103102.690000", "103102.693000", "103102.696000", "103217.715000", "103217.719000", "103217.722000", "103217.725000", "103217.728000", "103217.734000", "103217.737000", "103217.740000", "103217.743000", "103217.746000"],
      "InstanceCreationTime": ["103102.620000", "103102.623000", "103102.626000", "103102.639000", "103102.642000", "103102.645000", "103102.650000", "103102.653000", "103102.656000", "103102.659000", "103102.662000", "103102.665000", "103102.673000", "103102.676000", "103102.679000", "103102.681000", "103102.684000", "103102.687000", "103102.690000", "103102.693000", "103102.696000", "103217.715000", "103217.719000", "103217.722000", "103217.725000", "103217.728000", "103217.734000", "103217.737000", "103217.740000", "103217.743000", "103217.746000"],
      "InstanceNumber": [1, 2, 3, 4, 5, 6, 7, 8, 9, 10, 11, 12, 13, 14, 15, 16, 17, 18, 19, 20, 21, 22, 23, 24, 25, 26, 27, 28, 29, 30, 31],
      "LargestImagePixelValue": [1928, 296, 292, 297, 307, 306, 305, 309, 295, 295, 305, 312, 291, 302, 296, 300, 293, 300, 297, 289, 298, 300, 292, 297, 298, 294, 291, 294, 302, 292, 293],
      "SequenceName": [
        "*ep_b0",
        "*ep_b1000#1",
        "*ep_b1000#2",
        "*ep_b1000#3",
        "*ep_b1000#4",
        "*ep_b1000#5",
        "*ep_b1000#6",
        "*ep_b1000#7",
        "*ep_b1000#8",
        "*ep_b1000#9",
        "*ep_b1000#10",
        "*ep_b1000#11",
        "*ep_b1000#12",
        "*ep_b1000#13",
        "*ep_b1000#14",
        "*ep_b1000#15",
        "*ep_b1000#16",
        "*ep_b1000#17",
        "*ep_b1000#18",
        "*ep_b1000#19",
        "*ep_b1000#20",
        "*ep_b1000#21",
        "*ep_b1000#22",
        "*ep_b1000#23",
        "*ep_b1000#24",
        "*ep_b1000#25",
        "*ep_b1000#26",
        "*ep_b1000#27",
        "*ep_b1000#28",
        "*ep_b1000#29",
        "*ep_b1000#30"
],
      "WindowCenter": [886.0, 225.0, 224.0, 225.0, 223.0, 223.0, 223.0, 224.0, 224.0, 224.0, 223.0, 223.0, 224.0, 224.0, 224.0, 224.0, 223.0, 222.0, 223.0, 224.0, 224.0, 224.0, 222.0, 223.0, 223.0, 223.0, 223.0, 223.0, 223.0, 224.0, 224.0],
      "WindowWidth": [1940.0, 509.0, 507.0, 508.0, 506.0, 505.0, 505.0, 507.0, 508.0, 507.0, 505.0, 504.0, 508.0, 507.0, 507.0, 507.0, 506.0, 504.0, 507.0, 507.0, 508.0, 507.0, 504.0, 504.0, 505.0, 505.0, 506.0, 505.0, 505.0, 507.0, 507.0]
    },
    "slices": {}
  }
}