{
  "AcquisitionMatrixPE": 80,
  "AcquisitionNumber": 1,
  "AcquisitionTime": "11:09:25.497500",
  "BandwidthPerPixelPhaseEncode": 25,
  "BaseResolution": 80,
  "BodyPartExamined": "BRAIN",
  "CoilCombinationMethod": "Sum of Squares",
  "ConsistencyInfo": "N4_VE11C_LATEST_20160120",
  "ConversionSoftware": "dcm2niix",
  "ConversionSoftwareVersion": "v1.0.20220720",
  "DerivedVendorReportedEchoSpacing": 0.0005,
  "DeviceSerialNumber": "66112",
  "DwellTime": 2.7e-06,
  "EchoTime": 0.03,
  "EchoTrainLength": 80,
  "EffectiveEchoSpacing": 0.0005,
  "FlipAngle": 10,
  "HeudiconvVersion": "0.13.1",
  "ImageOrientationPatientDICOM": [0.992501, -0.122141, 0.00475834, 0.112029, 0.924521, 0.364294],
  "ImageOrientationText": "Tra>Cor(21.2)>Sag(2.8)",
  "ImageType": [
    "ORIGINAL",
    "PRIMARY",
    "M",
    "ND",
    "NORM",
    "MOSAIC"
],
  "ImagingFrequency": 123.252,
  "InPlanePhaseEncodingDirectionDICOM": "COL",
  "InstitutionAddress": "Maynard 3,Hanover,NH,US,03755",
  "InstitutionName": "Dartmouth College - PBS",
  "InstitutionalDepartmentName": "Department",
  "MRAcquisitionType": "2D",
  "MagneticFieldStrength": 3,
  "Manufacturer": "Siemens",
  "ManufacturersModelName": "Prisma",
  "MatrixCoilMode": "SENSE",
  "Modality": "MR",
  "NonlinearGradientCorrection": false,
  "PartialFourier": 1,
  "PatientPosition": "HFS",
  "PercentPhaseFOV": 100,
  "PercentSampling": 100,
  "PhaseEncodingDirection": "j-",
  "PhaseEncodingSteps": 80,
  "PhaseResolution": 1,
  "PixelBandwidth": 2315,
  "ProcedureStepDescription": "dbic^QA",
  "ProtocolName": "func-bold_fa-10",
  "PulseSequenceDetails": "%SiemensSeq%\\ep2d_bold",
  "ReceiveCoilActiveElements": "HEA;HEP",
  "ReceiveCoilName": "Head_32",
  "ReconMatrixPE": 80,
  "RepetitionTime": 2,
  "SAR": 0.010005,
  "ScanOptions": "FS",
  "ScanningSequence": "EP",
  "SequenceName": "*epfid2d1_80",
  "SequenceVariant": "SK",
  "SeriesDescription": "func-bold_fa-10",
  "SeriesNumber": 10,
  "ShimSetting": [4145, -7701, -7522, 242, -87, -124, 9, 66],
  "SliceThickness": 3.5,
  "SliceTiming": [0.99, 0, 1.055, 0.065, 1.1225, 0.1325, 1.1875, 0.1975, 1.255, 0.265, 1.32, 0.33, 1.385, 0.395, 1.4525, 0.4625, 1.5175, 0.5275, 1.5825, 0.595, 1.65, 0.66, 1.715, 0.725, 1.7825, 0.7925, 1.8475, 0.8575, 1.9125, 0.925],
  "SoftwareVersions": "syngo MR E11",
  "SpacingBetweenSlices": 3.99,
  "StationName": "AWP66112",
  "TotalReadoutTime": 0.0395,
  "TxRefAmp": 220.271,
  "dcmmeta_affine": [
    [-2.977504014968872, 0.33608579635620117, 0.1950886845588684, 104.20374298095703],
    [0.3664230406284332, 2.773563861846924, 1.440506100654602, -132.5142364501953],
    [0.014275006018579006, -1.092881679534912, 3.7157747745513916, -13.42379379272461],
    [0.0, 0.0, 0.0, 1.0]
],
  "dcmmeta_reorient_transform": [
    [0.0, -1.0, 0.0, 79.0],
    [1.0, 0.0, 0.0, 0.0],
    [0.0, 0.0, 1.0, 0.0],
    [0.0, 0.0, 0.0, 1.0]
],
  "dcmmeta_shape": [80, 80, 30, 200],
  "dcmmeta_slice_dim": 2,
  "dcmmeta_version": 0.6,
  "global": {
    "const": {
      "AccessionNumber": "qa",
      "AcquisitionMatrix": [80, 0, 0, 80],
      "AngioFlag": "N",
      "BitsAllocated": 16,
      "BitsStored": 12,
      "BodyPartExamined": "BRAIN",
      "Columns": 480,
      "EchoNumbers": 1,
      "EchoTime": 30.0,
      "EchoTrainLength": 80,
      "FlipAngle": 10.0,
      "HighBit": 11,
      "ImageOrientationPatient": [0.99250135036775, -0.1221410158871, 0.00475833545045, 0.11202859680175, 0.92452126147934, 0.36429387940408],
      "ImagePositionPatient": [-793.47248849479, -568.02544236139, -321.19277246015],
      "ImageType": [
        "ORIGINAL",
        "PRIMARY",
        "M",
        "ND",
        "NORM",
        "MOSAIC"
],
      "ImagedNucleus": "1H",
      "ImagingFrequency": 123.252356,
      "InPlanePhaseEncodingDirection": "COL",
      "MRAcquisitionType": "2D",
      "MagneticFieldStrength": 3.0,
      "Manufacturer": "SIEMENS",
      "ManufacturerModelName": "Prisma",
      "Modality": "MR",
      "NumberOfAverages": 1.0,
      "NumberOfPhaseEncodingSteps": 80,
      "PercentPhaseFieldOfView": 100.0,
      "PercentSampling": 100.0,
      "PerformedProcedureStepStartTime": "104518.047000",
      "PhotometricInterpretation": "MONOCHROME2",
      "PixelBandwidth": 2315.0,
      "PixelRepresentation": 0,
      "PixelSpacing": [3.0, 3.0],
      "ProtocolName": "func-bold_fa-10",
      "RepetitionTime": 2000.0,
      "Rows": 480,
      "SAR": 0.01000504778523,
      "SamplesPerPixel": 1,
      "ScanOptions": "FS",
      "ScanningSequence": "EP",
      "SequenceName": "*epfid2d1_80",
      "SequenceVariant": "SK",
      "SeriesDescription": "func-bold_fa-10",
      "SeriesNumber": 10,
      "SeriesTime": "111010.638000",
      "SliceLocation": -55.247719818441,
      "SliceThickness": 3.5,
      "SmallestImagePixelValue": 0,
      "SoftwareVersions": "syngo MR E11",
      "SpacingBetweenSlices": 3.9899999640248,
      "SpecificCharacterSet": "ISO_IR 100",
      "StudyID": "23",
      "StudyTime": "104517.997000",
      "TransmitCoilName": "Body",
      "VariableFlipAngleFlag": "N",
      "WindowCenterWidthExplanation": "Algo1",
      "dBdt": 0.0},
