{
  "AcquisitionMatrixPE": 122,
  "AcquisitionNumber": 1,
  "AcquisitionTime": "09:41:54.192500",
  "BandwidthPerPixelPhaseEncode": 28.76,
  "BaseResolution": 122,
  "BodyPartExamined": "BRAIN",
  "CoilCombinationMethod": "Adaptive Combine",
  "ConsistencyInfo": "N4_VE11E_LATEST_20181129",
  "ConversionSoftware": "dcm2niix",
  "ConversionSoftwareVersion": "v1.0.20220720",
  "DerivedVendorReportedEchoSpacing": 0.000570008,
  "DeviceSerialNumber": "66112",
  "DiffusionScheme": "Monopolar",
  "DwellTime": 2e-06,
  "EchoTime": 0.075,
  "EchoTrainLength": 61,
  "EffectiveEchoSpacing": 0.000285004,
  "FlipAngle": 90,
  "HeudiconvVersion": "0.13.1",
  "ImageOrientationPatientDICOM": [0.970314, 0.241651, 0.00974815, -0.233131, 0.92386, 0.303533],
  "ImageOrientationText": "Tra>Cor(17.3)>Sag(-3.7)",
  "ImageType": [
    "ORIGINAL",
    "PRIMARY",
    "DIFFUSION",
    "NONE",
    "ND",
    "NORM",
    "MOSAIC"
],
  "ImagingFrequency": 123.259,
  "InPlanePhaseEncodingDirectionDICOM": "COL",
  "InstitutionAddress": "Maynard 3,Hanover,NH,US,03755",
  "InstitutionName": "Dartmouth College - PBS",
  "InstitutionalDepartmentName": "Department",
  "MRAcquisitionType": "2D",
  "MagneticFieldStrength": 3,
  "Manufacturer": "Siemens",
  "ManufacturersModelName": "Prisma",
  "MatrixCoilMode": "GRAPPA",
  "Modality": "MR",
  "NonlinearGradientCorrection": false,
  "ParallelReductionFactorInPlane": 2,
  "PartialFourier": 1,
  "PatientPosition": "HFS",
  "PercentPhaseFOV": 100,
  "PercentSampling": 100,
  "PhaseEncodingDirection": "j-",
  "PhaseEncodingSteps": 122,
  "PhaseResolution": 1,
  "PixelBandwidth": 2050,
  "ProcedureStepDescription": "dbic^QA",
  "ProtocolName": "dwi_acq-DTI-30-p2",
  "PulseSequenceDetails": "%SiemensSeq%\\ep2d_diff",
  "ReceiveCoilActiveElements": "HEA;HEP",
  "ReceiveCoilName": "Head_32",
  "ReconMatrixPE": 122,
  "RefLinesPE": 38,
  "RepetitionTime": 7.7,
  "SAR": 0.130654,
  "ScanOptions": "FS",
  "ScanningSequence": "EP",
  "SequenceName": "*ep_b0",
  "SequenceVariant": "SK\\SP",
  "SeriesDescription": "dwi_acq-DTI-30-p2",
  "SeriesNumber": 9,
  "ShimSetting": [4221, -7737, -7497, -33, -129, -78, 20, 81],
  "SliceThickness": 2,
  "SliceTiming": [3.84, 0, 3.95, 0.11, 4.06, 0.22, 4.17, 0.33, 4.28, 0.44, 4.39, 0.55, 4.5, 0.66, 4.6075, 0.77, 4.7175, 0.8775, 4.8275, 0.9875, 4.9375, 1.0975, 5.0475, 1.2075, 5.1575, 1.3175, 5.2675, 1.4275, 5.3775, 1.5375, 5.4875, 1.6475, 5.595, 1.7575, 5.705, 1.865, 5.815, 1.975, 5.925, 2.085, 6.035, 2.195, 6.145, 2.305, 6.255, 2.415, 6.365, 2.525, 6.475, 2.635, 6.5825, 2.7425, 6.6925, 2.8525, 6.8025, 2.9625, 6.9125, 3.0725, 7.0225, 3.1825, 7.1325, 3.2925, 7.2425, 3.4025, 7.3525, 3.5125, 7.46, 3.6225, 7.57, 3.73],
  "SoftwareVersions": "syngo MR E11",
  "SpacingBetweenSlices": 2,
  "SpoilingState": true,
  "StationName": "AWP66112",
  "TotalReadoutTime": 0.0344855,
  "TxRefAmp": 225.073,
  "dcmmeta_affine": [
    [-1.9088151454925537, -0.45861825346946716, -0.12868596613407135, 150.52537536621094],
    [-0.4753783047199249, 1.817430019378662, 0.5935897827148438, -96.73491668701172],
    [0.01917668804526329, -0.597113847732544, 1.9055421352386475, -35.88162612915039],
    [0.0, 0.0, 0.0, 1.0]
],
  "dcmmeta_reorient_transform": [
    [0.0, -1.0, 0.0, 121.0],
    [1.0, 0.0, 0.0, 0.0],
    [0.0, 0.0, 1.0, 0.0],
    [0.0, 0.0, 0.0, 1.0]
],
  "dcmmeta_shape": [122, 122, 70, 31],
  "dcmmeta_slice_dim": 2,
  "dcmmeta_version": 0.6,
  "global": {
    "const": {
      "AccessionNumber": "qa",
      "AcquisitionMatrix": [122, 0, 0, 122],
      "AngioFlag": "N",
      "BitsAllocated": 16,
      "BitsStored": 12,
      "BodyPartExamined": "BRAIN",
      "Columns": 1098,
      "EchoNumbers": 1,
      "EchoTime": 75.0,
      "EchoTrainLength": 61,
      "FlipAngle": 90.0,
      "HighBit": 11,
      "ImageOrientationPatient": [0.97031435187845, 0.24165064062933, 0.00974814967748, -0.2331309471844, 0.92386024461596, 0.3035328810575],
      "ImagePositionPatient": [-802.72865382002, -1242.0645900645, -408.88220094634],
      "ImageType": [
        "ORIGINAL",
        "PRIMARY",
        "DIFFUSION",
        "NONE",
        "ND",
        "NORM",
        "MOSAIC"
],
      "ImagedNucleus": "1H",
      "ImagingFrequency": 123.25916,
      "InPlanePhaseEncodingDirection": "COL",
      "MRAcquisitionType": "2D",
      "MagneticFieldStrength": 3.0,
      "Manufacturer": "SIEMENS",
      "ManufacturerModelName": "Prisma",
      "Modality": "MR",
      "NumberOfAverages": 1.0,
      "NumberOfPhaseEncodingSteps": 122,
      "PercentPhaseFieldOfView": 100.0,
      "PercentSampling": 100.0,
      "PerformedProcedureStepStartTime": "085818.901000",
      "PhotometricInterpretation": "MONOCHROME2",
      "PixelBandwidth": 2050.0,
      "PixelRepresentation": 0,
      "PixelSpacing": [1.9672131538391, 1.9672131538391],
      "ProtocolName": "dwi_acq-DTI-30-p2",
      "RepetitionTime": 7700.0,
      "Rows": 1098,
      "SAR": 0.13065430049369,
      "SamplesPerPixel": 1,
      "ScanOptions": "FS",
      "ScanningSequence": "EP",
      "SequenceVariant": [
        "SK",
        "SP"
],
      "SeriesDescription": "dwi_acq-DTI-30-p2",
      "SeriesNumber": 9,
      "SeriesTime": "094439.716000",
      "SliceLocation": -72.582659328757,
      "SliceThickness": 2.0,
      "SmallestImagePixelValue": 0,
      "SoftwareVersions": "syngo MR E11",
      "SpacingBetweenSlices": 1.9999999772491,
      "SpecificCharacterSet": "ISO_IR 100",
      "StudyID": "43",
      "StudyTime": "085818.773000",
      "TransmitCoilName": "Body",
      "VariableFlipAngleFlag": "N",
      "WindowCenterWidthExplanation": "Algo1"
    },
    "slices": {}
  },
  "time": {
    "samples": {
      "AcquisitionNumber": [1, 2, 3, 4, 5, 6, 7, 8, 9, 10, 11, 12, 13, 14, 15, 16, 17, 18, 19, 20, 21, 22, 23, 24, 25, 26, 27, 28, 29, 30, 31],
      "AcquisitionTime": ["094154.192500", "094201.892500", "094209.592500", "094217.292500", "094224.992500", "094232.692500", "094240.392500", "094248.092500", "094255.792500", "094303.492500", "094311.192500", "094318.892500", "094326.592500", "094334.292500", "094341.992500", "094349.692500", "094357.392500", "094405.092500", "094412.792500", "094420.492500", "094428.192500", "094435.892500", "094443.592500", "094451.292500", "094458.992500", "094506.692500", "094514.392500", "094522.092500", "094529.792500", "094537.492500", "094545.192500"],
      "ContentTime": ["094439.720000", "094439.724000", "094439.727000", "094439.730000", "094439.733000", "094439.735000", "094439.738000", "094439.747000", "094439.750000", "094439.753000", "094439.756000", "094439.759000", "094439.762000", "094439.768000", "094439.771000", "094439.774000", "094439.777000", "094439.779000", "094439.782000", "094439.785000", "094439.788000", "094549.154000", "094549.163000", "094549.167000", "094549.170000", "094549.174000", "094549.177000", "094549.180000", "094549.184000", "094549.188000", "094549.219000"],
      "InstanceCreationTime": ["094439.720000", "094439.724000", "094439.727000", "094439.730000", "094439.733000", "094439.735000", "094439.738000", "094439.747000", "094439.750000", "094439.753000", "094439.756000", "094439.759000", "094439.762000", "094439.768000", "094439.771000", "094439.774000", "094439.777000", "094439.779000", "094439.782000", "094439.785000", "094439.788000", "094549.154000", "094549.163000", "094549.167000", "094549.170000", "094549.174000", "094549.177000", "094549.180000", "094549.184000", "094549.188000", "094549.219000"],
      "InstanceNumber": [1, 2, 3, 4, 5, 6, 7, 8, 9, 10, 11, 12, 13, 14, 15, 16, 17, 18, 19, 20, 21, 22, 23, 24, 25, 26, 27, 28, 29, 30, 31],
      "LargestImagePixelValue": [2065, 302, 309, 310, 303, 300, 301, 304, 313, 309, 310, 297, 305, 309, 303, 300, 291, 292, 310, 306, 306, 303, 298, 298, 293, 307, 305, 305, 297, 329, 329],
      "SequenceName": [
        "*ep_b0",
        "*ep_b1000#1",
        "*ep_b1000#2",
        "*ep_b1000#3",
        "*ep_b1000#4",
        "*ep_b1000#5",
        "*ep_b1000#6",
        "*ep_b1000#7",
        "*ep_b1000#8",
        "*ep_b1000#9",
        "*ep_b1000#10",
        "*ep_b1000#11",
        "*ep_b1000#12",
        "*ep_b1000#13",
        "*ep_b1000#14",
        "*ep_b1000#15",
        "*ep_b1000#16",
        "*ep_b1000#17",
        "*ep_b1000#18",
        "*ep_b1000#19",
        "*ep_b1000#20",
        "*ep_b1000#21",
        "*ep_b1000#22",
        "*ep_b1000#23",
        "*ep_b1000#24",
        "*ep_b1000#25",
        "*ep_b1000#26",
        "*ep_b1000#27",
        "*ep_b1000#28",
        "*ep_b1000#29",
        "*ep_b1000#30"
],
      "WindowCenter": [897.0, 221.0, 220.0, 221.0, 219.0, 218.0, 220.0, 220.0, 222.0, 220.0, 219.0, 218.0, 221.0, 220.0, 220.0, 220.0, 219.0, 218.0, 221.0, 221.0, 221.0, 221.0, 218.0, 218.0, 218.0, 219.0, 220.0, 219.0, 219.0, 221.0, 220.0],
      "WindowWidth": [1971.0, 501.0, 500.0, 502.0, 498.0, 496.0, 499.0, 499.0, 503.0, 500.0, 497.0, 495.0, 501.0, 500.0, 500.0, 500.0, 498.0, 495.0, 501.0, 501.0, 501.0, 501.0, 496.0, 495.0, 496.0, 498.0, 499.0, 497.0, 497.0, 501.0, 499.0]
    },
    "slices": {}
  }
}