{
  "AcquisitionMatrixPE": 122,
  "AcquisitionNumber": 1,
  "AcquisitionTime": "09:36:2.440000",
  "BandwidthPerPixelPhaseEncode": 27.785,
  "BaseResolution": 122,
  "BodyPartExamined": "BRAIN",
  "CoilCombinationMethod": "Adaptive Combine",
  "ConsistencyInfo": "N4_VE11E_LATEST_20181129",
  "ConversionSoftware": "dcm2niix",
  "ConversionSoftwareVersion": "v1.0.20220720",
  "DerivedVendorReportedEchoSpacing": 0.000590011,
  "DeviceSerialNumber": "66112",
  "DiffusionScheme": "Monopolar",
  "DwellTime": 2e-06,
  "EchoTime": 0.068,
  "EchoTrainLength": 61,
  "EffectiveEchoSpacing": 0.000295005,
  "FlipAngle": 90,
  "HeudiconvVersion": "0.13.1",
  "ImageOrientationPatientDICOM": [0.986816, 0.161562, 0.00960551, -0.156826, 0.939842, 0.303483],
  "ImageOrientationText": "Tra>Cor(17.5)>Sag(-2.3)",
  "ImageType": [
    "ORIGINAL",
    "PRIMARY",
    "DIFFUSION",
    "NONE",
    "ND",
    "NORM",
    "MOSAIC"
],
  "ImagingFrequency": 123.259,
  "InPlanePhaseEncodingDirectionDICOM": "COL",
  "InstitutionAddress": "Maynard 3,Hanover,NH,US,03755",
  "InstitutionName": "Dartmouth College - PBS",
  "InstitutionalDepartmentName": "Department",
  "MRAcquisitionType": "2D",
  "MagneticFieldStrength": 3,
  "Manufacturer": "Siemens",
  "ManufacturersModelName": "Prisma",
  "Modality": "MR",
  "MultibandAccelerationFactor": 4,
  "NonlinearGradientCorrection": false,
  "ParallelReductionFactorInPlane": 2,
  "PartialFourier": 1,
  "PatientPosition": "HFS",
  "PercentPhaseFOV": 100,
  "PercentSampling": 100,
  "PhaseEncodingDirection": "j-",
  "PhaseEncodingSteps": 122,
  "PhaseResolution": 1,
  "PixelBandwidth": 2050,
  "ProcedureStepDescription": "dbic^QA",
  "ProtocolName": "dwi_acq-DTI-30-p2-s4",
  "PulseSequenceDetails": "%SiemensSeq%\\ep2d_diff",
  "ReceiveCoilActiveElements": "HEA;HEP",
  "ReceiveCoilName": "Head_32",
  "ReconMatrixPE": 122,
  "RefLinesPE": 38,
  "RepetitionTime": 3.6,
  "SAR": 0.201985,
  "ScanOptions": "FS",
  "ScanningSequence": "EP",
  "SequenceName": "*ep_b0",
  "SequenceVariant": "SK\\SP",
  "SeriesDescription": "dwi_acq-DTI-30-p2-s4",
  "SeriesNumber": 10,
  "ShimSetting": [4220, -7743, -7504, -46, -128, -67, 2, 77],
  "SliceThickness": 2,
  "SliceTiming": [2.5875, 0, 1.79, 0.2, 1.99, 0.3975, 2.1875, 0.5975, 2.3875, 0.995, 2.785, 1.195, 2.985, 1.3925, 3.1825, 1.5925, 3.3825, 0.7975, 2.5875, 0, 1.79, 0.2, 1.99, 0.3975, 2.1875, 0.5975, 2.3875, 0.995, 2.785, 1.195, 2.985, 1.3925, 3.1825, 1.5925, 3.3825, 0.7975, 2.5875, 0, 1.79, 0.2, 1.99, 0.3975, 2.1875, 0.5975, 2.3875, 0.995, 2.785, 1.195, 2.985, 1.3925, 3.1825, 1.5925, 3.3825, 0.7975, 2.5875, 0, 1.79, 0.2, 1.99, 0.3975, 2.1875, 0.5975, 2.3875, 0.995, 2.785, 1.195, 2.985, 1.3925, 3.1825, 1.5925, 3.3825, 0.7975],
  "SoftwareVersions": "syngo MR E11",
  "SpacingBetweenSlices": 2,
  "SpoilingState": true,
  "StationName": "AWP66112",
  "TotalReadoutTime": 0.0356956,
  "TxRefAmp": 224.446,
  "dcmmeta_affine": [
    [-1.9412769079208374, -0.3085101246833801, -0.08000754565000534, 142.34344482421875],
    [-0.3178277611732483, 1.8488703966140747, 0.6019761562347412, -110.74732208251953],
    [0.018896084278821945, -0.5970155000686646, 1.9055769443511963, -41.97641372680664],
    [0.0, 0.0, 0.0, 1.0]
],
  "dcmmeta_reorient_transform": [
    [0.0, -1.0, 0.0, 121.0],
    [1.0, 0.0, 0.0, 0.0],
    [0.0, 0.0, 1.0, 0.0],
    [0.0, 0.0, 0.0, 1.0]
],
  "dcmmeta_shape": [122, 122, 72, 31],
  "dcmmeta_slice_dim": 2,
  "dcmmeta_version": 0.6,
  "global": {
    "const": {
      "AccessionNumber": "qa",
      "AcquisitionMatrix": [122, 0, 0, 122],
      "AngioFlag": "N",
      "BitsAllocated": 16,
      "BitsStored": 12,
      "BodyPartExamined": "BRAIN",
      "Columns": 1098,
      "EchoNumbers": 1,
      "EchoTime": 68.0,
      "EchoTrainLength": 61,
      "FlipAngle": 90.0,
      "HighBit": 11,
      "ImageOrientationPatient": [0.98681574285127, 0.16156244567988, 0.00960550919172, -0.1568259794531, 0.9398424064811, 0.30348288773568],
      "ImagePositionPatient": [-901.80390692837, -1170.3146711177, -414.78015923764],
      "ImageType": [
        "ORIGINAL",
        "PRIMARY",
        "DIFFUSION",
        "NONE",
        "ND",
        "NORM",
        "MOSAIC"
],
      "ImagedNucleus": "1H",
      "ImagingFrequency": 123.259168,
      "InPlanePhaseEncodingDirection": "COL",
      "MRAcquisitionType": "2D",
      "MagneticFieldStrength": 3.0,
      "Manufacturer": "SIEMENS",
      "ManufacturerModelName": "Prisma",
      "Modality": "MR",
      "NumberOfAverages": 1.0,
      "NumberOfPhaseEncodingSteps": 122,
      "PercentPhaseFieldOfView": 100.0,
      "PercentSampling": 100.0,
      "PerformedProcedureStepStartTime": "085021.208000",
      "PhotometricInterpretation": "MONOCHROME2",
      "PixelBandwidth": 2050.0,
      "PixelRepresentation": 0,
      "PixelSpacing": [1.9672131538391, 1.9672131538391],
      "ProtocolName": "dwi_acq-DTI-30-p2-s4",
      "RepetitionTime": 3600.0,
      "Rows": 1098,
      "SAR": 0.20198481268371,
      "SamplesPerPixel": 1,
      "ScanOptions": "FS",
      "ScanningSequence": "EP",
      "SequenceVariant": [
        "SK",
        "SP"
],
      "SeriesDescription": "dwi_acq-DTI-30-p2-s4",
      "SeriesNumber": 10,
      "SeriesTime": "093647.568000",
      "SliceLocation": -79.022541005074,
      "SliceThickness": 2.0,
      "SmallestImagePixelValue": 0,
      "SoftwareVersions": "syngo MR E11",
      "SpacingBetweenSlices": 1.9999999485952,
      "SpecificCharacterSet": "ISO_IR 100",
      "StudyID": "42",
      "StudyTime": "085021.122000",
      "TransmitCoilName": "Body",
      "VariableFlipAngleFlag": "N",
      "WindowCenterWidthExplanation": "Algo1"
    },
    "slices": {}
  },
  "time": {
    "samples": {
      "AcquisitionNumber": [1, 2, 3, 4, 5, 6, 7, 8, 9, 10, 11, 12, 13, 14, 15, 16, 17, 18, 19, 20, 21, 22, 23, 24, 25, 26, 27, 28, 29, 30, 31],
      "AcquisitionTime": ["093602.440000", "093606.040000", "093609.640000", "093613.240000", "093616.840000", "093620.440000", "093624.040000", "093627.640000", "093631.240000", "093634.840000", "093638.440000", "093642.040000", "093645.640000", "093649.240000", "093652.840000", "093656.440000", "093700.040000", "093703.640000", "093707.240000", "093710.840000", "093714.440000", "093718.040000", "093721.640000", "093725.240000", "093728.840000", "093732.440000", "093736.040000", "093739.640000", "093743.240000", "093746.840000", "093750.440000"],
      "ContentTime": ["093647.572000", "093647.575000", "093647.578000", "093647.581000", "093647.584000", "093647.587000", "093647.620000", "093647.623000", "093647.627000", "093647.630000", "093647.632000", "093647.636000", "093752.977000", "093752.980000", "093752.990000", "093752.996000", "093753.000000", "093753.004000", "093753.007000", "093753.012000", "093753.016000", "093753.020000", "093753.024000", "093753.046000", "093753.049000", "093753.052000", "093753.055000", "093753.070000", "093753.078000", "093753.082000", "093753.085000"],
      "InstanceCreationTime": ["093647.572000", "093647.575000", "093647.578000", "093647.581000", "093647.584000", "093647.587000", "093647.620000", "093647.623000", "093647.627000", "093647.630000", "093647.632000", "093647.636000", "093752.977000", "093752.980000", "093752.990000", "093752.996000", "093753.000000", "093753.004000", "093753.007000", "093753.012000", "093753.016000", "093753.020000", "093753.024000", "093753.046000", "093753.049000", "093753.052000", "093753.055000", "093753.070000", "093753.078000", "093753.082000", "093753.085000"],
      "InstanceNumber": [1, 2, 3, 4, 5, 6, 7, 8, 9, 10, 11, 12, 13, 14, 15, 16, 17, 18, 19, 20, 21, 22, 23, 24, 25, 26, 27, 28, 29, 30, 31],
      "LargestImagePixelValue": [2229, 302, 306, 324, 307, 319, 331, 325, 312, 317, 323, 317, 322, 325, 327, 319, 307, 308, 314, 336, 302, 303, 304, 306, 297, 297, 296, 304, 306, 320, 323],
      "SequenceName": [
        "*ep_b0",
        "*ep_b1000#1",
        "*ep_b1000#2",
        "*ep_b1000#3",
        "*ep_b1000#4",
        "*ep_b1000#5",
        "*ep_b1000#6",
        "*ep_b1000#7",
        "*ep_b1000#8",
        "*ep_b1000#9",
        "*ep_b1000#10",
        "*ep_b1000#11",
        "*ep_b1000#12",
        "*ep_b1000#13",
        "*ep_b1000#14",
        "*ep_b1000#15",
        "*ep_b1000#16",
        "*ep_b1000#17",
        "*ep_b1000#18",
        "*ep_b1000#19",
        "*ep_b1000#20",
        "*ep_b1000#21",
        "*ep_b1000#22",
        "*ep_b1000#23",
        "*ep_b1000#24",
        "*ep_b1000#25",
        "*ep_b1000#26",
        "*ep_b1000#27",
        "*ep_b1000#28",
        "*ep_b1000#29",
        "*ep_b1000#30"
],
      "WindowCenter": [920.0, 227.0, 227.0, 228.0, 227.0, 226.0, 228.0, 228.0, 228.0, 228.0, 227.0, 226.0, 230.0, 229.0, 229.0, 228.0, 228.0, 225.0, 230.0, 230.0, 228.0, 228.0, 227.0, 225.0, 224.0, 226.0, 227.0, 227.0, 228.0, 231.0, 230.0],
      "WindowWidth": [2050.0, 515.0, 515.0, 517.0, 514.0, 512.0, 517.0, 516.0, 517.0, 517.0, 514.0, 511.0, 520.0, 518.0, 519.0, 517.0, 516.0, 510.0, 519.0, 521.0, 516.0, 516.0, 513.0, 510.0, 508.0, 512.0, 515.0, 515.0, 516.0, 522.0, 519.0]
    },
    "slices": {}
  }
}