{
  "AcquisitionMatrixPE": 80,
  "AcquisitionNumber": 1,
  "AcquisitionTime": "10:10:49.457500",
  "BandwidthPerPixelPhaseEncode": 25,
  "BaseResolution": 80,
  "BodyPartExamined": "BRAIN",
  "CoilCombinationMethod": "Sum of Squares",
  "ConsistencyInfo": "N4_VE11E_LATEST_20181129",
  "ConversionSoftware": "dcm2niix",
  "ConversionSoftwareVersion": "v1.0.20220720",
  "DerivedVendorReportedEchoSpacing": 0.0005,
  "DeviceSerialNumber": "66112",
  "DwellTime": 2.7e-06,
  "EchoTime": 0.03,
  "EchoTrainLength": 80,
  "EffectiveEchoSpacing": 0.0005,
  "FlipAngle": 10,
  "HeudiconvVersion": "0.13.1",
  "ImageOrientationPatientDICOM": [0.992098, -0.125377, 0.00473608, 0.117247, 0.93988, 0.320746],
  "ImageOrientationText": "Tra>Cor(18.5)>Sag(2.6)",
  "ImageType": [
    "ORIGINAL",
    "PRIMARY",
    "M",
    "ND",
    "NORM",
    "MOSAIC"
],
  "ImagingFrequency": 123.259,
  "InPlanePhaseEncodingDirectionDICOM": "COL",
  "InstitutionAddress": "Maynard 3,Hanover,NH,US,03755",
  "InstitutionName": "Dartmouth College - PBS",
  "InstitutionalDepartmentName": "Department",
  "MRAcquisitionType": "2D",
  "MagneticFieldStrength": 3,
  "Manufacturer": "Siemens",
  "ManufacturersModelName": "Prisma",
  "MatrixCoilMode": "SENSE",
  "Modality": "MR",
  "NonlinearGradientCorrection": false,
  "PartialFourier": 1,
  "PatientPosition": "HFS",
  "PercentPhaseFOV": 100,
  "PercentSampling": 100,
  "PhaseEncodingDirection": "j-",
  "PhaseEncodingSteps": 80,
  "PhaseResolution": 1,
  "PixelBandwidth": 2315,
  "ProcedureStepDescription": "dbic^QA",
  "ProtocolName": "func-bold_fa-10",
  "PulseSequenceDetails": "%SiemensSeq%\\ep2d_bold",
  "ReceiveCoilActiveElements": "HEA;HEP",
  "ReceiveCoilName": "Head_32",
  "ReconMatrixPE": 80,
  "RepetitionTime": 2,
  "SAR": 0.0150971,
  "ScanOptions": "FS",
  "ScanningSequence": "EP",
  "SequenceName": "*epfid2d1_80",
  "SequenceVariant": "SK",
  "SeriesDescription": "func-bold_fa-10",
  "SeriesNumber": 8,
  "ShimSetting": [4219, -7748, -7490, -30, -136, 0, 26, 73],
  "SliceThickness": 3.5,
  "SliceTiming": [0.99, 0, 1.055, 0.065, 1.1225, 0.1325, 1.1875, 0.1975, 1.2525, 0.265, 1.32, 0.33, 1.385, 0.395, 1.4525, 0.4625, 1.5175, 0.5275, 1.5825, 0.5925, 1.65, 0.66, 1.715, 0.725, 1.7825, 0.7925, 1.8475, 0.8575, 1.9125, 0.9225],
  "SoftwareVersions": "syngo MR E11",
  "SpacingBetweenSlices": 3.99,
  "StationName": "AWP66112",
  "TotalReadoutTime": 0.0395,
  "TxRefAmp": 224.636,
  "dcmmeta_affine": [
    [-2.9762935638427734, 0.3517407774925232, 0.17821547389030457, 103.5068359375],
    [0.3761313557624817, 2.819641351699829, 1.2674472332000732, -141.98812866210938],
    [0.014208230189979076, -0.9622374773025513, 3.779142379760742, -13.543134689331055],
    [0.0, 0.0, 0.0, 1.0]
],
  "dcmmeta_reorient_transform": [
    [0.0, -1.0, 0.0, 79.0],
    [1.0, 0.0, 0.0, 0.0],
    [0.0, 0.0, 1.0, 0.0],
    [0.0, 0.0, 0.0, 1.0]
],
  "dcmmeta_shape": [80, 80, 30, 200],
  "dcmmeta_slice_dim": 2,
  "dcmmeta_version": 0.6,
  "global": {
    "const": {
      "AccessionNumber": "qa",
      "AcquisitionMatrix": [80, 0, 0, 80],
      "AngioFlag": "N",
      "BitsAllocated": 16,
      "BitsStored": 12,
      "BodyPartExamined": "BRAIN",
      "Columns": 480,
      "EchoNumbers": 1,
      "EchoTime": 30.0,
      "EchoTrainLength": 80,
      "FlipAngle": 10.0,
      "HighBit": 11,
      "ImageOrientationPatient": [0.99209785225021, -0.1253771156821, 0.00473607683009, 0.11724692636515, 0.93988045642077, 0.32074582755854],
      "ImagePositionPatient": [-796.90122448787, -569.46554337808, -284.84903872573],
      "ImageType": [
        "ORIGINAL",
        "PRIMARY",
        "M",
        "ND",
        "NORM",
        "MOSAIC"
],
      "ImagedNucleus": "1H",
      "ImagingFrequency": 123.259228,
      "InPlanePhaseEncodingDirection": "COL",
      "MRAcquisitionType": "2D",
      "MagneticFieldStrength": 3.0,
      "Manufacturer": "SIEMENS",
      "ManufacturerModelName": "Prisma",
      "Modality": "MR",
      "NumberOfAverages": 1.0,
      "NumberOfPhaseEncodingSteps": 80,
      "PercentPhaseFieldOfView": 100.0,
      "PercentSampling": 100.0,
      "PerformedProcedureStepStartTime": "093912.127000",
      "PhotometricInterpretation": "MONOCHROME2",
      "PixelBandwidth": 2315.0,
      "PixelRepresentation": 0,
      "PixelSpacing": [3.0, 3.0],
      "ProtocolName": "func-bold_fa-10",
      "RepetitionTime": 2000.0,
      "Rows": 480,
      "SAR": 0.0150971156021,
      "SamplesPerPixel": 1,
      "ScanOptions": "FS",
      "ScanningSequence": "EP",
      "SequenceName": "*epfid2d1_80",
      "SequenceVariant": "SK",
      "SeriesDescription": "func-bold_fa-10",
      "SeriesNumber": 8,
      "SeriesTime": "101146.845000",
      "SliceLocation": -53.307614181063,
      "SliceThickness": 3.5,
      "SmallestImagePixelValue": 0,
      "SoftwareVersions": "syngo MR E11",
      "SpacingBetweenSlices": 3.9900000089794,
      "SpecificCharacterSet": "ISO_IR 100",
      "StudyID": "28",
      "StudyTime": "093912.051000",
      "TransmitCoilName": "Body",
      "VariableFlipAngleFlag": "N",
      "WindowCenterWidthExplanation": "Algo1"
    },
