{
  "AcquisitionMatrixPE": 122,
  "AcquisitionNumber": 1,
  "AcquisitionTime": "10:21:15.457500",
  "BandwidthPerPixelPhaseEncode": 27.785,
  "BaseResolution": 122,
  "BodyPartExamined": "BRAIN",
  "CoilCombinationMethod": "Adaptive Combine",
  "ConsistencyInfo": "N4_VE11E_LATEST_20181129",
  "ConversionSoftware": "dcm2niix",
  "ConversionSoftwareVersion": "v1.0.20220720",
  "DerivedVendorReportedEchoSpacing": 0.000590011,
  "DeviceSerialNumber": "66112",
  "DiffusionScheme": "Monopolar",
  "DwellTime": 2e-06,
  "EchoTime": 0.068,
  "EchoTrainLength": 61,
  "EffectiveEchoSpacing": 0.000295005,
  "FlipAngle": 90,
  "HeudiconvVersion": "0.13.1",
  "ImageOrientationPatientDICOM": [0.990732, -0.135824, 0.00134752, 0.129025, 0.944148, 0.30321],
  "ImageOrientationText": "Tra>Cor(17.5)>Sag(2.4)",
  "ImageType": [
    "ORIGINAL",
    "PRIMARY",
    "DIFFUSION",
    "NONE",
    "ND",
    "NORM",
    "MOSAIC"
],
  "ImagingFrequency": 123.259,
  "InPlanePhaseEncodingDirectionDICOM": "COL",
  "InstitutionAddress": "Maynard 3,Hanover,NH,US,03755",
  "InstitutionName": "Dartmouth College - PBS",
  "InstitutionalDepartmentName": "Department",
  "MRAcquisitionType": "2D",
  "MagneticFieldStrength": 3,
  "Manufacturer": "Siemens",
  "ManufacturersModelName": "Prisma",
  "Modality": "MR",
  "MultibandAccelerationFactor": 4,
  "NonlinearGradientCorrection": false,
  "ParallelReductionFactorInPlane": 2,
  "PartialFourier": 1,
  "PatientPosition": "HFS",
  "PercentPhaseFOV": 100,
  "PercentSampling": 100,
  "PhaseEncodingDirection": "j-",
  "PhaseEncodingSteps": 122,
  "PhaseResolution": 1,
  "PixelBandwidth": 2050,
  "ProcedureStepDescription": "dbic^QA",
  "ProtocolName": "dwi_acq-DTI-30-p2-s4",
  "PulseSequenceDetails": "%SiemensSeq%\\ep2d_diff",
  "ReceiveCoilActiveElements": "HEA;HEP",
  "ReceiveCoilName": "Head_32",
  "ReconMatrixPE": 122,
  "RefLinesPE": 38,
  "RepetitionTime": 3.6,
  "SAR": 0.130698,
  "ScanOptions": "FS",
  "ScanningSequence": "EP",
  "SequenceName": "*ep_b0",
  "SequenceVariant": "SK\\SP",
  "SeriesDescription": "dwi_acq-DTI-30-p2-s4",
  "SeriesNumber": 13,
  "ShimSetting": [4220, -7744, -7506, -16, -157, -29, 29, 64],
  "SliceThickness": 2,
  "SliceTiming": [2.585, 0, 1.79, 0.2, 1.99, 0.3975, 2.1875, 0.5975, 2.3875, 0.995, 2.785, 1.1925, 2.9825, 1.3925, 3.1825, 1.59, 3.38, 0.795, 2.585, 0, 1.79, 0.2, 1.99, 0.3975, 2.1875, 0.5975, 2.3875, 0.995, 2.785, 1.1925, 2.9825, 1.3925, 3.1825, 1.59, 3.38, 0.795, 2.585, 0, 1.79, 0.2, 1.99, 0.3975, 2.1875, 0.5975, 2.3875, 0.995, 2.785, 1.1925, 2.9825, 1.3925, 3.1825, 1.59, 3.38, 0.795, 2.585, 0, 1.79, 0.2, 1.99, 0.3975, 2.1875, 0.5975, 2.3875, 0.995, 2.785, 1.1925, 2.9825, 1.3925, 3.1825, 1.59, 3.38, 0.795],
  "SoftwareVersions": "syngo MR E11",
  "SpacingBetweenSlices": 2,
  "SpoilingState": true,
  "StationName": "AWP66112",
  "TotalReadoutTime": 0.0356956,
  "TxRefAmp": 228.345,
  "dcmmeta_affine": [
    [-1.9489811658859253, 0.2538203299045563, 0.08491087704896927, 99.99182891845703],
    [0.2671949565410614, 1.8573412895202637, 0.6004512906074524, -147.31529235839844],
    [0.0026508665177971125, -0.5964779853820801, 1.9058458805084229, -28.887069702148438],
    [0.0, 0.0, 0.0, 1.0]
],
  "dcmmeta_reorient_transform": [
    [0.0, -1.0, 0.0, 121.0],
    [1.0, 0.0, 0.0, 0.0],
    [0.0, 0.0, 1.0, 0.0],
    [0.0, 0.0, 0.0, 1.0]
],
  "dcmmeta_shape": [122, 122, 72, 31],
  "dcmmeta_slice_dim": 2,
  "dcmmeta_version": 0.6,
  "global": {
    "const": {
      "AccessionNumber": "qa",
      "AcquisitionMatrix": [122, 0, 0, 122],
      "AngioFlag": "N",
      "BitsAllocated": 16,
      "BitsStored": 12,
      "BodyPartExamined": "BRAIN",
      "Columns": 1098,
      "EchoNumbers": 1,
      "EchoTime": 68.0,
      "EchoTrainLength": 61,
      "FlipAngle": 90.0,
      "HighBit": 11,
      "ImageOrientationPatient": [0.99073205190207, -0.1358240976904, 0.00134752384233, 0.12902533525064, 0.94414849451677, 0.30320963567337],
      "ImagePositionPatient": [-1205.6712011765, -853.41445153427, -393.43578452738],
      "ImageType": [
        "ORIGINAL",
        "PRIMARY",
        "DIFFUSION",
        "NONE",
        "ND",
        "NORM",
        "MOSAIC"
],
      "ImagedNucleus": "1H",
      "ImagingFrequency": 123.25928,
      "InPlanePhaseEncodingDirection": "COL",
      "MRAcquisitionType": "2D",
      "MagneticFieldStrength": 3.0,
      "Manufacturer": "SIEMENS",
      "ManufacturerModelName": "Prisma",
      "Modality": "MR",
      "NumberOfAverages": 1.0,
      "NumberOfPhaseEncodingSteps": 122,
      "PercentPhaseFieldOfView": 100.0,
      "PercentSampling": 100.0,
      "PerformedProcedureStepStartTime": "094047.275000",
      "PhotometricInterpretation": "MONOCHROME2",
      "PixelBandwidth": 2050.0,
      "PixelRepresentation": 0,
      "PixelSpacing": [1.9672131538391, 1.9672131538391],
      "ProtocolName": "dwi_acq-DTI-30-p2-s4",
      "RepetitionTime": 3600.0,
      "Rows": 1098,
      "SAR": 0.13069813044228,
      "SamplesPerPixel": 1,
      "ScanOptions": "FS",
      "ScanningSequence": "EP",
      "SequenceVariant": [
        "SK",
        "SP"
],
      "SeriesDescription": "dwi_acq-DTI-30-p2-s4",
      "SeriesNumber": 13,
      "SeriesTime": "102237.399000",
      "SliceLocation": -67.509780208257,
      "SliceThickness": 2.0,
      "SmallestImagePixelValue": 0,
      "SoftwareVersions": "syngo MR E11",
      "SpacingBetweenSlices": 2.0000000112506,
      "SpecificCharacterSet": "ISO_IR 100",
      "StudyID": "12",
      "StudyTime": "094047.227000",
      "TransmitCoilName": "Body",
      "VariableFlipAngleFlag": "N",
      "WindowCenterWidthExplanation": "Algo1"
    },
    "slices": {}
  },
  "time": {
    "samples": {
      "AcquisitionNumber": [1, 2, 3, 4, 5, 6, 7, 8, 9, 10, 11, 12, 13, 14, 15, 16, 17, 18, 19, 20, 21, 22, 23, 24, 25, 26, 27, 28, 29, 30, 31],
      "AcquisitionTime": ["102115.457500", "102119.057500", "102122.657500", "102126.257500", "102129.857500", "102133.457500", "102137.057500", "102140.657500", "102144.257500", "102147.857500", "102151.457500", "102155.057500", "102158.657500", "102202.257500", "102205.857500", "102209.457500", "102213.057500", "102216.657500", "102220.257500", "102223.857500", "102227.457500", "102231.057500", "102234.657500", "102238.257500", "102241.857500", "102245.457500", "102249.057500", "102252.657500", "102256.257500", "102259.857500", "102303.457500"],
      "ContentTime": ["102237.403000", "102237.406000", "102237.409000", "102237.412000", "102237.416000", "102237.419000", "102237.421000", "102237.424000", "102237.427000", "102237.430000", "102237.433000", "102237.436000", "102237.455000", "102237.458000", "102237.461000", "102237.468000", "102237.480000", "102237.483000", "102237.486000", "102237.489000", "102237.492000", "102237.495000", "102237.498000", "102305.694000", "102305.698000", "102305.714000", "102305.717000", "102305.721000", "102305.724000", "102305.727000", "102305.730000"],
      "InstanceCreationTime": ["102237.403000", "102237.406000", "102237.409000", "102237.412000", "102237.416000", "102237.419000", "102237.421000", "102237.424000", "102237.427000", "102237.430000", "102237.433000", "102237.436000", "102237.455000", "102237.458000", "102237.461000", "102237.468000", "102237.480000", "102237.483000", "102237.486000", "102237.489000", "102237.492000", "102237.495000", "102237.498000", "102305.694000", "102305.698000", "102305.714000", "102305.717000", "102305.721000", "102305.724000", "102305.727000", "102305.730000"],
      "InstanceNumber": [1, 2, 3, 4, 5, 6, 7, 8, 9, 10, 11, 12, 13, 14, 15, 16, 17, 18, 19, 20, 21, 22, 23, 24, 25, 26, 27, 28, 29, 30, 31],
      "LargestImagePixelValue": [2258, 299, 276, 333, 338, 351, 339, 303, 313, 325, 349, 318, 352, 275, 314, 325, 323, 300, 334, 292, 326, 268, 347, 323, 304, 306, 294, 304, 335, 314, 349],
      "SequenceName": [
        "*ep_b0",
        "*ep_b1000#1",
        "*ep_b1000#2",
        "*ep_b1000#3",
        "*ep_b1000#4",
        "*ep_b1000#5",
        "*ep_b1000#6",
        "*ep_b1000#7",
        "*ep_b1000#8",
        "*ep_b1000#9",
        "*ep_b1000#10",
        "*ep_b1000#11",
        "*ep_b1000#12",
        "*ep_b1000#13",
        "*ep_b1000#14",
        "*ep_b1000#15",
        "*ep_b1000#16",
        "*ep_b1000#17",
        "*ep_b1000#18",
        "*ep_b1000#19",
        "*ep_b1000#20",
        "*ep_b1000#21",
        "*ep_b1000#22",
        "*ep_b1000#23",
        "*ep_b1000#24",
        "*ep_b1000#25",
        "*ep_b1000#26",
        "*ep_b1000#27",
        "*ep_b1000#28",
        "*ep_b1000#29",
        "*ep_b1000#30"
],
      "WindowCenter": [925.0, 217.0, 199.0, 191.0, 216.0, 230.0, 235.0, 235.0, 208.0, 215.0, 225.0, 231.0, 200.0, 207.0, 234.0, 216.0, 204.0, 221.0, 219.0, 202.0, 205.0, 189.0, 225.0, 232.0, 234.0, 222.0, 209.0, 218.0, 231.0, 233.0, 235.0],
      "WindowWidth": [2066.0, 493.0, 459.0, 442.0, 493.0, 519.0, 530.0, 530.0, 477.0, 491.0, 509.0, 522.0, 460.0, 474.0, 529.0, 492.0, 468.0, 502.0, 498.0, 464.0, 472.0, 438.0, 510.0, 523.0, 527.0, 504.0, 479.0, 496.0, 523.0, 526.0, 530.0]
    },
    "slices": {}
  }
}