{
  "AcquisitionMatrixPE": 122,
  "AcquisitionNumber": 1,
  "AcquisitionTime": "10:16:54.190000",
  "BandwidthPerPixelPhaseEncode": 28.76,
  "BaseResolution": 122,
  "BodyPartExamined": "BRAIN",
  "CoilCombinationMethod": "Adaptive Combine",
  "ConsistencyInfo": "N4_VE11E_LATEST_20181129",
  "ConversionSoftware": "dcm2niix",
  "ConversionSoftwareVersion": "v1.0.20220720",
  "DerivedVendorReportedEchoSpacing": 0.000570008,
  "DeviceSerialNumber": "66112",
  "DiffusionScheme": "Monopolar",
  "DwellTime": 2e-06,
  "EchoTime": 0.075,
  "EchoTrainLength": 61,
  "EffectiveEchoSpacing": 0.000285004,
  "FlipAngle": 90,
  "HeudiconvVersion": "0.13.1",
  "ImageOrientationPatientDICOM": [0.990732, -0.135824, 0.00134752, 0.129025, 0.944148, 0.30321],
  "ImageOrientationText": "Tra>Cor(17.5)>Sag(2.4)",
  "ImageType": [
    "ORIGINAL",
    "PRIMARY",
    "DIFFUSION",
    "NONE",
    "ND",
    "NORM",
    "MOSAIC"
],
  "ImagingFrequency": 123.259,
  "InPlanePhaseEncodingDirectionDICOM": "COL",
  "InstitutionAddress": "Maynard 3,Hanover,NH,US,03755",
  "InstitutionName": "Dartmouth College - PBS",
  "InstitutionalDepartmentName": "Department",
  "MRAcquisitionType": "2D",
  "MagneticFieldStrength": 3,
  "Manufacturer": "Siemens",
  "ManufacturersModelName": "Prisma",
  "MatrixCoilMode": "GRAPPA",
  "Modality": "MR",
  "NonlinearGradientCorrection": false,
  "ParallelReductionFactorInPlane": 2,
  "PartialFourier": 1,
  "PatientPosition": "HFS",
  "PercentPhaseFOV": 100,
  "PercentSampling": 100,
  "PhaseEncodingDirection": "j-",
  "PhaseEncodingSteps": 122,
  "PhaseResolution": 1,
  "PixelBandwidth": 2050,
  "ProcedureStepDescription": "dbic^QA",
  "ProtocolName": "dwi_acq-DTI-30-p2",
  "PulseSequenceDetails": "%SiemensSeq%\\ep2d_diff",
  "ReceiveCoilActiveElements": "HEA;HEP",
  "ReceiveCoilName": "Head_32",
  "ReconMatrixPE": 122,
  "RefLinesPE": 38,
  "RepetitionTime": 7.7,
  "SAR": 0.0875779,
  "ScanOptions": "FS",
  "ScanningSequence": "EP",
  "SequenceName": "*ep_b0",
  "SequenceVariant": "SK\\SP",
  "SeriesDescription": "dwi_acq-DTI-30-p2",
  "SeriesNumber": 12,
  "ShimSetting": [4220, -7744, -7506, -18, -157, -28, 29, 64],
  "SliceThickness": 2,
  "SliceTiming": [3.84, 0, 3.9475, 0.11, 4.0575, 0.2175, 4.1675, 0.3275, 4.2775, 0.4375, 4.3875, 0.5475, 4.4975, 0.6575, 4.6075, 0.7675, 4.7175, 0.8775, 4.8275, 0.9875, 4.935, 1.095, 5.045, 1.205, 5.155, 1.315, 5.265, 1.425, 5.375, 1.535, 5.485, 1.645, 5.595, 1.755, 5.705, 1.865, 5.8125, 1.975, 5.9225, 2.0825, 6.0325, 2.1925, 6.1425, 2.3025, 6.2525, 2.4125, 6.3625, 2.5225, 6.4725, 2.6325, 6.5825, 2.7425, 6.6925, 2.8525, 6.8, 2.96, 6.91, 3.07, 7.02, 3.18, 7.13, 3.29, 7.24, 3.4, 7.35, 3.51, 7.46, 3.62, 7.57, 3.73],
  "SoftwareVersions": "syngo MR E11",
  "SpacingBetweenSlices": 2,
  "SpoilingState": true,
  "StationName": "AWP66112",
  "TotalReadoutTime": 0.0344855,
  "TxRefAmp": 228.345,
  "dcmmeta_affine": [
    [-1.9489811658859253, 0.2538203299045563, 0.08491087704896927, 100.07673645019531],
    [0.2671949565410614, 1.8573412895202637, 0.6004512906074524, -146.71484375],
    [0.0026508665177971125, -0.5964779853820801, 1.9058457612991333, -26.981220245361328],
    [0.0, 0.0, 0.0, 1.0]
],
  "dcmmeta_reorient_transform": [
    [0.0, -1.0, 0.0, 121.0],
    [1.0, 0.0, 0.0, 0.0],
    [0.0, 0.0, 1.0, 0.0],
    [0.0, 0.0, 0.0, 1.0]
],
  "dcmmeta_shape": [122, 122, 70, 31],
  "dcmmeta_slice_dim": 2,
  "dcmmeta_version": 0.6,
  "global": {
    "const": {
      "AccessionNumber": "qa",
      "AcquisitionMatrix": [122, 0, 0, 122],
      "AngioFlag": "N",
      "BitsAllocated": 16,
      "BitsStored": 12,
      "BodyPartExamined": "BRAIN",
      "Columns": 1098,
      "EchoNumbers": 1,
      "EchoTime": 75.0,
      "EchoTrainLength": 61,
      "FlipAngle": 90.0,
      "HighBit": 11,
      "ImageOrientationPatient": [0.99073205190207, -0.1358240976904, 0.00134752384233, 0.12902533525064, 0.94414849451677, 0.30320963567337],
      "ImagePositionPatient": [-1205.7561120461, -854.01490205002, -391.52993507059],
      "ImageType": [
        "ORIGINAL",
        "PRIMARY",
        "DIFFUSION",
        "NONE",
        "ND",
        "NORM",
        "MOSAIC"
],
      "ImagedNucleus": "1H",
      "ImagingFrequency": 123.259277,
      "InPlanePhaseEncodingDirection": "COL",
      "MRAcquisitionType": "2D",
      "MagneticFieldStrength": 3.0,
      "Manufacturer": "SIEMENS",
      "ManufacturerModelName": "Prisma",
      "Modality": "MR",
      "NumberOfAverages": 1.0,
      "NumberOfPhaseEncodingSteps": 122,
      "PercentPhaseFieldOfView": 100.0,
      "PercentSampling": 100.0,
      "PerformedProcedureStepStartTime": "094047.275000",
      "PhotometricInterpretation": "MONOCHROME2",
      "PixelBandwidth": 2050.0,
      "PixelRepresentation": 0,
      "PixelSpacing": [1.9672131538391, 1.9672131538391],
      "ProtocolName": "dwi_acq-DTI-30-p2",
      "RepetitionTime": 7700.0,
      "Rows": 1098,
      "SAR": 0.08757785612169,
      "SamplesPerPixel": 1,
      "ScanOptions": "FS",
      "ScanningSequence": "EP",
      "SequenceVariant": [
        "SK",
        "SP"
],
      "SeriesDescription": "dwi_acq-DTI-30-p2",
      "SeriesNumber": 12,
      "SeriesTime": "101937.312000",
      "SliceLocation": -65.509777000868,
      "SliceThickness": 2.0,
      "SmallestImagePixelValue": 0,
      "SoftwareVersions": "syngo MR E11",
      "SpacingBetweenSlices": 1.9999999629926,
      "SpecificCharacterSet": "ISO_IR 100",
      "StudyID": "12",
      "StudyTime": "094047.227000",
      "TransmitCoilName": "Body",
      "VariableFlipAngleFlag": "N",
      "WindowCenterWidthExplanation": "Algo1"
    },
    "slices": {}
  },
  "time": {
    "samples": {
      "AcquisitionNumber": [1, 2, 3, 4, 5, 6, 7, 8, 9, 10, 11, 12, 13, 14, 15, 16, 17, 18, 19, 20, 21, 22, 23, 24, 25, 26, 27, 28, 29, 30, 31],
      "AcquisitionTime": ["101654.190000", "101701.890000", "101709.590000", "101717.290000", "101724.990000", "101732.690000", "101740.390000", "101748.090000", "101755.790000", "101803.490000", "101811.190000", "101818.890000", "101826.590000", "101834.290000", "101841.990000", "101849.690000", "101857.390000", "101905.090000", "101912.790000", "101920.490000", "101928.190000", "101935.890000", "101943.590000", "101951.290000", "101958.990000", "102006.690000", "102014.390000", "102022.090000", "102029.790000", "102037.490000", "102045.190000"],
      "ContentTime": ["101937.316000", "101937.320000", "101937.323000", "101937.325000", "101937.328000", "101937.338000", "101937.341000", "101937.348000", "101937.351000", "101937.354000", "101937.357000", "101937.364000", "101937.366000", "101937.369000", "101937.372000", "101937.375000", "101937.378000", "101937.381000", "101937.384000", "101937.387000", "101937.390000", "102049.724000", "102049.728000", "102049.732000", "102049.735000", "102049.744000", "102049.748000", "102049.752000", "102049.755000", "102049.758000", "102049.762000"],
      "InstanceCreationTime": ["101937.316000", "101937.320000", "101937.323000", "101937.325000", "101937.328000", "101937.338000", "101937.341000", "101937.348000", "101937.351000", "101937.354000", "101937.357000", "101937.364000", "101937.366000", "101937.369000", "101937.372000", "101937.375000", "101937.378000", "101937.381000", "101937.384000", "101937.387000", "101937.390000", "102049.724000", "102049.728000", "102049.732000", "102049.735000", "102049.744000", "102049.748000", "102049.752000", "102049.755000", "102049.758000", "102049.762000"],
      "InstanceNumber": [1, 2, 3, 4, 5, 6, 7, 8, 9, 10, 11, 12, 13, 14, 15, 16, 17, 18, 19, 20, 21, 22, 23, 24, 25, 26, 27, 28, 29, 30, 31],
      "LargestImagePixelValue": [2232, 258, 210, 210, 320, 313, 337, 319, 263, 326, 310, 305, 236, 250, 306, 281, 236, 282, 293, 236, 264, 238, 304, 298, 310, 284, 260, 290, 302, 326, 330],
      "SequenceName": [
        "*ep_b0",
        "*ep_b1000#1",
        "*ep_b1000#2",
        "*ep_b1000#3",
        "*ep_b1000#4",
        "*ep_b1000#5",
        "*ep_b1000#6",
        "*ep_b1000#7",
        "*ep_b1000#8",
        "*ep_b1000#9",
        "*ep_b1000#10",
        "*ep_b1000#11",
        "*ep_b1000#12",
        "*ep_b1000#13",
        "*ep_b1000#14",
        "*ep_b1000#15",
        "*ep_b1000#16",
        "*ep_b1000#17",
        "*ep_b1000#18",
        "*ep_b1000#19",
        "*ep_b1000#20",
        "*ep_b1000#21",
        "*ep_b1000#22",
        "*ep_b1000#23",
        "*ep_b1000#24",
        "*ep_b1000#25",
        "*ep_b1000#26",
        "*ep_b1000#27",
        "*ep_b1000#28",
        "*ep_b1000#29",
        "*ep_b1000#30"
],
      "WindowCenter": [900.0, 144.0, 108.0, 89.0, 177.0, 215.0, 226.0, 223.0, 125.0, 170.0, 201.0, 225.0, 154.0, 184.0, 234.0, 187.0, 173.0, 214.0, 197.0, 164.0, 112.0, 94.0, 198.0, 225.0, 227.0, 181.0, 141.0, 179.0, 218.0, 218.0, 222.0],
      "WindowWidth": [1986.0, 351.0, 271.0, 228.0, 413.0, 488.0, 511.0, 504.0, 311.0, 400.0, 462.0, 509.0, 367.0, 428.0, 527.0, 433.0, 406.0, 487.0, 454.0, 388.0, 297.0, 241.0, 456.0, 508.0, 512.0, 422.0, 339.0, 418.0, 494.0, 495.0, 502.0]
    },
    "slices": {}
  }
}