{
  "AcquisitionMatrixPE": 122,
  "AcquisitionNumber": 1,
  "AcquisitionTime": "09:31:1.187500",
  "BandwidthPerPixelPhaseEncode": 28.76,
  "BaseResolution": 122,
  "BodyPartExamined": "BRAIN",
  "CoilCombinationMethod": "Adaptive Combine",
  "ConsistencyInfo": "N4_VE11E_LATEST_20181129",
  "ConversionSoftware": "dcm2niix",
  "ConversionSoftwareVersion": "v1.0.20220720",
  "DerivedVendorReportedEchoSpacing": 0.000570008,
  "DeviceSerialNumber": "66112",
  "DiffusionScheme": "Monopolar",
  "DwellTime": 2e-06,
  "EchoTime": 0.075,
  "EchoTrainLength": 61,
  "EffectiveEchoSpacing": 0.000285004,
  "FlipAngle": 90,
  "HeudiconvVersion": "0.13.1",
  "ImageOrientationPatientDICOM": [0.983804, 0.172422, 0.0489823, -0.179142, 0.936571, 0.301235],
  "ImageOrientationText": "Tra>Cor(17.8)>Sag(-0.3)",
  "ImageType": [
    "ORIGINAL",
    "PRIMARY",
    "DIFFUSION",
    "NONE",
    "ND",
    "NORM",
    "MOSAIC"
],
  "ImagingFrequency": 123.259,
  "InPlanePhaseEncodingDirectionDICOM": "COL",
  "InstitutionAddress": "Maynard 3,Hanover,NH,US,03755",
  "InstitutionName": "Dartmouth College - PBS",
  "InstitutionalDepartmentName": "Department",
  "MRAcquisitionType": "2D",
  "MagneticFieldStrength": 3,
  "Manufacturer": "Siemens",
  "ManufacturersModelName": "Prisma",
  "MatrixCoilMode": "GRAPPA",
  "Modality": "MR",
  "NonlinearGradientCorrection": false,
  "ParallelReductionFactorInPlane": 2,
  "PartialFourier": 1,
  "PatientPosition": "HFS",
  "PercentPhaseFOV": 100,
  "PercentSampling": 100,
  "PhaseEncodingDirection": "j-",
  "PhaseEncodingSteps": 122,
  "PhaseResolution": 1,
  "PixelBandwidth": 2050,
  "ProcedureStepDescription": "dbic^QA",
  "ProtocolName": "dwi_acq-DTI-30-p2",
  "PulseSequenceDetails": "%SiemensSeq%\\ep2d_diff",
  "ReceiveCoilActiveElements": "HEA;HEP",
  "ReceiveCoilName": "Head_32",
  "ReconMatrixPE": 122,
  "RefLinesPE": 38,
  "RepetitionTime": 7.7,
  "SAR": 0.086013,
  "ScanOptions": "FS",
  "ScanningSequence": "EP",
  "SequenceName": "*ep_b0",
  "SequenceVariant": "SK\\SP",
  "SeriesDescription": "dwi_acq-DTI-30-p2",
  "SeriesNumber": 9,
  "ShimSetting": [4216, -7750, -7508, -48, -140, -44, 37, 69],
  "SliceThickness": 2,
  "SliceTiming": [3.84, 0, 3.95, 0.11, 4.0575, 0.22, 4.1675, 0.3275, 4.2775, 0.4375, 4.3875, 0.5475, 4.4975, 0.6575, 4.6075, 0.7675, 4.7175, 0.8775, 4.8275, 0.9875, 4.9375, 1.0975, 5.045, 1.205, 5.155, 1.315, 5.265, 1.425, 5.375, 1.535, 5.485, 1.645, 5.595, 1.755, 5.705, 1.865, 5.815, 1.975, 5.9225, 2.085, 6.0325, 2.1925, 6.1425, 2.3025, 6.2525, 2.4125, 6.3625, 2.5225, 6.4725, 2.6325, 6.5825, 2.7425, 6.6925, 2.8525, 6.8025, 2.9625, 6.91, 3.0725, 7.02, 3.18, 7.13, 3.29, 7.24, 3.4, 7.35, 3.51, 7.46, 3.62, 7.57, 3.73],
  "SoftwareVersions": "syngo MR E11",
  "SpacingBetweenSlices": 2,
  "SpoilingState": true,
  "StationName": "AWP66112",
  "TotalReadoutTime": 0.0344855,
  "TxRefAmp": 226.095,
  "dcmmeta_affine": [
    [-1.93535315990448, -0.352411150932312, -0.01212848350405693, 142.08819580078125],
    [-0.33919161558151245, 1.8424351215362549, 0.6102620959281921, -113.77021789550781],
    [0.09635861963033676, -0.5925933122634888, 1.904582142829895, -29.869386672973633],
    [0.0, 0.0, 0.0, 1.0]
],
  "dcmmeta_reorient_transform": [
    [0.0, -1.0, 0.0, 121.0],
    [1.0, 0.0, 0.0, 0.0],
    [0.0, 0.0, 1.0, 0.0],
    [0.0, 0.0, 0.0, 1.0]
],
  "dcmmeta_shape": [122, 122, 70, 31],
  "dcmmeta_slice_dim": 2,
  "dcmmeta_version": 0.6,
  "global": {
    "const": {
      "AccessionNumber": "qa",
      "AcquisitionMatrix": [122, 0, 0, 122],
      "AngioFlag": "N",
      "BitsAllocated": 16,
      "BitsStored": 12,
      "BodyPartExamined": "BRAIN",
      "Columns": 1098,
      "EchoNumbers": 1,
      "EchoTime": 75.0,
      "EchoTrainLength": 61,
      "FlipAngle": 90.0,
      "HighBit": 11,
      "ImageOrientationPatient": [0.98380447677155, 0.17242240591153, 0.04898229704641, -0.1791423357436, 0.93657116614963, 0.30123491544219],
      "ImagePositionPatient": [-871.92211845466, -1173.7982828859, -437.78170469907],
      "ImageType": [
        "ORIGINAL",
        "PRIMARY",
        "DIFFUSION",
        "NONE",
        "ND",
        "NORM",
        "MOSAIC"
],
      "ImagedNucleus": "1H",
      "ImagingFrequency": 123.25915,
      "InPlanePhaseEncodingDirection": "COL",
      "MRAcquisitionType": "2D",
      "MagneticFieldStrength": 3.0,
      "Manufacturer": "SIEMENS",
      "ManufacturerModelName": "Prisma",
      "Modality": "MR",
      "NumberOfAverages": 1.0,
      "NumberOfPhaseEncodingSteps": 122,
      "PercentPhaseFieldOfView": 100.0,
      "PercentSampling": 100.0,
      "PerformedProcedureStepStartTime": "090116.891000",
      "PhotometricInterpretation": "MONOCHROME2",
      "PixelBandwidth": 2050.0,
      "PixelRepresentation": 0,
      "PixelSpacing": [1.9672131538391, 1.9672131538391],
      "ProtocolName": "dwi_acq-DTI-30-p2",
      "RepetitionTime": 7700.0,
      "Rows": 1098,
      "SAR": 0.08601303996223,
      "SamplesPerPixel": 1,
      "ScanOptions": "FS",
      "ScanningSequence": "EP",
      "SequenceVariant": [
        "SK",
        "SP"
],
      "SeriesDescription": "dwi_acq-DTI-30-p2",
      "SeriesNumber": 9,
      "SeriesTime": "093347.677000",
      "SliceLocation": -64.020833547138,
      "SliceThickness": 2.0,
      "SmallestImagePixelValue": 0,
      "SoftwareVersions": "syngo MR E11",
      "SpacingBetweenSlices": 1.9999999730355,
      "SpecificCharacterSet": "ISO_IR 100",
      "StudyID": "1",
      "StudyTime": "090116.816000",
      "TransmitCoilName": "Body",
      "VariableFlipAngleFlag": "N",
      "WindowCenterWidthExplanation": "Algo1"
    },
    "slices": {}
  },
  "time": {
    "samples": {
      "AcquisitionNumber": [1, 2, 3, 4, 5, 6, 7, 8, 9, 10, 11, 12, 13, 14, 15, 16, 17, 18, 19, 20, 21, 22, 23, 24, 25, 26, 27, 28, 29, 30, 31],
      "AcquisitionTime": ["093101.187500", "093108.887500", "093116.587500", "093124.287500", "093131.987500", "093139.687500", "093147.387500", "093155.087500", "093202.787500", "093210.487500", "093218.187500", "093225.887500", "093233.587500", "093241.287500", "093248.987500", "093256.687500", "093304.387500", "093312.087500", "093319.787500", "093327.487500", "093335.187500", "093342.887500", "093350.587500", "093358.287500", "093405.987500", "093413.687500", "093421.387500", "093429.087500", "093436.787500", "093444.487500", "093452.187500"],
      "ContentTime": ["093347.681000", "093347.685000", "093347.694000", "093347.697000", "093347.700000", "093347.703000", "093347.706000", "093347.709000", "093347.712000", "093347.721000", "093347.724000", "093347.727000", "093347.730000", "093347.737000", "093347.740000", "093347.743000", "093347.745000", "093347.748000", "093347.751000", "093347.754000", "093347.757000", "093347.760000", "093456.555000", "093456.562000", "093456.565000", "093456.568000", "093456.572000", "093456.575000", "093456.578000", "093456.581000", "093456.585000"],
      "InstanceCreationTime": ["093347.681000", "093347.685000", "093347.694000", "093347.697000", "093347.700000", "093347.703000", "093347.706000", "093347.709000", "093347.712000", "093347.721000", "093347.724000", "093347.727000", "093347.730000", "093347.737000", "093347.740000", "093347.743000", "093347.745000", "093347.748000", "093347.751000", "093347.754000", "093347.757000", "093347.760000", "093456.555000", "093456.562000", "093456.565000", "093456.568000", "093456.572000", "093456.575000", "093456.578000", "093456.581000", "093456.585000"],
      "InstanceNumber": [1, 2, 3, 4, 5, 6, 7, 8, 9, 10, 11, 12, 13, 14, 15, 16, 17, 18, 19, 20, 21, 22, 23, 24, 25, 26, 27, 28, 29, 30, 31],
      "LargestImagePixelValue": [2557, 378, 362, 380, 361, 367, 384, 373, 383, 374, 361, 363, 368, 369, 364, 362, 368, 355, 357, 371, 380, 382, 365, 352, 358, 362, 368, 356, 359, 371, 359],
      "SequenceName": [
        "*ep_b0",
        "*ep_b1000#1",
        "*ep_b1000#2",
        "*ep_b1000#3",
        "*ep_b1000#4",
        "*ep_b1000#5",
        "*ep_b1000#6",
        "*ep_b1000#7",
        "*ep_b1000#8",
        "*ep_b1000#9",
        "*ep_b1000#10",
        "*ep_b1000#11",
        "*ep_b1000#12",
        "*ep_b1000#13",
        "*ep_b1000#14",
        "*ep_b1000#15",
        "*ep_b1000#16",
        "*ep_b1000#17",
        "*ep_b1000#18",
        "*ep_b1000#19",
        "*ep_b1000#20",
        "*ep_b1000#21",
        "*ep_b1000#22",
        "*ep_b1000#23",
        "*ep_b1000#24",
        "*ep_b1000#25",
        "*ep_b1000#26",
        "*ep_b1000#27",
        "*ep_b1000#28",
        "*ep_b1000#29",
        "*ep_b1000#30"
],
      "WindowCenter": [949.0, 241.0, 241.0, 242.0, 240.0, 238.0, 240.0, 240.0, 242.0, 241.0, 238.0, 237.0, 241.0, 240.0, 241.0, 240.0, 239.0, 238.0, 240.0, 242.0, 242.0, 241.0, 238.0, 238.0, 238.0, 239.0, 240.0, 239.0, 239.0, 241.0, 240.0],
      "WindowWidth": [2127.0, 541.0, 540.0, 542.0, 538.0, 535.0, 539.0, 540.0, 543.0, 541.0, 536.0, 534.0, 541.0, 539.0, 541.0, 540.0, 537.0, 534.0, 539.0, 542.0, 542.0, 541.0, 536.0, 534.0, 534.0, 537.0, 539.0, 537.0, 537.0, 541.0, 539.0]
    },
    "slices": {}
  }
}