{
  "AcquisitionMatrixPE": 122,
  "AcquisitionNumber": 1,
  "AcquisitionTime": "10:09:19.472500",
  "BandwidthPerPixelPhaseEncode": 27.785,
  "BaseResolution": 122,
  "BodyPartExamined": "BRAIN",
  "CoilCombinationMethod": "Adaptive Combine",
  "ConsistencyInfo": "N4_VE11E_LATEST_20181129",
  "ConversionSoftware": "dcm2niix",
  "ConversionSoftwareVersion": "v1.0.20220720",
  "DerivedVendorReportedEchoSpacing": 0.000590011,
  "DeviceSerialNumber": "66112",
  "DiffusionScheme": "Monopolar",
  "DwellTime": 2e-06,
  "EchoTime": 0.068,
  "EchoTrainLength": 61,
  "EffectiveEchoSpacing": 0.000295005,
  "FlipAngle": 90,
  "HeudiconvVersion": "0.13.1",
  "ImageOrientationPatientDICOM": [0.991953, -0.126526, 0.0044695, 0.119337, 0.946213, 0.300732],
  "ImageOrientationText": "Tra>Cor(17.3)>Sag(2.4)",
  "ImageType": [
    "ORIGINAL",
    "PRIMARY",
    "DIFFUSION",
    "NONE",
    "ND",
    "NORM",
    "MOSAIC"
],
  "ImagingFrequency": 123.259,
  "InPlanePhaseEncodingDirectionDICOM": "COL",
  "InstitutionAddress": "Maynard 3,Hanover,NH,US,03755",
  "InstitutionName": "Dartmouth College - PBS",
  "InstitutionalDepartmentName": "Department",
  "MRAcquisitionType": "2D",
  "MagneticFieldStrength": 3,
  "Manufacturer": "Siemens",
  "ManufacturersModelName": "Prisma",
  "Modality": "MR",
  "MultibandAccelerationFactor": 4,
  "NonlinearGradientCorrection": false,
  "ParallelReductionFactorInPlane": 2,
  "PartialFourier": 1,
  "PatientPosition": "HFS",
  "PercentPhaseFOV": 100,
  "PercentSampling": 100,
  "PhaseEncodingDirection": "j-",
  "PhaseEncodingSteps": 122,
  "PhaseResolution": 1,
  "PixelBandwidth": 2050,
  "ProcedureStepDescription": "dbic^QA",
  "ProtocolName": "dwi_acq-DTI-30-p2-s4",
  "PulseSequenceDetails": "%SiemensSeq%\\ep2d_diff",
  "ReceiveCoilActiveElements": "HEA;HEP",
  "ReceiveCoilName": "Head_32",
  "ReconMatrixPE": 122,
  "RefLinesPE": 38,
  "RepetitionTime": 3.6,
  "SAR": 0.152316,
  "ScanOptions": "FS",
  "ScanningSequence": "EP",
  "SequenceName": "*ep_b0",
  "SequenceVariant": "SK\\SP",
  "SeriesDescription": "dwi_acq-DTI-30-p2-s4",
  "SeriesNumber": 10,
  "ShimSetting": [4220, -7745, -7494, -27, -133, -19, 3, 75],
  "SliceThickness": 2,
  "SliceTiming": [2.585, 0, 1.79, 0.1975, 1.9875, 0.3975, 2.1875, 0.5975, 2.3875, 0.995, 2.785, 1.1925, 2.9825, 1.3925, 3.1825, 1.59, 3.38, 0.795, 2.585, 0, 1.79, 0.1975, 1.9875, 0.3975, 2.1875, 0.5975, 2.3875, 0.995, 2.785, 1.1925, 2.9825, 1.3925, 3.1825, 1.59, 3.38, 0.795, 2.585, 0, 1.79, 0.1975, 1.9875, 0.3975, 2.1875, 0.5975, 2.3875, 0.995, 2.785, 1.1925, 2.9825, 1.3925, 3.1825, 1.59, 3.38, 0.795, 2.585, 0, 1.79, 0.1975, 1.9875, 0.3975, 2.1875, 0.5975, 2.3875, 0.995, 2.785, 1.1925, 2.9825, 1.3925, 3.1825, 1.59, 3.38, 0.795],
  "SoftwareVersions": "syngo MR E11",
  "SpacingBetweenSlices": 2,
  "SpoilingState": true,
  "StationName": "AWP66112",
  "TotalReadoutTime": 0.0356956,
  "TxRefAmp": 226.784,
  "dcmmeta_affine": [
    [-1.951383352279663, 0.23476116359233856, 0.08455927670001984, 100.60851287841797],
    [0.24890410900115967, 1.8614023923873901, 0.5955581068992615, -149.62188720703125],
    [0.008792457170784473, -0.5916046500205994, 1.9073961973190308, -30.959043502807617],
    [0.0, 0.0, 0.0, 1.0]
],
  "dcmmeta_reorient_transform": [
    [0.0, -1.0, 0.0, 121.0],
    [1.0, 0.0, 0.0, 0.0],
    [0.0, 0.0, 1.0, 0.0],
    [0.0, 0.0, 0.0, 1.0]
],
  "dcmmeta_shape": [122, 122, 72, 31],
  "dcmmeta_slice_dim": 2,
  "dcmmeta_version": 0.6,
  "global": {
    "const": {
      "AccessionNumber": "qa",
      "AcquisitionMatrix": [122, 0, 0, 122],
      "AngioFlag": "N",
      "BitsAllocated": 16,
      "BitsStored": 12,
      "BodyPartExamined": "BRAIN",
      "Columns": 1098,
      "EchoNumbers": 1,
      "EchoTime": 68.0,
      "EchoTrainLength": 61,
      "FlipAngle": 90.0,
      "HighBit": 11,
      "ImageOrientationPatient": [0.99195318970081, -0.1265262542792, 0.00446949890736, 0.11933692525695, 0.94621284192491, 0.30073236614407],
      "ImagePositionPatient": [-1195.8531475759, -862.50693935046, -395.53700426394],
      "ImageType": [
        "ORIGINAL",
        "PRIMARY",
        "DIFFUSION",
        "NONE",
        "ND",
        "NORM",
        "MOSAIC"
],
      "ImagedNucleus": "1H",
      "ImagingFrequency": 123.259125,
      "InPlanePhaseEncodingDirection": "COL",
      "MRAcquisitionType": "2D",
      "MagneticFieldStrength": 3.0,
      "Manufacturer": "SIEMENS",
      "ManufacturerModelName": "Prisma",
      "Modality": "MR",
      "NumberOfAverages": 1.0,
      "NumberOfPhaseEncodingSteps": 122,
      "PercentPhaseFieldOfView": 100.0,
      "PercentSampling": 100.0,
      "PerformedProcedureStepStartTime": "093144.436000",
      "PhotometricInterpretation": "MONOCHROME2",
      "PixelBandwidth": 2050.0,
      "PixelRepresentation": 0,
      "PixelSpacing": [1.9672131538391, 1.9672131538391],
      "ProtocolName": "dwi_acq-DTI-30-p2-s4",
      "RepetitionTime": 3600.0,
      "Rows": 1098,
      "SAR": 0.15231619756778,
      "SamplesPerPixel": 1,
      "ScanOptions": "FS",
      "ScanningSequence": "EP",
      "SequenceVariant": [
        "SK",
        "SP"
],
      "SeriesDescription": "dwi_acq-DTI-30-p2-s4",
      "SeriesNumber": 10,
      "SeriesTime": "101040.612000",
      "SliceLocation": -69.826152570152,
      "SliceThickness": 2.0,
      "SmallestImagePixelValue": 0,
      "SoftwareVersions": "syngo MR E11",
      "SpacingBetweenSlices": 2.0000000344315,
      "SpecificCharacterSet": "ISO_IR 100",
      "StudyID": "20",
      "StudyTime": "093144.380000",
      "TransmitCoilName": "Body",
      "VariableFlipAngleFlag": "N",
      "WindowCenterWidthExplanation": "Algo1"
    },
    "slices": {}
  },
  "time": {
    "samples": {
      "AcquisitionNumber": [1, 2, 3, 4, 5, 6, 7, 8, 9, 10, 11, 12, 13, 14, 15, 16, 17, 18, 19, 20, 21, 22, 23, 24, 25, 26, 27, 28, 29, 30, 31],
      "AcquisitionTime": ["100919.472500", "100923.072500", "100926.672500", "100930.272500", "100933.872500", "100937.472500", "100941.072500", "100944.672500", "100948.272500", "100951.872500", "100955.472500", "100959.072500", "101002.672500", "101006.272500", "101009.872500", "101013.472500", "101017.072500", "101020.672500", "101024.272500", "101027.872500", "101031.472500", "101035.072500", "101038.672500", "101042.272500", "101045.872500", "101049.472500", "101053.072500", "101056.672500", "101100.272500", "101103.872500", "101107.472500"],
      "ContentTime": ["101040.616000", "101040.620000", "101040.622000", "101040.625000", "101040.628000", "101040.631000", "101040.634000", "101040.637000", "101040.640000", "101040.643000", "101040.646000", "101040.649000", "101040.652000", "101040.655000", "101040.658000", "101040.669000", "101040.672000", "101040.675000", "101040.679000", "101040.682000", "101040.686000", "101040.689000", "101109.499000", "101109.506000", "101109.512000", "101109.516000", "101109.526000", "101109.529000", "101109.533000", "101109.536000", "101109.540000"],
      "InstanceCreationTime": ["101040.616000", "101040.620000", "101040.622000", "101040.625000", "101040.628000", "101040.631000", "101040.634000", "101040.637000", "101040.640000", "101040.643000", "101040.646000", "101040.649000", "101040.652000", "101040.655000", "101040.658000", "101040.669000", "101040.672000", "101040.675000", "101040.679000", "101040.682000", "101040.686000", "101040.689000", "101109.499000", "101109.506000", "101109.512000", "101109.516000", "101109.526000", "101109.529000", "101109.533000", "101109.536000", "101109.540000"],
      "InstanceNumber": [1, 2, 3, 4, 5, 6, 7, 8, 9, 10, 11, 12, 13, 14, 15, 16, 17, 18, 19, 20, 21, 22, 23, 24, 25, 26, 27, 28, 29, 30, 31],
      "LargestImagePixelValue": [2030, 281, 294, 288, 285, 308, 288, 283, 284, 285, 297, 300, 296, 307, 288, 305, 282, 286, 296, 304, 282, 300, 285, 283, 277, 288, 285, 296, 293, 290, 295],
      "SequenceName": [
        "*ep_b0",
        "*ep_b1000#1",
        "*ep_b1000#2",
        "*ep_b1000#3",
        "*ep_b1000#4",
        "*ep_b1000#5",
        "*ep_b1000#6",
        "*ep_b1000#7",
        "*ep_b1000#8",
        "*ep_b1000#9",
        "*ep_b1000#10",
        "*ep_b1000#11",
        "*ep_b1000#12",
        "*ep_b1000#13",
        "*ep_b1000#14",
        "*ep_b1000#15",
        "*ep_b1000#16",
        "*ep_b1000#17",
        "*ep_b1000#18",
        "*ep_b1000#19",
        "*ep_b1000#20",
        "*ep_b1000#21",
        "*ep_b1000#22",
        "*ep_b1000#23",
        "*ep_b1000#24",
        "*ep_b1000#25",
        "*ep_b1000#26",
        "*ep_b1000#27",
        "*ep_b1000#28",
        "*ep_b1000#29",
        "*ep_b1000#30"
],
      "WindowCenter": [916.0, 226.0, 226.0, 226.0, 225.0, 224.0, 224.0, 224.0, 226.0, 225.0, 224.0, 224.0, 227.0, 226.0, 225.0, 226.0, 226.0, 224.0, 228.0, 229.0, 225.0, 225.0, 226.0, 225.0, 224.0, 225.0, 225.0, 226.0, 227.0, 225.0, 228.0],
      "WindowWidth": [2035.0, 512.0, 513.0, 513.0, 511.0, 509.0, 510.0, 510.0, 512.0, 511.0, 509.0, 508.0, 514.0, 513.0, 512.0, 513.0, 512.0, 508.0, 516.0, 518.0, 511.0, 512.0, 512.0, 510.0, 509.0, 511.0, 512.0, 513.0, 514.0, 511.0, 516.0]
    },
    "slices": {}
  }
}