{
  "AcquisitionMatrixPE": 122,
  "AcquisitionNumber": 1,
  "AcquisitionTime": "10:30:31.432500",
  "BandwidthPerPixelPhaseEncode": 27.785,
  "BaseResolution": 122,
  "BodyPartExamined": "BRAIN",
  "CoilCombinationMethod": "Adaptive Combine",
  "ConsistencyInfo": "N4_VE11E_LATEST_20181129",
  "ConversionSoftware": "dcm2niix",
  "ConversionSoftwareVersion": "v1.0.20220720",
  "DerivedVendorReportedEchoSpacing": 0.000590011,
  "DeviceSerialNumber": "66112",
  "DiffusionScheme": "Monopolar",
  "DwellTime": 2e-06,
  "EchoTime": 0.068,
  "EchoTrainLength": 61,
  "EffectiveEchoSpacing": 0.000295005,
  "FlipAngle": 90,
  "HeudiconvVersion": "0.13.1",
  "ImageOrientationPatientDICOM": [0.988292, 0.152304, 0.00906125, -0.148054, 0.942975, 0.298124],
  "ImageOrientationText": "Tra>Cor(17.2)>Sag(-2.1)",
  "ImageType": [
    "ORIGINAL",
    "PRIMARY",
    "DIFFUSION",
    "NONE",
    "ND",
    "NORM",
    "MOSAIC"
],
  "ImagingFrequency": 123.259,
  "InPlanePhaseEncodingDirectionDICOM": "COL",
  "InstitutionAddress": "Maynard 3,Hanover,NH,US,03755",
  "InstitutionName": "Dartmouth College - PBS",
  "InstitutionalDepartmentName": "Department",
  "MRAcquisitionType": "2D",
  "MagneticFieldStrength": 3,
  "Manufacturer": "Siemens",
  "ManufacturersModelName": "Prisma",
  "Modality": "MR",
  "MultibandAccelerationFactor": 4,
  "NonlinearGradientCorrection": false,
  "ParallelReductionFactorInPlane": 2,
  "PartialFourier": 1,
  "PatientPosition": "HFS",
  "PercentPhaseFOV": 100,
  "PercentSampling": 100,
  "PhaseEncodingDirection": "j-",
  "PhaseEncodingSteps": 122,
  "PhaseResolution": 1,
  "PixelBandwidth": 2050,
  "ProcedureStepDescription": "dbic^QA",
  "ProtocolName": "dwi_acq-DTI-30-p2-s4",
  "PulseSequenceDetails": "%SiemensSeq%\\ep2d_diff",
  "ReceiveCoilActiveElements": "HEA;HEP",
  "ReceiveCoilName": "Head_32",
  "ReconMatrixPE": 122,
  "RefLinesPE": 38,
  "RepetitionTime": 3.6,
  "SAR": 0.129188,
  "ScanOptions": "FS",
  "ScanningSequence": "EP",
  "SequenceName": "*ep_b0",
  "SequenceVariant": "SK\\SP",
  "SeriesDescription": "dwi_acq-DTI-30-p2-s4",
  "SeriesNumber": 13,
  "ShimSetting": [4220, -7732, -7488, -16, -131, -45, 17, 84],
  "SliceThickness": 2,
  "SliceTiming": [2.585, 0, 1.79, 0.1975, 1.9875, 0.3975, 2.1875, 0.595, 2.385, 0.9925, 2.7825, 1.1925, 2.9825, 1.39, 3.18, 1.59, 3.38, 0.795, 2.585, 0, 1.79, 0.1975, 1.9875, 0.3975, 2.1875, 0.595, 2.385, 0.9925, 2.7825, 1.1925, 2.9825, 1.39, 3.18, 1.59, 3.38, 0.795, 2.585, 0, 1.79, 0.1975, 1.9875, 0.3975, 2.1875, 0.595, 2.385, 0.9925, 2.7825, 1.1925, 2.9825, 1.39, 3.18, 1.59, 3.38, 0.795, 2.585, 0, 1.79, 0.1975, 1.9875, 0.3975, 2.1875, 0.595, 2.385, 0.9925, 2.7825, 1.1925, 2.9825, 1.39, 3.18, 1.59, 3.38, 0.795],
  "SoftwareVersions": "syngo MR E11",
  "SpacingBetweenSlices": 2,
  "SpoilingState": true,
  "StationName": "AWP66112",
  "TotalReadoutTime": 0.0356956,
  "TxRefAmp": 229.871,
  "dcmmeta_affine": [
    [-1.944181203842163, -0.2912536561489105, -0.0737219974398613, 143.37229919433594],
    [-0.2996149957180023, 1.855033278465271, 0.5919498801231384, -118.62300872802734],
    [0.017825406044721603, -0.5864730477333069, 1.908968448638916, -31.138866424560547],
    [0.0, 0.0, 0.0, 1.0]
],
  "dcmmeta_reorient_transform": [
    [0.0, -1.0, 0.0, 121.0],
    [1.0, 0.0, 0.0, 0.0],
    [0.0, 0.0, 1.0, 0.0],
    [0.0, 0.0, 0.0, 1.0]
],
  "dcmmeta_shape": [122, 122, 72, 31],
  "dcmmeta_slice_dim": 2,
  "dcmmeta_version": 0.6,
  "global": {
    "const": {
      "AccessionNumber": "qa",
      "AcquisitionMatrix": [122, 0, 0, 122],
      "AngioFlag": "N",
      "BitsAllocated": 16,
      "BitsStored": 12,
      "BodyPartExamined": "BRAIN",
      "Columns": 1098,
      "EchoNumbers": 1,
      "EchoTime": 68.0,
      "EchoTrainLength": 61,
      "FlipAngle": 90.0,
      "HighBit": 11,
      "ImageOrientationPatient": [0.98829211239332, 0.15230428219282, 0.00906124753416, -0.1480539342313, 0.94297520671407, 0.29812378650688],
      "ImagePositionPatient": [-914.75927623954, -1157.3043411566, -396.99974203744],
      "ImageType": [
        "ORIGINAL",
        "PRIMARY",
        "DIFFUSION",
        "NONE",
        "ND",
        "NORM",
        "MOSAIC"
],
      "ImagedNucleus": "1H",
      "ImagingFrequency": 123.259276,
      "InPlanePhaseEncodingDirection": "COL",
      "MRAcquisitionType": "2D",
      "MagneticFieldStrength": 3.0,
      "Manufacturer": "SIEMENS",
      "ManufacturerModelName": "Prisma",
      "Modality": "MR",
      "NumberOfAverages": 1.0,
      "NumberOfPhaseEncodingSteps": 122,
      "PercentPhaseFieldOfView": 100.0,
      "PercentSampling": 100.0,
      "PerformedProcedureStepStartTime": "095435.242000",
      "PhotometricInterpretation": "MONOCHROME2",
      "PixelBandwidth": 2050.0,
      "PixelRepresentation": 0,
      "PixelSpacing": [1.9672131538391, 1.9672131538391],
      "ProtocolName": "dwi_acq-DTI-30-p2-s4",
      "RepetitionTime": 3600.0,
      "Rows": 1098,
      "SAR": 0.12918770805149,
      "SamplesPerPixel": 1,
      "ScanOptions": "FS",
      "ScanningSequence": "EP",
      "SequenceVariant": [
        "SK",
        "SP"
],
      "SeriesDescription": "dwi_acq-DTI-30-p2-s4",
      "SeriesNumber": 13,
      "SeriesTime": "103128.955000",
      "SliceLocation": -70.11584043869,
      "SliceThickness": 2.0,
      "SmallestImagePixelValue": 0,
      "SoftwareVersions": "syngo MR E11",
      "SpacingBetweenSlices": 2.0000000176784,
      "SpecificCharacterSet": "ISO_IR 100",
      "StudyID": "25",
      "StudyTime": "095435.152000",
      "TransmitCoilName": "Body",
      "VariableFlipAngleFlag": "N",
      "WindowCenterWidthExplanation": "Algo1"
    },
    "slices": {}
  },
  "time": {
    "samples": {
      "AcquisitionNumber": [1, 2, 3, 4, 5, 6, 7, 8, 9, 10, 11, 12, 13, 14, 15, 16, 17, 18, 19, 20, 21, 22, 23, 24, 25, 26, 27, 28, 29, 30, 31],
      "AcquisitionTime": ["103031.432500", "103035.032500", "103038.632500", "103042.232500", "103045.832500", "103049.432500", "103053.032500", "103056.632500", "103100.232500", "103103.832500", "103107.432500", "103111.032500", "103114.632500", "103118.232500", "103121.832500", "103125.432500", "103129.032500", "103132.632500", "103136.232500", "103139.832500", "103143.432500", "103147.032500", "103150.632500", "103154.232500", "103157.832500", "103201.432500", "103205.032500", "103208.632500", "103212.232500", "103215.832500", "103219.432500"],
      "ContentTime": ["103128.959000", "103128.962000", "103128.965000", "103128.968000", "103128.971000", "103128.974000", "103128.977000", "103128.980000", "103128.982000", "103128.985000", "103128.988000", "103128.991000", "103129.002000", "103129.005000", "103129.008000", "103129.011000", "103221.835000", "103221.838000", "103221.844000", "103221.847000", "103221.850000", "103221.853000", "103221.856000", "103221.859000", "103221.863000", "103221.866000", "103221.869000", "103221.873000", "103221.876000", "103221.879000", "103221.883000"],
      "InstanceCreationTime": ["103128.959000", "103128.962000", "103128.965000", "103128.968000", "103128.971000", "103128.974000", "103128.977000", "103128.980000", "103128.982000", "103128.985000", "103128.988000", "103128.991000", "103129.002000", "103129.005000", "103129.008000", "103129.011000", "103221.835000", "103221.838000", "103221.844000", "103221.847000", "103221.850000", "103221.853000", "103221.856000", "103221.859000", "103221.863000", "103221.866000", "103221.869000", "103221.873000", "103221.876000", "103221.879000", "103221.883000"],
      "InstanceNumber": [1, 2, 3, 4, 5, 6, 7, 8, 9, 10, 11, 12, 13, 14, 15, 16, 17, 18, 19, 20, 21, 22, 23, 24, 25, 26, 27, 28, 29, 30, 31],
      "LargestImagePixelValue": [2525, 325, 337, 341, 355, 321, 322, 321, 329, 326, 329, 334, 359, 359, 341, 339, 331, 310, 335, 353, 346, 324, 331, 307, 309, 331, 347, 324, 320, 346, 346],
      "SequenceName": [
        "*ep_b0",
        "*ep_b1000#1",
        "*ep_b1000#2",
        "*ep_b1000#3",
        "*ep_b1000#4",
        "*ep_b1000#5",
        "*ep_b1000#6",
        "*ep_b1000#7",
        "*ep_b1000#8",
        "*ep_b1000#9",
        "*ep_b1000#10",
        "*ep_b1000#11",
        "*ep_b1000#12",
        "*ep_b1000#13",
        "*ep_b1000#14",
        "*ep_b1000#15",
        "*ep_b1000#16",
        "*ep_b1000#17",
        "*ep_b1000#18",
        "*ep_b1000#19",
        "*ep_b1000#20",
        "*ep_b1000#21",
        "*ep_b1000#22",
        "*ep_b1000#23",
        "*ep_b1000#24",
        "*ep_b1000#25",
        "*ep_b1000#26",
        "*ep_b1000#27",
        "*ep_b1000#28",
        "*ep_b1000#29",
        "*ep_b1000#30"
],
      "WindowCenter": [935.0, 225.0, 225.0, 226.0, 223.0, 222.0, 222.0, 222.0, 225.0, 223.0, 222.0, 221.0, 227.0, 225.0, 224.0, 224.0, 225.0, 222.0, 226.0, 228.0, 225.0, 224.0, 224.0, 222.0, 222.0, 223.0, 224.0, 223.0, 223.0, 227.0, 224.0],
      "WindowWidth": [2093.0, 510.0, 511.0, 512.0, 507.0, 505.0, 505.0, 506.0, 511.0, 508.0, 504.0, 503.0, 514.0, 510.0, 509.0, 508.0, 511.0, 505.0, 513.0, 516.0, 511.0, 510.0, 508.0, 505.0, 505.0, 507.0, 509.0, 507.0, 507.0, 514.0, 509.0]
    },
    "slices": {}
  }
}