{
  "AcquisitionMatrixPE": 122,
  "AcquisitionNumber": 1,
  "AcquisitionTime": "10:16:24.440000",
  "BandwidthPerPixelPhaseEncode": 27.785,
  "BaseResolution": 122,
  "BodyPartExamined": "BRAIN",
  "CoilCombinationMethod": "Adaptive Combine",
  "ConsistencyInfo": "N4_VE11E_LATEST_20181129",
  "ConversionSoftware": "dcm2niix",
  "ConversionSoftwareVersion": "v1.0.20220720",
  "DerivedVendorReportedEchoSpacing": 0.000590011,
  "DeviceSerialNumber": "66112",
  "DiffusionScheme": "Monopolar",
  "DwellTime": 2e-06,
  "EchoTime": 0.068,
  "EchoTrainLength": 61,
  "EffectiveEchoSpacing": 0.000295005,
  "FlipAngle": 90,
  "HeudiconvVersion": "0.13.1",
  "ImageOrientationPatientDICOM": [0.98699, 0.160612, 0.00733904, -0.155441, 0.941561, 0.298834],
  "ImageOrientationText": "Tra>Cor(17.2)>Sag(-2.4)",
  "ImageType": [
    "ORIGINAL",
    "PRIMARY",
    "DIFFUSION",
    "NONE",
    "ND",
    "NORM",
    "MOSAIC"
],
  "ImagingFrequency": 123.261,
  "InPlanePhaseEncodingDirectionDICOM": "COL",
  "InstitutionAddress": "Maynard 3,Hanover,NH,US,03755",
  "InstitutionName": "Dartmouth College - PBS",
  "InstitutionalDepartmentName": "Department",
  "MRAcquisitionType": "2D",
  "MagneticFieldStrength": 3,
  "Manufacturer": "Siemens",
  "ManufacturersModelName": "Prisma",
  "Modality": "MR",
  "MultibandAccelerationFactor": 4,
  "NonlinearGradientCorrection": false,
  "ParallelReductionFactorInPlane": 2,
  "PartialFourier": 1,
  "PatientPosition": "HFS",
  "PercentPhaseFOV": 100,
  "PercentSampling": 100,
  "PhaseEncodingDirection": "j-",
  "PhaseEncodingSteps": 122,
  "PhaseResolution": 1,
  "PixelBandwidth": 2050,
  "ProcedureStepDescription": "dbic^QA",
  "ProtocolName": "dwi_acq-DTI-30-p2-s4",
  "PulseSequenceDetails": "%SiemensSeq%\\ep2d_diff",
  "ReceiveCoilActiveElements": "HEA;HEP",
  "ReceiveCoilName": "Head_32",
  "ReconMatrixPE": 122,
  "RefLinesPE": 38,
  "RepetitionTime": 3.6,
  "SAR": 0.130816,
  "ScanOptions": "FS",
  "ScanningSequence": "EP",
  "SequenceName": "*ep_b0",
  "SequenceVariant": "SK\\SP",
  "SeriesDescription": "dwi_acq-DTI-30-p2-s4",
  "SeriesNumber": 10,
  "ShimSetting": [4246, -7748, -7494, -35, -174, -92, 36, 85],
  "SliceThickness": 2,
  "SliceTiming": [2.585, 0, 1.79, 0.1975, 1.9875, 0.3975, 2.1875, 0.595, 2.385, 0.995, 2.7825, 1.1925, 2.9825, 1.3925, 3.1825, 1.59, 3.38, 0.795, 2.585, 0, 1.79, 0.1975, 1.9875, 0.3975, 2.1875, 0.595, 2.385, 0.995, 2.7825, 1.1925, 2.9825, 1.3925, 3.1825, 1.59, 3.38, 0.795, 2.585, 0, 1.79, 0.1975, 1.9875, 0.3975, 2.1875, 0.595, 2.385, 0.995, 2.7825, 1.1925, 2.9825, 1.3925, 3.1825, 1.59, 3.38, 0.795, 2.585, 0, 1.79, 0.1975, 1.9875, 0.3975, 2.1875, 0.595, 2.385, 0.995, 2.7825, 1.1925, 2.9825, 1.3925, 3.1825, 1.59, 3.38, 0.795],
  "SoftwareVersions": "syngo MR E11",
  "SpacingBetweenSlices": 2,
  "SpoilingState": true,
  "StationName": "AWP66112",
  "TotalReadoutTime": 0.0356956,
  "TxRefAmp": 220.071,
  "dcmmeta_affine": [
    [-1.9416204690933228, -0.30578580498695374, -0.08217225223779678, 143.4912567138672],
    [-0.315957635641098, 1.8522502183914185, 0.5921742916107178, -120.23469543457031],
    [0.014437463134527206, -0.5878703594207764, 1.9085537195205688, -37.81502151489258],
    [0.0, 0.0, 0.0, 1.0]
],
  "dcmmeta_reorient_transform": [
    [0.0, -1.0, 0.0, 121.0],
    [1.0, 0.0, 0.0, 0.0],
    [0.0, 0.0, 1.0, 0.0],
    [0.0, 0.0, 0.0, 1.0]
],
  "dcmmeta_shape": [122, 122, 72, 31],
  "dcmmeta_slice_dim": 2,
  "dcmmeta_version": 0.6,
  "global": {
    "const": {
      "AccessionNumber": "qa",
      "AcquisitionMatrix": [122, 0, 0, 122],
      "AngioFlag": "N",
      "BitsAllocated": 16,
      "BitsStored": 12,
      "BodyPartExamined": "BRAIN",
      "Columns": 1098,
      "EchoNumbers": 1,
      "EchoTime": 68.0,
      "EchoTrainLength": 61,
      "FlipAngle": 90.0,
      "HighBit": 11,
      "ImageOrientationPatient": [0.98699036872886, 0.16061180054107, 0.00733904376855, -0.1554411214019, 0.94156053773511, 0.29883408700697],
      "ImagePositionPatient": [-904.77846094144, -1161.973056337, -402.87354603486],
      "ImageType": [
        "ORIGINAL",
        "PRIMARY",
        "DIFFUSION",
        "NONE",
        "ND",
        "NORM",
        "MOSAIC"
],
      "ImagedNucleus": "1H",
      "ImagingFrequency": 123.261245,
      "InPlanePhaseEncodingDirection": "COL",
      "MRAcquisitionType": "2D",
      "MagneticFieldStrength": 3.0,
      "Manufacturer": "SIEMENS",
      "ManufacturerModelName": "Prisma",
      "Modality": "MR",
      "NumberOfAverages": 1.0,
      "NumberOfPhaseEncodingSteps": 122,
      "PercentPhaseFieldOfView": 100.0,
      "PercentSampling": 100.0,
      "PerformedProcedureStepStartTime": "094214.195000",
      "PhotometricInterpretation": "MONOCHROME2",
      "PixelBandwidth": 2050.0,
      "PixelRepresentation": 0,
      "PixelSpacing": [1.9672131538391, 1.9672131538391],
      "ProtocolName": "dwi_acq-DTI-30-p2-s4",
      "RepetitionTime": 3600.0,
      "Rows": 1098,
      "SAR": 0.13081611802522,
      "SamplesPerPixel": 1,
      "ScanOptions": "FS",
      "ScanningSequence": "EP",
      "SequenceVariant": [
        "SK",
        "SP"
],
      "SeriesDescription": "dwi_acq-DTI-30-p2-s4",
      "SeriesNumber": 10,
      "SeriesTime": "101723.745000",
      "SliceLocation": -77.581448984623,
      "SliceThickness": 2.0,
      "SmallestImagePixelValue": 0,
      "SoftwareVersions": "syngo MR E11",
      "SpacingBetweenSlices": 2.0000000252463,
      "SpecificCharacterSet": "ISO_IR 100",
      "StudyID": "46",
      "StudyTime": "094214.109000",
      "TransmitCoilName": "Body",
      "VariableFlipAngleFlag": "N",
      "WindowCenterWidthExplanation": "Algo1"
    },
    "slices": {}
  },
  "time": {
    "samples": {
      "AcquisitionNumber": [1, 2, 3, 4, 5, 6, 7, 8, 9, 10, 11, 12, 13, 14, 15, 16, 17, 18, 19, 20, 21, 22, 23, 24, 25, 26, 27, 28, 29, 30, 31],
      "AcquisitionTime": ["101624.440000", "101628.040000", "101631.640000", "101635.240000", "101638.840000", "101642.440000", "101646.040000", "101649.640000", "101653.240000", "101656.840000", "101700.440000", "101704.040000", "101707.640000", "101711.240000", "101714.840000", "101718.440000", "101722.040000", "101725.640000", "101729.240000", "101732.840000", "101736.440000", "101740.040000", "101743.640000", "101747.240000", "101750.840000", "101754.440000", "101758.040000", "101801.640000", "101805.240000", "101808.840000", "101812.440000"],
      "ContentTime": ["101723.749000", "101723.752000", "101723.755000", "101723.758000", "101723.761000", "101723.764000", "101723.767000", "101723.770000", "101723.773000", "101723.777000", "101723.780000", "101723.783000", "101723.786000", "101723.789000", "101723.801000", "101723.804000", "101814.449000", "101814.452000", "101814.455000", "101814.463000", "101814.469000", "101814.473000", "101814.477000", "101814.481000", "101814.484000", "101814.488000", "101814.495000", "101814.503000", "101814.507000", "101814.510000", "101814.514000"],
      "InstanceCreationTime": ["101723.749000", "101723.752000", "101723.755000", "101723.758000", "101723.761000", "101723.764000", "101723.767000", "101723.770000", "101723.773000", "101723.777000", "101723.780000", "101723.783000", "101723.786000", "101723.789000", "101723.801000", "101723.804000", "101814.449000", "101814.452000", "101814.455000", "101814.463000", "101814.469000", "101814.473000", "101814.477000", "101814.481000", "101814.484000", "101814.488000", "101814.495000", "101814.503000", "101814.507000", "101814.510000", "101814.514000"],
      "InstanceNumber": [1, 2, 3, 4, 5, 6, 7, 8, 9, 10, 11, 12, 13, 14, 15, 16, 17, 18, 19, 20, 21, 22, 23, 24, 25, 26, 27, 28, 29, 30, 31],
      "LargestImagePixelValue": [2190, 337, 339, 339, 338, 336, 344, 337, 348, 341, 343, 351, 351, 379, 356, 342, 341, 337, 348, 353, 339, 345, 353, 352, 334, 338, 345, 354, 360, 376, 355],
      "SequenceName": [
        "*ep_b0",
        "*ep_b1000#1",
        "*ep_b1000#2",
        "*ep_b1000#3",
        "*ep_b1000#4",
        "*ep_b1000#5",
        "*ep_b1000#6",
        "*ep_b1000#7",
        "*ep_b1000#8",
        "*ep_b1000#9",
        "*ep_b1000#10",
        "*ep_b1000#11",
        "*ep_b1000#12",
        "*ep_b1000#13",
        "*ep_b1000#14",
        "*ep_b1000#15",
        "*ep_b1000#16",
        "*ep_b1000#17",
        "*ep_b1000#18",
        "*ep_b1000#19",
        "*ep_b1000#20",
        "*ep_b1000#21",
        "*ep_b1000#22",
        "*ep_b1000#23",
        "*ep_b1000#24",
        "*ep_b1000#25",
        "*ep_b1000#26",
        "*ep_b1000#27",
        "*ep_b1000#28",
        "*ep_b1000#29",
        "*ep_b1000#30"
],
      "WindowCenter": [945.0, 255.0, 255.0, 255.0, 254.0, 253.0, 255.0, 255.0, 255.0, 255.0, 253.0, 253.0, 257.0, 256.0, 256.0, 254.0, 255.0, 253.0, 257.0, 257.0, 255.0, 255.0, 254.0, 253.0, 253.0, 254.0, 255.0, 254.0, 255.0, 258.0, 256.0],
      "WindowWidth": [2126.0, 569.0, 569.0, 570.0, 568.0, 566.0, 569.0, 568.0, 570.0, 569.0, 565.0, 565.0, 573.0, 570.0, 570.0, 568.0, 569.0, 565.0, 572.0, 573.0, 569.0, 569.0, 568.0, 565.0, 565.0, 567.0, 568.0, 566.0, 569.0, 575.0, 571.0]
    },
    "slices": {}
  }
}