{
  "AcquisitionMatrixPE": 80,
  "AcquisitionNumber": 1,
  "AcquisitionTime": "10:13:24.175000",
  "BandwidthPerPixelPhaseEncode": 44.643,
  "BaseResolution": 80,
  "BodyPartExamined": "BRAIN",
  "CoilCombinationMethod": "Sum of Squares",
  "ConsistencyInfo": "N4_VE11C_LATEST_20160120",
  "ConversionSoftware": "dcm2niix",
  "ConversionSoftwareVersion": "v1.0.20220720",
  "DerivedVendorReportedEchoSpacing": 0.000559998,
  "DeviceSerialNumber": "66112",
  "DwellTime": 2.7e-06,
  "EchoTime": 0.035,
  "EchoTrainLength": 39,
  "EffectiveEchoSpacing": 0.000279999,
  "FlipAngle": 90,
  "HeudiconvVersion": "0.13.1",
  "ImageOrientationPatientDICOM": [0.989134, -0.146961, 0.00411219, 0.13831, 0.939661, 0.312902],
  "ImageOrientationText": "Tra>Cor(18.0)>Sag(2.9)",
  "ImageType": [
    "ORIGINAL",
    "PRIMARY",
    "M",
    "ND",
    "NORM",
    "MOSAIC"
],
  "ImagingFrequency": 123.252,
  "InPlanePhaseEncodingDirectionDICOM": "COL",
  "InstitutionAddress": "Maynard 3,Hanover,NH,US,03755",
  "InstitutionName": "Dartmouth College - PBS",
  "InstitutionalDepartmentName": "Department",
  "MRAcquisitionType": "2D",
  "MagneticFieldStrength": 3,
  "Manufacturer": "Siemens",
  "ManufacturersModelName": "Prisma",
  "Modality": "MR",
  "MultibandAccelerationFactor": 4,
  "NonlinearGradientCorrection": false,
  "ParallelReductionFactorInPlane": 2,
  "PartialFourier": 1,
  "PatientPosition": "HFS",
  "PercentPhaseFOV": 100,
  "PercentSampling": 100,
  "PhaseEncodingDirection": "j-",
  "PhaseEncodingSteps": 79,
  "PhaseResolution": 1,
  "PixelBandwidth": 2315,
  "ProcedureStepDescription": "dbic^QA",
  "ProtocolName": "func-bold_task-rest_acq-p2-s4-3.5mm",
  "PulseSequenceDetails": "%SiemensSeq%\\ep2d_bold",
  "ReceiveCoilActiveElements": "HEA;HEP",
  "ReceiveCoilName": "Head_32",
  "ReconMatrixPE": 80,
  "RefLinesPE": 24,
  "RepetitionTime": 2,
  "SAR": 0.0247108,
  "ScanOptions": "FS",
  "ScanningSequence": "EP",
  "SequenceName": "*epfid2d1_80",
  "SequenceVariant": "SK",
  "SeriesDescription": "func-bold_task-rest_acq-p2-s4-3.5mm",
  "SeriesNumber": 7,
  "ShimSetting": [4143, -7693, -7494, 337, -84, -144, -65, 88],
  "SliceThickness": 3.5,
  "SliceTiming": [1.485, 0, 0.99, 0.2475, 1.2375, 0.7425, 1.7325, 0.495, 1.485, 0, 0.99, 0.2475, 1.2375, 0.7425, 1.7325, 0.495, 1.485, 0, 0.99, 0.2475, 1.2375, 0.7425, 1.7325, 0.495, 1.485, 0, 0.99, 0.2475, 1.2375, 0.7425, 1.7325, 0.495],
  "SoftwareVersions": "syngo MR E11",
  "SpacingBetweenSlices": 3.99,
  "StationName": "AWP66112",
  "TaskName": "rest",
  "TotalReadoutTime": 0.0221199,
  "TxRefAmp": 231.349,
  "dcmmeta_affine": [
    [-2.9674012660980225, 0.41492876410484314, 0.19889500737190247, 96.703369140625],
    [0.4408825635910034, 2.818983316421509, 1.2326422929763794, -142.17745971679688],
    [0.012336577288806438, -0.9387052059173584, 3.7896087169647217, -21.312519073486328],
    [0.0, 0.0, 0.0, 1.0]
],
  "dcmmeta_reorient_transform": [
    [0.0, -1.0, 0.0, 79.0],
    [1.0, 0.0, 0.0, 0.0],
    [0.0, 0.0, 1.0, 0.0],
    [0.0, 0.0, 0.0, 1.0]
],
  "dcmmeta_shape": [80, 80, 32, 200],
  "dcmmeta_slice_dim": 2,
  "dcmmeta_version": 0.6,
  "global": {
    "const": {
      "AccessionNumber": "qa",
      "AcquisitionMatrix": [80, 0, 0, 80],
      "AngioFlag": "N",
      "BitsAllocated": 16,
      "BitsStored": 12,
      "BodyPartExamined": "BRAIN",
      "Columns": 480,
      "EchoNumbers": 1,
      "EchoTime": 35.0,
      "EchoTrainLength": 39,
      "FlipAngle": 90.0,
      "HighBit": 11,
      "ImageOrientationPatient": [0.98913376119578, -0.1469608530744, 0.00411219240206, 0.13830958831447, 0.93966109022325, 0.31290173106063],
      "ImagePositionPatient": [-805.9487548946, -556.14235743086, -285.67858324274],
      "ImageType": [
        "ORIGINAL",
        "PRIMARY",
        "M",
        "ND",
        "NORM",
        "MOSAIC"
],
      "ImagedNucleus": "1H",
      "ImagingFrequency": 123.252456,
      "InPlanePhaseEncodingDirection": "COL",
      "MRAcquisitionType": "2D",
      "MagneticFieldStrength": 3.0,
      "Manufacturer": "SIEMENS",
      "ManufacturerModelName": "Prisma",
      "Modality": "MR",
      "NumberOfAverages": 1.0,
      "NumberOfPhaseEncodingSteps": 79,
      "PercentPhaseFieldOfView": 100.0,
      "PercentSampling": 100.0,
      "PerformedProcedureStepStartTime": "094800.514000",
      "PhotometricInterpretation": "MONOCHROME2",
      "PixelBandwidth": 2315.0,
      "PixelRepresentation": 0,
      "PixelSpacing": [3.0, 3.0],
      "ProtocolName": "func-bold_task-rest_acq-p2-s4-3.5mm",
      "RepetitionTime": 2000.0,
      "Rows": 480,
      "SAR": 0.02471078183592,
      "SamplesPerPixel": 1,
      "ScanOptions": "FS",
      "ScanningSequence": "EP",
      "SequenceName": "*epfid2d1_80",
      "SequenceVariant": "SK",
      "SeriesDescription": "func-bold_task-rest_acq-p2-s4-3.5mm",
      "SeriesNumber": 7,
      "SeriesTime": "101421.604000",
      "SliceLocation": -59.344923592691,
      "SliceThickness": 3.5,
      "SmallestImagePixelValue": 0,
      "SoftwareVersions": "syngo MR E11",
      "SpacingBetweenSlices": 3.9900000814091,
      "SpecificCharacterSet": "ISO_IR 100",
      "StudyID": "29",
      "StudyTime": "094800.424000",
      "TransmitCoilName": "Body",
      "VariableFlipAngleFlag": "N",
      "WindowCenter": 897.0,
      "WindowCenterWidthExplanation": "Algo1",
      "dBdt": 0.0},
