{
  "AcquisitionMatrixPE": 122,
  "AcquisitionNumber": 1,
  "AcquisitionTime": "10:34:15.182500",
  "BandwidthPerPixelPhaseEncode": 28.76,
  "BaseResolution": 122,
  "BodyPartExamined": "BRAIN",
  "CoilCombinationMethod": "Adaptive Combine",
  "ConsistencyInfo": "N4_VE11E_LATEST_20181129",
  "ConversionSoftware": "dcm2niix",
  "ConversionSoftwareVersion": "v1.0.20220720",
  "DerivedVendorReportedEchoSpacing": 0.000570008,
  "DeviceSerialNumber": "66112",
  "DiffusionScheme": "Monopolar",
  "DwellTime": 2e-06,
  "EchoTime": 0.075,
  "EchoTrainLength": 61,
  "EffectiveEchoSpacing": 0.000285004,
  "FlipAngle": 90,
  "HeudiconvVersion": "0.13.1",
  "ImageOrientationPatientDICOM": [0.999966, 0.00763801, 0.00305408, -0.00820295, 0.953653, 0.300797],
  "ImageOrientationText": "Tra>Cor(17.5)>Sag(0.0)",
  "ImageType": [
    "ORIGINAL",
    "PRIMARY",
    "DIFFUSION",
    "NONE",
    "ND",
    "NORM",
    "MOSAIC"
],
  "ImagingFrequency": 123.261,
  "InPlanePhaseEncodingDirectionDICOM": "COL",
  "InstitutionAddress": "Maynard 3,Hanover,NH,US,03755",
  "InstitutionName": "Dartmouth College - PBS",
  "InstitutionalDepartmentName": "Department",
  "MRAcquisitionType": "2D",
  "MagneticFieldStrength": 3,
  "Manufacturer": "Siemens",
  "ManufacturersModelName": "Prisma",
  "MatrixCoilMode": "GRAPPA",
  "Modality": "MR",
  "NonlinearGradientCorrection": false,
  "ParallelReductionFactorInPlane": 2,
  "PartialFourier": 1,
  "PatientPosition": "HFS",
  "PercentPhaseFOV": 100,
  "PercentSampling": 100,
  "PhaseEncodingDirection": "j-",
  "PhaseEncodingSteps": 122,
  "PhaseResolution": 1,
  "PixelBandwidth": 2050,
  "ProcedureStepDescription": "dbic^QA",
  "ProtocolName": "dwi_acq-DTI-30-p2",
  "PulseSequenceDetails": "%SiemensSeq%\\ep2d_diff",
  "ReceiveCoilActiveElements": "HEA;HEP",
  "ReceiveCoilName": "Head_32",
  "ReconMatrixPE": 122,
  "RefLinesPE": 38,
  "RepetitionTime": 7.7,
  "SAR": 0.0857716,
  "ScanOptions": "FS",
  "ScanningSequence": "EP",
  "SequenceName": "*ep_b0",
  "SequenceVariant": "SK\\SP",
  "SeriesDescription": "dwi_acq-DTI-30-p2",
  "SeriesNumber": 9,
  "ShimSetting": [4247, -7744, -7485, -66, -171, -45, -27, 89],
  "SliceThickness": 2,
  "SliceTiming": [3.84, 0, 3.95, 0.11, 4.06, 0.22, 4.17, 0.33, 4.28, 0.44, 4.39, 0.55, 4.5, 0.66, 4.61, 0.77, 4.7175, 0.88, 4.8275, 0.9875, 4.9375, 1.0975, 5.0475, 1.2075, 5.1575, 1.3175, 5.2675, 1.4275, 5.3775, 1.5375, 5.4875, 1.6475, 5.5975, 1.7575, 5.705, 1.865, 5.815, 1.975, 5.925, 2.085, 6.035, 2.195, 6.145, 2.305, 6.255, 2.415, 6.365, 2.525, 6.475, 2.635, 6.585, 2.745, 6.6925, 2.8525, 6.8025, 2.9625, 6.9125, 3.0725, 7.0225, 3.1825, 7.1325, 3.2925, 7.2425, 3.4025, 7.3525, 3.5125, 7.4625, 3.6225, 7.57, 3.7325],
  "SoftwareVersions": "syngo MR E11",
  "SpacingBetweenSlices": 2,
  "SpoilingState": true,
  "StationName": "AWP66112",
  "TotalReadoutTime": 0.0344855,
  "TxRefAmp": 219.774,
  "dcmmeta_affine": [
    [-1.967146635055542, -0.016136955469846725, 0.001230092835612595, 121.30306243896484],
    [-0.015025602653622627, 1.876038670539856, 0.6016234159469604, -125.15965270996094],
    [0.006008035968989134, -0.5917314887046814, 1.9073666334152222, -33.823631286621094],
    [0.0, 0.0, 0.0, 1.0]
],
  "dcmmeta_reorient_transform": [
    [0.0, -1.0, 0.0, 121.0],
    [1.0, 0.0, 0.0, 0.0],
    [0.0, 0.0, 1.0, 0.0],
    [0.0, 0.0, 0.0, 1.0]
],
  "dcmmeta_shape": [122, 122, 70, 31],
  "dcmmeta_slice_dim": 2,
  "dcmmeta_version": 0.6,
  "global": {
    "const": {
      "AccessionNumber": "qa",
      "AcquisitionMatrix": [122, 0, 0, 122],
      "AngioFlag": "N",
      "BitsAllocated": 16,
      "BitsStored": 12,
      "BodyPartExamined": "BRAIN",
      "Columns": 1098,
      "EchoNumbers": 1,
      "EchoTime": 75.0,
      "EchoTrainLength": 61,
      "FlipAngle": 90.0,
      "HighBit": 11,
      "ImageOrientationPatient": [0.99996616607702, 0.0076380145952, 0.00305408485053, -0.0082029518526, 0.95365296376379, 0.3007968355642],
      "ImagePositionPatient": [-1071.4431949677, -1024.6803812663, -397.12002962058],
      "ImageType": [
        "ORIGINAL",
        "PRIMARY",
        "DIFFUSION",
        "NONE",
        "ND",
        "NORM",
        "MOSAIC"
],
      "ImagedNucleus": "1H",
      "ImagingFrequency": 123.261269,
      "InPlanePhaseEncodingDirection": "COL",
      "MRAcquisitionType": "2D",
      "MagneticFieldStrength": 3.0,
      "Manufacturer": "SIEMENS",
      "ManufacturerModelName": "Prisma",
      "Modality": "MR",
      "NumberOfAverages": 1.0,
      "NumberOfPhaseEncodingSteps": 122,
      "PercentPhaseFieldOfView": 100.0,
      "PercentSampling": 100.0,
      "PerformedProcedureStepStartTime": "100430.224000",
      "PhotometricInterpretation": "MONOCHROME2",
      "PixelBandwidth": 2050.0,
      "PixelRepresentation": 0,
      "PixelSpacing": [1.9672131538391, 1.9672131538391],
      "ProtocolName": "dwi_acq-DTI-30-p2",
      "RepetitionTime": 7700.0,
      "Rows": 1098,
      "SAR": 0.08577160368893,
      "SamplesPerPixel": 1,
      "ScanOptions": "FS",
      "ScanningSequence": "EP",
      "SequenceVariant": [
        "SK",
        "SP"
],
      "SeriesDescription": "dwi_acq-DTI-30-p2",
      "SeriesNumber": 9,
      "SeriesTime": "103646.820000",
      "SliceLocation": -69.831915091843,
      "SliceThickness": 2.0,
      "SmallestImagePixelValue": 0,
      "SoftwareVersions": "syngo MR E11",
      "SpacingBetweenSlices": 1.999999958679,
      "SpecificCharacterSet": "ISO_IR 100",
      "StudyID": "35",
      "StudyTime": "100430.167000",
      "TransmitCoilName": "Body",
      "VariableFlipAngleFlag": "N",
      "WindowCenterWidthExplanation": "Algo1"
    },
    "slices": {}
  },
  "time": {
    "samples": {
      "AcquisitionNumber": [1, 2, 3, 4, 5, 6, 7, 8, 9, 10, 11, 12, 13, 14, 15, 16, 17, 18, 19, 20, 21, 22, 23, 24, 25, 26, 27, 28, 29, 30, 31],
      "AcquisitionTime": ["103415.182500", "103422.882500", "103430.582500", "103438.282500", "103445.982500", "103453.682500", "103501.382500", "103509.082500", "103516.782500", "103524.482500", "103532.182500", "103539.882500", "103547.582500", "103555.282500", "103602.982500", "103610.682500", "103618.382500", "103626.082500", "103633.782500", "103641.482500", "103649.182500", "103656.882500", "103704.582500", "103712.282500", "103719.982500", "103727.682500", "103735.382500", "103743.082500", "103750.782500", "103758.482500", "103806.182500"],
      "ContentTime": ["103646.824000", "103646.827000", "103646.830000", "103646.842000", "103646.845000", "103646.848000", "103646.851000", "103646.854000", "103646.857000", "103646.860000", "103646.862000", "103646.865000", "103646.872000", "103646.875000", "103646.878000", "103646.881000", "103646.890000", "103646.893000", "103646.896000", "103646.898000", "103706.820000", "103706.823000", "103810.209000", "103810.213000", "103810.220000", "103810.224000", "103810.238000", "103810.242000", "103810.245000", "103810.248000", "103810.252000"],
      "InstanceCreationTime": ["103646.824000", "103646.827000", "103646.830000", "103646.842000", "103646.845000", "103646.848000", "103646.851000", "103646.854000", "103646.857000", "103646.860000", "103646.862000", "103646.865000", "103646.872000", "103646.875000", "103646.878000", "103646.881000", "103646.890000", "103646.893000", "103646.896000", "103646.898000", "103706.820000", "103706.823000", "103810.209000", "103810.213000", "103810.220000", "103810.224000", "103810.238000", "103810.242000", "103810.245000", "103810.248000", "103810.252000"],
      "InstanceNumber": [1, 2, 3, 4, 5, 6, 7, 8, 9, 10, 11, 12, 13, 14, 15, 16, 17, 18, 19, 20, 21, 22, 23, 24, 25, 26, 27, 28, 29, 30, 31],
      "LargestImagePixelValue": [1942, 307, 310, 310, 300, 285, 292, 312, 304, 307, 292, 291, 308, 300, 316, 313, 291, 284, 312, 312, 299, 308, 305, 305, 285, 298, 301, 312, 305, 326, 312],
      "SequenceName": [
        "*ep_b0",
        "*ep_b1000#1",
        "*ep_b1000#2",
        "*ep_b1000#3",
        "*ep_b1000#4",
        "*ep_b1000#5",
        "*ep_b1000#6",
        "*ep_b1000#7",
        "*ep_b1000#8",
        "*ep_b1000#9",
        "*ep_b1000#10",
        "*ep_b1000#11",
        "*ep_b1000#12",
        "*ep_b1000#13",
        "*ep_b1000#14",
        "*ep_b1000#15",
        "*ep_b1000#16",
        "*ep_b1000#17",
        "*ep_b1000#18",
        "*ep_b1000#19",
        "*ep_b1000#20",
        "*ep_b1000#21",
        "*ep_b1000#22",
        "*ep_b1000#23",
        "*ep_b1000#24",
        "*ep_b1000#25",
        "*ep_b1000#26",
        "*ep_b1000#27",
        "*ep_b1000#28",
        "*ep_b1000#29",
        "*ep_b1000#30"
],
      "WindowCenter": [879.0, 232.0, 232.0, 233.0, 230.0, 230.0, 230.0, 231.0, 232.0, 231.0, 230.0, 229.0, 232.0, 231.0, 231.0, 232.0, 231.0, 230.0, 233.0, 233.0, 232.0, 232.0, 230.0, 229.0, 229.0, 231.0, 232.0, 231.0, 231.0, 233.0, 232.0],
      "WindowWidth": [1916.0, 523.0, 523.0, 524.0, 520.0, 518.0, 520.0, 521.0, 524.0, 522.0, 519.0, 518.0, 523.0, 522.0, 521.0, 522.0, 521.0, 519.0, 524.0, 525.0, 524.0, 523.0, 519.0, 518.0, 518.0, 521.0, 523.0, 521.0, 521.0, 524.0, 522.0]
    },
    "slices": {}
  }
}