{
  "AcquisitionMatrixPE": 122,
  "AcquisitionNumber": 1,
  "AcquisitionTime": "10:09:24.202500",
  "BandwidthPerPixelPhaseEncode": 28.76,
  "BaseResolution": 122,
  "BodyPartExamined": "BRAIN",
  "CoilCombinationMethod": "Adaptive Combine",
  "ConsistencyInfo": "N4_VE11E_LATEST_20181129",
  "ConversionSoftware": "dcm2niix",
  "ConversionSoftwareVersion": "v1.0.20220720",
  "DerivedVendorReportedEchoSpacing": 0.000570008,
  "DeviceSerialNumber": "66112",
  "DiffusionScheme": "Monopolar",
  "DwellTime": 2e-06,
  "EchoTime": 0.075,
  "EchoTrainLength": 61,
  "EffectiveEchoSpacing": 0.000285004,
  "FlipAngle": 90,
  "HeudiconvVersion": "0.13.1",
  "ImageOrientationPatientDICOM": [0.99981, 0.0191433, 0.00370285, -0.0193719, 0.953682, 0.300192],
  "ImageOrientationText": "Tra>Cor(17.5)>Sag(-0.1)",
  "ImageType": [
    "ORIGINAL",
    "PRIMARY",
    "DIFFUSION",
    "NONE",
    "ND",
    "NORM",
    "MOSAIC"
],
  "ImagingFrequency": 123.261,
  "InPlanePhaseEncodingDirectionDICOM": "COL",
  "InstitutionAddress": "Maynard 3,Hanover,NH,US,03755",
  "InstitutionName": "Dartmouth College - PBS",
  "InstitutionalDepartmentName": "Department",
  "MRAcquisitionType": "2D",
  "MagneticFieldStrength": 3,
  "Manufacturer": "Siemens",
  "ManufacturersModelName": "Prisma",
  "MatrixCoilMode": "GRAPPA",
  "Modality": "MR",
  "NonlinearGradientCorrection": false,
  "ParallelReductionFactorInPlane": 2,
  "PartialFourier": 1,
  "PatientPosition": "HFS",
  "PercentPhaseFOV": 100,
  "PercentSampling": 100,
  "PhaseEncodingDirection": "j-",
  "PhaseEncodingSteps": 122,
  "PhaseResolution": 1,
  "PixelBandwidth": 2050,
  "ProcedureStepDescription": "dbic^QA",
  "ProtocolName": "dwi_acq-DTI-30-p2",
  "PulseSequenceDetails": "%SiemensSeq%\\ep2d_diff",
  "ReceiveCoilActiveElements": "HEA;HEP",
  "ReceiveCoilName": "Head_32",
  "ReconMatrixPE": 122,
  "RefLinesPE": 38,
  "RepetitionTime": 7.7,
  "SAR": 0.0859164,
  "ScanOptions": "FS",
  "ScanningSequence": "EP",
  "SequenceName": "*ep_b0",
  "SequenceVariant": "SK\\SP",
  "SeriesDescription": "dwi_acq-DTI-30-p2",
  "SeriesNumber": 9,
  "ShimSetting": [4247, -7734, -7484, -8, -177, -96, -7, 80],
  "SliceThickness": 2,
  "SliceTiming": [3.84, 0, 3.95, 0.11, 4.06, 0.22, 4.17, 0.33, 4.28, 0.44, 4.39, 0.55, 4.4975, 0.66, 4.6075, 0.7675, 4.7175, 0.8775, 4.8275, 0.9875, 4.9375, 1.0975, 5.0475, 1.2075, 5.1575, 1.3175, 5.2675, 1.4275, 5.3775, 1.5375, 5.485, 1.645, 5.595, 1.755, 5.705, 1.865, 5.815, 1.975, 5.925, 2.085, 6.035, 2.195, 6.145, 2.305, 6.255, 2.415, 6.3625, 2.525, 6.4725, 2.6325, 6.5825, 2.7425, 6.6925, 2.8525, 6.8025, 2.9625, 6.9125, 3.0725, 7.0225, 3.1825, 7.1325, 3.2925, 7.2425, 3.4025, 7.35, 3.5125, 7.46, 3.62, 7.57, 3.73],
  "SoftwareVersions": "syngo MR E11",
  "SpacingBetweenSlices": 2,
  "SpoilingState": true,
  "StationName": "AWP66112",
  "TotalReadoutTime": 0.0344855,
  "TxRefAmp": 223.045,
  "dcmmeta_affine": [
    [-1.9668391942977905, -0.03810868039727211, -0.004430682864040136, 123.84883880615234],
    [-0.03765903785824776, 1.8760956525802612, 0.6004141569137573, -134.79937744140625],
    [0.0072843036614358425, -0.5905424952507019, 1.907742977142334, -40.16218566894531],
    [0.0, 0.0, 0.0, 1.0]
],
  "dcmmeta_reorient_transform": [
    [0.0, -1.0, 0.0, 121.0],
    [1.0, 0.0, 0.0, 0.0],
    [0.0, 0.0, 1.0, 0.0],
    [0.0, 0.0, 0.0, 1.0]
],
  "dcmmeta_shape": [122, 122, 70, 31],
  "dcmmeta_slice_dim": 2,
  "dcmmeta_version": 0.6,
  "global": {
    "const": {
      "AccessionNumber": "qa",
      "AcquisitionMatrix": [122, 0, 0, 122],
      "AngioFlag": "N",
      "BitsAllocated": 16,
      "BitsStored": 12,
      "BodyPartExamined": "BRAIN",
      "Columns": 1098,
      "EchoNumbers": 1,
      "EchoTime": 75.0,
      "EchoTrainLength": 61,
      "FlipAngle": 90.0,
      "HighBit": 11,
      "ImageOrientationPatient": [0.99980989257286, 0.01914334305393, 0.00370285432798, -0.0193719120484, 0.95368193690785, 0.30019242535296],
      "ImagePositionPatient": [-1060.4581712919, -1026.1204871279, -403.3572992013],
      "ImageType": [
        "ORIGINAL",
        "PRIMARY",
        "DIFFUSION",
        "NONE",
        "ND",
        "NORM",
        "MOSAIC"
],
      "ImagedNucleus": "1H",
      "ImagingFrequency": 123.261263,
      "InPlanePhaseEncodingDirection": "COL",
      "MRAcquisitionType": "2D",
      "MagneticFieldStrength": 3.0,
      "Manufacturer": "SIEMENS",
      "ManufacturerModelName": "Prisma",
      "Modality": "MR",
      "NumberOfAverages": 1.0,
      "NumberOfPhaseEncodingSteps": 122,
      "PercentPhaseFieldOfView": 100.0,
      "PercentSampling": 100.0,
      "PerformedProcedureStepStartTime": "093739.062000",
      "PhotometricInterpretation": "MONOCHROME2",
      "PixelBandwidth": 2050.0,
      "PixelRepresentation": 0,
      "PixelSpacing": [1.9672131538391, 1.9672131538391],
      "ProtocolName": "dwi_acq-DTI-30-p2",
      "RepetitionTime": 7700.0,
      "Rows": 1098,
      "SAR": 0.08591637494378,
      "SamplesPerPixel": 1,
      "ScanOptions": "FS",
      "ScanningSequence": "EP",
      "SequenceVariant": [
        "SK",
        "SP"
],
      "SeriesDescription": "dwi_acq-DTI-30-p2",
      "SeriesNumber": 9,
      "SeriesTime": "100941.674000",
      "SliceLocation": -79.051656659259,
      "SliceThickness": 2.0,
      "SmallestImagePixelValue": 0,
      "SoftwareVersions": "syngo MR E11",
      "SpacingBetweenSlices": 2.0000000318819,
      "SpecificCharacterSet": "ISO_IR 100",
      "StudyID": "38",
      "StudyTime": "093739.011000",
      "TransmitCoilName": "Body",
      "VariableFlipAngleFlag": "N",
      "WindowCenterWidthExplanation": "Algo1"
    },
    "slices": {}
  },
  "time": {
    "samples": {
      "AcquisitionNumber": [1, 2, 3, 4, 5, 6, 7, 8, 9, 10, 11, 12, 13, 14, 15, 16, 17, 18, 19, 20, 21, 22, 23, 24, 25, 26, 27, 28, 29, 30, 31],
      "AcquisitionTime": ["100924.202500", "100931.902500", "100939.602500", "100947.302500", "100955.002500", "101002.702500", "101010.402500", "101018.102500", "101025.802500", "101033.502500", "101041.202500", "101048.902500", "101056.602500", "101104.302500", "101112.002500", "101119.702500", "101127.402500", "101135.102500", "101142.802500", "101150.502500", "101158.202500", "101205.902500", "101213.602500", "101221.302500", "101229.002500", "101236.702500", "101244.402500", "101252.102500", "101259.802500", "101307.502500", "101315.202500"],
      "ContentTime": ["100941.678000", "100941.681000", "101221.673000", "101221.677000", "101221.679000", "101221.682000", "101221.689000", "101221.692000", "101221.695000", "101221.698000", "101221.701000", "101221.704000", "101221.707000", "101221.710000", "101221.713000", "101221.716000", "101221.718000", "101221.721000", "101221.724000", "101221.727000", "101221.730000", "101221.733000", "101221.736000", "101319.136000", "101319.139000", "101319.143000", "101319.147000", "101319.150000", "101319.153000", "101319.156000", "101319.159000"],
      "InstanceCreationTime": ["100941.678000", "100941.681000", "101221.673000", "101221.677000", "101221.679000", "101221.682000", "101221.689000", "101221.692000", "101221.695000", "101221.698000", "101221.701000", "101221.704000", "101221.707000", "101221.710000", "101221.713000", "101221.716000", "101221.718000", "101221.721000", "101221.724000", "101221.727000", "101221.730000", "101221.733000", "101221.736000", "101319.136000", "101319.139000", "101319.143000", "101319.147000", "101319.150000", "101319.153000", "101319.156000", "101319.159000"],
      "InstanceNumber": [1, 2, 3, 4, 5, 6, 7, 8, 9, 10, 11, 12, 13, 14, 15, 16, 17, 18, 19, 20, 21, 22, 23, 24, 25, 26, 27, 28, 29, 30, 31],
      "LargestImagePixelValue": [2030, 304, 305, 312, 305, 307, 307, 309, 319, 304, 309, 310, 300, 314, 328, 303, 289, 298, 307, 294, 307, 313, 300, 294, 302, 303, 303, 309, 303, 306, 302],
      "SequenceName": [
        "*ep_b0",
        "*ep_b1000#1",
        "*ep_b1000#2",
        "*ep_b1000#3",
        "*ep_b1000#4",
        "*ep_b1000#5",
        "*ep_b1000#6",
        "*ep_b1000#7",
        "*ep_b1000#8",
        "*ep_b1000#9",
        "*ep_b1000#10",
        "*ep_b1000#11",
        "*ep_b1000#12",
        "*ep_b1000#13",
        "*ep_b1000#14",
        "*ep_b1000#15",
        "*ep_b1000#16",
        "*ep_b1000#17",
        "*ep_b1000#18",
        "*ep_b1000#19",
        "*ep_b1000#20",
        "*ep_b1000#21",
        "*ep_b1000#22",
        "*ep_b1000#23",
        "*ep_b1000#24",
        "*ep_b1000#25",
        "*ep_b1000#26",
        "*ep_b1000#27",
        "*ep_b1000#28",
        "*ep_b1000#29",
        "*ep_b1000#30"
],
      "WindowCenter": [886.0, 227.0, 227.0, 228.0, 226.0, 225.0, 226.0, 226.0, 228.0, 227.0, 225.0, 225.0, 228.0, 227.0, 227.0, 227.0, 225.0, 225.0, 227.0, 227.0, 228.0, 228.0, 225.0, 225.0, 225.0, 226.0, 227.0, 226.0, 226.0, 227.0, 226.0],
      "WindowWidth": [1942.0, 514.0, 514.0, 515.0, 512.0, 510.0, 512.0, 512.0, 516.0, 514.0, 510.0, 510.0, 515.0, 513.0, 513.0, 514.0, 511.0, 510.0, 514.0, 514.0, 516.0, 515.0, 510.0, 510.0, 510.0, 512.0, 514.0, 512.0, 512.0, 514.0, 512.0]
    },
    "slices": {}
  }
}