{
  "AcquisitionMatrixPE": 122,
  "AcquisitionNumber": 1,
  "AcquisitionTime": "10:21:32.490000",
  "BandwidthPerPixelPhaseEncode": 27.785,
  "BaseResolution": 122,
  "BodyPartExamined": "BRAIN",
  "CoilCombinationMethod": "Adaptive Combine",
  "ConsistencyInfo": "N4_VE11C_LATEST_20160120",
  "ConversionSoftware": "dcm2niix",
  "ConversionSoftwareVersion": "v1.0.20220720",
  "DerivedVendorReportedEchoSpacing": 0.000590011,
  "DeviceSerialNumber": "66112",
  "DiffusionScheme": "Monopolar",
  "DwellTime": 2e-06,
  "EchoTime": 0.068,
  "EchoTrainLength": 61,
  "EffectiveEchoSpacing": 0.000295005,
  "FlipAngle": 90,
  "HeudiconvVersion": "0.13.1",
  "ImageOrientationPatientDICOM": [0.989469, -0.144676, 0.00447731, 0.13642, 0.942455, 0.305236],
  "ImageOrientationText": "Tra>Cor(17.6)>Sag(2.8)",
  "ImageType": [
    "ORIGINAL",
    "PRIMARY",
    "DIFFUSION",
    "NONE",
    "ND",
    "NORM"
],
  "ImagingFrequency": 123.252,
  "InPlanePhaseEncodingDirectionDICOM": "COL",
  "InstitutionAddress": "Maynard 3,Hanover,NH,US,03755",
  "InstitutionName": "Dartmouth College - PBS",
  "InstitutionalDepartmentName": "Department",
  "MRAcquisitionType": "2D",
  "MagneticFieldStrength": 3,
  "Manufacturer": "Siemens",
  "ManufacturersModelName": "Prisma",
  "Modality": "MR",
  "MultibandAccelerationFactor": 4,
  "NonlinearGradientCorrection": false,
  "ParallelReductionFactorInPlane": 2,
  "PartialFourier": 1,
  "PatientPosition": "HFS",
  "PercentPhaseFOV": 100,
  "PercentSampling": 100,
  "PhaseEncodingDirection": "j-",
  "PhaseEncodingSteps": 122,
  "PhaseResolution": 1,
  "PixelBandwidth": 2050,
  "ProcedureStepDescription": "dbic^QA",
  "ProtocolName": "dwi_acq-DTI-30-p2-s4",
  "PulseSequenceDetails": "%SiemensSeq%\\ep2d_diff",
  "ReceiveCoilActiveElements": "HEA;HEP",
  "ReceiveCoilName": "Head_32",
  "ReconMatrixPE": 122,
  "RefLinesPE": 38,
  "RepetitionTime": 3.6,
  "SAR": 0.162396,
  "ScanOptions": "FS",
  "ScanningSequence": "EP",
  "SequenceName": "*ep_b0",
  "SequenceVariant": "SK\\SP",
  "SeriesDescription": "dwi_acq-DTI-30-p2-s4",
  "SeriesNumber": 13,
  "ShimSetting": [4149, -7708, -7520, 291, -99, -138, 16, 84],
  "SliceThickness": 2,
  "SliceTiming": [2.58594, 0, 1.78906, 0.19531, 1.99219, 0.39844, 2.1875, 0.59375, 2.38281, 0.99219, 2.78125, 1.1875, 2.98438, 1.39062, 3.17969, 1.59375, 3.38281, 0.79688, 2.58594, 0, 1.78906, 0.19531, 1.99219, 0.39844, 2.1875, 0.59375, 2.38281, 0.99219, 2.78125, 1.1875, 2.98438, 1.39062, 3.17969, 1.59375, 3.38281, 0.79688, 2.58594, 0, 1.78906, 0.19531, 1.99219, 0.39844, 2.1875, 0.59375, 2.38281, 0.99219, 2.78125, 1.1875, 2.98438, 1.39062, 3.17969, 1.59375, 3.38281, 0.79688, 2.58594, 0, 1.78906, 0.19531, 1.99219, 0.39844, 2.1875, 0.59375, 2.38281, 0.99219, 2.78125, 1.1875, 2.98438, 1.39062, 3.17969, 1.59375, 3.38281, 0.79688],
  "SoftwareVersions": "syngo MR E11",
  "SpacingBetweenSlices": 2,
  "SpoilingState": true,
  "StationName": "AWP66112",
  "TotalReadoutTime": 0.0356956,
  "TxRefAmp": 227.432,
  "dcmmeta_affine": [
    [-1.9464964866638184, 0.26836761832237244, 0.09675955772399902, 97.83075714111328],
    [0.28460779786109924, 1.8540090322494507, 0.6028213500976562, -143.20411682128906],
    [0.008807815611362457, -0.6004638671875, 1.9045333862304688, -29.22852897644043],
    [0.0, 0.0, 0.0, 1.0]
],
  "dcmmeta_reorient_transform": [
    [0.0, -1.0, 0.0, 121.0],
    [1.0, 0.0, 0.0, 0.0],
    [0.0, 0.0, -1.0, 71.0],
    [0.0, 0.0, 0.0, 1.0]
],
  "dcmmeta_shape": [122, 122, 72, 7],
  "dcmmeta_slice_dim": 2,
  "dcmmeta_version": 0.6,
  "global": {
    "const": {
      "AccessionNumber": "qa",
      "AcquisitionMatrix": [122, 0, 0, 122],
      "AngioFlag": "N",
      "BitsAllocated": 16,
      "BitsStored": 12,
      "BodyPartExamined": "BRAIN",
      "Columns": 122,
      "EchoNumbers": 1,
      "EchoTime": 68.0,
      "EchoTrainLength": 61,
      "FlipAngle": 90.0,
      "HighBit": 11,
      "ImageOrientationPatient": [0.98946900813434, -0.1446756222378, 0.00447730630595, 0.13642020836165, 0.94245457760644, 0.30523580376364],
      "ImageType": [
        "ORIGINAL",
        "PRIMARY",
        "DIFFUSION",
        "NONE",
        "ND",
        "NORM"
],
      "ImagedNucleus": "1H",
      "ImagingFrequency": 123.252446,
      "InPlanePhaseEncodingDirection": "COL",
      "MRAcquisitionType": "2D",
      "MagneticFieldStrength": 3.0,
      "Manufacturer": "SIEMENS",
      "ManufacturerModelName": "Prisma",
      "Modality": "MR",
      "NumberOfAverages": 1.0,
      "NumberOfPhaseEncodingSteps": 122,
      "PercentPhaseFieldOfView": 100.0,
      "PercentSampling": 100.0,
      "PerformedProcedureStepStartTime": "094426.401000",
      "PhotometricInterpretation": "MONOCHROME2",
      "PixelBandwidth": 2050.0,
      "PixelRepresentation": 0,
      "PixelSpacing": [1.9672131538391, 1.9672131538391],
      "ProtocolName": "dwi_acq-DTI-30-p2-s4",
      "RepetitionTime": 3600.0,
      "Rows": 122,
      "SAR": 0.16239630253197,
      "SamplesPerPixel": 1,
      "ScanOptions": "FS",
      "ScanningSequence": "EP",
      "SequenceVariant": [
        "SK",
        "SP"
],
      "SeriesDescription": "dwi_acq-DTI-30-p2-s4",
      "SeriesNumber": 13,
      "SeriesTime": "102141.930000",
      "SliceThickness": 2.0,
      "SmallestImagePixelValue": 0,
      "SoftwareVersions": "syngo MR E11",
      "SpacingBetweenSlices": 2.0,
      "SpecificCharacterSet": "ISO_IR 100",
      "StudyID": "66",
      "StudyTime": "094426.359000",
      "TransmitCoilName": "Body",
      "VariableFlipAngleFlag": "N",
      "WindowCenterWidthExplanation": "Algo1",
      "dBdt": 0.0},
