{
  "AcquisitionMatrixPE": 122,
  "AcquisitionNumber": 1,
  "AcquisitionTime": "10:12:46.472500",
  "BandwidthPerPixelPhaseEncode": 27.785,
  "BaseResolution": 122,
  "BodyPartExamined": "BRAIN",
  "CoilCombinationMethod": "Adaptive Combine",
  "ConsistencyInfo": "N4_VE11E_LATEST_20181129",
  "ConversionSoftware": "dcm2niix",
  "ConversionSoftwareVersion": "v1.0.20220720",
  "DerivedVendorReportedEchoSpacing": 0.000590011,
  "DeviceSerialNumber": "66112",
  "DiffusionScheme": "Monopolar",
  "DwellTime": 2e-06,
  "EchoTime": 0.068,
  "EchoTrainLength": 61,
  "EffectiveEchoSpacing": 0.000295005,
  "FlipAngle": 90,
  "HeudiconvVersion": "0.13.1",
  "ImageOrientationPatientDICOM": [0.999952, 0.00921019, 0.0032884, -0.00977371, 0.952851, 0.30328],
  "ImageOrientationText": "Tra>Cor(17.7)>Sag(0.0)",
  "ImageType": [
    "ORIGINAL",
    "PRIMARY",
    "DIFFUSION",
    "NONE",
    "ND",
    "NORM",
    "MOSAIC"
],
  "ImagingFrequency": 123.259,
  "InPlanePhaseEncodingDirectionDICOM": "COL",
  "InstitutionAddress": "Maynard 3,Hanover,NH,US,03755",
  "InstitutionName": "Dartmouth College - PBS",
  "InstitutionalDepartmentName": "Department",
  "MRAcquisitionType": "2D",
  "MagneticFieldStrength": 3,
  "Manufacturer": "Siemens",
  "ManufacturersModelName": "Prisma",
  "Modality": "MR",
  "MultibandAccelerationFactor": 4,
  "NonlinearGradientCorrection": false,
  "ParallelReductionFactorInPlane": 2,
  "PartialFourier": 1,
  "PatientPosition": "HFS",
  "PercentPhaseFOV": 100,
  "PercentSampling": 100,
  "PhaseEncodingDirection": "j-",
  "PhaseEncodingSteps": 122,
  "PhaseResolution": 1,
  "PixelBandwidth": 2050,
  "ProcedureStepDescription": "dbic^QA",
  "ProtocolName": "dwi_acq-DTI-30-p2-s4",
  "PulseSequenceDetails": "%SiemensSeq%\\ep2d_diff",
  "ReceiveCoilActiveElements": "HEA;HEP",
  "ReceiveCoilName": "Head_32",
  "ReconMatrixPE": 122,
  "RefLinesPE": 38,
  "RepetitionTime": 3.6,
  "SAR": 0.152764,
  "ScanOptions": "FS",
  "ScanningSequence": "EP",
  "SequenceName": "*ep_b0",
  "SequenceVariant": "SK\\SP",
  "SeriesDescription": "dwi_acq-DTI-30-p2-s4",
  "SeriesNumber": 13,
  "ShimSetting": [4219, -7737, -7484, -48, -141, 44, -28, 69],
  "SliceThickness": 2,
  "SliceTiming": [2.585, 0, 1.79, 0.1975, 1.9875, 0.3975, 2.1875, 0.595, 2.385, 0.995, 2.785, 1.1925, 2.9825, 1.3925, 3.1825, 1.59, 3.38, 0.795, 2.585, 0, 1.79, 0.1975, 1.9875, 0.3975, 2.1875, 0.595, 2.385, 0.995, 2.785, 1.1925, 2.9825, 1.3925, 3.1825, 1.59, 3.38, 0.795, 2.585, 0, 1.79, 0.1975, 1.9875, 0.3975, 2.1875, 0.595, 2.385, 0.995, 2.785, 1.1925, 2.9825, 1.3925, 3.1825, 1.59, 3.38, 0.795, 2.585, 0, 1.79, 0.1975, 1.9875, 0.3975, 2.1875, 0.595, 2.385, 0.995, 2.785, 1.1925, 2.9825, 1.3925, 3.1825, 1.59, 3.38, 0.795],
  "SoftwareVersions": "syngo MR E11",
  "SpacingBetweenSlices": 2,
  "SpoilingState": true,
  "StationName": "AWP66112",
  "TotalReadoutTime": 0.0356956,
  "TxRefAmp": 228.196,
  "dcmmeta_affine": [
    [-1.9671190977096558, -0.019226977601647377, 0.000680171069689095, 122.86934661865234],
    [-0.01811840757727623, 1.8744617700576782, 0.6065952181816101, -119.74138641357422],
    [0.006468974519520998, -0.5966163873672485, 1.9057916402816772, -29.66523551940918],
    [0.0, 0.0, 0.0, 1.0]
],
  "dcmmeta_reorient_transform": [
    [0.0, -1.0, 0.0, 121.0],
    [1.0, 0.0, 0.0, 0.0],
    [0.0, 0.0, 1.0, 0.0],
    [0.0, 0.0, 0.0, 1.0]
],
  "dcmmeta_shape": [122, 122, 72, 31],
  "dcmmeta_slice_dim": 2,
  "dcmmeta_version": 0.6,
  "global": {
    "const": {
      "AccessionNumber": "qa",
      "AcquisitionMatrix": [122, 0, 0, 122],
      "AngioFlag": "N",
      "BitsAllocated": 16,
      "BitsStored": 12,
      "BodyPartExamined": "BRAIN",
      "Columns": 1098,
      "EchoNumbers": 1,
      "EchoTime": 68.0,
      "EchoTrainLength": 61,
      "FlipAngle": 90.0,
      "HighBit": 11,
      "ImageOrientationPatient": [0.99995217828599, 0.00921018990399, 0.00328839520713, -0.0097737138759, 0.95285136382707, 0.30327999104782],
      "ImagePositionPatient": [-1071.1142282783, -1030.6475962378, -396.16147542792],
      "ImageType": [
        "ORIGINAL",
        "PRIMARY",
        "DIFFUSION",
        "NONE",
        "ND",
        "NORM",
        "MOSAIC"
],
      "ImagedNucleus": "1H",
      "ImagingFrequency": 123.259349,
      "InPlanePhaseEncodingDirection": "COL",
      "MRAcquisitionType": "2D",
      "MagneticFieldStrength": 3.0,
      "Manufacturer": "SIEMENS",
      "ManufacturerModelName": "Prisma",
      "Modality": "MR",
      "NumberOfAverages": 1.0,
      "NumberOfPhaseEncodingSteps": 122,
      "PercentPhaseFieldOfView": 100.0,
      "PercentSampling": 100.0,
      "PerformedProcedureStepStartTime": "093156.641000",
      "PhotometricInterpretation": "MONOCHROME2",
      "PixelBandwidth": 2050.0,
      "PixelRepresentation": 0,
      "PixelSpacing": [1.9672131538391, 1.9672131538391],
      "ProtocolName": "dwi_acq-DTI-30-p2-s4",
      "RepetitionTime": 3600.0,
      "Rows": 1098,
      "SAR": 0.15276370747,
      "SamplesPerPixel": 1,
      "ScanOptions": "FS",
      "ScanningSequence": "EP",
      "SequenceVariant": [
        "SK",
        "SP"
],
      "SeriesDescription": "dwi_acq-DTI-30-p2-s4",
      "SeriesNumber": 13,
      "SeriesTime": "101414.931000",
      "SliceLocation": -64.543370633978,
      "SliceThickness": 2.0,
      "SmallestImagePixelValue": 0,
      "SoftwareVersions": "syngo MR E11",
      "SpacingBetweenSlices": 1.9999999517137,
      "SpecificCharacterSet": "ISO_IR 100",
      "StudyID": "10",
      "StudyTime": "093156.599000",
      "TransmitCoilName": "Body",
      "VariableFlipAngleFlag": "N",
      "WindowCenterWidthExplanation": "Algo1"
    },
    "slices": {}
  },
  "time": {
    "samples": {
      "AcquisitionNumber": [1, 2, 3, 4, 5, 6, 7, 8, 9, 10, 11, 12, 13, 14, 15, 16, 17, 18, 19, 20, 21, 22, 23, 24, 25, 26, 27, 28, 29, 30, 31],
      "AcquisitionTime": ["101246.472500", "101250.072500", "101253.672500", "101257.272500", "101300.872500", "101304.472500", "101308.072500", "101311.672500", "101315.272500", "101318.872500", "101322.472500", "101326.072500", "101329.672500", "101333.272500", "101336.872500", "101340.472500", "101344.072500", "101347.672500", "101351.272500", "101354.872500", "101358.472500", "101402.072500", "101405.672500", "101409.272500", "101412.872500", "101416.472500", "101420.072500", "101423.672500", "101427.272500", "101430.872500", "101434.472500"],
      "ContentTime": ["101414.935000", "101414.938000", "101414.941000", "101414.944000", "101414.947000", "101414.950000", "101414.953000", "101414.956000", "101414.959000", "101414.962000", "101414.965000", "101414.993000", "101414.996000", "101414.999000", "101415.002000", "101415.005000", "101415.008000", "101415.022000", "101415.025000", "101415.028000", "101415.031000", "101415.033000", "101415.036000", "101415.039000", "101415.042000", "101436.308000", "101436.311000", "101436.315000", "101436.318000", "101436.321000", "101436.325000"],
      "InstanceCreationTime": ["101414.935000", "101414.938000", "101414.941000", "101414.944000", "101414.947000", "101414.950000", "101414.953000", "101414.956000", "101414.959000", "101414.962000", "101414.965000", "101414.993000", "101414.996000", "101414.999000", "101415.002000", "101415.005000", "101415.008000", "101415.022000", "101415.025000", "101415.028000", "101415.031000", "101415.033000", "101415.036000", "101415.039000", "101415.042000", "101436.308000", "101436.311000", "101436.315000", "101436.318000", "101436.321000", "101436.325000"],
      "InstanceNumber": [1, 2, 3, 4, 5, 6, 7, 8, 9, 10, 11, 12, 13, 14, 15, 16, 17, 18, 19, 20, 21, 22, 23, 24, 25, 26, 27, 28, 29, 30, 31],
      "LargestImagePixelValue": [1834, 248, 222, 200, 250, 256, 269, 251, 232, 261, 281, 261, 256, 232, 265, 253, 245, 241, 253, 246, 281, 219, 290, 263, 252, 239, 227, 246, 270, 288, 266],
      "SequenceName": [
        "*ep_b0",
        "*ep_b1000#1",
        "*ep_b1000#2",
        "*ep_b1000#3",
        "*ep_b1000#4",
        "*ep_b1000#5",
        "*ep_b1000#6",
        "*ep_b1000#7",
        "*ep_b1000#8",
        "*ep_b1000#9",
        "*ep_b1000#10",
        "*ep_b1000#11",
        "*ep_b1000#12",
        "*ep_b1000#13",
        "*ep_b1000#14",
        "*ep_b1000#15",
        "*ep_b1000#16",
        "*ep_b1000#17",
        "*ep_b1000#18",
        "*ep_b1000#19",
        "*ep_b1000#20",
        "*ep_b1000#21",
        "*ep_b1000#22",
        "*ep_b1000#23",
        "*ep_b1000#24",
        "*ep_b1000#25",
        "*ep_b1000#26",
        "*ep_b1000#27",
        "*ep_b1000#28",
        "*ep_b1000#29",
        "*ep_b1000#30"
],
      "WindowCenter": [862.0, 188.0, 174.0, 167.0, 190.0, 202.0, 206.0, 206.0, 182.0, 189.0, 198.0, 204.0, 175.0, 182.0, 205.0, 189.0, 181.0, 196.0, 193.0, 177.0, 181.0, 166.0, 198.0, 205.0, 205.0, 194.0, 183.0, 191.0, 204.0, 198.0, 208.0],
      "WindowWidth": [1878.0, 438.0, 409.0, 394.0, 441.0, 465.0, 473.0, 473.0, 425.0, 439.0, 456.0, 468.0, 411.0, 426.0, 471.0, 439.0, 421.0, 452.0, 447.0, 416.0, 425.0, 394.0, 457.0, 470.0, 470.0, 448.0, 428.0, 443.0, 468.0, 456.0, 476.0]
    },
    "slices": {}
  }
}