{
  "AcquisitionDateTime": "2017-01-30T91:44:3.125000", 
  "ConversionSoftware": "dcm2niix", 
  "ConversionSoftwareVersion": "v1.0.20170130", 
  "EchoTime": 0.035, 
  "EffectiveEchoSpacing": 0.000279999, 
  "FlipAngle": 90, 
  "ImageType": [
    "ORIGINAL", 
    "PRIMARY", 
    "M", 
    "ND", 
    "NORM", 
    "MOSAIC"
], 
  "MagneticFieldStrength": 3, 
  "Manufacturer": "Siemens", 
  "ManufacturersModelName": "Prisma", 
  "PhaseEncodingDirection": "j-", 
  "ProcedureStepDescription": "dbic_QA", 
  "ProtocolName": "BOLD_p2_s4_3.5mm", 
  "RepetitionTime": 0.525, 
  "SliceTiming": [0.38, 0, 0.2525, 0.065, 0.3175, 0.19, 0.4425, 0.1275, 0.38, 0, 0.2525, 0.065, 0.3175, 0.19, 0.4425, 0.1275, 0.38, 0, 0.2525, 0.065, 0.3175, 0.19, 0.4425, 0.1275, 0.38, 0, 0.2525, 0.065, 0.3175, 0.19, 0.4425, 0.1275], 
  "dcmmeta_affine": [
    [-2.977196455001831, 0.35132065415382385, 0.15091341733932495, 104.0374984741211], 
    [0.3691890835762024, 2.8352904319763184, 1.2079062461853027, -135.2769317626953], 
    [0.000882444204762578, -0.9152606129646301, 3.799774646759033, -19.88675308227539], 
    [0.0, 0.0, 0.0, 1.0]
], 
  "dcmmeta_reorient_transform": [
    [0.0, -1.0, 0.0, 79.0], 
    [1.0, 0.0, 0.0, 0.0], 
    [0.0, 0.0, 1.0, 0.0], 
    [0.0, 0.0, 0.0, 1.0]
], 
  "dcmmeta_shape": [80, 80, 32, 157], 
  "dcmmeta_slice_dim": 2, 
  "dcmmeta_version": 0.6, 
  "global": {
    "const": {
      "AccessionNumber": "qa", 
      "AcquisitionMatrix": [80, 0, 0, 80], 
      "AngioFlag": "N", 
      "BitsAllocated": 16, 
      "BitsStored": 12, 
      "BodyPartExamined": "BRAIN", 
      "Columns": 480, 
      "EchoNumbers": 1, 
      "EchoTime": 35.0, 
      "EchoTrainLength": 39, 
      "FlipAngle": 90.0, 
      "HighBit": 11, 
      "ImageOrientationPatient": [0.99239881370352, -0.1230630246531, 0.00029414806667, 0.11710688224473, 0.94509680758349, 0.30508687685055], 
      "ImagePositionPatient": [-797.49524904436, -581.93128213733, -275.42095735568], 
      "ImageType": [
        "ORIGINAL", 
        "PRIMARY", 
        "M", 
        "ND", 
        "NORM", 
        "MOSAIC"
], 
      "ImagedNucleus": "1H", 
      "ImagingFrequency": 123.252896, 
      "InPlanePhaseEncodingDirection": "COL", 
      "MRAcquisitionType": "2D", 
      "MagneticFieldStrength": 3.0, 
      "Manufacturer": "SIEMENS", 
      "ManufacturerModelName": "Prisma", 
      "Modality": "MR", 
      "NumberOfAverages": 1.0, 
      "NumberOfPhaseEncodingSteps": 79, 
      "PercentPhaseFieldOfView": 100.0, 
      "PercentSampling": 100.0, 
      "PerformedProcedureStepStartTime": "090744.660000", 
      "PhotometricInterpretation": "MONOCHROME2", 
      "PixelBandwidth": 2315.0, 
      "PixelRepresentation": 0, 
      "PixelSpacing": [3.0, 3.0], 
      "PositionReferenceIndicator": "", 
      "ProtocolName": "BOLD_p2_s4_3.5mm", 
      "RepetitionTime": 525.0, 
      "Rows": 480, 
      "SAR": 0.07717728786509, 
      "SamplesPerPixel": 1, 
      "ScanOptions": "FS", 
      "ScanningSequence": "EP", 
      "SequenceName": "*epfid2d1_80", 
      "SequenceVariant": "SK", 
      "SeriesDescription": "BOLD_p2_s4_3.5mm", 
      "SeriesNumber": 7, 
      "SeriesTime": "091502.828000", 
      "SliceLocation": -55.956486367548, 
      "SliceThickness": 3.5, 
      "SmallestImagePixelValue": 0, 
      "SoftwareVersions": "syngo MR E11", 
      "SpacingBetweenSlices": 3.9899999846583, 
      "SpecificCharacterSet": "ISO_IR 100", 
      "StudyID": "24", 
      "StudyTime": "090744.507000", 
      "TransmitCoilName": "Body", 
      "VariableFlipAngleFlag": "N", 
      "WindowCenterWidthExplanation": "Algo1", 
      "dBdt": 0.0}, 
