{
  "AcquisitionDateTime": "2016-12-19T95:71:8.179688", 
  "ConversionSoftware": "dcm2niix", 
  "ConversionSoftwareVersion": "v1.0.20170130", 
  "EchoTime": 0.035, 
  "EffectiveEchoSpacing": 0.000279999, 
  "FlipAngle": 90, 
  "ImageType": [
    "ORIGINAL", 
    "PRIMARY", 
    "M", 
    "ND", 
    "NORM", 
    "MOSAIC"
], 
  "MagneticFieldStrength": 3, 
  "Manufacturer": "Siemens", 
  "ManufacturersModelName": "Prisma", 
  "PhaseEncodingDirection": "j-", 
  "ProcedureStepDescription": "dbic_QA", 
  "ProtocolName": "BOLD_p2_s4_3.5mm", 
  "RepetitionTime": 0.525, 
  "SliceTiming": [0.3775, 0, 0.2525, 0.0625, 0.315, 0.1875, 0.44, 0.125, 0.3775, 0, 0.2525, 0.0625, 0.315, 0.1875, 0.44, 0.125, 0.3775, 0, 0.2525, 0.0625, 0.315, 0.1875, 0.44, 0.125, 0.3775, 0, 0.2525, 0.0625, 0.315, 0.1875, 0.44, 0.125], 
  "dcmmeta_affine": [
    [-2.958127021789551, 0.47646334767341614, 0.19935621321201324, 89.60017395019531], 
    [0.49948444962501526, 2.8225831985473633, 1.1772865056991577, -137.41383361816406], 
    [0.0004425102088134736, -0.8977789878845215, 3.807145118713379, -36.80394744873047], 
    [0.0, 0.0, 0.0, 1.0]
], 
  "dcmmeta_reorient_transform": [
    [0.0, -1.0, 0.0, 79.0], 
    [1.0, 0.0, 0.0, 0.0], 
    [0.0, 0.0, 1.0, 0.0], 
    [0.0, 0.0, 0.0, 1.0]
], 
  "dcmmeta_shape": [80, 80, 32, 157], 
  "dcmmeta_slice_dim": 2, 
  "dcmmeta_version": 0.6, 
  "global": {
    "const": {
      "AccessionNumber": "qa", 
      "AcquisitionMatrix": [80, 0, 0, 80], 
      "AngioFlag": "N", 
      "BitsAllocated": 16, 
      "BitsStored": 12, 
      "BodyPartExamined": "BRAIN", 
      "Columns": 480, 
      "EchoNumbers": 1, 
      "EchoTime": 35.0, 
      "EchoTrainLength": 39, 
      "FlipAngle": 90.0, 
      "HighBit": 11, 
      "ImageOrientationPatient": [0.98604231878448, -0.1664948161622, 0.00014750340141, 0.15882111938557, 0.94086104456694, 0.29925966459503], 
      "ImagePositionPatient": [-814.15883986537, -550.18997093901, -287.37279016886], 
      "ImageType": [
        "ORIGINAL", 
        "PRIMARY", 
        "M", 
        "ND", 
        "NORM", 
        "MOSAIC"
], 
      "ImagedNucleus": "1H", 
      "ImagingFrequency": 123.252574, 
      "InPlanePhaseEncodingDirection": "COL", 
      "MRAcquisitionType": "2D", 
      "MagneticFieldStrength": 3.0, 
      "Manufacturer": "SIEMENS", 
      "ManufacturerModelName": "Prisma", 
      "Modality": "MR", 
      "NumberOfAverages": 1.0, 
      "NumberOfPhaseEncodingSteps": 79, 
      "PercentPhaseFieldOfView": 100.0, 
      "PercentSampling": 100.0, 
      "PerformedProcedureStepStartTime": "092553.848000", 
      "PhotometricInterpretation": "MONOCHROME2", 
      "PixelBandwidth": 2315.0, 
      "PixelRepresentation": 0, 
      "PixelSpacing": [3.0, 3.0], 
      "PositionReferenceIndicator": "", 
      "ProtocolName": "BOLD_p2_s4_3.5mm", 
      "RepetitionTime": 525.0, 
      "Rows": 480, 
      "SAR": 0.0772004039399, 
      "SamplesPerPixel": 1, 
      "ScanOptions": "FS", 
      "ScanningSequence": "EP", 
      "SequenceName": "*epfid2d1_80", 
      "SequenceVariant": "SK", 
      "SeriesDescription": "BOLD_p2_s4_3.5mm", 
      "SeriesNumber": 7, 
      "SeriesTime": "095742.299000", 
      "SliceLocation": -71.185731782605, 
      "SliceThickness": 3.5, 
      "SmallestImagePixelValue": 0, 
      "SoftwareVersions": "syngo MR E11", 
      "SpacingBetweenSlices": 3.9900000737977, 
      "SpecificCharacterSet": "ISO_IR 100", 
      "StudyID": "12", 
      "StudyTime": "092553.793000", 
      "TransmitCoilName": "Body", 
      "VariableFlipAngleFlag": "N", 
      "WindowCenterWidthExplanation": "Algo1", 
      "dBdt": 0.0}, 
