{
  "AcquisitionMatrixPE": 122,
  "AcquisitionNumber": 1,
  "AcquisitionTime": "10:14:48.190000",
  "BandwidthPerPixelPhaseEncode": 28.76,
  "BaseResolution": 122,
  "BodyPartExamined": "BRAIN",
  "CoilCombinationMethod": "Adaptive Combine",
  "ConsistencyInfo": "N4_VE11E_LATEST_20181129",
  "ConversionSoftware": "dcm2niix",
  "ConversionSoftwareVersion": "v1.0.20220720",
  "DerivedVendorReportedEchoSpacing": 0.000570008,
  "DeviceSerialNumber": "66112",
  "DiffusionScheme": "Monopolar",
  "DwellTime": 2e-06,
  "EchoTime": 0.075,
  "EchoTrainLength": 61,
  "EffectiveEchoSpacing": 0.000285004,
  "FlipAngle": 90,
  "HeudiconvVersion": "0.13.1",
  "ImageOrientationPatientDICOM": [0.989606, -0.143776, 0.00298973, 0.136087, 0.942995, 0.30371],
  "ImageOrientationText": "Tra>Cor(17.5)>Sag(2.7)",
  "ImageType": [
    "ORIGINAL",
    "PRIMARY",
    "DIFFUSION",
    "NONE",
    "ND",
    "NORM",
    "MOSAIC"
],
  "ImagingFrequency": 123.259,
  "InPlanePhaseEncodingDirectionDICOM": "COL",
  "InstitutionAddress": "Maynard 3,Hanover,NH,US,03755",
  "InstitutionName": "Dartmouth College - PBS",
  "InstitutionalDepartmentName": "Department",
  "MRAcquisitionType": "2D",
  "MagneticFieldStrength": 3,
  "Manufacturer": "Siemens",
  "ManufacturersModelName": "Prisma",
  "MatrixCoilMode": "GRAPPA",
  "Modality": "MR",
  "NonlinearGradientCorrection": false,
  "ParallelReductionFactorInPlane": 2,
  "PartialFourier": 1,
  "PatientPosition": "HFS",
  "PercentPhaseFOV": 100,
  "PercentSampling": 100,
  "PhaseEncodingDirection": "j-",
  "PhaseEncodingSteps": 122,
  "PhaseResolution": 1,
  "PixelBandwidth": 2050,
  "ProcedureStepDescription": "dbic^QA",
  "ProtocolName": "dwi_acq-DTI-30-p2",
  "PulseSequenceDetails": "%SiemensSeq%\\ep2d_diff",
  "ReceiveCoilActiveElements": "HEA;HEP",
  "ReceiveCoilName": "Head_32",
  "ReconMatrixPE": 122,
  "RefLinesPE": 38,
  "RepetitionTime": 7.7,
  "SAR": 0.132377,
  "ScanOptions": "FS",
  "ScanningSequence": "EP",
  "SequenceName": "*ep_b0",
  "SequenceVariant": "SK\\SP",
  "SeriesDescription": "dwi_acq-DTI-30-p2",
  "SeriesNumber": 12,
  "ShimSetting": [4224, -7731, -7491, -23, -149, -109, -39, 69],
  "SliceThickness": 2,
  "SliceTiming": [3.84, 0, 3.95, 0.11, 4.06, 0.22, 4.17, 0.33, 4.28, 0.44, 4.39, 0.55, 4.5, 0.66, 4.6075, 0.7675, 4.7175, 0.8775, 4.8275, 0.9875, 4.9375, 1.0975, 5.0475, 1.2075, 5.1575, 1.3175, 5.2675, 1.4275, 5.3775, 1.5375, 5.485, 1.6475, 5.595, 1.755, 5.705, 1.865, 5.815, 1.975, 5.925, 2.085, 6.035, 2.195, 6.145, 2.305, 6.255, 2.415, 6.365, 2.525, 6.4725, 2.6325, 6.5825, 2.7425, 6.6925, 2.8525, 6.8025, 2.9625, 6.9125, 3.0725, 7.0225, 3.1825, 7.1325, 3.2925, 7.2425, 3.4025, 7.3525, 3.5125, 7.46, 3.62, 7.57, 3.73],
  "SoftwareVersions": "syngo MR E11",
  "SpacingBetweenSlices": 2,
  "SpoilingState": true,
  "StationName": "AWP66112",
  "TotalReadoutTime": 0.0344855,
  "TxRefAmp": 226.55,
  "dcmmeta_affine": [
    [-1.9467653036117554, 0.26771223545074463, 0.0929713025689125, 100.66777801513672],
    [0.2828388810157776, 1.8550732135772705, 0.6002926230430603, -142.14950561523438],
    [0.00588144501671195, -0.5974623560905457, 1.9055196046829224, -60.76750946044922],
    [0.0, 0.0, 0.0, 1.0]
],
  "dcmmeta_reorient_transform": [
    [0.0, -1.0, 0.0, 121.0],
    [1.0, 0.0, 0.0, 0.0],
    [0.0, 0.0, 1.0, 0.0],
    [0.0, 0.0, 0.0, 1.0]
],
  "dcmmeta_shape": [122, 122, 70, 31],
  "dcmmeta_slice_dim": 2,
  "dcmmeta_version": 0.6,
  "global": {
    "const": {
      "AccessionNumber": "qa",
      "AcquisitionMatrix": [122, 0, 0, 122],
      "AngioFlag": "N",
      "BitsAllocated": 16,
      "BitsStored": 12,
      "BodyPartExamined": "BRAIN",
      "Columns": 1098,
      "EchoNumbers": 1,
      "EchoTime": 75.0,
      "EchoTrainLength": 61,
      "FlipAngle": 90.0,
      "HighBit": 11,
      "ImageOrientationPatient": [0.98960567885821, -0.1437764301218, 0.00298973460631, 0.13608704821769, 0.9429955105161, 0.30371003021612],
      "ImagePositionPatient": [-1213.7259957536, -849.56468786376, -427.49223757464],
      "ImageType": [
        "ORIGINAL",
        "PRIMARY",
        "DIFFUSION",
        "NONE",
        "ND",
        "NORM",
        "MOSAIC"
],
      "ImagedNucleus": "1H",
      "ImagingFrequency": 123.259258,
      "InPlanePhaseEncodingDirection": "COL",
      "MRAcquisitionType": "2D",
      "MagneticFieldStrength": 3.0,
      "Manufacturer": "SIEMENS",
      "ManufacturerModelName": "Prisma",
      "Modality": "MR",
      "NumberOfAverages": 1.0,
      "NumberOfPhaseEncodingSteps": 122,
      "PercentPhaseFieldOfView": 100.0,
      "PercentSampling": 100.0,
      "PerformedProcedureStepStartTime": "094552.619000",
      "PhotometricInterpretation": "MONOCHROME2",
      "PixelBandwidth": 2050.0,
      "PixelRepresentation": 0,
      "PixelSpacing": [1.9672131538391, 1.9672131538391],
      "ProtocolName": "dwi_acq-DTI-30-p2",
      "RepetitionTime": 7700.0,
      "Rows": 1098,
      "SAR": 0.13237733912226,
      "SamplesPerPixel": 1,
      "ScanOptions": "FS",
      "ScanningSequence": "EP",
      "SequenceVariant": [
        "SK",
        "SP"
],
      "SeriesDescription": "dwi_acq-DTI-30-p2",
      "SeriesNumber": 12,
      "SeriesTime": "101606.870000",
      "SliceLocation": -95.882883010438,
      "SliceThickness": 2.0,
      "SmallestImagePixelValue": 0,
      "SoftwareVersions": "syngo MR E11",
      "SpacingBetweenSlices": 1.9999999736784,
      "SpecificCharacterSet": "ISO_IR 100",
      "StudyID": "10",
      "StudyTime": "094552.545000",
      "TransmitCoilName": "Body",
      "VariableFlipAngleFlag": "N",
      "WindowCenterWidthExplanation": "Algo1"
    },
    "slices": {}
  },
  "time": {
    "samples": {
      "AcquisitionNumber": [1, 2, 3, 4, 5, 6, 7, 8, 9, 10, 11, 12, 13, 14, 15, 16, 17, 18, 19, 20, 21, 22, 23, 24, 25, 26, 27, 28, 29, 30, 31],
      "AcquisitionTime": ["101448.190000", "101455.890000", "101503.590000", "101511.290000", "101518.990000", "101526.690000", "101534.390000", "101542.090000", "101549.790000", "101557.490000", "101605.190000", "101612.890000", "101620.590000", "101628.290000", "101635.990000", "101643.690000", "101651.390000", "101659.090000", "101706.790000", "101714.490000", "101722.190000", "101729.890000", "101737.590000", "101745.290000", "101752.990000", "101800.690000", "101808.390000", "101816.090000", "101823.790000", "101831.490000", "101839.190000"],
      "ContentTime": ["101606.874000", "101606.878000", "101606.892000", "101606.903000", "101606.906000", "101606.910000", "101606.913000", "101606.916000", "101606.919000", "101606.922000", "101843.539000", "101843.542000", "101843.547000", "101843.551000", "101843.554000", "101843.558000", "101843.563000", "101843.566000", "101843.569000", "101843.573000", "101843.576000", "101843.579000", "101843.590000", "101843.593000", "101843.596000", "101843.599000", "101843.603000", "101843.606000", "101843.609000", "101843.612000", "101843.615000"],
      "InstanceCreationTime": ["101606.874000", "101606.878000", "101606.892000", "101606.903000", "101606.906000", "101606.910000", "101606.913000", "101606.916000", "101606.919000", "101606.922000", "101843.539000", "101843.542000", "101843.547000", "101843.551000", "101843.554000", "101843.558000", "101843.563000", "101843.566000", "101843.569000", "101843.573000", "101843.576000", "101843.579000", "101843.590000", "101843.593000", "101843.596000", "101843.599000", "101843.603000", "101843.606000", "101843.609000", "101843.612000", "101843.615000"],
      "InstanceNumber": [1, 2, 3, 4, 5, 6, 7, 8, 9, 10, 11, 12, 13, 14, 15, 16, 17, 18, 19, 20, 21, 22, 23, 24, 25, 26, 27, 28, 29, 30, 31],
      "LargestImagePixelValue": [2736, 354, 373, 386, 354, 357, 361, 356, 358, 377, 371, 367, 387, 386, 360, 395, 382, 379, 376, 365, 373, 373, 357, 365, 369, 364, 379, 383, 377, 371, 373],
      "SequenceName": [
        "*ep_b0",
        "*ep_b1000#1",
        "*ep_b1000#2",
        "*ep_b1000#3",
        "*ep_b1000#4",
        "*ep_b1000#5",
        "*ep_b1000#6",
        "*ep_b1000#7",
        "*ep_b1000#8",
        "*ep_b1000#9",
        "*ep_b1000#10",
        "*ep_b1000#11",
        "*ep_b1000#12",
        "*ep_b1000#13",
        "*ep_b1000#14",
        "*ep_b1000#15",
        "*ep_b1000#16",
        "*ep_b1000#17",
        "*ep_b1000#18",
        "*ep_b1000#19",
        "*ep_b1000#20",
        "*ep_b1000#21",
        "*ep_b1000#22",
        "*ep_b1000#23",
        "*ep_b1000#24",
        "*ep_b1000#25",
        "*ep_b1000#26",
        "*ep_b1000#27",
        "*ep_b1000#28",
        "*ep_b1000#29",
        "*ep_b1000#30"
],
      "WindowCenter": [849.0, 213.0, 213.0, 213.0, 211.0, 210.0, 209.0, 211.0, 213.0, 212.0, 209.0, 209.0, 212.0, 211.0, 210.0, 210.0, 211.0, 210.0, 211.0, 212.0, 214.0, 213.0, 209.0, 209.0, 210.0, 211.0, 212.0, 211.0, 210.0, 210.0, 209.0],
      "WindowWidth": [1875.0, 485.0, 486.0, 487.0, 481.0, 479.0, 478.0, 481.0, 487.0, 483.0, 478.0, 477.0, 483.0, 481.0, 479.0, 481.0, 482.0, 479.0, 483.0, 484.0, 488.0, 487.0, 479.0, 477.0, 479.0, 481.0, 484.0, 481.0, 480.0, 481.0, 478.0]
    },
    "slices": {}
  }
}