{
  "AcquisitionMatrixPE": 122,
  "AcquisitionNumber": 1,
  "AcquisitionTime": "09:35:22.215000",
  "BandwidthPerPixelPhaseEncode": 28.76,
  "BaseResolution": 122,
  "BodyPartExamined": "BRAIN",
  "CoilCombinationMethod": "Adaptive Combine",
  "ConsistencyInfo": "N4_VE11E_LATEST_20181129",
  "ConversionSoftware": "dcm2niix",
  "ConversionSoftwareVersion": "v1.0.20220720",
  "DerivedVendorReportedEchoSpacing": 0.000570008,
  "DeviceSerialNumber": "66112",
  "DiffusionScheme": "Monopolar",
  "DwellTime": 2e-06,
  "EchoTime": 0.075,
  "EchoTrainLength": 61,
  "EffectiveEchoSpacing": 0.000285004,
  "FlipAngle": 90,
  "HeudiconvVersion": "0.13.1",
  "ImageOrientationPatientDICOM": [0.985038, 0.172166, 0.00765694, -0.166076, 0.936453, 0.308988],
  "ImageOrientationText": "Tra>Cor(17.8)>Sag(-2.6)",
  "ImageType": [
    "ORIGINAL",
    "PRIMARY",
    "DIFFUSION",
    "NONE",
    "ND",
    "NORM",
    "MOSAIC"
],
  "ImagingFrequency": 123.259,
  "InPlanePhaseEncodingDirectionDICOM": "COL",
  "InstitutionAddress": "Maynard 3,Hanover,NH,US,03755",
  "InstitutionName": "Dartmouth College - PBS",
  "InstitutionalDepartmentName": "Department",
  "MRAcquisitionType": "2D",
  "MagneticFieldStrength": 3,
  "Manufacturer": "Siemens",
  "ManufacturersModelName": "Prisma",
  "MatrixCoilMode": "GRAPPA",
  "Modality": "MR",
  "NonlinearGradientCorrection": false,
  "ParallelReductionFactorInPlane": 2,
  "PartialFourier": 1,
  "PatientPosition": "HFS",
  "PercentPhaseFOV": 100,
  "PercentSampling": 100,
  "PhaseEncodingDirection": "j-",
  "PhaseEncodingSteps": 122,
  "PhaseResolution": 1,
  "PixelBandwidth": 2050,
  "ProcedureStepDescription": "dbic^QA",
  "ProtocolName": "dwi_acq-DTI-30-p2",
  "PulseSequenceDetails": "%SiemensSeq%\\ep2d_diff",
  "ReceiveCoilActiveElements": "HEA;HEP",
  "ReceiveCoilName": "Head_32",
  "ReconMatrixPE": 122,
  "RefLinesPE": 38,
  "RepetitionTime": 7.7,
  "SAR": 0.100845,
  "ScanOptions": "FS",
  "ScanningSequence": "EP",
  "SequenceName": "*ep_b0",
  "SequenceVariant": "SK\\SP",
  "SeriesDescription": "dwi_acq-DTI-30-p2",
  "SeriesNumber": 9,
  "ShimSetting": [4217, -7740, -7495, -47, -154, -77, -31, 67],
  "SliceThickness": 2,
  "SliceTiming": [3.84, 0, 3.9475, 0.11, 4.0575, 0.2175, 4.1675, 0.3275, 4.2775, 0.4375, 4.3875, 0.5475, 4.4975, 0.6575, 4.6075, 0.7675, 4.7175, 0.8775, 4.8275, 0.9875, 4.935, 1.095, 5.045, 1.205, 5.155, 1.315, 5.265, 1.425, 5.375, 1.535, 5.485, 1.645, 5.595, 1.755, 5.705, 1.865, 5.8125, 1.975, 5.9225, 2.0825, 6.0325, 2.1925, 6.1425, 2.3025, 6.2525, 2.4125, 6.3625, 2.5225, 6.4725, 2.6325, 6.5825, 2.7425, 6.6925, 2.8525, 6.8, 2.96, 6.91, 3.07, 7.02, 3.18, 7.13, 3.29, 7.24, 3.4, 7.35, 3.51, 7.46, 3.62, 7.57, 3.73],
  "SoftwareVersions": "syngo MR E11",
  "SpacingBetweenSlices": 2,
  "SpoilingState": true,
  "StationName": "AWP66112",
  "TotalReadoutTime": 0.0344855,
  "TxRefAmp": 222.378,
  "dcmmeta_affine": [
    [-1.9377800226211548, -0.3267074227333069, -0.0920538455247879, 142.4772491455078],
    [-0.3386874794960022, 1.8422034978866577, 0.6112734079360962, -106.89803314208984],
    [0.015062822960317135, -0.6078454256057739, 1.902070164680481, -38.79167175292969],
    [0.0, 0.0, 0.0, 1.0]
],
  "dcmmeta_reorient_transform": [
    [0.0, -1.0, 0.0, 121.0],
    [1.0, 0.0, 0.0, 0.0],
    [0.0, 0.0, 1.0, 0.0],
    [0.0, 0.0, 0.0, 1.0]
],
  "dcmmeta_shape": [122, 122, 70, 31],
  "dcmmeta_slice_dim": 2,
  "dcmmeta_version": 0.6,
  "global": {
    "const": {
      "AccessionNumber": "qa",
      "AcquisitionMatrix": [122, 0, 0, 122],
      "AngioFlag": "N",
      "BitsAllocated": 16,
      "BitsStored": 12,
      "BodyPartExamined": "BRAIN",
      "Columns": 1098,
      "EchoNumbers": 1,
      "EchoTime": 75.0,
      "EchoTrainLength": 61,
      "FlipAngle": 90.0,
      "HighBit": 11,
      "ImageOrientationPatient": [0.98503816876281, 0.17216613321333, 0.00765693507722, -0.1660762735779, 0.93645343413219, 0.30898808562225],
      "ImagePositionPatient": [-889.14908474778, -1180.2833977783, -416.32019604443],
      "ImageType": [
        "ORIGINAL",
        "PRIMARY",
        "DIFFUSION",
        "NONE",
        "ND",
        "NORM",
        "MOSAIC"
],
      "ImagedNucleus": "1H",
      "ImagingFrequency": 123.259144,
      "InPlanePhaseEncodingDirection": "COL",
      "MRAcquisitionType": "2D",
      "MagneticFieldStrength": 3.0,
      "Manufacturer": "SIEMENS",
      "ManufacturerModelName": "Prisma",
      "Modality": "MR",
      "NumberOfAverages": 1.0,
      "NumberOfPhaseEncodingSteps": 122,
      "PercentPhaseFieldOfView": 100.0,
      "PercentSampling": 100.0,
      "PerformedProcedureStepStartTime": "090047.150000",
      "PhotometricInterpretation": "MONOCHROME2",
      "PixelBandwidth": 2050.0,
      "PixelRepresentation": 0,
      "PixelSpacing": [1.9672131538391, 1.9672131538391],
      "ProtocolName": "dwi_acq-DTI-30-p2",
      "RepetitionTime": 7700.0,
      "Rows": 1098,
      "SAR": 0.10084502593365,
      "SamplesPerPixel": 1,
      "ScanOptions": "FS",
      "ScanningSequence": "EP",
      "SequenceVariant": [
        "SK",
        "SP"
],
      "SeriesDescription": "dwi_acq-DTI-30-p2",
      "SeriesNumber": 9,
      "SeriesTime": "093802.578000",
      "SliceLocation": -76.121992980937,
      "SliceThickness": 2.0,
      "SmallestImagePixelValue": 0,
      "SoftwareVersions": "syngo MR E11",
      "SpacingBetweenSlices": 2.0000000265704,
      "SpecificCharacterSet": "ISO_IR 100",
      "StudyID": "4",
      "StudyTime": "090047.066000",
      "TransmitCoilName": "Body",
      "VariableFlipAngleFlag": "N",
      "WindowCenterWidthExplanation": "Algo1"
    },
    "slices": {}
  },
  "time": {
    "samples": {
      "AcquisitionNumber": [1, 2, 3, 4, 5, 6, 7, 8, 9, 10, 11, 12, 13, 14, 15, 16, 17, 18, 19, 20, 21, 22, 23, 24, 25, 26, 27, 28, 29, 30, 31],
      "AcquisitionTime": ["093522.215000", "093529.915000", "093537.615000", "093545.315000", "093553.015000", "093600.715000", "093608.415000", "093616.115000", "093623.815000", "093631.515000", "093639.215000", "093646.915000", "093654.615000", "093702.315000", "093710.015000", "093717.715000", "093725.415000", "093733.115000", "093740.815000", "093748.515000", "093756.215000", "093803.915000", "093811.615000", "093819.315000", "093827.015000", "093834.715000", "093842.415000", "093850.115000", "093857.815000", "093905.515000", "093913.215000"],
      "ContentTime": ["093802.582000", "093802.586000", "093802.589000", "093802.592000", "093802.594000", "093802.597000", "093802.600000", "093802.612000", "093802.615000", "093802.618000", "093802.621000", "093802.624000", "093802.627000", "093802.634000", "093802.637000", "093802.640000", "093802.643000", "093802.646000", "093802.649000", "093802.652000", "093802.655000", "093917.272000", "093917.277000", "093917.281000", "093917.284000", "093917.287000", "093917.291000", "093917.294000", "093917.297000", "093917.300000", "093917.303000"],
      "InstanceCreationTime": ["093802.582000", "093802.586000", "093802.589000", "093802.592000", "093802.594000", "093802.597000", "093802.600000", "093802.612000", "093802.615000", "093802.618000", "093802.621000", "093802.624000", "093802.627000", "093802.634000", "093802.637000", "093802.640000", "093802.643000", "093802.646000", "093802.649000", "093802.652000", "093802.655000", "093917.272000", "093917.277000", "093917.281000", "093917.284000", "093917.287000", "093917.291000", "093917.294000", "093917.297000", "093917.300000", "093917.303000"],
      "InstanceNumber": [1, 2, 3, 4, 5, 6, 7, 8, 9, 10, 11, 12, 13, 14, 15, 16, 17, 18, 19, 20, 21, 22, 23, 24, 25, 26, 27, 28, 29, 30, 31],
      "LargestImagePixelValue": [1820, 273, 268, 282, 279, 275, 284, 283, 278, 277, 280, 284, 271, 281, 275, 265, 270, 279, 276, 268, 269, 282, 270, 277, 276, 272, 266, 273, 272, 276, 264],
      "SequenceName": [
        "*ep_b0",
        "*ep_b1000#1",
        "*ep_b1000#2",
        "*ep_b1000#3",
        "*ep_b1000#4",
        "*ep_b1000#5",
        "*ep_b1000#6",
        "*ep_b1000#7",
        "*ep_b1000#8",
        "*ep_b1000#9",
        "*ep_b1000#10",
        "*ep_b1000#11",
        "*ep_b1000#12",
        "*ep_b1000#13",
        "*ep_b1000#14",
        "*ep_b1000#15",
        "*ep_b1000#16",
        "*ep_b1000#17",
        "*ep_b1000#18",
        "*ep_b1000#19",
        "*ep_b1000#20",
        "*ep_b1000#21",
        "*ep_b1000#22",
        "*ep_b1000#23",
        "*ep_b1000#24",
        "*ep_b1000#25",
        "*ep_b1000#26",
        "*ep_b1000#27",
        "*ep_b1000#28",
        "*ep_b1000#29",
        "*ep_b1000#30"
],
      "WindowCenter": [846.0, 210.0, 209.0, 210.0, 209.0, 208.0, 209.0, 210.0, 211.0, 210.0, 208.0, 208.0, 211.0, 210.0, 210.0, 209.0, 209.0, 208.0, 210.0, 210.0, 210.0, 210.0, 208.0, 208.0, 208.0, 209.0, 209.0, 209.0, 209.0, 210.0, 209.0],
      "WindowWidth": [1828.0, 480.0, 478.0, 480.0, 477.0, 475.0, 478.0, 479.0, 481.0, 479.0, 476.0, 475.0, 481.0, 479.0, 479.0, 478.0, 477.0, 475.0, 479.0, 480.0, 480.0, 480.0, 475.0, 475.0, 475.0, 477.0, 478.0, 477.0, 477.0, 479.0, 478.0]
    },
    "slices": {}
  }
}