{
  "AcquisitionMatrixPE": 80,
  "AcquisitionNumber": 1,
  "AcquisitionTime": "09:56:24.290000",
  "BandwidthPerPixelPhaseEncode": 44.643,
  "BaseResolution": 80,
  "BodyPartExamined": "BRAIN",
  "CoilCombinationMethod": "Sum of Squares",
  "ConsistencyInfo": "N4_VE11C_LATEST_20160120",
  "ConversionSoftware": "dcm2niix",
  "ConversionSoftwareVersion": "v1.0.20220720",
  "DerivedVendorReportedEchoSpacing": 0.000559998,
  "DeviceSerialNumber": "66112",
  "DwellTime": 2.7e-06,
  "EchoTime": 0.035,
  "EchoTrainLength": 39,
  "EffectiveEchoSpacing": 0.000279999,
  "FlipAngle": 90,
  "HeudiconvVersion": "0.13.1",
  "ImageOrientationPatientDICOM": [0.989469, -0.144676, 0.00447731, 0.13642, 0.942455, 0.305236],
  "ImageOrientationText": "Tra>Cor(17.6)>Sag(2.8)",
  "ImageType": [
    "ORIGINAL",
    "PRIMARY",
    "M",
    "ND",
    "NORM",
    "MOSAIC"
],
  "ImagingFrequency": 123.252,
  "InPlanePhaseEncodingDirectionDICOM": "COL",
  "InstitutionAddress": "Maynard 3,Hanover,NH,US,03755",
  "InstitutionName": "Dartmouth College - PBS",
  "InstitutionalDepartmentName": "Department",
  "MRAcquisitionType": "2D",
  "MagneticFieldStrength": 3,
  "Manufacturer": "Siemens",
  "ManufacturersModelName": "Prisma",
  "Modality": "MR",
  "MultibandAccelerationFactor": 4,
  "NonlinearGradientCorrection": false,
  "ParallelReductionFactorInPlane": 2,
  "PartialFourier": 1,
  "PatientPosition": "HFS",
  "PercentPhaseFOV": 100,
  "PercentSampling": 100,
  "PhaseEncodingDirection": "j-",
  "PhaseEncodingSteps": 79,
  "PhaseResolution": 1,
  "PixelBandwidth": 2315,
  "ProcedureStepDescription": "dbic^QA",
  "ProtocolName": "func-bold_task-rest_acq-p2-s4-3.5mm",
  "PulseSequenceDetails": "%SiemensSeq%\\ep2d_bold",
  "ReceiveCoilActiveElements": "HEA;HEP",
  "ReceiveCoilName": "Head_32",
  "ReconMatrixPE": 80,
  "RefLinesPE": 24,
  "RepetitionTime": 2,
  "SAR": 0.0210004,
  "ScanOptions": "FS",
  "ScanningSequence": "EP",
  "SequenceName": "*epfid2d1_80",
  "SequenceVariant": "SK",
  "SeriesDescription": "func-bold_task-rest_acq-p2-s4-3.5mm",
  "SeriesNumber": 7,
  "ShimSetting": [4149, -7707, -7521, 297, -105, -137, 15, 88],
  "SliceThickness": 3.5,
  "SliceTiming": [1.485, 0, 0.99, 0.2475, 1.2375, 0.7425, 1.7325, 0.495, 1.485, 0, 0.99, 0.2475, 1.2375, 0.7425, 1.7325, 0.495, 1.485, 0, 0.99, 0.2475, 1.2375, 0.7425, 1.7325, 0.495, 1.485, 0, 0.99, 0.2475, 1.2375, 0.7425, 1.7325, 0.495],
  "SoftwareVersions": "syngo MR E11",
  "SpacingBetweenSlices": 3.99,
  "StationName": "AWP66112",
  "TaskName": "rest",
  "TotalReadoutTime": 0.0221199,
  "TxRefAmp": 227.432,
  "dcmmeta_affine": [
    [-2.968406915664673, 0.409260630607605, 0.1930355578660965, 98.41455841064453],
    [0.4340268671512604, 2.8273637294769287, 1.2026281356811523, -139.47132873535156],
    [0.013431918807327747, -0.9157074093818665, 3.7995424270629883, -20.825721740722656],
    [0.0, 0.0, 0.0, 1.0]
],
  "dcmmeta_reorient_transform": [
    [0.0, -1.0, 0.0, 79.0],
    [1.0, 0.0, 0.0, 0.0],
    [0.0, 0.0, 1.0, 0.0],
    [0.0, 0.0, 0.0, 1.0]
],
  "dcmmeta_shape": [80, 80, 32, 200],
  "dcmmeta_slice_dim": 2,
  "dcmmeta_version": 0.6,
  "global": {
    "const": {
      "AccessionNumber": "qa",
      "AcquisitionMatrix": [80, 0, 0, 80],
      "AngioFlag": "N",
      "BitsAllocated": 16,
      "BitsStored": 12,
      "BodyPartExamined": "BRAIN",
      "Columns": 480,
      "EchoNumbers": 1,
      "EchoTime": 35.0,
      "EchoTrainLength": 39,
      "FlipAngle": 90.0,
      "HighBit": 11,
      "ImageOrientationPatient": [0.98946900813434, -0.1446756222378, 0.00447730630595, 0.13642020836165, 0.94245457760644, 0.30523580376364],
      "ImagePositionPatient": [-806.27967975147, -562.55777974256, -278.99447303307],
      "ImageType": [
        "ORIGINAL",
        "PRIMARY",
        "M",
        "ND",
        "NORM",
        "MOSAIC"
],
      "ImagedNucleus": "1H",
      "ImagingFrequency": 123.252436,
      "InPlanePhaseEncodingDirection": "COL",
      "MRAcquisitionType": "2D",
      "MagneticFieldStrength": 3.0,
      "Manufacturer": "SIEMENS",
      "ManufacturerModelName": "Prisma",
      "Modality": "MR",
      "NumberOfAverages": 1.0,
      "NumberOfPhaseEncodingSteps": 79,
      "PercentPhaseFieldOfView": 100.0,
      "PercentSampling": 100.0,
      "PerformedProcedureStepStartTime": "094426.401000",
      "PhotometricInterpretation": "MONOCHROME2",
      "PixelBandwidth": 2315.0,
      "PixelRepresentation": 0,
      "PixelSpacing": [3.0, 3.0],
      "ProtocolName": "func-bold_task-rest_acq-p2-s4-3.5mm",
      "RepetitionTime": 2000.0,
      "Rows": 480,
      "SAR": 0.02100040074853,
      "SamplesPerPixel": 1,
      "ScanOptions": "FS",
      "ScanningSequence": "EP",
      "SequenceName": "*epfid2d1_80",
      "SequenceVariant": "SK",
      "SeriesDescription": "func-bold_task-rest_acq-p2-s4-3.5mm",
      "SeriesNumber": 7,
      "SeriesTime": "095706.650000",
      "SliceLocation": -57.108484762578,
      "SliceThickness": 3.5,
      "SmallestImagePixelValue": 0,
      "SoftwareVersions": "syngo MR E11",
      "SpacingBetweenSlices": 3.9900000233941,
      "SpecificCharacterSet": "ISO_IR 100",
      "StudyID": "66",
      "StudyTime": "094426.359000",
      "TransmitCoilName": "Body",
      "VariableFlipAngleFlag": "N",
      "WindowCenterWidthExplanation": "Algo1",
      "dBdt": 0.0},
