{
  "AcquisitionMatrixPE": 122,
  "AcquisitionNumber": 1,
  "AcquisitionTime": "10:25:34.455000",
  "BandwidthPerPixelPhaseEncode": 27.785,
  "BaseResolution": 122,
  "BodyPartExamined": "BRAIN",
  "CoilCombinationMethod": "Adaptive Combine",
  "ConsistencyInfo": "N4_VE11E_LATEST_20181129",
  "ConversionSoftware": "dcm2niix",
  "ConversionSoftwareVersion": "v1.0.20220720",
  "DerivedVendorReportedEchoSpacing": 0.000590011,
  "DeviceSerialNumber": "66112",
  "DiffusionScheme": "Monopolar",
  "DwellTime": 2e-06,
  "EchoTime": 0.068,
  "EchoTrainLength": 61,
  "EffectiveEchoSpacing": 0.000295005,
  "FlipAngle": 90,
  "HeudiconvVersion": "0.13.1",
  "ImageOrientationPatientDICOM": [0.982953, 0.183633, 0.00908116, -0.177392, 0.934251, 0.309364],
  "ImageOrientationText": "Tra>Cor(17.8)>Sag(-2.8)",
  "ImageType": [
    "ORIGINAL",
    "PRIMARY",
    "DIFFUSION",
    "NONE",
    "ND",
    "NORM",
    "MOSAIC"
],
  "ImagingFrequency": 123.252,
  "InPlanePhaseEncodingDirectionDICOM": "COL",
  "InstitutionAddress": "Maynard 3,Hanover,NH,US,03755",
  "InstitutionName": "Dartmouth College - PBS",
  "InstitutionalDepartmentName": "Department",
  "MRAcquisitionType": "2D",
  "MagneticFieldStrength": 3,
  "Manufacturer": "Siemens",
  "ManufacturersModelName": "Prisma",
  "Modality": "MR",
  "MultibandAccelerationFactor": 4,
  "NonlinearGradientCorrection": false,
  "ParallelReductionFactorInPlane": 2,
  "PartialFourier": 1,
  "PatientPosition": "HFS",
  "PercentPhaseFOV": 100,
  "PercentSampling": 100,
  "PhaseEncodingDirection": "j-",
  "PhaseEncodingSteps": 122,
  "PhaseResolution": 1,
  "PixelBandwidth": 2050,
  "ProcedureStepDescription": "dbic^QA",
  "ProtocolName": "dwi_acq-DTI-30-p2-s4",
  "PulseSequenceDetails": "%SiemensSeq%\\ep2d_diff",
  "ReceiveCoilActiveElements": "HEA;HEP",
  "ReceiveCoilName": "Head_32",
  "ReconMatrixPE": 122,
  "RefLinesPE": 38,
  "RepetitionTime": 3.6,
  "SAR": 0.156417,
  "ScanOptions": "FS",
  "ScanningSequence": "EP",
  "SequenceName": "*ep_b0",
  "SequenceVariant": "SK\\SP",
  "SeriesDescription": "dwi_acq-DTI-30-p2-s4",
  "SeriesNumber": 13,
  "ShimSetting": [4146, -7699, -7506, 292, -62, -97, -59, 47],
  "SliceThickness": 2,
  "SliceTiming": [2.585, 0, 1.7875, 0.1975, 1.9875, 0.3975, 2.1875, 0.595, 2.385, 0.9925, 2.7825, 1.1925, 2.9825, 1.39, 3.18, 1.59, 3.38, 0.795, 2.585, 0, 1.7875, 0.1975, 1.9875, 0.3975, 2.1875, 0.595, 2.385, 0.9925, 2.7825, 1.1925, 2.9825, 1.39, 3.18, 1.59, 3.38, 0.795, 2.585, 0, 1.7875, 0.1975, 1.9875, 0.3975, 2.1875, 0.595, 2.385, 0.9925, 2.7825, 1.1925, 2.9825, 1.39, 3.18, 1.59, 3.38, 0.795, 2.585, 0, 1.7875, 0.1975, 1.9875, 0.3975, 2.1875, 0.595, 2.385, 0.9925, 2.7825, 1.1925, 2.9825, 1.39, 3.18, 1.59, 3.38, 0.795],
  "SoftwareVersions": "syngo MR E11",
  "SpacingBetweenSlices": 2,
  "SpoilingState": true,
  "StationName": "AWP66112",
  "TotalReadoutTime": 0.0356956,
  "TxRefAmp": 224.361,
  "dcmmeta_affine": [
    [-1.9336780309677124, -0.34896886348724365, -0.09665047377347946, 144.22642517089844],
    [-0.3612446188926697, 1.837871789932251, 0.6114022135734558, -102.39301300048828],
    [0.01786457560956478, -0.6085847616195679, 1.9018007516860962, -35.65296173095703],
    [0.0, 0.0, 0.0, 1.0]
],
  "dcmmeta_reorient_transform": [
    [0.0, -1.0, 0.0, 121.0],
    [1.0, 0.0, 0.0, 0.0],
    [0.0, 0.0, 1.0, 0.0],
    [0.0, 0.0, 0.0, 1.0]
],
  "dcmmeta_shape": [122, 122, 72, 31],
  "dcmmeta_slice_dim": 2,
  "dcmmeta_version": 0.6,
  "global": {
    "const": {
      "AccessionNumber": "qa",
      "AcquisitionMatrix": [122, 0, 0, 122],
      "AngioFlag": "N",
      "BitsAllocated": 16,
      "BitsStored": 12,
      "BodyPartExamined": "BRAIN",
      "Columns": 1098,
      "EchoNumbers": 1,
      "EchoTime": 68.0,
      "EchoTrainLength": 61,
      "FlipAngle": 90.0,
      "HighBit": 11,
      "ImageOrientationPatient": [0.98295298603338, 0.18363267629368, 0.00908115880755, -0.1773924991087, 0.93425150333381, 0.30936391156448],
      "ImagePositionPatient": [-875.33927317967, -1193.1583150982, -414.99899094035],
      "ImageType": [
        "ORIGINAL",
        "PRIMARY",
        "DIFFUSION",
        "NONE",
        "ND",
        "NORM",
        "MOSAIC"
],
      "ImagedNucleus": "1H",
      "ImagingFrequency": 123.252359,
      "InPlanePhaseEncodingDirection": "COL",
      "MRAcquisitionType": "2D",
      "MagneticFieldStrength": 3.0,
      "Manufacturer": "SIEMENS",
      "ManufacturerModelName": "Prisma",
      "Modality": "MR",
      "NumberOfAverages": 1.0,
      "NumberOfPhaseEncodingSteps": 122,
      "PercentPhaseFieldOfView": 100.0,
      "PercentSampling": 100.0,
      "PerformedProcedureStepStartTime": "093647.159000",
      "PhotometricInterpretation": "MONOCHROME2",
      "PixelBandwidth": 2050.0,
      "PixelRepresentation": 0,
      "PixelSpacing": [1.9672131538391, 1.9672131538391],
      "ProtocolName": "dwi_acq-DTI-30-p2-s4",
      "RepetitionTime": 3600.0,
      "Rows": 1098,
      "SAR": 0.15641746006488,
      "SamplesPerPixel": 1,
      "ScanOptions": "FS",
      "ScanningSequence": "EP",
      "SequenceVariant": [
        "SK",
        "SP"
],
      "SeriesDescription": "dwi_acq-DTI-30-p2-s4",
      "SeriesNumber": 13,
      "SeriesTime": "102658.006000",
      "SliceLocation": -72.173847832036,
      "SliceThickness": 2.0,
      "SmallestImagePixelValue": 0,
      "SoftwareVersions": "syngo MR E11",
      "SpacingBetweenSlices": 1.9999999949718,
      "SpecificCharacterSet": "ISO_IR 100",
      "StudyID": "5",
      "StudyTime": "093647.085000",
      "TransmitCoilName": "Body",
      "VariableFlipAngleFlag": "N",
      "WindowCenterWidthExplanation": "Algo1"
    },
    "slices": {}
  },
  "time": {
    "samples": {
      "AcquisitionNumber": [1, 2, 3, 4, 5, 6, 7, 8, 9, 10, 11, 12, 13, 14, 15, 16, 17, 18, 19, 20, 21, 22, 23, 24, 25, 26, 27, 28, 29, 30, 31],
      "AcquisitionTime": ["102534.455000", "102538.055000", "102541.655000", "102545.255000", "102548.855000", "102552.455000", "102556.055000", "102559.655000", "102603.255000", "102606.855000", "102610.455000", "102614.055000", "102617.655000", "102621.255000", "102624.855000", "102628.455000", "102632.055000", "102635.655000", "102639.255000", "102642.855000", "102646.455000", "102650.055000", "102653.655000", "102657.255000", "102700.855000", "102704.455000", "102708.055000", "102711.655000", "102715.255000", "102718.855000", "102722.455000"],
      "ContentTime": ["102658.009000", "102658.013000", "102658.016000", "102658.019000", "102658.022000", "102658.024000", "102658.027000", "102658.030000", "102658.033000", "102658.036000", "102658.039000", "102658.049000", "102658.052000", "102658.054000", "102658.057000", "102658.064000", "102658.067000", "102658.070000", "102658.072000", "102658.075000", "102658.078000", "102658.081000", "102658.095000", "102724.163000", "102724.167000", "102724.171000", "102724.174000", "102724.177000", "102724.181000", "102724.184000", "102724.187000"],
      "InstanceCreationTime": ["102658.009000", "102658.013000", "102658.016000", "102658.019000", "102658.022000", "102658.024000", "102658.027000", "102658.030000", "102658.033000", "102658.036000", "102658.039000", "102658.049000", "102658.052000", "102658.054000", "102658.057000", "102658.064000", "102658.067000", "102658.070000", "102658.072000", "102658.075000", "102658.078000", "102658.081000", "102658.095000", "102724.163000", "102724.167000", "102724.171000", "102724.174000", "102724.177000", "102724.181000", "102724.184000", "102724.187000"],
      "InstanceNumber": [1, 2, 3, 4, 5, 6, 7, 8, 9, 10, 11, 12, 13, 14, 15, 16, 17, 18, 19, 20, 21, 22, 23, 24, 25, 26, 27, 28, 29, 30, 31],
      "LargestImagePixelValue": [1770, 252, 262, 267, 253, 269, 256, 253, 253, 263, 252, 254, 276, 259, 268, 265, 269, 259, 258, 277, 266, 259, 265, 256, 255, 253, 257, 273, 259, 264, 267],
      "SequenceName": [
        "*ep_b0",
        "*ep_b1000#1",
        "*ep_b1000#2",
        "*ep_b1000#3",
        "*ep_b1000#4",
        "*ep_b1000#5",
        "*ep_b1000#6",
        "*ep_b1000#7",
        "*ep_b1000#8",
        "*ep_b1000#9",
        "*ep_b1000#10",
        "*ep_b1000#11",
        "*ep_b1000#12",
        "*ep_b1000#13",
        "*ep_b1000#14",
        "*ep_b1000#15",
        "*ep_b1000#16",
        "*ep_b1000#17",
        "*ep_b1000#18",
        "*ep_b1000#19",
        "*ep_b1000#20",
        "*ep_b1000#21",
        "*ep_b1000#22",
        "*ep_b1000#23",
        "*ep_b1000#24",
        "*ep_b1000#25",
        "*ep_b1000#26",
        "*ep_b1000#27",
        "*ep_b1000#28",
        "*ep_b1000#29",
        "*ep_b1000#30"
],
      "WindowCenter": [844.0, 205.0, 205.0, 205.0, 205.0, 205.0, 205.0, 205.0, 205.0, 205.0, 205.0, 204.0, 207.0, 206.0, 206.0, 205.0, 206.0, 205.0, 206.0, 207.0, 204.0, 205.0, 205.0, 205.0, 204.0, 204.0, 205.0, 205.0, 205.0, 207.0, 205.0],
      "WindowWidth": [1822.0, 472.0, 471.0, 472.0, 471.0, 471.0, 471.0, 471.0, 472.0, 471.0, 471.0, 470.0, 475.0, 473.0, 472.0, 472.0, 474.0, 470.0, 474.0, 476.0, 470.0, 471.0, 472.0, 471.0, 470.0, 470.0, 471.0, 471.0, 471.0, 476.0, 472.0]
    },
    "slices": {}
  }
}