{
  "AcquisitionMatrixPE": 122,
  "AcquisitionNumber": 1,
  "AcquisitionTime": "09:58:43.442500",
  "BandwidthPerPixelPhaseEncode": 27.785,
  "BaseResolution": 122,
  "BodyPartExamined": "BRAIN",
  "CoilCombinationMethod": "Adaptive Combine",
  "ConsistencyInfo": "N4_VE11E_LATEST_20181129",
  "ConversionSoftware": "dcm2niix",
  "ConversionSoftwareVersion": "v1.0.20220720",
  "DerivedVendorReportedEchoSpacing": 0.000590011,
  "DeviceSerialNumber": "66112",
  "DiffusionScheme": "Monopolar",
  "DwellTime": 2e-06,
  "EchoTime": 0.068,
  "EchoTrainLength": 61,
  "EffectiveEchoSpacing": 0.000295005,
  "FlipAngle": 90,
  "HeudiconvVersion": "0.13.1",
  "ImageOrientationPatientDICOM": [0.992643, 0.12086, 0.00728974, -0.117311, 0.9451, 0.304998],
  "ImageOrientationText": "Tra>Cor(17.7)>Sag(-1.7)",
  "ImageType": [
    "ORIGINAL",
    "PRIMARY",
    "DIFFUSION",
    "NONE",
    "ND",
    "NORM",
    "MOSAIC"
],
  "ImagingFrequency": 123.259,
  "InPlanePhaseEncodingDirectionDICOM": "COL",
  "InstitutionAddress": "Maynard 3,Hanover,NH,US,03755",
  "InstitutionName": "Dartmouth College - PBS",
  "InstitutionalDepartmentName": "Department",
  "MRAcquisitionType": "2D",
  "MagneticFieldStrength": 3,
  "Manufacturer": "Siemens",
  "ManufacturersModelName": "Prisma",
  "Modality": "MR",
  "MultibandAccelerationFactor": 4,
  "NonlinearGradientCorrection": false,
  "ParallelReductionFactorInPlane": 2,
  "PartialFourier": 1,
  "PatientPosition": "HFS",
  "PercentPhaseFOV": 100,
  "PercentSampling": 100,
  "PhaseEncodingDirection": "j-",
  "PhaseEncodingSteps": 122,
  "PhaseResolution": 1,
  "PixelBandwidth": 2050,
  "ProcedureStepDescription": "dbic^QA",
  "ProtocolName": "dwi_acq-DTI-30-p2-s4",
  "PulseSequenceDetails": "%SiemensSeq%\\ep2d_diff",
  "ReceiveCoilActiveElements": "HEA;HEP",
  "ReceiveCoilName": "Head_32",
  "ReconMatrixPE": 122,
  "RefLinesPE": 38,
  "RepetitionTime": 3.6,
  "SAR": 0.129969,
  "ScanOptions": "FS",
  "ScanningSequence": "EP",
  "SequenceName": "*ep_b0",
  "SequenceVariant": "SK\\SP",
  "SeriesDescription": "dwi_acq-DTI-30-p2-s4",
  "SeriesNumber": 10,
  "ShimSetting": [4223, -7747, -7495, -20, -144, -57, 0, 74],
  "SliceThickness": 2,
  "SliceTiming": [2.585, 0, 1.79, 0.1975, 1.9875, 0.3975, 2.1875, 0.595, 2.385, 0.995, 2.785, 1.1925, 2.9825, 1.3925, 3.1825, 1.59, 3.38, 0.795, 2.585, 0, 1.79, 0.1975, 1.9875, 0.3975, 2.1875, 0.595, 2.385, 0.995, 2.785, 1.1925, 2.9825, 1.3925, 3.1825, 1.59, 3.38, 0.795, 2.585, 0, 1.79, 0.1975, 1.9875, 0.3975, 2.1875, 0.595, 2.385, 0.995, 2.785, 1.1925, 2.9825, 1.3925, 3.1825, 1.59, 3.38, 0.795, 2.585, 0, 1.79, 0.1975, 1.9875, 0.3975, 2.1875, 0.595, 2.385, 0.995, 2.785, 1.1925, 2.9825, 1.3925, 3.1825, 1.59, 3.38, 0.795],
  "SoftwareVersions": "syngo MR E11",
  "SpacingBetweenSlices": 2,
  "SpoilingState": true,
  "StationName": "AWP66112",
  "TotalReadoutTime": 0.0356956,
  "TxRefAmp": 227.202,
  "dcmmeta_affine": [
    [-1.952739953994751, -0.23077647387981415, -0.059945251792669296, 135.86911010742188],
    [-0.23775768280029297, 1.85921311378479, 0.607219398021698, -115.81128692626953],
    [0.014340474270284176, -0.5999969840049744, 1.9046499729156494, -36.17079544067383],
    [0.0, 0.0, 0.0, 1.0]
],
  "dcmmeta_reorient_transform": [
    [0.0, -1.0, 0.0, 121.0],
    [1.0, 0.0, 0.0, 0.0],
    [0.0, 0.0, 1.0, 0.0],
    [0.0, 0.0, 0.0, 1.0]
],
  "dcmmeta_shape": [122, 122, 72, 31],
  "dcmmeta_slice_dim": 2,
  "dcmmeta_version": 0.6,
  "global": {
    "const": {
      "AccessionNumber": "qa",
      "AcquisitionMatrix": [122, 0, 0, 122],
      "AngioFlag": "N",
      "BitsAllocated": 16,
      "BitsStored": 12,
      "BodyPartExamined": "BRAIN",
      "Columns": 1098,
      "EchoNumbers": 1,
      "EchoTime": 68.0,
      "EchoTrainLength": 61,
      "FlipAngle": 90.0,
      "HighBit": 11,
      "ImageOrientationPatient": [0.99264277704723, 0.12086015410806, 0.00728974107515, -0.1173113756542, 0.94509998587006, 0.30499845548878],
      "ImagePositionPatient": [-948.26332088072, -1132.4752591141, -408.56710402176],
      "ImageType": [
        "ORIGINAL",
        "PRIMARY",
        "DIFFUSION",
        "NONE",
        "ND",
        "NORM",
        "MOSAIC"
],
      "ImagedNucleus": "1H",
      "ImagingFrequency": 123.259135,
      "InPlanePhaseEncodingDirection": "COL",
      "MRAcquisitionType": "2D",
      "MagneticFieldStrength": 3.0,
      "Manufacturer": "SIEMENS",
      "ManufacturerModelName": "Prisma",
      "Modality": "MR",
      "NumberOfAverages": 1.0,
      "NumberOfPhaseEncodingSteps": 122,
      "PercentPhaseFieldOfView": 100.0,
      "PercentSampling": 100.0,
      "PerformedProcedureStepStartTime": "092202.408000",
      "PhotometricInterpretation": "MONOCHROME2",
      "PixelBandwidth": 2050.0,
      "PixelRepresentation": 0,
      "PixelSpacing": [1.9672131538391, 1.9672131538391],
      "ProtocolName": "dwi_acq-DTI-30-p2-s4",
      "RepetitionTime": 3600.0,
      "Rows": 1098,
      "SAR": 0.12996907071314,
      "SamplesPerPixel": 1,
      "ScanOptions": "FS",
      "ScanningSequence": "EP",
      "SequenceVariant": [
        "SK",
        "SP"
],
      "SeriesDescription": "dwi_acq-DTI-30-p2-s4",
      "SeriesNumber": 10,
      "SeriesTime": "100012.048000",
      "SliceLocation": -73.680132192109,
      "SliceThickness": 2.0,
      "SmallestImagePixelValue": 0,
      "SoftwareVersions": "syngo MR E11",
      "SpacingBetweenSlices": 2.0000000238246,
      "SpecificCharacterSet": "ISO_IR 100",
      "StudyID": "17",
      "StudyTime": "092202.341000",
      "TransmitCoilName": "Body",
      "VariableFlipAngleFlag": "N",
      "WindowCenterWidthExplanation": "Algo1"
    },
    "slices": {}
  },
  "time": {
    "samples": {
      "AcquisitionNumber": [1, 2, 3, 4, 5, 6, 7, 8, 9, 10, 11, 12, 13, 14, 15, 16, 17, 18, 19, 20, 21, 22, 23, 24, 25, 26, 27, 28, 29, 30, 31],
      "AcquisitionTime": ["095843.442500", "095847.042500", "095850.642500", "095854.242500", "095857.842500", "095901.442500", "095905.042500", "095908.642500", "095912.242500", "095915.842500", "095919.442500", "095923.042500", "095926.642500", "095930.242500", "095933.842500", "095937.442500", "095941.042500", "095944.642500", "095948.242500", "095951.842500", "095955.442500", "095959.042500", "100002.642500", "100006.242500", "100009.842500", "100013.442500", "100017.042500", "100020.642500", "100024.242500", "100027.842500", "100031.442500"],
      "ContentTime": ["100012.052000", "100012.056000", "100012.059000", "100012.062000", "100012.071000", "100012.074000", "100012.077000", "100012.080000", "100012.083000", "100012.089000", "100012.092000", "100012.102000", "100012.105000", "100012.108000", "100012.111000", "100012.114000", "100012.117000", "100012.120000", "100012.123000", "100012.126000", "100012.129000", "100012.132000", "100012.135000", "100012.138000", "100012.141000", "100033.454000", "100033.461000", "100033.466000", "100033.469000", "100033.472000", "100033.475000"],
      "InstanceCreationTime": ["100012.052000", "100012.056000", "100012.059000", "100012.062000", "100012.071000", "100012.074000", "100012.077000", "100012.080000", "100012.083000", "100012.089000", "100012.092000", "100012.102000", "100012.105000", "100012.108000", "100012.111000", "100012.114000", "100012.117000", "100012.120000", "100012.123000", "100012.126000", "100012.129000", "100012.132000", "100012.135000", "100012.138000", "100012.141000", "100033.454000", "100033.461000", "100033.466000", "100033.469000", "100033.472000", "100033.475000"],
      "InstanceNumber": [1, 2, 3, 4, 5, 6, 7, 8, 9, 10, 11, 12, 13, 14, 15, 16, 17, 18, 19, 20, 21, 22, 23, 24, 25, 26, 27, 28, 29, 30, 31],
      "LargestImagePixelValue": [1941, 278, 288, 284, 278, 284, 277, 274, 287, 278, 281, 278, 283, 277, 284, 287, 277, 286, 285, 280, 276, 282, 280, 279, 267, 277, 274, 281, 283, 307, 286],
      "SequenceName": [
        "*ep_b0",
        "*ep_b1000#1",
        "*ep_b1000#2",
        "*ep_b1000#3",
        "*ep_b1000#4",
        "*ep_b1000#5",
        "*ep_b1000#6",
        "*ep_b1000#7",
        "*ep_b1000#8",
        "*ep_b1000#9",
        "*ep_b1000#10",
        "*ep_b1000#11",
        "*ep_b1000#12",
        "*ep_b1000#13",
        "*ep_b1000#14",
        "*ep_b1000#15",
        "*ep_b1000#16",
        "*ep_b1000#17",
        "*ep_b1000#18",
        "*ep_b1000#19",
        "*ep_b1000#20",
        "*ep_b1000#21",
        "*ep_b1000#22",
        "*ep_b1000#23",
        "*ep_b1000#24",
        "*ep_b1000#25",
        "*ep_b1000#26",
        "*ep_b1000#27",
        "*ep_b1000#28",
        "*ep_b1000#29",
        "*ep_b1000#30"
],
      "WindowCenter": [901.0, 218.0, 218.0, 218.0, 217.0, 216.0, 217.0, 217.0, 218.0, 218.0, 216.0, 216.0, 219.0, 218.0, 217.0, 218.0, 218.0, 216.0, 219.0, 220.0, 217.0, 217.0, 218.0, 216.0, 216.0, 217.0, 217.0, 218.0, 218.0, 221.0, 219.0],
      "WindowWidth": [1992.0, 496.0, 497.0, 496.0, 495.0, 493.0, 495.0, 495.0, 496.0, 496.0, 493.0, 492.0, 499.0, 497.0, 496.0, 496.0, 497.0, 493.0, 499.0, 500.0, 495.0, 496.0, 497.0, 493.0, 493.0, 495.0, 496.0, 497.0, 497.0, 503.0, 499.0]
    },
    "slices": {}
  }
}