{
  "AcquisitionMatrixPE": 122,
  "AcquisitionNumber": 1,
  "AcquisitionTime": "10:13:44.457500",
  "BandwidthPerPixelPhaseEncode": 27.785,
  "BaseResolution": 122,
  "BodyPartExamined": "BRAIN",
  "CoilCombinationMethod": "Adaptive Combine",
  "ConsistencyInfo": "N4_VE11E_LATEST_20181129",
  "ConversionSoftware": "dcm2niix",
  "ConversionSoftwareVersion": "v1.0.20220720",
  "DerivedVendorReportedEchoSpacing": 0.000590011,
  "DeviceSerialNumber": "66112",
  "DiffusionScheme": "Monopolar",
  "DwellTime": 2e-06,
  "EchoTime": 0.068,
  "EchoTrainLength": 61,
  "EffectiveEchoSpacing": 0.000295005,
  "FlipAngle": 90,
  "HeudiconvVersion": "0.13.1",
  "ImageOrientationPatientDICOM": [0.986269, 0.164928, 0.00850068, -0.159741, 0.939652, 0.30255],
  "ImageOrientationText": "Tra>Cor(17.5)>Sag(-2.4)",
  "ImageType": [
    "ORIGINAL",
    "PRIMARY",
    "DIFFUSION",
    "NONE",
    "ND",
    "NORM",
    "MOSAIC"
],
  "ImagingFrequency": 123.259,
  "InPlanePhaseEncodingDirectionDICOM": "COL",
  "InstitutionAddress": "Maynard 3,Hanover,NH,US,03755",
  "InstitutionName": "Dartmouth College - PBS",
  "InstitutionalDepartmentName": "Department",
  "MRAcquisitionType": "2D",
  "MagneticFieldStrength": 3,
  "Manufacturer": "Siemens",
  "ManufacturersModelName": "Prisma",
  "Modality": "MR",
  "MultibandAccelerationFactor": 4,
  "NonlinearGradientCorrection": false,
  "ParallelReductionFactorInPlane": 2,
  "PartialFourier": 1,
  "PatientPosition": "HFS",
  "PercentPhaseFOV": 100,
  "PercentSampling": 100,
  "PhaseEncodingDirection": "j-",
  "PhaseEncodingSteps": 122,
  "PhaseResolution": 1,
  "PixelBandwidth": 2050,
  "ProcedureStepDescription": "dbic^QA",
  "ProtocolName": "dwi_acq-DTI-30-p2-s4",
  "PulseSequenceDetails": "%SiemensSeq%\\ep2d_diff",
  "ReceiveCoilActiveElements": "HEA;HEP",
  "ReceiveCoilName": "Head_32",
  "ReconMatrixPE": 122,
  "RefLinesPE": 38,
  "RepetitionTime": 3.6,
  "SAR": 0.131206,
  "ScanOptions": "FS",
  "ScanningSequence": "EP",
  "SequenceName": "*ep_b0",
  "SequenceVariant": "SK\\SP",
  "SeriesDescription": "dwi_acq-DTI-30-p2-s4",
  "SeriesNumber": 10,
  "ShimSetting": [4219, -7739, -7498, -33, -135, -65, -16, 86],
  "SliceThickness": 2,
  "SliceTiming": [2.585, 0, 1.79, 0.2, 1.99, 0.3975, 2.1875, 0.5975, 2.3875, 0.995, 2.785, 1.1925, 2.9825, 1.3925, 3.1825, 1.5925, 3.3825, 0.795, 2.585, 0, 1.79, 0.2, 1.99, 0.3975, 2.1875, 0.5975, 2.3875, 0.995, 2.785, 1.1925, 2.9825, 1.3925, 3.1825, 1.5925, 3.3825, 0.795, 2.585, 0, 1.79, 0.2, 1.99, 0.3975, 2.1875, 0.5975, 2.3875, 0.995, 2.785, 1.1925, 2.9825, 1.3925, 3.1825, 1.5925, 3.3825, 0.795, 2.585, 0, 1.79, 0.2, 1.99, 0.3975, 2.1875, 0.5975, 2.3875, 0.995, 2.785, 1.1925, 2.9825, 1.3925, 3.1825, 1.5925, 3.3825, 0.795],
  "SoftwareVersions": "syngo MR E11",
  "SpacingBetweenSlices": 2,
  "SpoilingState": true,
  "StationName": "AWP66112",
  "TotalReadoutTime": 0.0356956,
  "TxRefAmp": 222.785,
  "dcmmeta_affine": [
    [-1.9402011632919312, -0.3142440617084503, -0.08382276445627213, 143.15333557128906],
    [-0.32444944977760315, 1.848496437072754, 0.5995065569877625, -115.24910736083984],
    [0.016722645610570908, -0.5951797962188721, 1.906191349029541, -39.36204147338867],
    [0.0, 0.0, 0.0, 1.0]
],
  "dcmmeta_reorient_transform": [
    [0.0, -1.0, 0.0, 121.0],
    [1.0, 0.0, 0.0, 0.0],
    [0.0, 0.0, 1.0, 0.0],
    [0.0, 0.0, 0.0, 1.0]
],
  "dcmmeta_shape": [122, 122, 72, 31],
  "dcmmeta_slice_dim": 2,
  "dcmmeta_version": 0.6,
  "global": {
    "const": {
      "AccessionNumber": "qa",
      "AcquisitionMatrix": [122, 0, 0, 122],
      "AngioFlag": "N",
      "BitsAllocated": 16,
      "BitsStored": 12,
      "BodyPartExamined": "BRAIN",
      "Columns": 1098,
      "EchoNumbers": 1,
      "EchoTime": 68.0,
      "EchoTrainLength": 61,
      "FlipAngle": 90.0,
      "HighBit": 11,
      "ImageOrientationPatient": [0.98626889715333, 0.16492847231996, 0.00850067798269, -0.1597407228268, 0.93965236282821, 0.30254972897385],
      "ImagePositionPatient": [-898.59686572392, -1168.8165902644, -409.98719582127],
      "ImageType": [
        "ORIGINAL",
        "PRIMARY",
        "DIFFUSION",
        "NONE",
        "ND",
        "NORM",
        "MOSAIC"
],
      "ImagedNucleus": "1H",
      "ImagingFrequency": 123.259137,
      "InPlanePhaseEncodingDirection": "COL",
      "MRAcquisitionType": "2D",
      "MagneticFieldStrength": 3.0,
      "Manufacturer": "SIEMENS",
      "ManufacturerModelName": "Prisma",
      "Modality": "MR",
      "NumberOfAverages": 1.0,
      "NumberOfPhaseEncodingSteps": 122,
      "PercentPhaseFieldOfView": 100.0,
      "PercentSampling": 100.0,
      "PerformedProcedureStepStartTime": "093429.302000",
      "PhotometricInterpretation": "MONOCHROME2",
      "PixelBandwidth": 2050.0,
      "PixelRepresentation": 0,
      "PixelSpacing": [1.9672131538391, 1.9672131538391],
      "ProtocolName": "dwi_acq-DTI-30-p2-s4",
      "RepetitionTime": 3600.0,
      "Rows": 1098,
      "SAR": 0.13120609909258,
      "SamplesPerPixel": 1,
      "ScanOptions": "FS",
      "ScanningSequence": "EP",
      "SequenceVariant": [
        "SK",
        "SP"
],
      "SeriesDescription": "dwi_acq-DTI-30-p2-s4",
      "SeriesNumber": 10,
      "SeriesTime": "101508.802000",
      "SliceLocation": -78.061846773113,
      "SliceThickness": 2.0,
      "SmallestImagePixelValue": 0,
      "SoftwareVersions": "syngo MR E11",
      "SpacingBetweenSlices": 1.9999999478044,
      "SpecificCharacterSet": "ISO_IR 100",
      "StudyID": "7",
      "StudyTime": "093429.208000",
      "TransmitCoilName": "Body",
      "VariableFlipAngleFlag": "N",
      "WindowCenterWidthExplanation": "Algo1"
    },
    "slices": {}
  },
  "time": {
    "samples": {
      "AcquisitionNumber": [1, 2, 3, 4, 5, 6, 7, 8, 9, 10, 11, 12, 13, 14, 15, 16, 17, 18, 19, 20, 21, 22, 23, 24, 25, 26, 27, 28, 29, 30, 31],
      "AcquisitionTime": ["101344.457500", "101348.057500", "101351.657500", "101355.257500", "101358.857500", "101402.457500", "101406.057500", "101409.657500", "101413.257500", "101416.857500", "101420.457500", "101424.057500", "101427.657500", "101431.257500", "101434.857500", "101438.457500", "101442.057500", "101445.657500", "101449.257500", "101452.857500", "101456.457500", "101500.057500", "101503.657500", "101507.257500", "101510.857500", "101514.457500", "101518.057500", "101521.657500", "101525.257500", "101528.857500", "101532.457500"],
      "ContentTime": ["101508.805000", "101508.809000", "101508.812000", "101508.825000", "101508.827000", "101508.830000", "101508.833000", "101508.836000", "101508.839000", "101508.842000", "101508.845000", "101508.859000", "101508.863000", "101508.866000", "101508.869000", "101508.872000", "101508.875000", "101508.878000", "101508.881000", "101508.885000", "101508.897000", "101508.900000", "101508.903000", "101534.356000", "101534.364000", "101534.368000", "101534.371000", "101534.376000", "101534.381000", "101534.384000", "101534.387000"],
      "InstanceCreationTime": ["101508.805000", "101508.809000", "101508.812000", "101508.825000", "101508.827000", "101508.830000", "101508.833000", "101508.836000", "101508.839000", "101508.842000", "101508.845000", "101508.859000", "101508.863000", "101508.866000", "101508.869000", "101508.872000", "101508.875000", "101508.878000", "101508.881000", "101508.885000", "101508.897000", "101508.900000", "101508.903000", "101534.356000", "101534.364000", "101534.368000", "101534.371000", "101534.376000", "101534.381000", "101534.384000", "101534.387000"],
      "InstanceNumber": [1, 2, 3, 4, 5, 6, 7, 8, 9, 10, 11, 12, 13, 14, 15, 16, 17, 18, 19, 20, 21, 22, 23, 24, 25, 26, 27, 28, 29, 30, 31],
      "LargestImagePixelValue": [2031, 295, 295, 296, 309, 309, 316, 309, 301, 298, 315, 314, 309, 315, 305, 306, 305, 306, 305, 297, 299, 297, 295, 295, 297, 291, 297, 301, 305, 305, 309],
      "SequenceName": [
        "*ep_b0",
        "*ep_b1000#1",
        "*ep_b1000#2",
        "*ep_b1000#3",
        "*ep_b1000#4",
        "*ep_b1000#5",
        "*ep_b1000#6",
        "*ep_b1000#7",
        "*ep_b1000#8",
        "*ep_b1000#9",
        "*ep_b1000#10",
        "*ep_b1000#11",
        "*ep_b1000#12",
        "*ep_b1000#13",
        "*ep_b1000#14",
        "*ep_b1000#15",
        "*ep_b1000#16",
        "*ep_b1000#17",
        "*ep_b1000#18",
        "*ep_b1000#19",
        "*ep_b1000#20",
        "*ep_b1000#21",
        "*ep_b1000#22",
        "*ep_b1000#23",
        "*ep_b1000#24",
        "*ep_b1000#25",
        "*ep_b1000#26",
        "*ep_b1000#27",
        "*ep_b1000#28",
        "*ep_b1000#29",
        "*ep_b1000#30"
],
      "WindowCenter": [907.0, 225.0, 225.0, 225.0, 224.0, 223.0, 225.0, 224.0, 225.0, 225.0, 224.0, 222.0, 227.0, 226.0, 226.0, 225.0, 225.0, 223.0, 227.0, 228.0, 225.0, 225.0, 224.0, 222.0, 222.0, 223.0, 225.0, 224.0, 225.0, 228.0, 226.0],
      "WindowWidth": [2009.0, 510.0, 510.0, 510.0, 508.0, 506.0, 510.0, 509.0, 511.0, 510.0, 508.0, 505.0, 514.0, 512.0, 512.0, 510.0, 510.0, 506.0, 513.0, 516.0, 510.0, 510.0, 509.0, 505.0, 505.0, 506.0, 510.0, 508.0, 510.0, 515.0, 512.0]
    },
    "slices": {}
  }
}