{
  "AcquisitionMatrixPE": 80,
  "AcquisitionNumber": 1,
  "AcquisitionTime": "09:54:38.497500",
  "BandwidthPerPixelPhaseEncode": 25,
  "BaseResolution": 80,
  "BodyPartExamined": "BRAIN",
  "CoilCombinationMethod": "Sum of Squares",
  "ConsistencyInfo": "N4_VE11C_LATEST_20160120",
  "ConversionSoftware": "dcm2niix",
  "ConversionSoftwareVersion": "v1.0.20220720",
  "DerivedVendorReportedEchoSpacing": 0.0005,
  "DeviceSerialNumber": "66112",
  "DwellTime": 2.7e-06,
  "EchoTime": 0.03,
  "EchoTrainLength": 80,
  "EffectiveEchoSpacing": 0.0005,
  "FlipAngle": 77,
  "HeudiconvVersion": "0.13.1",
  "ImageOrientationPatientDICOM": [0.98794, -0.154779, 0.00416217, 0.146591, 0.943653, 0.296697],
  "ImageOrientationText": "Tra>Cor(17.0)>Sag(2.9)",
  "ImageType": [
    "ORIGINAL",
    "PRIMARY",
    "M",
    "ND",
    "NORM",
    "MOSAIC"
],
  "ImagingFrequency": 123.252,
  "InPlanePhaseEncodingDirectionDICOM": "COL",
  "InstitutionAddress": "Maynard 3,Hanover,NH,US,03755",
  "InstitutionName": "Dartmouth College - PBS",
  "InstitutionalDepartmentName": "Department",
  "MRAcquisitionType": "2D",
  "MagneticFieldStrength": 3,
  "Manufacturer": "Siemens",
  "ManufacturersModelName": "Prisma",
  "MatrixCoilMode": "SENSE",
  "Modality": "MR",
  "NonlinearGradientCorrection": false,
  "PartialFourier": 1,
  "PatientPosition": "HFS",
  "PercentPhaseFOV": 100,
  "PercentSampling": 100,
  "PhaseEncodingDirection": "j-",
  "PhaseEncodingSteps": 80,
  "PhaseResolution": 1,
  "PixelBandwidth": 2315,
  "ProcedureStepDescription": "dbic^QA",
  "ProtocolName": "func-bold_fa-77",
  "PulseSequenceDetails": "%SiemensSeq%\\ep2d_bold",
  "ReceiveCoilActiveElements": "HEA;HEP",
  "ReceiveCoilName": "Head_32",
  "ReconMatrixPE": 80,
  "RepetitionTime": 2,
  "SAR": 0.0435324,
  "ScanOptions": "FS",
  "ScanningSequence": "EP",
  "SequenceName": "*epfid2d1_80",
  "SequenceVariant": "SK",
  "SeriesDescription": "func-bold_fa-77",
  "SeriesNumber": 8,
  "ShimSetting": [4148, -7708, -7531, 238, -91, -105, 15, 43],
  "SliceThickness": 3.5,
  "SliceTiming": [0.99, 0, 1.055, 0.065, 1.1225, 0.1325, 1.1875, 0.1975, 1.2525, 0.2625, 1.32, 0.33, 1.385, 0.395, 1.45, 0.4625, 1.5175, 0.5275, 1.5825, 0.5925, 1.65, 0.66, 1.715, 0.725, 1.78, 0.7925, 1.8475, 0.8575, 1.9125, 0.9225],
  "SoftwareVersions": "syngo MR E11",
  "SpacingBetweenSlices": 3.99,
  "StationName": "AWP66112",
  "TotalReadoutTime": 0.0395,
  "TxRefAmp": 219.216,
  "dcmmeta_affine": [
    [-2.9638209342956543, 0.4397733807563782, 0.19890277087688446, 99.1872329711914],
    [0.4643384516239166, 2.8309600353240967, 1.1671116352081299, -149.34466552734375],
    [0.012486514635384083, -0.8900921940803528, 3.810300350189209, -15.6195707321167],
    [0.0, 0.0, 0.0, 1.0]
],
  "dcmmeta_reorient_transform": [
    [0.0, -1.0, 0.0, 79.0],
    [1.0, 0.0, 0.0, 0.0],
    [0.0, 0.0, 1.0, 0.0],
    [0.0, 0.0, 0.0, 1.0]
],
  "dcmmeta_shape": [80, 80, 30, 200],
  "dcmmeta_slice_dim": 2,
  "dcmmeta_version": 0.6,
  "global": {
    "const": {
      "AccessionNumber": "qa",
      "AcquisitionMatrix": [80, 0, 0, 80],
      "AngioFlag": "N",
      "BitsAllocated": 16,
      "BitsStored": 12,
      "BodyPartExamined": "BRAIN",
      "Columns": 480,
      "EchoNumbers": 1,
      "EchoTime": 30.0,
      "EchoTrainLength": 80,
      "FlipAngle": 77.0,
      "HighBit": 11,
      "ImageOrientationPatient": [0.98794027598268, -0.1547794799679, 0.00416217156563, 0.14659112216529, 0.9436533782329, 0.29669739576201],
      "ImagePositionPatient": [-814.64817013547, -547.62552305025, -266.452594378],
      "ImageType": [
        "ORIGINAL",
        "PRIMARY",
        "M",
        "ND",
        "NORM",
        "MOSAIC"
],
      "ImagedNucleus": "1H",
      "ImagingFrequency": 123.252341,
      "InPlanePhaseEncodingDirection": "COL",
      "MRAcquisitionType": "2D",
      "MagneticFieldStrength": 3.0,
      "Manufacturer": "SIEMENS",
      "ManufacturerModelName": "Prisma",
      "Modality": "MR",
      "NumberOfAverages": 1.0,
      "NumberOfPhaseEncodingSteps": 80,
      "PercentPhaseFieldOfView": 100.0,
      "PercentSampling": 100.0,
      "PerformedProcedureStepStartTime": "093453.226000",
      "PhotometricInterpretation": "MONOCHROME2",
      "PixelBandwidth": 2315.0,
      "PixelRepresentation": 0,
      "PixelSpacing": [3.0, 3.0],
      "ProtocolName": "func-bold_fa-77",
      "RepetitionTime": 2000.0,
      "Rows": 480,
      "SAR": 0.04353238552666,
      "SamplesPerPixel": 1,
      "ScanOptions": "FS",
      "ScanningSequence": "EP",
      "SequenceName": "*epfid2d1_80",
      "SequenceVariant": "SK",
      "SeriesDescription": "func-bold_fa-77",
      "SeriesNumber": 8,
      "SeriesTime": "095530.250000",
      "SliceLocation": -53.656273776314,
      "SliceThickness": 3.5,
      "SmallestImagePixelValue": 0,
      "SoftwareVersions": "syngo MR E11",
      "SpacingBetweenSlices": 3.9900000859474,
      "SpecificCharacterSet": "ISO_IR 100",
      "StudyID": "48",
      "StudyTime": "093453.177000",
      "TransmitCoilName": "Body",
      "VariableFlipAngleFlag": "N",
      "WindowCenterWidthExplanation": "Algo1",
      "dBdt": 0.0},
