{
  "AcquisitionDateTime": "2017-01-17T91:73:6.203125", 
  "ConversionSoftware": "dcm2niix", 
  "ConversionSoftwareVersion": "v1.0.20170130", 
  "EchoTime": 0.035, 
  "EffectiveEchoSpacing": 0.000279999, 
  "FlipAngle": 90, 
  "ImageType": [
    "ORIGINAL", 
    "PRIMARY", 
    "M", 
    "ND", 
    "NORM", 
    "MOSAIC"
], 
  "MagneticFieldStrength": 3, 
  "Manufacturer": "Siemens", 
  "ManufacturersModelName": "Prisma", 
  "PhaseEncodingDirection": "j-", 
  "ProcedureStepDescription": "dbic_QA", 
  "ProtocolName": "BOLD_p2_s4_3.5mm", 
  "RepetitionTime": 0.525, 
  "SliceTiming": [0.38, 0, 0.2525, 0.065, 0.3175, 0.19, 0.4425, 0.1275, 0.38, 0, 0.2525, 0.065, 0.3175, 0.19, 0.4425, 0.1275, 0.38, 0, 0.2525, 0.065, 0.3175, 0.19, 0.4425, 0.1275, 0.38, 0, 0.2525, 0.065, 0.3175, 0.19, 0.4425, 0.1275], 
  "dcmmeta_affine": [
    [-2.926417827606201, 0.6316447257995605, 0.25618720054626465, 82.8625259399414], 
    [0.6603600978851318, 2.796895742416382, 1.1451129913330078, -142.418701171875], 
    [-0.001698157167993486, -0.8822693824768066, 3.8135526180267334, -25.554309844970703], 
    [0.0, 0.0, 0.0, 1.0]
], 
  "dcmmeta_reorient_transform": [
    [0.0, -1.0, 0.0, 79.0], 
    [1.0, 0.0, 0.0, 0.0], 
    [0.0, 0.0, 1.0, 0.0], 
    [0.0, 0.0, 0.0, 1.0]
], 
  "dcmmeta_shape": [80, 80, 32, 157], 
  "dcmmeta_slice_dim": 2, 
  "dcmmeta_version": 0.6, 
  "global": {
    "const": {
      "AccessionNumber": "qa", 
      "AcquisitionMatrix": [80, 0, 0, 80], 
      "AngioFlag": "N", 
      "BitsAllocated": 16, 
      "BitsStored": 12, 
      "BodyPartExamined": "BRAIN", 
      "Columns": 480, 
      "EchoNumbers": 1, 
      "EchoTime": 35.0, 
      "EchoTrainLength": 39, 
      "FlipAngle": 90.0, 
      "HighBit": 11, 
      "ImageOrientationPatient": [0.97547263141977, -0.2201200239316, -0.0005660524048, 0.21054824895593, 0.93229857307246, 0.29408979157503], 
      "ImagePositionPatient": [-844.37499053554, -505.84319708596, -271.36783484785], 
      "ImageType": [
        "ORIGINAL", 
        "PRIMARY", 
        "M", 
        "ND", 
        "NORM", 
        "MOSAIC"
], 
      "ImagedNucleus": "1H", 
      "ImagingFrequency": 123.252563, 
      "InPlanePhaseEncodingDirection": "COL", 
      "MRAcquisitionType": "2D", 
      "MagneticFieldStrength": 3.0, 
      "Manufacturer": "SIEMENS", 
      "ManufacturerModelName": "Prisma", 
      "Modality": "MR", 
      "NumberOfAverages": 1.0, 
      "NumberOfPhaseEncodingSteps": 79, 
      "PercentPhaseFieldOfView": 100.0, 
      "PercentSampling": 100.0, 
      "PerformedProcedureStepStartTime": "085712.888000", 
      "PhotometricInterpretation": "MONOCHROME2", 
      "PixelBandwidth": 2315.0, 
      "PixelRepresentation": 0, 
      "PixelSpacing": [3.0, 3.0], 
      "PositionReferenceIndicator": "", 
      "ProtocolName": "BOLD_p2_s4_3.5mm", 
      "RepetitionTime": 525.0, 
      "Rows": 480, 
      "SAR": 0.07735013459321, 
      "SamplesPerPixel": 1, 
      "ScanOptions": "FS", 
      "ScanningSequence": "EP", 
      "SequenceName": "*epfid2d1_80", 
      "SequenceVariant": "SK", 
      "SeriesDescription": "BOLD_p2_s4_3.5mm", 
      "SeriesNumber": 7, 
      "SeriesTime": "091749.220000", 
      "SliceLocation": -59.977413810305, 
      "SliceThickness": 3.5, 
      "SmallestImagePixelValue": 0, 
      "SoftwareVersions": "syngo MR E11", 
      "SpacingBetweenSlices": 3.9899999996481, 
      "SpecificCharacterSet": "ISO_IR 100", 
      "StudyID": "22", 
      "StudyTime": "085712.799000", 
      "TransmitCoilName": "Body", 
      "VariableFlipAngleFlag": "N", 
      "WindowCenterWidthExplanation": "Algo1", 
      "dBdt": 0.0}, 
