{
  "AcquisitionDateTime": "2017-01-17T91:20:9.789062", 
  "ConversionSoftware": "dcm2niix", 
  "ConversionSoftwareVersion": "v1.0.20170130", 
  "EchoTime": 0.035, 
  "EffectiveEchoSpacing": 0.00026, 
  "FlipAngle": 90, 
  "ImageType": [
    "ORIGINAL", 
    "PRIMARY", 
    "M", 
    "ND", 
    "NORM", 
    "MOCO", 
    "MOSAIC"
], 
  "MagneticFieldStrength": 3, 
  "Manufacturer": "Siemens", 
  "ManufacturersModelName": "Prisma", 
  "PhaseEncodingDirection": "j-", 
  "ProcedureStepDescription": "dbic_QA", 
  "ProtocolName": "BOLD_p2", 
  "RepetitionTime": 2, 
  "SliceTiming": [0, 0.0675, 0.1325, 0.1975, 0.265, 0.33, 0.3975, 0.4625, 0.5275, 0.595, 0.66, 0.7275, 0.7925, 0.8575, 0.925], 
  "dcmmeta_affine": [
    [-2.926417827606201, 0.6316447257995605, 0.25618720054626465, 83.11871337890625], 
    [0.6603600978851318, 2.796895742416382, 1.1451129913330078, -141.27357482910156], 
    [-0.001698157167993486, -0.8822693824768066, 3.8135526180267334, -21.74075698852539], 
    [0.0, 0.0, 0.0, 1.0]
], 
  "dcmmeta_reorient_transform": [
    [0.0, -1.0, 0.0, 79.0], 
    [1.0, 0.0, 0.0, 0.0], 
    [0.0, 0.0, 1.0, 0.0], 
    [0.0, 0.0, 0.0, 1.0]
], 
  "dcmmeta_shape": [80, 80, 30, 157], 
  "dcmmeta_slice_dim": 2, 
  "dcmmeta_version": 0.6, 
  "global": {
    "const": {
      "AccessionNumber": "qa", 
      "AcquisitionMatrix": [80, 0, 0, 80], 
      "AngioFlag": "N", 
      "BitsAllocated": 16, 
      "BitsStored": 12, 
      "BodyPartExamined": "BRAIN", 
      "Columns": 480, 
      "EchoNumbers": 1, 
      "EchoTime": 35.0, 
      "EchoTrainLength": 39, 
      "FlipAngle": 90.0, 
      "HighBit": 11, 
      "ImageOrientationPatient": [0.97547263141977, -0.2201200239316, -0.0005660524048, 0.21054824895593, 0.93229857307246, 0.29408979157503], 
      "ImagePositionPatient": [-844.63117797451, -506.9883100773, -267.55428199141], 
      "ImageType": [
        "ORIGINAL", 
        "PRIMARY", 
        "M", 
        "ND", 
        "NORM", 
        "MOCO", 
        "MOSAIC"
], 
      "ImagedNucleus": "1H", 
      "ImagingFrequency": 123.252564, 
      "InPlanePhaseEncodingDirection": "COL", 
      "MRAcquisitionType": "2D", 
      "MagneticFieldStrength": 3.0, 
      "Manufacturer": "SIEMENS", 
      "ManufacturerModelName": "Prisma", 
      "Modality": "MR", 
      "NumberOfAverages": 1.0, 
      "NumberOfPhaseEncodingSteps": 79, 
      "PercentPhaseFieldOfView": 100.0, 
      "PercentSampling": 100.0, 
      "PerformedProcedureStepStartTime": "085712.888000", 
      "PhotometricInterpretation": "MONOCHROME2", 
      "PixelBandwidth": 2315.0, 
      "PixelRepresentation": 0, 
      "PixelSpacing": [3.0, 3.0], 
      "PositionReferenceIndicator": "", 
      "ProtocolName": "BOLD_p2", 
      "RepetitionTime": 2000.0, 
      "Rows": 480, 
      "SAR": 0.05580742565152, 
      "SamplesPerPixel": 1, 
      "ScanOptions": "FS", 
      "ScanningSequence": "EP", 
      "SequenceName": "*epfid2d1_80", 
      "SequenceVariant": "SK", 
      "SeriesDescription": "MoCoSeries", 
      "SeriesNumber": 6, 
      "SeriesTime": "091309.262000", 
      "SliceLocation": -55.98741366548, 
      "SliceThickness": 3.5, 
      "SmallestImagePixelValue": 0, 
      "SoftwareVersions": "syngo MR E11", 
      "SpacingBetweenSlices": 3.9899999901637, 
      "SpecificCharacterSet": "ISO_IR 100", 
      "StudyID": "22", 
      "StudyTime": "085712.799000", 
      "TransmitCoilName": "Body", 
      "VariableFlipAngleFlag": "N", 
      "WindowCenterWidthExplanation": "Algo1", 
      "dBdt": 0.0}, 
