{
  "AcquisitionMatrixPE": 122,
  "AcquisitionNumber": 1,
  "AcquisitionTime": "09:39:52.207500",
  "BandwidthPerPixelPhaseEncode": 28.76,
  "BaseResolution": 122,
  "BodyPartExamined": "BRAIN",
  "CoilCombinationMethod": "Adaptive Combine",
  "ConsistencyInfo": "N4_VE11E_LATEST_20181129",
  "ConversionSoftware": "dcm2niix",
  "ConversionSoftwareVersion": "v1.0.20220720",
  "DerivedVendorReportedEchoSpacing": 0.000570008,
  "DeviceSerialNumber": "66112",
  "DiffusionScheme": "Monopolar",
  "DwellTime": 2e-06,
  "EchoTime": 0.075,
  "EchoTrainLength": 61,
  "EffectiveEchoSpacing": 0.000285004,
  "FlipAngle": 90,
  "HeudiconvVersion": "0.13.1",
  "ImageOrientationPatientDICOM": [0.999971, 0.00672721, 0.00363329, -0.00750483, 0.954429, 0.298343],
  "ImageOrientationText": "Tra>Cor(17.4)>Sag(0.1)",
  "ImageType": [
    "ORIGINAL",
    "PRIMARY",
    "DIFFUSION",
    "NONE",
    "ND",
    "NORM",
    "MOSAIC"
],
  "ImagingFrequency": 123.252,
  "InPlanePhaseEncodingDirectionDICOM": "COL",
  "InstitutionAddress": "Maynard 3,Hanover,NH,US,03755",
  "InstitutionName": "Dartmouth College - PBS",
  "InstitutionalDepartmentName": "Department",
  "MRAcquisitionType": "2D",
  "MagneticFieldStrength": 3,
  "Manufacturer": "Siemens",
  "ManufacturersModelName": "Prisma",
  "MatrixCoilMode": "GRAPPA",
  "Modality": "MR",
  "NonlinearGradientCorrection": false,
  "ParallelReductionFactorInPlane": 2,
  "PartialFourier": 1,
  "PatientPosition": "HFS",
  "PercentPhaseFOV": 100,
  "PercentSampling": 100,
  "PhaseEncodingDirection": "j-",
  "PhaseEncodingSteps": 122,
  "PhaseResolution": 1,
  "PixelBandwidth": 2050,
  "ProcedureStepDescription": "dbic^QA",
  "ProtocolName": "dwi_acq-DTI-30-p2",
  "PulseSequenceDetails": "%SiemensSeq%\\ep2d_diff",
  "ReceiveCoilActiveElements": "HEA;HEP",
  "ReceiveCoilName": "Head_32",
  "ReconMatrixPE": 122,
  "RefLinesPE": 38,
  "RepetitionTime": 7.7,
  "SAR": 0.0862612,
  "ScanOptions": "FS",
  "ScanningSequence": "EP",
  "SequenceName": "*ep_b0",
  "SequenceVariant": "SK\\SP",
  "SeriesDescription": "dwi_acq-DTI-30-p2",
  "SeriesNumber": 12,
  "ShimSetting": [4145, -7710, -7519, 284, -62, -114, 57, 81],
  "SliceThickness": 2,
  "SliceTiming": [3.84, 0, 3.95, 0.11, 4.06, 0.22, 4.17, 0.33, 4.28, 0.44, 4.39, 0.55, 4.5, 0.66, 4.6075, 0.7675, 4.7175, 0.8775, 4.8275, 0.9875, 4.9375, 1.0975, 5.0475, 1.2075, 5.1575, 1.3175, 5.2675, 1.4275, 5.3775, 1.5375, 5.485, 1.6475, 5.595, 1.755, 5.705, 1.865, 5.815, 1.975, 5.925, 2.085, 6.035, 2.195, 6.145, 2.305, 6.255, 2.415, 6.365, 2.525, 6.4725, 2.6325, 6.5825, 2.7425, 6.6925, 2.8525, 6.8025, 2.9625, 6.9125, 3.0725, 7.0225, 3.1825, 7.1325, 3.2925, 7.2425, 3.4025, 7.35, 3.5125, 7.46, 3.62, 7.57, 3.73],
  "SoftwareVersions": "syngo MR E11",
  "SpacingBetweenSlices": 2,
  "SpoilingState": true,
  "StationName": "AWP66112",
  "TotalReadoutTime": 0.0344855,
  "TxRefAmp": 224.643,
  "dcmmeta_affine": [
    [-1.9671556949615479, -0.014763609506189823, 0.0029214031528681517, 121.47053527832031],
    [-0.01323386188596487, 1.877565622329712, 0.5967232584953308, -124.42881774902344],
    [0.007147457450628281, -0.5869044065475464, 1.9089035987854004, -30.923778533935547],
    [0.0, 0.0, 0.0, 1.0]
],
  "dcmmeta_reorient_transform": [
    [0.0, -1.0, 0.0, 121.0],
    [1.0, 0.0, 0.0, 0.0],
    [0.0, 0.0, 1.0, 0.0],
    [0.0, 0.0, 0.0, 1.0]
],
  "dcmmeta_shape": [122, 122, 70, 31],
  "dcmmeta_slice_dim": 2,
  "dcmmeta_version": 0.6,
  "global": {
    "const": {
      "AccessionNumber": "qa",
      "AcquisitionMatrix": [122, 0, 0, 122],
      "AngioFlag": "N",
      "BitsAllocated": 16,
      "BitsStored": 12,
      "BodyPartExamined": "BRAIN",
      "Columns": 1098,
      "EchoNumbers": 1,
      "EchoTime": 75.0,
      "EchoTrainLength": 61,
      "FlipAngle": 90.0,
      "HighBit": 11,
      "ImageOrientationPatient": [0.99997077147561, 0.00672721278262, 0.00363329088337, -0.0075048348033, 0.9544291949623, 0.29834307308564],
      "ImagePositionPatient": [-1072.4514560615, -1025.4667972051, -391.83652882162],
      "ImageType": [
        "ORIGINAL",
        "PRIMARY",
        "DIFFUSION",
        "NONE",
        "ND",
        "NORM",
        "MOSAIC"
],
      "ImagedNucleus": "1H",
      "ImagingFrequency": 123.252357,
      "InPlanePhaseEncodingDirection": "COL",
      "MRAcquisitionType": "2D",
      "MagneticFieldStrength": 3.0,
      "Manufacturer": "SIEMENS",
      "ManufacturerModelName": "Prisma",
      "Modality": "MR",
      "NumberOfAverages": 1.0,
      "NumberOfPhaseEncodingSteps": 122,
      "PercentPhaseFieldOfView": 100.0,
      "PercentSampling": 100.0,
      "PerformedProcedureStepStartTime": "090824.917000",
      "PhotometricInterpretation": "MONOCHROME2",
      "PixelBandwidth": 2050.0,
      "PixelRepresentation": 0,
      "PixelSpacing": [1.9672131538391, 1.9672131538391],
      "ProtocolName": "dwi_acq-DTI-30-p2",
      "RepetitionTime": 7700.0,
      "Rows": 1098,
      "SAR": 0.08626116394911,
      "SamplesPerPixel": 1,
      "ScanOptions": "FS",
      "ScanningSequence": "EP",
      "SequenceVariant": [
        "SK",
        "SP"
],
      "SeriesDescription": "dwi_acq-DTI-30-p2",
      "SeriesNumber": 12,
      "SeriesTime": "094228.446000",
      "SliceLocation": -66.462607778092,
      "SliceThickness": 2.0,
      "SmallestImagePixelValue": 0,
      "SoftwareVersions": "syngo MR E11",
      "SpacingBetweenSlices": 2.0000000244332,
      "SpecificCharacterSet": "ISO_IR 100",
      "StudyID": "9",
      "StudyTime": "090824.884000",
      "TransmitCoilName": "Body",
      "VariableFlipAngleFlag": "N",
      "WindowCenterWidthExplanation": "Algo1"
    },
    "slices": {}
  },
  "time": {
    "samples": {
      "AcquisitionNumber": [1, 2, 3, 4, 5, 6, 7, 8, 9, 10, 11, 12, 13, 14, 15, 16, 17, 18, 19, 20, 21, 22, 23, 24, 25, 26, 27, 28, 29, 30, 31],
      "AcquisitionTime": ["093952.207500", "093959.907500", "094007.607500", "094015.307500", "094023.007500", "094030.707500", "094038.407500", "094046.107500", "094053.807500", "094101.507500", "094109.207500", "094116.907500", "094124.607500", "094132.307500", "094140.007500", "094147.707500", "094155.407500", "094203.107500", "094210.807500", "094218.507500", "094226.207500", "094233.907500", "094241.607500", "094249.307500", "094257.007500", "094304.707500", "094312.407500", "094320.107500", "094327.807500", "094335.507500", "094343.207500"],
      "ContentTime": ["094228.449000", "094228.453000", "094228.456000", "094228.464000", "094228.467000", "094228.474000", "094228.477000", "094228.480000", "094228.483000", "094228.486000", "094228.489000", "094228.492000", "094228.495000", "094228.498000", "094228.501000", "094228.504000", "094228.506000", "094228.509000", "094228.512000", "094228.515000", "094308.446000", "094308.449000", "094308.452000", "094308.455000", "094308.458000", "094347.974000", "094347.977000", "094347.982000", "094347.987000", "094347.991000", "094347.994000"],
      "InstanceCreationTime": ["094228.449000", "094228.453000", "094228.456000", "094228.464000", "094228.467000", "094228.474000", "094228.477000", "094228.480000", "094228.483000", "094228.486000", "094228.489000", "094228.492000", "094228.495000", "094228.498000", "094228.501000", "094228.504000", "094228.506000", "094228.509000", "094228.512000", "094228.515000", "094308.446000", "094308.449000", "094308.452000", "094308.455000", "094308.458000", "094347.974000", "094347.977000", "094347.982000", "094347.987000", "094347.991000", "094347.994000"],
      "InstanceNumber": [1, 2, 3, 4, 5, 6, 7, 8, 9, 10, 11, 12, 13, 14, 15, 16, 17, 18, 19, 20, 21, 22, 23, 24, 25, 26, 27, 28, 29, 30, 31],
      "LargestImagePixelValue": [2190, 311, 314, 314, 300, 311, 314, 317, 335, 320, 321, 312, 336, 325, 333, 331, 317, 304, 312, 319, 310, 303, 307, 298, 301, 305, 316, 304, 295, 307, 323],
      "SequenceName": [
        "*ep_b0",
        "*ep_b1000#1",
        "*ep_b1000#2",
        "*ep_b1000#3",
        "*ep_b1000#4",
        "*ep_b1000#5",
        "*ep_b1000#6",
        "*ep_b1000#7",
        "*ep_b1000#8",
        "*ep_b1000#9",
        "*ep_b1000#10",
        "*ep_b1000#11",
        "*ep_b1000#12",
        "*ep_b1000#13",
        "*ep_b1000#14",
        "*ep_b1000#15",
        "*ep_b1000#16",
        "*ep_b1000#17",
        "*ep_b1000#18",
        "*ep_b1000#19",
        "*ep_b1000#20",
        "*ep_b1000#21",
        "*ep_b1000#22",
        "*ep_b1000#23",
        "*ep_b1000#24",
        "*ep_b1000#25",
        "*ep_b1000#26",
        "*ep_b1000#27",
        "*ep_b1000#28",
        "*ep_b1000#29",
        "*ep_b1000#30"
],
      "WindowCenter": [900.0, 229.0, 229.0, 229.0, 228.0, 228.0, 228.0, 228.0, 229.0, 228.0, 228.0, 227.0, 229.0, 228.0, 228.0, 228.0, 228.0, 227.0, 228.0, 228.0, 228.0, 228.0, 227.0, 227.0, 227.0, 227.0, 228.0, 227.0, 227.0, 228.0, 228.0],
      "WindowWidth": [1972.0, 517.0, 517.0, 516.0, 515.0, 514.0, 514.0, 515.0, 517.0, 515.0, 514.0, 514.0, 516.0, 515.0, 514.0, 515.0, 515.0, 513.0, 515.0, 516.0, 515.0, 515.0, 513.0, 513.0, 513.0, 513.0, 515.0, 513.0, 513.0, 515.0, 514.0]
    },
    "slices": {}
  }
}