{
  "AcquisitionMatrixPE": 256,
  "AcquisitionNumber": 1,
  "AcquisitionTime": "09:12:33.770000",
  "BaseResolution": 256,
  "BodyPartExamined": "BRAIN",
  "CoilCombinationMethod": "Adaptive Combine",
  "ConsistencyInfo": "N4_VE11C_LATEST_20160120",
  "ConversionSoftware": "dcm2niix",
  "ConversionSoftwareVersion": "v1.0.20220720",
  "DeviceSerialNumber": "66112",
  "DwellTime": 9.8e-06,
  "EchoTime": 0.00232,
  "FlipAngle": 8,
  "HeudiconvVersion": "0.13.1",
  "ImageOrientationPatientDICOM": [0.143165, 0.937567, 0.316974, 0.0478774, 0.313337, -0.948434],
  "ImageOrientationText": "Sag>Cor(8.7)>Tra(-0.0)",
  "ImageType": [
    "ORIGINAL",
    "PRIMARY",
    "M",
    "ND",
    "NORM"
],
  "ImagingFrequency": 123.252,
  "InPlanePhaseEncodingDirectionDICOM": "ROW",
  "InstitutionAddress": "Maynard 3,Hanover,NH,US,03755",
  "InstitutionName": "Dartmouth College - PBS",
  "InstitutionalDepartmentName": "Department",
  "InversionTime": 0.933,
  "MRAcquisitionType": "3D",
  "MagneticFieldStrength": 3,
  "Manufacturer": "Siemens",
  "ManufacturersModelName": "Prisma",
  "MatrixCoilMode": "GRAPPA",
  "Modality": "MR",
  "NonlinearGradientCorrection": false,
  "ParallelReductionFactorInPlane": 2,
  "PartialFourier": 1,
  "PatientPosition": "HFS",
  "PercentPhaseFOV": 100,
  "PercentSampling": 100,
  "PhaseEncodingSteps": 255,
  "PhaseResolution": 1,
  "PixelBandwidth": 200,
  "ProcedureStepDescription": "dbic^QA",
  "ProtocolName": "anat-T1w_acq-MPRAGE",
  "PulseSequenceDetails": "%SiemensSeq%\\tfl",
  "ReceiveCoilActiveElements": "HC1-7;NC1,2",
  "ReceiveCoilName": "HeadNeck_64",
  "ReconMatrixPE": 256,
  "RefLinesPE": 24,
  "RepetitionTime": 2.3,
  "SAR": 0.024423,
  "ScanOptions": "IR",
  "ScanningSequence": "GR\\IR",
  "SequenceName": "*tfl3d1_16ns",
  "SequenceVariant": "SK\\SP\\MP",
  "SeriesDescription": "anat-T1w_acq-MPRAGE",
  "SeriesNumber": 11,
  "ShimSetting": [4146, -7687, -7494, 178, -60, -84, -84, 73],
  "SliceThickness": 0.9,
  "SoftwareVersions": "syngo MR E11",
  "SpoilingState": true,
  "StationName": "AWP66112",
  "TxRefAmp": 212.698,
  "dcmmeta_affine": [
    [0.8896860480308533, 0.13421766459941864, 0.044885072857141495, -107.72025299072266],
    [-0.1358630657196045, 0.8789687752723694, 0.29375335574150085, -118.69444274902344],
    [-2.6304032871848904e-05, -0.2971627712249756, 0.889157235622406, -65.60892486572266],
    [0.0, 0.0, 0.0, 1.0]
],
  "dcmmeta_reorient_transform": [
    [0.0, 0.0, -1.0, 255.0],
    [0.0, -1.0, 0.0, 255.0],
    [-1.0, 0.0, 0.0, 191.0],
    [0.0, 0.0, 0.0, 1.0]
],
  "dcmmeta_shape": [192, 256, 256],
  "dcmmeta_slice_dim": 0,
  "dcmmeta_version": 0.6,
  "global": {
    "const": {
      "AccessionNumber": "qa64",
      "AcquisitionMatrix": [0, 256, 256, 0],
      "AcquisitionNumber": 1,
      "AcquisitionTime": "091233.770000",
      "AngioFlag": "N",
      "BitsAllocated": 16,
      "BitsStored": 12,
      "BodyPartExamined": "BRAIN",
      "Columns": 256,
      "EchoNumbers": 1,
      "EchoTime": 2.32,
      "EchoTrainLength": 1,
      "FlipAngle": 8.0,
      "HighBit": 11,
      "ImageOrientationPatient": [0.14316550341882, 0.9375667244815, 0.31697361999993, 0.04787740918776, 0.31333692779423, -0.9484343537483],
      "ImageType": [
        "ORIGINAL",
        "PRIMARY",
        "M",
        "ND",
        "NORM"
],
      "ImagedNucleus": "1H",
      "ImagingFrequency": 123.252334,
      "InPlanePhaseEncodingDirection": "ROW",
      "InversionTime": 933.0,
      "MRAcquisitionType": "3D",
      "MagneticFieldStrength": 3.0,
      "Manufacturer": "SIEMENS",
      "ManufacturerModelName": "Prisma",
      "Modality": "MR",
      "NumberOfAverages": 1.0,
      "NumberOfPhaseEncodingSteps": 255,
      "PercentPhaseFieldOfView": 100.0,
      "PercentSampling": 100.0,
      "PerformedProcedureStepStartTime": "084243.889000",
      "PhotometricInterpretation": "MONOCHROME2",
      "PixelBandwidth": 200.0,
      "PixelRepresentation": 0,
      "PixelSpacing": [0.9375, 0.9375],
      "ProtocolName": "anat-T1w_acq-MPRAGE",
      "RepetitionTime": 2300.0,
      "Rows": 256,
      "SAR": 0.02442301857538,
      "SamplesPerPixel": 1,
      "ScanOptions": "IR",
      "ScanningSequence": [
        "GR",
        "IR"
],
      "SequenceName": "*tfl3d1_16ns",
      "SequenceVariant": [
        "SK",
        "SP",
        "MP"
],
      "SeriesDescription": "anat-T1w_acq-MPRAGE",
      "SeriesNumber": 11,
      "SeriesTime": "091807.458000",
      "SliceThickness": 0.90000003576279,
      "SmallestImagePixelValue": 0,
      "SoftwareVersions": "syngo MR E11",
      "SpecificCharacterSet": "ISO_IR 100",
      "StudyID": "6",
      "StudyTime": "084243.820000",
      "TransmitCoilName": "Body",
      "VariableFlipAngleFlag": "N",
      "WindowCenterWidthExplanation": "Algo1",
      "dBdt": 0.0},
