{
  "AcquisitionMatrixPE": 122,
  "AcquisitionNumber": 1,
  "AcquisitionTime": "08:54:12.215000",
  "BandwidthPerPixelPhaseEncode": 28.76,
  "BaseResolution": 122,
  "BodyPartExamined": "BRAIN",
  "CoilCombinationMethod": "Adaptive Combine",
  "ConsistencyInfo": "N4_VE11E_LATEST_20181129",
  "ConversionSoftware": "dcm2niix",
  "ConversionSoftwareVersion": "v1.0.20220720",
  "DerivedVendorReportedEchoSpacing": 0.000570008,
  "DeviceSerialNumber": "66112",
  "DiffusionScheme": "Monopolar",
  "DwellTime": 2e-06,
  "EchoTime": 0.075,
  "EchoTrainLength": 61,
  "EffectiveEchoSpacing": 0.000285004,
  "FlipAngle": 90,
  "HeudiconvVersion": "0.13.1",
  "ImageOrientationPatientDICOM": [0.984802, 0.173457, 0.00885359, -0.167981, 0.938283, 0.302336],
  "ImageOrientationText": "Tra>Cor(17.4)>Sag(-2.5)",
  "ImageType": [
    "ORIGINAL",
    "PRIMARY",
    "DIFFUSION",
    "NONE",
    "ND",
    "NORM",
    "MOSAIC"
],
  "ImagingFrequency": 123.259,
  "InPlanePhaseEncodingDirectionDICOM": "COL",
  "InstitutionAddress": "Maynard 3,Hanover,NH,US,03755",
  "InstitutionName": "Dartmouth College - PBS",
  "InstitutionalDepartmentName": "Department",
  "MRAcquisitionType": "2D",
  "MagneticFieldStrength": 3,
  "Manufacturer": "Siemens",
  "ManufacturersModelName": "Prisma",
  "MatrixCoilMode": "GRAPPA",
  "Modality": "MR",
  "NonlinearGradientCorrection": false,
  "ParallelReductionFactorInPlane": 2,
  "PartialFourier": 1,
  "PatientPosition": "HFS",
  "PercentPhaseFOV": 100,
  "PercentSampling": 100,
  "PhaseEncodingDirection": "j-",
  "PhaseEncodingSteps": 122,
  "PhaseResolution": 1,
  "PixelBandwidth": 2050,
  "ProcedureStepDescription": "dbic^QA",
  "ProtocolName": "dwi_acq-DTI-30-p2",
  "PulseSequenceDetails": "%SiemensSeq%\\ep2d_diff",
  "ReceiveCoilActiveElements": "HEA;HEP",
  "ReceiveCoilName": "Head_32",
  "ReconMatrixPE": 122,
  "RefLinesPE": 38,
  "RepetitionTime": 7.7,
  "SAR": 0.131026,
  "ScanOptions": "FS",
  "ScanningSequence": "EP",
  "SequenceName": "*ep_b0",
  "SequenceVariant": "SK\\SP",
  "SeriesDescription": "dwi_acq-DTI-30-p2",
  "SeriesNumber": 9,
  "ShimSetting": [4220, -7746, -7497, -7, -128, -105, 5, 71],
  "SliceThickness": 2,
  "SliceTiming": [3.84, 0, 3.95, 0.11, 4.06, 0.22, 4.1675, 0.3275, 4.2775, 0.4375, 4.3875, 0.5475, 4.4975, 0.6575, 4.6075, 0.7675, 4.7175, 0.8775, 4.8275, 0.9875, 4.9375, 1.0975, 5.045, 1.2075, 5.155, 1.315, 5.265, 1.425, 5.375, 1.535, 5.485, 1.645, 5.595, 1.755, 5.705, 1.865, 5.815, 1.975, 5.925, 2.085, 6.0325, 2.195, 6.1425, 2.3025, 6.2525, 2.4125, 6.3625, 2.5225, 6.4725, 2.6325, 6.5825, 2.7425, 6.6925, 2.8525, 6.8025, 2.9625, 6.9125, 3.0725, 7.02, 3.18, 7.13, 3.29, 7.24, 3.4, 7.35, 3.51, 7.46, 3.62, 7.57, 3.73],
  "SoftwareVersions": "syngo MR E11",
  "SpacingBetweenSlices": 2,
  "SpoilingState": true,
  "StationName": "AWP66112",
  "TotalReadoutTime": 0.0344855,
  "TxRefAmp": 224.96,
  "dcmmeta_affine": [
    [-1.937314748764038, -0.33045533299446106, -0.0882701501250267, 143.1617431640625],
    [-0.34122663736343384, 1.845802903175354, 0.5984563231468201, -109.45646667480469],
    [0.01741689443588257, -0.5947592258453369, 1.9063206911087036, -33.389381408691406],
    [0.0, 0.0, 0.0, 1.0]
],
  "dcmmeta_reorient_transform": [
    [0.0, -1.0, 0.0, 121.0],
    [1.0, 0.0, 0.0, 0.0],
    [0.0, 0.0, 1.0, 0.0],
    [0.0, 0.0, 0.0, 1.0]
],
  "dcmmeta_shape": [122, 122, 70, 31],
  "dcmmeta_slice_dim": 2,
  "dcmmeta_version": 0.6,
  "global": {
    "const": {
      "AccessionNumber": "qa",
      "AcquisitionMatrix": [122, 0, 0, 122],
      "AngioFlag": "N",
      "BitsAllocated": 16,
      "BitsStored": 12,
      "BodyPartExamined": "BRAIN",
      "Columns": 1098,
      "EchoNumbers": 1,
      "EchoTime": 75.0,
      "EchoTrainLength": 61,
      "FlipAngle": 90.0,
      "HighBit": 11,
      "ImageOrientationPatient": [0.98480166843382, 0.17345687601023, 0.00885358767593, -0.1679814547158, 0.938283122422, 0.30233592748727],
      "ImagePositionPatient": [-887.32407387889, -1181.1561050967, -404.0971876313],
      "ImageType": [
        "ORIGINAL",
        "PRIMARY",
        "DIFFUSION",
        "NONE",
        "ND",
        "NORM",
        "MOSAIC"
],
      "ImagedNucleus": "1H",
      "ImagingFrequency": 123.259164,
      "InPlanePhaseEncodingDirection": "COL",
      "MRAcquisitionType": "2D",
      "MagneticFieldStrength": 3.0,
      "Manufacturer": "SIEMENS",
      "ManufacturerModelName": "Prisma",
      "Modality": "MR",
      "NumberOfAverages": 1.0,
      "NumberOfPhaseEncodingSteps": 122,
      "PercentPhaseFieldOfView": 100.0,
      "PercentSampling": 100.0,
      "PerformedProcedureStepStartTime": "081345.882000",
      "PhotometricInterpretation": "MONOCHROME2",
      "PixelBandwidth": 2050.0,
      "PixelRepresentation": 0,
      "PixelSpacing": [1.9672131538391, 1.9672131538391],
      "ProtocolName": "dwi_acq-DTI-30-p2",
      "RepetitionTime": 7700.0,
      "Rows": 1098,
      "SAR": 0.13102622570386,
      "SamplesPerPixel": 1,
      "ScanOptions": "FS",
      "ScanningSequence": "EP",
      "SequenceVariant": [
        "SK",
        "SP"
],
      "SeriesDescription": "dwi_acq-DTI-30-p2",
      "SeriesNumber": 9,
      "SeriesTime": "085645.952000",
      "SliceLocation": -70.896345962426,
      "SliceThickness": 2.0,
      "SmallestImagePixelValue": 0,
      "SoftwareVersions": "syngo MR E11",
      "SpacingBetweenSlices": 2.0000000123748,
      "SpecificCharacterSet": "ISO_IR 100",
      "StudyID": "41",
      "StudyTime": "081345.772000",
      "TransmitCoilName": "Body",
      "VariableFlipAngleFlag": "N",
      "WindowCenterWidthExplanation": "Algo1"
    },
    "slices": {}
  },
  "time": {
    "samples": {
      "AcquisitionNumber": [1, 2, 3, 4, 5, 6, 7, 8, 9, 10, 11, 12, 13, 14, 15, 16, 17, 18, 19, 20, 21, 22, 23, 24, 25, 26, 27, 28, 29, 30, 31],
      "AcquisitionTime": ["085412.215000", "085419.915000", "085427.615000", "085435.315000", "085443.015000", "085450.715000", "085458.415000", "085506.115000", "085513.815000", "085521.515000", "085529.215000", "085536.915000", "085544.615000", "085552.315000", "085600.015000", "085607.715000", "085615.415000", "085623.115000", "085630.815000", "085638.515000", "085646.215000", "085653.915000", "085701.615000", "085709.315000", "085717.015000", "085724.715000", "085732.415000", "085740.115000", "085747.815000", "085755.515000", "085803.215000"],
      "ContentTime": ["085645.956000", "085645.959000", "085645.962000", "085645.965000", "085645.968000", "085645.971000", "085645.974000", "085645.977000", "085645.980000", "085645.983000", "085645.986000", "085645.989000", "085645.992000", "085645.994000", "085645.997000", "085646.000000", "085646.003000", "085646.015000", "085646.017000", "085646.020000", "085745.950000", "085745.953000", "085745.956000", "085745.959000", "085745.962000", "085745.965000", "085745.968000", "085745.970000", "085807.870000", "085807.874000", "085807.877000"],
      "InstanceCreationTime": ["085645.956000", "085645.959000", "085645.962000", "085645.965000", "085645.968000", "085645.971000", "085645.974000", "085645.977000", "085645.980000", "085645.983000", "085645.986000", "085645.989000", "085645.992000", "085645.994000", "085645.997000", "085646.000000", "085646.003000", "085646.015000", "085646.017000", "085646.020000", "085745.950000", "085745.953000", "085745.956000", "085745.959000", "085745.962000", "085745.965000", "085745.968000", "085745.970000", "085807.870000", "085807.874000", "085807.877000"],
      "InstanceNumber": [1, 2, 3, 4, 5, 6, 7, 8, 9, 10, 11, 12, 13, 14, 15, 16, 17, 18, 19, 20, 21, 22, 23, 24, 25, 26, 27, 28, 29, 30, 31],
      "LargestImagePixelValue": [1929, 298, 283, 292, 296, 299, 305, 305, 287, 289, 310, 296, 290, 297, 293, 300, 291, 296, 289, 285, 286, 292, 282, 302, 299, 282, 281, 289, 285, 293, 286],
      "SequenceName": [
        "*ep_b0",
        "*ep_b1000#1",
        "*ep_b1000#2",
        "*ep_b1000#3",
        "*ep_b1000#4",
        "*ep_b1000#5",
        "*ep_b1000#6",
        "*ep_b1000#7",
        "*ep_b1000#8",
        "*ep_b1000#9",
        "*ep_b1000#10",
        "*ep_b1000#11",
        "*ep_b1000#12",
        "*ep_b1000#13",
        "*ep_b1000#14",
        "*ep_b1000#15",
        "*ep_b1000#16",
        "*ep_b1000#17",
        "*ep_b1000#18",
        "*ep_b1000#19",
        "*ep_b1000#20",
        "*ep_b1000#21",
        "*ep_b1000#22",
        "*ep_b1000#23",
        "*ep_b1000#24",
        "*ep_b1000#25",
        "*ep_b1000#26",
        "*ep_b1000#27",
        "*ep_b1000#28",
        "*ep_b1000#29",
        "*ep_b1000#30"
],
      "WindowCenter": [879.0, 218.0, 217.0, 218.0, 217.0, 215.0, 217.0, 217.0, 218.0, 217.0, 215.0, 215.0, 218.0, 218.0, 218.0, 218.0, 217.0, 215.0, 217.0, 218.0, 218.0, 218.0, 215.0, 215.0, 215.0, 216.0, 217.0, 216.0, 216.0, 218.0, 217.0],
      "WindowWidth": [1922.0, 495.0, 494.0, 496.0, 493.0, 490.0, 494.0, 494.0, 496.0, 495.0, 491.0, 490.0, 496.0, 495.0, 495.0, 495.0, 493.0, 490.0, 494.0, 496.0, 496.0, 495.0, 490.0, 490.0, 490.0, 492.0, 494.0, 492.0, 492.0, 495.0, 494.0]
    },
    "slices": {}
  }
}