{
  "AcquisitionMatrixPE": 80,
  "AcquisitionNumber": 1,
  "AcquisitionTime": "09:04:27.165000",
  "BandwidthPerPixelPhaseEncode": 44.643,
  "BaseResolution": 80,
  "BodyPartExamined": "BRAIN",
  "ConsistencyInfo": "N4_VE11C_LATEST_20160120",
  "ConversionSoftware": "dcm2niix",
  "ConversionSoftwareVersion": "v1.0.20171215 (OpenJPEG build) GCC6.3.0",
  "DerivedVendorReportedEchoSpacing": 0.000559998,
  "DeviceSerialNumber": "66112",
  "DwellTime": 2.7e-06,
  "EchoTime": 0.035,
  "EchoTrainLength": 39,
  "EffectiveEchoSpacing": 0.000279999,
  "FlipAngle": 90,
  "ImageOrientationPatientDICOM": [
    0.976117,
    -0.217242,
    -0.000866168,
    0.207124,
    0.929438,
    0.305359
  ],
  "ImageType": [
    "ORIGINAL",
    "PRIMARY",
    "M",
    "ND",
    "NORM",
    "MOSAIC"
  ],
  "InPlanePhaseEncodingDirectionDICOM": "COL",
  "InstitutionAddress": "Maynard_3_Hanover_NH_US_03755",
  "InstitutionName": "Dartmouth_College_-_PBS",
  "InstitutionalDepartmentName": "Department",
  "MRAcquisitionType": "2D",
  "MagneticFieldStrength": 3,
  "Manufacturer": "Siemens",
  "ManufacturersModelName": "Prisma",
  "Modality": "MR",
  "MultibandAccelerationFactor": 4,
  "ParallelReductionFactorInPlane": 2,
  "PartialFourier": 1,
  "PatientPosition": "HFS",
  "PercentPhaseFOV": 100,
  "PhaseEncodingDirection": "j-",
  "PhaseEncodingSteps": 79,
  "PhaseResolution": 1,
  "PixelBandwidth": 2315,
  "ProcedureStepDescription": "dbic_QA",
  "ProtocolName": "BOLD_p2_s4_3.5mm",
  "PulseSequenceDetails": "%SiemensSeq%_ep2d_bold",
  "ReceiveCoilActiveElements": "HEA;HEP",
  "ReceiveCoilName": "Head_32",
  "ReconMatrixPE": 80,
  "RepetitionTime": 0.525,
  "SAR": 0.0772657,
  "ScanOptions": "FS",
  "ScanningSequence": "EP",
  "SequenceName": "_epfid2d1_80",
  "SequenceVariant": "SK",
  "SeriesDescription": "BOLD_p2_s4_3.5mm",
  "SeriesNumber": 7,
  "ShimSetting": [
    4146,
    -7690,
    -7499,
    255,
    -117,
    -215,
    -53,
    103
  ],
  "SliceThickness": 3.5,
  "SliceTiming": [
    0.38,
    0,
    0.2525,
    0.065,
    0.3175,
    0.19,
    0.4425,
    0.1275,
    0.38,
    0,
    0.2525,
    0.065,
    0.3175,
    0.19,
    0.4425,
    0.1275,
    0.38,
    0,
    0.2525,
    0.065,
    0.3175,
    0.19,
    0.4425,
    0.1275,
    0.38,
    0,
    0.2525,
    0.065,
    0.3175,
    0.19,
    0.4425,
    0.1275
  ],
  "SoftwareVersions": "syngo_MR_E11",
  "SpacingBetweenSlices": 3.99,
  "StationName": "AWP66112",
  "TotalReadoutTime": 0.0221199,
  "TxRefAmp": 230.8
}