{
  "AcquisitionMatrixPE": 122,
  "AcquisitionNumber": 1,
  "AcquisitionTime": "09:18:42.217500",
  "BandwidthPerPixelPhaseEncode": 28.76,
  "BaseResolution": 122,
  "BodyPartExamined": "BRAIN",
  "CoilCombinationMethod": "Adaptive Combine",
  "ConsistencyInfo": "N4_VE11E_LATEST_20181129",
  "ConversionSoftware": "dcm2niix",
  "ConversionSoftwareVersion": "v1.0.20220720",
  "DerivedVendorReportedEchoSpacing": 0.000570008,
  "DeviceSerialNumber": "66112",
  "DiffusionScheme": "Monopolar",
  "DwellTime": 2e-06,
  "EchoTime": 0.075,
  "EchoTrainLength": 61,
  "EffectiveEchoSpacing": 0.000285004,
  "FlipAngle": 90,
  "HeudiconvVersion": "0.13.1",
  "ImageOrientationPatientDICOM": [0.990526, -0.137318, 0.000961565, 0.131813, 0.952729, 0.273739],
  "ImageOrientationText": "Tra>Cor(15.7)>Sag(2.2)",
  "ImageType": [
    "ORIGINAL",
    "PRIMARY",
    "DIFFUSION",
    "NONE",
    "ND",
    "NORM",
    "MOSAIC"
],
  "ImagingFrequency": 123.259,
  "InPlanePhaseEncodingDirectionDICOM": "COL",
  "InstitutionAddress": "Maynard 3,Hanover,NH,US,03755",
  "InstitutionName": "Dartmouth College - PBS",
  "InstitutionalDepartmentName": "Department",
  "MRAcquisitionType": "2D",
  "MagneticFieldStrength": 3,
  "Manufacturer": "Siemens",
  "ManufacturersModelName": "Prisma",
  "MatrixCoilMode": "GRAPPA",
  "Modality": "MR",
  "NonlinearGradientCorrection": false,
  "ParallelReductionFactorInPlane": 2,
  "PartialFourier": 1,
  "PatientPosition": "HFS",
  "PercentPhaseFOV": 100,
  "PercentSampling": 100,
  "PhaseEncodingDirection": "j-",
  "PhaseEncodingSteps": 122,
  "PhaseResolution": 1,
  "PixelBandwidth": 2050,
  "ProcedureStepDescription": "dbic^QA",
  "ProtocolName": "dwi_acq-DTI-30-p2",
  "PulseSequenceDetails": "%SiemensSeq%\\ep2d_diff",
  "ReceiveCoilActiveElements": "HEA;HEP",
  "ReceiveCoilName": "Head_32",
  "ReconMatrixPE": 122,
  "RefLinesPE": 38,
  "RepetitionTime": 7.7,
  "SAR": 0.13155,
  "ScanOptions": "FS",
  "ScanningSequence": "EP",
  "SequenceName": "*ep_b0",
  "SequenceVariant": "SK\\SP",
  "SeriesDescription": "dwi_acq-DTI-30-p2",
  "SeriesNumber": 13,
  "ShimSetting": [4219, -7759, -7499, -36, -158, 5, -17, 68],
  "SliceThickness": 2,
  "SliceTiming": [3.84, 0, 3.95, 0.11, 4.06, 0.22, 4.17, 0.33, 4.28, 0.44, 4.39, 0.55, 4.5, 0.66, 4.61, 0.77, 4.7175, 0.88, 4.8275, 0.9875, 4.9375, 1.0975, 5.0475, 1.2075, 5.1575, 1.3175, 5.2675, 1.4275, 5.3775, 1.5375, 5.4875, 1.6475, 5.5975, 1.7575, 5.705, 1.865, 5.815, 1.975, 5.925, 2.085, 6.035, 2.195, 6.145, 2.305, 6.255, 2.415, 6.365, 2.525, 6.475, 2.635, 6.585, 2.745, 6.6925, 2.8525, 6.8025, 2.9625, 6.9125, 3.0725, 7.0225, 3.1825, 7.1325, 3.2925, 7.2425, 3.4025, 7.3525, 3.5125, 7.4625, 3.6225, 7.57, 3.7325],
  "SoftwareVersions": "syngo MR E11",
  "SpacingBetweenSlices": 2,
  "SpoilingState": true,
  "StationName": "AWP66112",
  "TotalReadoutTime": 0.0344855,
  "TxRefAmp": 227.55,
  "dcmmeta_affine": [
    [-1.948576807975769, 0.25930342078208923, 0.07701097428798676, 96.32292938232422],
    [0.2701342701911926, 1.874220848083496, 0.5420382022857666, -148.1466522216797],
    [0.0018916032277047634, -0.5385031700134277, 1.9236069917678833, -46.05104064941406],
    [0.0, 0.0, 0.0, 1.0]
],
  "dcmmeta_reorient_transform": [
    [0.0, -1.0, 0.0, 121.0],
    [1.0, 0.0, 0.0, 0.0],
    [0.0, 0.0, 1.0, 0.0],
    [0.0, 0.0, 0.0, 1.0]
],
  "dcmmeta_shape": [122, 122, 70, 31],
  "dcmmeta_slice_dim": 2,
  "dcmmeta_version": 0.6,
  "global": {
    "const": {
      "AccessionNumber": "qa",
      "AcquisitionMatrix": [122, 0, 0, 122],
      "AngioFlag": "N",
      "BitsAllocated": 16,
      "BitsStored": 12,
      "BodyPartExamined": "BRAIN",
      "Columns": 1098,
      "EchoNumbers": 1,
      "EchoTime": 75.0,
      "EchoTrainLength": 61,
      "FlipAngle": 90.0,
      "HighBit": 11,
      "ImageOrientationPatient": [0.99052651306179, -0.1373182519351, 0.00096156494083, 0.13181257308982, 0.95272889427654, 0.2737391086163],
      "ImagePositionPatient": [-1205.144188615, -861.42829935725, -374.92257531611],
      "ImageType": [
        "ORIGINAL",
        "PRIMARY",
        "DIFFUSION",
        "NONE",
        "ND",
        "NORM",
        "MOSAIC"
],
      "ImagedNucleus": "1H",
      "ImagingFrequency": 123.259175,
      "InPlanePhaseEncodingDirection": "COL",
      "MRAcquisitionType": "2D",
      "MagneticFieldStrength": 3.0,
      "Manufacturer": "SIEMENS",
      "ManufacturerModelName": "Prisma",
      "Modality": "MR",
      "NumberOfAverages": 1.0,
      "NumberOfPhaseEncodingSteps": 122,
      "PercentPhaseFieldOfView": 100.0,
      "PercentSampling": 100.0,
      "PerformedProcedureStepStartTime": "083942.675000",
      "PhotometricInterpretation": "MONOCHROME2",
      "PixelBandwidth": 2050.0,
      "PixelRepresentation": 0,
      "PixelSpacing": [1.9672131538391, 1.9672131538391],
      "ProtocolName": "dwi_acq-DTI-30-p2",
      "RepetitionTime": 7700.0,
      "Rows": 1098,
      "SAR": 0.13155012599541,
      "SamplesPerPixel": 1,
      "ScanOptions": "FS",
      "ScanningSequence": "EP",
      "SequenceVariant": [
        "SK",
        "SP"
],
      "SeriesDescription": "dwi_acq-DTI-30-p2",
      "SeriesNumber": 13,
      "SeriesTime": "092117.766000",
      "SliceLocation": -80.733661378083,
      "SliceThickness": 2.0,
      "SmallestImagePixelValue": 0,
      "SoftwareVersions": "syngo MR E11",
      "SpacingBetweenSlices": 1.9999999766716,
      "SpecificCharacterSet": "ISO_IR 100",
      "StudyID": "39",
      "StudyTime": "083942.404000",
      "TransmitCoilName": "Body",
      "VariableFlipAngleFlag": "N",
      "WindowCenterWidthExplanation": "Algo1"
    },
    "slices": {}
  },
  "time": {
    "samples": {
      "AcquisitionNumber": [1, 2, 3, 4, 5, 6, 7, 8, 9, 10, 11, 12, 13, 14, 15, 16, 17, 18, 19, 20, 21, 22, 23, 24, 25, 26, 27, 28, 29, 30, 31],
      "AcquisitionTime": ["091842.217500", "091849.917500", "091857.617500", "091905.317500", "091913.017500", "091920.717500", "091928.417500", "091936.117500", "091943.817500", "091951.517500", "091959.217500", "092006.917500", "092014.617500", "092022.317500", "092030.017500", "092037.717500", "092045.417500", "092053.117500", "092100.817500", "092108.517500", "092116.217500", "092123.917500", "092131.617500", "092139.317500", "092147.017500", "092154.717500", "092202.417500", "092210.117500", "092217.817500", "092225.517500", "092233.217500"],
      "ContentTime": ["092117.770000", "092117.774000", "092117.781000", "092117.784000", "092117.787000", "092117.792000", "092117.795000", "092117.798000", "092117.801000", "092117.804000", "092117.807000", "092117.810000", "092117.813000", "092117.816000", "092117.818000", "092117.821000", "092117.824000", "092117.827000", "092117.830000", "092117.839000", "092237.766000", "092237.769000", "092237.772000", "092237.777000", "092237.780000", "092237.783000", "092237.786000", "092237.797000", "092237.801000", "092237.804000", "092237.852000"],
      "InstanceCreationTime": ["092117.770000", "092117.774000", "092117.781000", "092117.784000", "092117.787000", "092117.792000", "092117.795000", "092117.798000", "092117.801000", "092117.804000", "092117.807000", "092117.810000", "092117.813000", "092117.816000", "092117.818000", "092117.821000", "092117.824000", "092117.827000", "092117.830000", "092117.839000", "092237.766000", "092237.769000", "092237.772000", "092237.777000", "092237.780000", "092237.783000", "092237.786000", "092237.797000", "092237.801000", "092237.804000", "092237.852000"],
      "InstanceNumber": [1, 2, 3, 4, 5, 6, 7, 8, 9, 10, 11, 12, 13, 14, 15, 16, 17, 18, 19, 20, 21, 22, 23, 24, 25, 26, 27, 28, 29, 30, 31],
      "LargestImagePixelValue": [1914, 266, 270, 265, 270, 276, 278, 276, 274, 267, 281, 263, 271, 267, 287, 270, 286, 280, 286, 297, 271, 272, 276, 287, 287, 270, 265, 282, 280, 269, 290],
      "SequenceName": [
        "*ep_b0",
        "*ep_b1000#1",
        "*ep_b1000#2",
        "*ep_b1000#3",
        "*ep_b1000#4",
        "*ep_b1000#5",
        "*ep_b1000#6",
        "*ep_b1000#7",
        "*ep_b1000#8",
        "*ep_b1000#9",
        "*ep_b1000#10",
        "*ep_b1000#11",
        "*ep_b1000#12",
        "*ep_b1000#13",
        "*ep_b1000#14",
        "*ep_b1000#15",
        "*ep_b1000#16",
        "*ep_b1000#17",
        "*ep_b1000#18",
        "*ep_b1000#19",
        "*ep_b1000#20",
        "*ep_b1000#21",
        "*ep_b1000#22",
        "*ep_b1000#23",
        "*ep_b1000#24",
        "*ep_b1000#25",
        "*ep_b1000#26",
        "*ep_b1000#27",
        "*ep_b1000#28",
        "*ep_b1000#29",
        "*ep_b1000#30"
],
      "WindowCenter": [873.0, 208.0, 209.0, 209.0, 207.0, 206.0, 207.0, 207.0, 209.0, 207.0, 206.0, 205.0, 208.0, 207.0, 207.0, 208.0, 207.0, 206.0, 209.0, 209.0, 209.0, 209.0, 207.0, 206.0, 206.0, 208.0, 209.0, 208.0, 208.0, 207.0, 209.0],
      "WindowWidth": [1901.0, 477.0, 478.0, 479.0, 474.0, 472.0, 474.0, 475.0, 479.0, 475.0, 472.0, 471.0, 476.0, 474.0, 474.0, 476.0, 474.0, 472.0, 477.0, 478.0, 478.0, 478.0, 474.0, 472.0, 472.0, 476.0, 478.0, 476.0, 476.0, 475.0, 477.0]
    },
    "slices": {}
  }
}