{
  "AcquisitionMatrixPE": 122,
  "AcquisitionNumber": 1,
  "AcquisitionTime": "12:26:44.542500",
  "BandwidthPerPixelPhaseEncode": 27.785,
  "BaseResolution": 122,
  "BodyPartExamined": "BRAIN",
  "CoilCombinationMethod": "Adaptive Combine",
  "ConsistencyInfo": "N4_VE11E_LATEST_20181129",
  "ConversionSoftware": "dcm2niix",
  "ConversionSoftwareVersion": "v1.0.20220720",
  "DerivedVendorReportedEchoSpacing": 0.000590011,
  "DeviceSerialNumber": "66112",
  "DiffusionScheme": "Monopolar",
  "DwellTime": 2e-06,
  "EchoTime": 0.068,
  "EchoTrainLength": 61,
  "EffectiveEchoSpacing": 0.000295005,
  "FlipAngle": 90,
  "HeudiconvVersion": "0.13.1",
  "ImageOrientationPatientDICOM": [0.984762, 0.173766, 0.00694403, -0.167798, 0.938932, 0.300416],
  "ImageOrientationText": "Tra>Cor(17.3)>Sag(-2.6)",
  "ImageType": [
    "ORIGINAL",
    "PRIMARY",
    "DIFFUSION",
    "NONE",
    "ND",
    "NORM",
    "MOSAIC"
],
  "ImagingFrequency": 123.259,
  "InPlanePhaseEncodingDirectionDICOM": "COL",
  "InstitutionAddress": "Maynard 3,Hanover,NH,US,03755",
  "InstitutionName": "Dartmouth College - PBS",
  "InstitutionalDepartmentName": "Department",
  "MRAcquisitionType": "2D",
  "MagneticFieldStrength": 3,
  "Manufacturer": "Siemens",
  "ManufacturersModelName": "Prisma",
  "Modality": "MR",
  "MultibandAccelerationFactor": 4,
  "NonlinearGradientCorrection": false,
  "ParallelReductionFactorInPlane": 2,
  "PartialFourier": 1,
  "PatientPosition": "HFS",
  "PercentPhaseFOV": 100,
  "PercentSampling": 100,
  "PhaseEncodingDirection": "j-",
  "PhaseEncodingSteps": 122,
  "PhaseResolution": 1,
  "PixelBandwidth": 2050,
  "ProcedureStepDescription": "dbic^QA",
  "ProtocolName": "dwi_acq-DTI-30-p2-s4",
  "PulseSequenceDetails": "%SiemensSeq%\\ep2d_diff",
  "ReceiveCoilActiveElements": "HEA;HEP",
  "ReceiveCoilName": "Head_32",
  "ReconMatrixPE": 122,
  "RefLinesPE": 38,
  "RepetitionTime": 3.6,
  "SAR": 0.129968,
  "ScanOptions": "FS",
  "ScanningSequence": "EP",
  "SequenceName": "*ep_b0",
  "SequenceVariant": "SK\\SP",
  "SeriesDescription": "dwi_acq-DTI-30-p2-s4",
  "SeriesNumber": 13,
  "ShimSetting": [4223, -7737, -7483, -27, -114, -24, 1, 69],
  "SliceThickness": 2,
  "SliceTiming": [2.5875, 0, 1.79, 0.2, 1.99, 0.3975, 2.1875, 0.5975, 2.3875, 0.995, 2.785, 1.195, 2.985, 1.3925, 3.1825, 1.5925, 3.3825, 0.7975, 2.5875, 0, 1.79, 0.2, 1.99, 0.3975, 2.1875, 0.5975, 2.3875, 0.995, 2.785, 1.195, 2.985, 1.3925, 3.1825, 1.5925, 3.3825, 0.7975, 2.5875, 0, 1.79, 0.2, 1.99, 0.3975, 2.1875, 0.5975, 2.3875, 0.995, 2.785, 1.195, 2.985, 1.3925, 3.1825, 1.5925, 3.3825, 0.7975, 2.5875, 0, 1.79, 0.2, 1.99, 0.3975, 2.1875, 0.5975, 2.3875, 0.995, 2.785, 1.195, 2.985, 1.3925, 3.1825, 1.5925, 3.3825, 0.7975],
  "SoftwareVersions": "syngo MR E11",
  "SpacingBetweenSlices": 2,
  "SpoilingState": true,
  "StationName": "AWP66112",
  "TotalReadoutTime": 0.0356956,
  "TxRefAmp": 226.713,
  "dcmmeta_affine": [
    [-1.9372376203536987, -0.33009418845176697, -0.0913645327091217, 145.8258819580078],
    [-0.341835618019104, 1.847080111503601, 0.5940073728561401, -111.48999786376953],
    [0.013660380616784096, -0.5909825563430786, 1.907565951347351, -32.230587005615234],
    [0.0, 0.0, 0.0, 1.0]
],
  "dcmmeta_reorient_transform": [
    [0.0, -1.0, 0.0, 121.0],
    [1.0, 0.0, 0.0, 0.0],
    [0.0, 0.0, 1.0, 0.0],
    [0.0, 0.0, 0.0, 1.0]
],
  "dcmmeta_shape": [122, 122, 72, 31],
  "dcmmeta_slice_dim": 2,
  "dcmmeta_version": 0.6,
  "global": {
    "const": {
      "AccessionNumber": "qa",
      "AcquisitionMatrix": [122, 0, 0, 122],
      "AngioFlag": "N",
      "BitsAllocated": 16,
      "BitsStored": 12,
      "BodyPartExamined": "BRAIN",
      "Columns": 1098,
      "EchoNumbers": 1,
      "EchoTime": 68.0,
      "EchoTrainLength": 61,
      "FlipAngle": 90.0,
      "HighBit": 11,
      "ImageOrientationPatient": [0.98476241025551, 0.17376644048914, 0.00694402674934, -0.167797871766, 0.93893238893372, 0.30041611681468],
      "ImagePositionPatient": [-890.1704510934, -1180.1975954223, -398.80521622202],
      "ImageType": [
        "ORIGINAL",
        "PRIMARY",
        "DIFFUSION",
        "NONE",
        "ND",
        "NORM",
        "MOSAIC"
],
      "ImagedNucleus": "1H",
      "ImagingFrequency": 123.259268,
      "InPlanePhaseEncodingDirection": "COL",
      "MRAcquisitionType": "2D",
      "MagneticFieldStrength": 3.0,
      "Manufacturer": "SIEMENS",
      "ManufacturerModelName": "Prisma",
      "Modality": "MR",
      "NumberOfAverages": 1.0,
      "NumberOfPhaseEncodingSteps": 122,
      "PercentPhaseFieldOfView": 100.0,
      "PercentSampling": 100.0,
      "PerformedProcedureStepStartTime": "115225.922000",
      "PhotometricInterpretation": "MONOCHROME2",
      "PixelBandwidth": 2050.0,
      "PixelRepresentation": 0,
      "PixelSpacing": [1.9672131538391, 1.9672131538391],
      "ProtocolName": "dwi_acq-DTI-30-p2-s4",
      "RepetitionTime": 3600.0,
      "Rows": 1098,
      "SAR": 0.12996824413034,
      "SamplesPerPixel": 1,
      "ScanOptions": "FS",
      "ScanningSequence": "EP",
      "SequenceVariant": [
        "SK",
        "SP"
],
      "SeriesDescription": "dwi_acq-DTI-30-p2-s4",
      "SeriesNumber": 13,
      "SeriesTime": "122755.300000",
      "SliceLocation": -70.515581569447,
      "SliceThickness": 2.0,
      "SmallestImagePixelValue": 0,
      "SoftwareVersions": "syngo MR E11",
      "SpacingBetweenSlices": 1.9999999955029,
      "SpecificCharacterSet": "ISO_IR 100",
      "StudyID": "26",
      "StudyTime": "115225.886000",
      "TransmitCoilName": "Body",
      "VariableFlipAngleFlag": "N",
      "WindowCenterWidthExplanation": "Algo1"
    },
    "slices": {}
  },
  "time": {
    "samples": {
      "AcquisitionNumber": [1, 2, 3, 4, 5, 6, 7, 8, 9, 10, 11, 12, 13, 14, 15, 16, 17, 18, 19, 20, 21, 22, 23, 24, 25, 26, 27, 28, 29, 30, 31],
      "AcquisitionTime": ["122644.542500", "122648.142500", "122651.742500", "122655.342500", "122658.942500", "122702.542500", "122706.142500", "122709.742500", "122713.342500", "122716.942500", "122720.542500", "122724.142500", "122727.742500", "122731.342500", "122734.942500", "122738.542500", "122742.142500", "122745.742500", "122749.342500", "122752.942500", "122756.542500", "122800.142500", "122803.742500", "122807.342500", "122810.942500", "122814.542500", "122818.142500", "122821.742500", "122825.342500", "122828.942500", "122832.542500"],
      "ContentTime": ["122755.304000", "122755.308000", "122755.311000", "122755.314000", "122755.317000", "122755.321000", "122755.323000", "122755.327000", "122755.330000", "122755.333000", "122755.336000", "122755.339000", "122755.342000", "122755.345000", "122755.348000", "122755.356000", "122755.359000", "122755.362000", "122755.364000", "122755.368000", "122834.598000", "122834.602000", "122834.606000", "122834.609000", "122834.615000", "122834.620000", "122834.624000", "122834.629000", "122834.635000", "122834.638000", "122834.641000"],
      "InstanceCreationTime": ["122755.304000", "122755.308000", "122755.311000", "122755.314000", "122755.317000", "122755.321000", "122755.323000", "122755.327000", "122755.330000", "122755.333000", "122755.336000", "122755.339000", "122755.342000", "122755.345000", "122755.348000", "122755.356000", "122755.359000", "122755.362000", "122755.364000", "122755.368000", "122834.598000", "122834.602000", "122834.606000", "122834.609000", "122834.615000", "122834.620000", "122834.624000", "122834.629000", "122834.635000", "122834.638000", "122834.641000"],
      "InstanceNumber": [1, 2, 3, 4, 5, 6, 7, 8, 9, 10, 11, 12, 13, 14, 15, 16, 17, 18, 19, 20, 21, 22, 23, 24, 25, 26, 27, 28, 29, 30, 31],
      "LargestImagePixelValue": [2283, 319, 330, 320, 316, 321, 323, 314, 329, 331, 330, 329, 325, 323, 329, 317, 318, 322, 332, 330, 328, 324, 321, 315, 310, 319, 315, 327, 320, 329, 323],
      "SequenceName": [
        "*ep_b0",
        "*ep_b1000#1",
        "*ep_b1000#2",
        "*ep_b1000#3",
        "*ep_b1000#4",
        "*ep_b1000#5",
        "*ep_b1000#6",
        "*ep_b1000#7",
        "*ep_b1000#8",
        "*ep_b1000#9",
        "*ep_b1000#10",
        "*ep_b1000#11",
        "*ep_b1000#12",
        "*ep_b1000#13",
        "*ep_b1000#14",
        "*ep_b1000#15",
        "*ep_b1000#16",
        "*ep_b1000#17",
        "*ep_b1000#18",
        "*ep_b1000#19",
        "*ep_b1000#20",
        "*ep_b1000#21",
        "*ep_b1000#22",
        "*ep_b1000#23",
        "*ep_b1000#24",
        "*ep_b1000#25",
        "*ep_b1000#26",
        "*ep_b1000#27",
        "*ep_b1000#28",
        "*ep_b1000#29",
        "*ep_b1000#30"
],
      "WindowCenter": [915.0, 224.0, 224.0, 224.0, 223.0, 221.0, 222.0, 222.0, 225.0, 223.0, 222.0, 221.0, 226.0, 224.0, 223.0, 223.0, 225.0, 221.0, 226.0, 227.0, 224.0, 224.0, 223.0, 222.0, 221.0, 222.0, 223.0, 223.0, 223.0, 226.0, 224.0],
      "WindowWidth": [2029.0, 509.0, 509.0, 509.0, 507.0, 503.0, 505.0, 506.0, 510.0, 507.0, 504.0, 502.0, 513.0, 509.0, 507.0, 506.0, 510.0, 504.0, 511.0, 514.0, 509.0, 509.0, 506.0, 504.0, 502.0, 505.0, 507.0, 506.0, 506.0, 512.0, 508.0]
    },
    "slices": {}
  }
}