{
  "AcquisitionDateTime": "2016-12-12T10:36:23.195312", 
  "ConversionSoftware": "dcm2niix", 
  "ConversionSoftwareVersion": "v1.0.20170130", 
  "EchoTime": 0.035, 
  "EffectiveEchoSpacing": 0.00026, 
  "FlipAngle": 90, 
  "ImageType": [
    "ORIGINAL", 
    "PRIMARY", 
    "M", 
    "ND", 
    "NORM", 
    "MOSAIC"
], 
  "MagneticFieldStrength": 3, 
  "Manufacturer": "Siemens", 
  "ManufacturersModelName": "Prisma", 
  "PhaseEncodingDirection": "j-", 
  "ProcedureStepDescription": "dbic_QA", 
  "ProtocolName": "BOLD_p2", 
  "RepetitionTime": 2, 
  "SliceTiming": [0.99, 0, 1.055, 0.065, 1.12, 0.13, 1.1875, 0.1975, 1.2525, 0.2625, 1.32, 0.33, 1.385, 0.395, 1.45, 0.46, 1.5175, 0.5275, 1.5825, 0.5925, 1.65, 0.66, 1.715, 0.725, 1.78, 0.79, 1.8475, 0.8575, 1.9125, 0.9225], 
  "dcmmeta_affine": [
    [-2.996333599090576, 0.009936416521668434, -0.19675731658935547, 123.436767578125], 
    [-0.031541746109724045, 2.8820269107818604, 1.107120394706726, -115.07758331298828], 
    [-0.1448773741722107, -0.8329594731330872, 3.828272581100464, -42.997379302978516], 
    [0.0, 0.0, 0.0, 1.0]
], 
  "dcmmeta_reorient_transform": [
    [0.0, -1.0, 0.0, 79.0], 
    [1.0, 0.0, 0.0, 0.0], 
    [0.0, 0.0, 1.0, 0.0], 
    [0.0, 0.0, 0.0, 1.0]
], 
  "dcmmeta_shape": [80, 80, 30, 157], 
  "dcmmeta_slice_dim": 2, 
  "dcmmeta_version": 0.6, 
  "global": {
    "const": {
      "AccessionNumber": "qa", 
      "AcquisitionMatrix": [80, 0, 0, 80], 
      "AngioFlag": "N", 
      "BitsAllocated": 16, 
      "BitsStored": 12, 
      "BodyPartExamined": "BRAIN", 
      "Columns": 480, 
      "EchoNumbers": 1, 
      "EchoTime": 35.0, 
      "EchoTrainLength": 39, 
      "FlipAngle": 90.0, 
      "HighBit": 11, 
      "ImageOrientationPatient": [0.99877790127742, 0.01051391516341, -0.0482924580841, 0.00331213885168, 0.96067567471061, 0.277653160896], 
      "ImagePositionPatient": [-725.47576948286, -695.31630795674, -246.417599091], 
      "ImageType": [
        "ORIGINAL", 
        "PRIMARY", 
        "M", 
        "ND", 
        "NORM", 
        "MOSAIC"
], 
      "ImagedNucleus": "1H", 
      "ImagingFrequency": 123.252571, 
      "InPlanePhaseEncodingDirection": "COL", 
      "MRAcquisitionType": "2D", 
      "MagneticFieldStrength": 3.0, 
      "Manufacturer": "SIEMENS", 
      "ManufacturerModelName": "Prisma", 
      "Modality": "MR", 
      "NumberOfAverages": 1.0, 
      "NumberOfPhaseEncodingSteps": 79, 
      "PercentPhaseFieldOfView": 100.0, 
      "PercentSampling": 100.0, 
      "PerformedProcedureStepStartTime": "103456.260000", 
      "PhotometricInterpretation": "MONOCHROME2", 
      "PixelBandwidth": 2315.0, 
      "PixelRepresentation": 0, 
      "PixelSpacing": [3.0, 3.0], 
      "PositionReferenceIndicator": "", 
      "ProtocolName": "BOLD_p2", 
      "RepetitionTime": 2000.0, 
      "Rows": 480, 
      "SAR": 0.04776898352956, 
      "SamplesPerPixel": 1, 
      "ScanOptions": "FS", 
      "ScanningSequence": "EP", 
      "SequenceName": "*epfid2d1_80", 
      "SequenceVariant": "SK", 
      "SeriesDescription": "BOLD_p2", 
      "SeriesNumber": 5, 
      "SeriesTime": "103711.579000", 
      "SliceLocation": -79.272559624123, 
      "SliceThickness": 3.5, 
      "SmallestImagePixelValue": 0, 
      "SoftwareVersions": "syngo MR E11", 
      "SpacingBetweenSlices": 3.9900000178998, 
      "SpecificCharacterSet": "ISO_IR 100", 
      "StudyID": "11", 
      "StudyTime": "103456.156000", 
      "TransmitCoilName": "Body", 
      "VariableFlipAngleFlag": "N", 
      "WindowCenterWidthExplanation": "Algo1", 
      "dBdt": 0.0}, 
