{
  "AcquisitionMatrixPE": 122,
  "AcquisitionNumber": 1,
  "AcquisitionTime": "10:34:29.440000",
  "BandwidthPerPixelPhaseEncode": 27.785,
  "BaseResolution": 122,
  "BodyPartExamined": "BRAIN",
  "CoilCombinationMethod": "Adaptive Combine",
  "ConsistencyInfo": "N4_VE11E_LATEST_20181129",
  "ConversionSoftware": "dcm2niix",
  "ConversionSoftwareVersion": "v1.0.20220720",
  "DerivedVendorReportedEchoSpacing": 0.000590011,
  "DeviceSerialNumber": "66112",
  "DiffusionScheme": "Monopolar",
  "DwellTime": 2e-06,
  "EchoTime": 0.068,
  "EchoTrainLength": 61,
  "EffectiveEchoSpacing": 0.000295005,
  "FlipAngle": 90,
  "HeudiconvVersion": "0.13.1",
  "ImageOrientationPatientDICOM": [0.986175, 0.165494, 0.00836693, -0.159902, 0.937178, 0.310045],
  "ImageOrientationText": "Tra>Cor(17.9)>Sag(-2.5)",
  "ImageType": [
    "ORIGINAL",
    "PRIMARY",
    "DIFFUSION",
    "NONE",
    "ND",
    "NORM",
    "MOSAIC"
],
  "ImagingFrequency": 123.261,
  "InPlanePhaseEncodingDirectionDICOM": "COL",
  "InstitutionAddress": "Maynard 3,Hanover,NH,US,03755",
  "InstitutionName": "Dartmouth College - PBS",
  "InstitutionalDepartmentName": "Department",
  "MRAcquisitionType": "2D",
  "MagneticFieldStrength": 3,
  "Manufacturer": "Siemens",
  "ManufacturersModelName": "Prisma",
  "Modality": "MR",
  "MultibandAccelerationFactor": 4,
  "NonlinearGradientCorrection": false,
  "ParallelReductionFactorInPlane": 2,
  "PartialFourier": 1,
  "PatientPosition": "HFS",
  "PercentPhaseFOV": 100,
  "PercentSampling": 100,
  "PhaseEncodingDirection": "j-",
  "PhaseEncodingSteps": 122,
  "PhaseResolution": 1,
  "PixelBandwidth": 2050,
  "ProcedureStepDescription": "dbic^QA",
  "ProtocolName": "dwi_acq-DTI-30-p2-s4",
  "PulseSequenceDetails": "%SiemensSeq%\\ep2d_diff",
  "ReceiveCoilActiveElements": "HEA;HEP",
  "ReceiveCoilName": "Head_32",
  "ReconMatrixPE": 122,
  "RefLinesPE": 38,
  "RepetitionTime": 3.6,
  "SAR": 0.153455,
  "ScanOptions": "FS",
  "ScanningSequence": "EP",
  "SequenceName": "*ep_b0",
  "SequenceVariant": "SK\\SP",
  "SeriesDescription": "dwi_acq-DTI-30-p2-s4",
  "SeriesNumber": 10,
  "ShimSetting": [4246, -7723, -7485, -24, -161, -15, -46, 86],
  "SliceThickness": 2,
  "SliceTiming": [2.585, 0, 1.79, 0.2, 1.99, 0.3975, 2.1875, 0.5975, 2.3875, 0.995, 2.785, 1.1925, 2.9825, 1.3925, 3.1825, 1.59, 3.38, 0.795, 2.585, 0, 1.79, 0.2, 1.99, 0.3975, 2.1875, 0.5975, 2.3875, 0.995, 2.785, 1.1925, 2.9825, 1.3925, 3.1825, 1.59, 3.38, 0.795, 2.585, 0, 1.79, 0.2, 1.99, 0.3975, 2.1875, 0.5975, 2.3875, 0.995, 2.785, 1.1925, 2.9825, 1.3925, 3.1825, 1.59, 3.38, 0.795, 2.585, 0, 1.79, 0.2, 1.99, 0.3975, 2.1875, 0.5975, 2.3875, 0.995, 2.785, 1.1925, 2.9825, 1.3925, 3.1825, 1.59, 3.38, 0.795],
  "SoftwareVersions": "syngo MR E11",
  "SpacingBetweenSlices": 2,
  "SpoilingState": true,
  "StationName": "AWP66112",
  "TotalReadoutTime": 0.0356956,
  "TxRefAmp": 220.391,
  "dcmmeta_affine": [
    [-1.9400169849395752, -0.3145616054534912, -0.08693870157003403, 141.8769073486328],
    [-0.325562059879303, 1.8436294794082642, 0.6141939163208008, -102.6501693725586],
    [0.01645953767001629, -0.6099252700805664, 1.9013699293136597, -32.719783782958984],
    [0.0, 0.0, 0.0, 1.0]
],
  "dcmmeta_reorient_transform": [
    [0.0, -1.0, 0.0, 121.0],
    [1.0, 0.0, 0.0, 0.0],
    [0.0, 0.0, 1.0, 0.0],
    [0.0, 0.0, 0.0, 1.0]
],
  "dcmmeta_shape": [122, 122, 72, 31],
  "dcmmeta_slice_dim": 2,
  "dcmmeta_version": 0.6,
  "global": {
    "const": {
      "AccessionNumber": "qa",
      "AcquisitionMatrix": [122, 0, 0, 122],
      "AngioFlag": "N",
      "BitsAllocated": 16,
      "BitsStored": 12,
      "BodyPartExamined": "BRAIN",
      "Columns": 1098,
      "EchoNumbers": 1,
      "EchoTime": 68.0,
      "EchoTrainLength": 61,
      "FlipAngle": 90.0,
      "HighBit": 11,
      "ImageOrientationPatient": [0.98617529751049, 0.16549403929424, 0.00836693122813, -0.1599021515563, 0.93717830805206, 0.31004535288298],
      "ImagePositionPatient": [-897.03718147899, -1178.9944733089, -412.19654533986],
      "ImageType": [
        "ORIGINAL",
        "PRIMARY",
        "DIFFUSION",
        "NONE",
        "ND",
        "NORM",
        "MOSAIC"
],
      "ImagedNucleus": "1H",
      "ImagingFrequency": 123.261236,
      "InPlanePhaseEncodingDirection": "COL",
      "MRAcquisitionType": "2D",
      "MagneticFieldStrength": 3.0,
      "Manufacturer": "SIEMENS",
      "ManufacturerModelName": "Prisma",
      "Modality": "MR",
      "NumberOfAverages": 1.0,
      "NumberOfPhaseEncodingSteps": 122,
      "PercentPhaseFieldOfView": 100.0,
      "PercentSampling": 100.0,
      "PerformedProcedureStepStartTime": "093516.013000",
      "PhotometricInterpretation": "MONOCHROME2",
      "PixelBandwidth": 2050.0,
      "PixelRepresentation": 0,
      "PixelSpacing": [1.9672131538391, 1.9672131538391],
      "ProtocolName": "dwi_acq-DTI-30-p2-s4",
      "RepetitionTime": 3600.0,
      "Rows": 1098,
      "SAR": 0.153455438929,
      "SamplesPerPixel": 1,
      "ScanOptions": "FS",
      "ScanningSequence": "EP",
      "SequenceVariant": [
        "SK",
        "SP"
],
      "SeriesDescription": "dwi_acq-DTI-30-p2-s4",
      "SeriesNumber": 10,
      "SeriesTime": "103557.683000",
      "SliceLocation": -68.797059650649,
      "SliceThickness": 2.0,
      "SmallestImagePixelValue": 0,
      "SoftwareVersions": "syngo MR E11",
      "SpacingBetweenSlices": 1.9999999795845,
      "SpecificCharacterSet": "ISO_IR 100",
      "StudyID": "47",
      "StudyTime": "093515.937000",
      "TransmitCoilName": "Body",
      "VariableFlipAngleFlag": "N",
      "WindowCenterWidthExplanation": "Algo1"
    },
    "slices": {}
  },
  "time": {
    "samples": {
      "AcquisitionNumber": [1, 2, 3, 4, 5, 6, 7, 8, 9, 10, 11, 12, 13, 14, 15, 16, 17, 18, 19, 20, 21, 22, 23, 24, 25, 26, 27, 28, 29, 30, 31],
      "AcquisitionTime": ["103429.440000", "103433.040000", "103436.640000", "103440.240000", "103443.840000", "103447.440000", "103451.040000", "103454.640000", "103458.240000", "103501.840000", "103505.440000", "103509.040000", "103512.640000", "103516.240000", "103519.840000", "103523.440000", "103527.040000", "103530.640000", "103534.240000", "103537.840000", "103541.440000", "103545.040000", "103548.640000", "103552.240000", "103555.840000", "103559.440000", "103603.040000", "103606.640000", "103610.240000", "103613.840000", "103617.440000"],
      "ContentTime": ["103557.687000", "103557.690000", "103557.693000", "103557.696000", "103557.699000", "103557.703000", "103557.707000", "103557.710000", "103557.714000", "103557.717000", "103557.720000", "103557.732000", "103557.735000", "103557.738000", "103557.741000", "103557.745000", "103557.748000", "103557.751000", "103557.755000", "103557.758000", "103557.775000", "103557.778000", "103557.781000", "103557.784000", "103619.346000", "103619.350000", "103619.353000", "103619.356000", "103619.359000", "103619.362000", "103619.366000"],
      "InstanceCreationTime": ["103557.687000", "103557.690000", "103557.693000", "103557.696000", "103557.699000", "103557.703000", "103557.707000", "103557.710000", "103557.714000", "103557.717000", "103557.720000", "103557.732000", "103557.735000", "103557.738000", "103557.741000", "103557.745000", "103557.748000", "103557.751000", "103557.755000", "103557.758000", "103557.775000", "103557.778000", "103557.781000", "103557.784000", "103619.346000", "103619.350000", "103619.353000", "103619.356000", "103619.359000", "103619.362000", "103619.366000"],
      "InstanceNumber": [1, 2, 3, 4, 5, 6, 7, 8, 9, 10, 11, 12, 13, 14, 15, 16, 17, 18, 19, 20, 21, 22, 23, 24, 25, 26, 27, 28, 29, 30, 31],
      "LargestImagePixelValue": [1851, 280, 282, 280, 273, 281, 284, 274, 293, 283, 277, 275, 284, 285, 297, 281, 280, 281, 295, 286, 283, 285, 277, 283, 281, 273, 283, 281, 281, 296, 291],
      "SequenceName": [
        "*ep_b0",
        "*ep_b1000#1",
        "*ep_b1000#2",
        "*ep_b1000#3",
        "*ep_b1000#4",
        "*ep_b1000#5",
        "*ep_b1000#6",
        "*ep_b1000#7",
        "*ep_b1000#8",
        "*ep_b1000#9",
        "*ep_b1000#10",
        "*ep_b1000#11",
        "*ep_b1000#12",
        "*ep_b1000#13",
        "*ep_b1000#14",
        "*ep_b1000#15",
        "*ep_b1000#16",
        "*ep_b1000#17",
        "*ep_b1000#18",
        "*ep_b1000#19",
        "*ep_b1000#20",
        "*ep_b1000#21",
        "*ep_b1000#22",
        "*ep_b1000#23",
        "*ep_b1000#24",
        "*ep_b1000#25",
        "*ep_b1000#26",
        "*ep_b1000#27",
        "*ep_b1000#28",
        "*ep_b1000#29",
        "*ep_b1000#30"
],
      "WindowCenter": [867.0, 221.0, 221.0, 222.0, 221.0, 221.0, 221.0, 221.0, 221.0, 221.0, 221.0, 221.0, 225.0, 223.0, 223.0, 221.0, 223.0, 222.0, 225.0, 225.0, 221.0, 221.0, 222.0, 221.0, 221.0, 221.0, 221.0, 221.0, 222.0, 225.0, 223.0],
      "WindowWidth": [1889.0, 503.0, 503.0, 504.0, 503.0, 502.0, 503.0, 503.0, 503.0, 503.0, 503.0, 502.0, 511.0, 507.0, 506.0, 503.0, 507.0, 504.0, 511.0, 512.0, 503.0, 502.0, 505.0, 503.0, 503.0, 503.0, 503.0, 503.0, 505.0, 511.0, 507.0]
    },
    "slices": {}
  }
}