{
  "AcquisitionMatrixPE": 122,
  "AcquisitionNumber": 1,
  "AcquisitionTime": "10:30:8.192500",
  "BandwidthPerPixelPhaseEncode": 28.76,
  "BaseResolution": 122,
  "BodyPartExamined": "BRAIN",
  "CoilCombinationMethod": "Adaptive Combine",
  "ConsistencyInfo": "N4_VE11E_LATEST_20181129",
  "ConversionSoftware": "dcm2niix",
  "ConversionSoftwareVersion": "v1.0.20220720",
  "DerivedVendorReportedEchoSpacing": 0.000570008,
  "DeviceSerialNumber": "66112",
  "DiffusionScheme": "Monopolar",
  "DwellTime": 2e-06,
  "EchoTime": 0.075,
  "EchoTrainLength": 61,
  "EffectiveEchoSpacing": 0.000285004,
  "FlipAngle": 90,
  "HeudiconvVersion": "0.13.1",
  "ImageOrientationPatientDICOM": [0.986175, 0.165494, 0.00836693, -0.159902, 0.937178, 0.310045],
  "ImageOrientationText": "Tra>Cor(17.9)>Sag(-2.5)",
  "ImageType": [
    "ORIGINAL",
    "PRIMARY",
    "DIFFUSION",
    "NONE",
    "ND",
    "NORM",
    "MOSAIC"
],
  "ImagingFrequency": 123.261,
  "InPlanePhaseEncodingDirectionDICOM": "COL",
  "InstitutionAddress": "Maynard 3,Hanover,NH,US,03755",
  "InstitutionName": "Dartmouth College - PBS",
  "InstitutionalDepartmentName": "Department",
  "MRAcquisitionType": "2D",
  "MagneticFieldStrength": 3,
  "Manufacturer": "Siemens",
  "ManufacturersModelName": "Prisma",
  "MatrixCoilMode": "GRAPPA",
  "Modality": "MR",
  "NonlinearGradientCorrection": false,
  "ParallelReductionFactorInPlane": 2,
  "PartialFourier": 1,
  "PatientPosition": "HFS",
  "PercentPhaseFOV": 100,
  "PercentSampling": 100,
  "PhaseEncodingDirection": "j-",
  "PhaseEncodingSteps": 122,
  "PhaseResolution": 1,
  "PixelBandwidth": 2050,
  "ProcedureStepDescription": "dbic^QA",
  "ProtocolName": "dwi_acq-DTI-30-p2",
  "PulseSequenceDetails": "%SiemensSeq%\\ep2d_diff",
  "ReceiveCoilActiveElements": "HEA;HEP",
  "ReceiveCoilName": "Head_32",
  "ReconMatrixPE": 122,
  "RefLinesPE": 38,
  "RepetitionTime": 7.7,
  "SAR": 0.100537,
  "ScanOptions": "FS",
  "ScanningSequence": "EP",
  "SequenceName": "*ep_b0",
  "SequenceVariant": "SK\\SP",
  "SeriesDescription": "dwi_acq-DTI-30-p2",
  "SeriesNumber": 9,
  "ShimSetting": [4246, -7723, -7485, -24, -161, -16, -47, 85],
  "SliceThickness": 2,
  "SliceTiming": [3.8375, 0, 3.9475, 0.1075, 4.0575, 0.2175, 4.1675, 0.3275, 4.2775, 0.4375, 4.3875, 0.5475, 4.4975, 0.6575, 4.6075, 0.7675, 4.7175, 0.8775, 4.825, 0.985, 4.935, 1.095, 5.045, 1.205, 5.155, 1.315, 5.265, 1.425, 5.375, 1.535, 5.485, 1.645, 5.595, 1.755, 5.7025, 1.865, 5.8125, 1.9725, 5.9225, 2.0825, 6.0325, 2.1925, 6.1425, 2.3025, 6.2525, 2.4125, 6.3625, 2.5225, 6.4725, 2.6325, 6.5825, 2.7425, 6.69, 2.85, 6.8, 2.96, 6.91, 3.07, 7.02, 3.18, 7.13, 3.29, 7.24, 3.4, 7.35, 3.51, 7.46, 3.62, 7.57, 3.73],
  "SoftwareVersions": "syngo MR E11",
  "SpacingBetweenSlices": 2,
  "SpoilingState": true,
  "StationName": "AWP66112",
  "TotalReadoutTime": 0.0344855,
  "TxRefAmp": 220.391,
  "dcmmeta_affine": [
    [-1.9400169849395752, -0.3145616054534912, -0.08693870157003403, 141.7899627685547],
    [-0.325562059879303, 1.8436294794082642, 0.6141939163208008, -102.03597259521484],
    [0.01645953767001629, -0.6099252700805664, 1.9013698101043701, -30.818410873413086],
    [0.0, 0.0, 0.0, 1.0]
],
  "dcmmeta_reorient_transform": [
    [0.0, -1.0, 0.0, 121.0],
    [1.0, 0.0, 0.0, 0.0],
    [0.0, 0.0, 1.0, 0.0],
    [0.0, 0.0, 0.0, 1.0]
],
  "dcmmeta_shape": [122, 122, 70, 31],
  "dcmmeta_slice_dim": 2,
  "dcmmeta_version": 0.6,
  "global": {
    "const": {
      "AccessionNumber": "qa",
      "AcquisitionMatrix": [122, 0, 0, 122],
      "AngioFlag": "N",
      "BitsAllocated": 16,
      "BitsStored": 12,
      "BodyPartExamined": "BRAIN",
      "Columns": 1098,
      "EchoNumbers": 1,
      "EchoTime": 75.0,
      "EchoTrainLength": 61,
      "FlipAngle": 90.0,
      "HighBit": 11,
      "ImageOrientationPatient": [0.98617529751049, 0.16549403929424, 0.00836693122813, -0.1599021515563, 0.93717830805206, 0.31004535288298],
      "ImagePositionPatient": [-896.95024262096, -1179.6086672253, -410.29517052297],
      "ImageType": [
        "ORIGINAL",
        "PRIMARY",
        "DIFFUSION",
        "NONE",
        "ND",
        "NORM",
        "MOSAIC"
],
      "ImagedNucleus": "1H",
      "ImagingFrequency": 123.261232,
      "InPlanePhaseEncodingDirection": "COL",
      "MRAcquisitionType": "2D",
      "MagneticFieldStrength": 3.0,
      "Manufacturer": "SIEMENS",
      "ManufacturerModelName": "Prisma",
      "Modality": "MR",
      "NumberOfAverages": 1.0,
      "NumberOfPhaseEncodingSteps": 122,
      "PercentPhaseFieldOfView": 100.0,
      "PercentSampling": 100.0,
      "PerformedProcedureStepStartTime": "093516.013000",
      "PhotometricInterpretation": "MONOCHROME2",
      "PixelBandwidth": 2050.0,
      "PixelRepresentation": 0,
      "PixelSpacing": [1.9672131538391, 1.9672131538391],
      "ProtocolName": "dwi_acq-DTI-30-p2",
      "RepetitionTime": 7700.0,
      "Rows": 1098,
      "SAR": 0.1005369030549,
      "SamplesPerPixel": 1,
      "ScanOptions": "FS",
      "ScanningSequence": "EP",
      "SequenceVariant": [
        "SK",
        "SP"
],
      "SeriesDescription": "dwi_acq-DTI-30-p2",
      "SeriesNumber": 9,
      "SeriesTime": "103257.585000",
      "SliceLocation": -66.797054969104,
      "SliceThickness": 2.0,
      "SmallestImagePixelValue": 0,
      "SoftwareVersions": "syngo MR E11",
      "SpacingBetweenSlices": 1.9999999443196,
      "SpecificCharacterSet": "ISO_IR 100",
      "StudyID": "47",
      "StudyTime": "093515.937000",
      "TransmitCoilName": "Body",
      "VariableFlipAngleFlag": "N",
      "WindowCenterWidthExplanation": "Algo1"
    },
    "slices": {}
  },
  "time": {
    "samples": {
      "AcquisitionNumber": [1, 2, 3, 4, 5, 6, 7, 8, 9, 10, 11, 12, 13, 14, 15, 16, 17, 18, 19, 20, 21, 22, 23, 24, 25, 26, 27, 28, 29, 30, 31],
      "AcquisitionTime": ["103008.192500", "103015.892500", "103023.592500", "103031.292500", "103038.992500", "103046.692500", "103054.392500", "103102.092500", "103109.792500", "103117.492500", "103125.192500", "103132.892500", "103140.592500", "103148.292500", "103155.992500", "103203.692500", "103211.392500", "103219.092500", "103226.792500", "103234.492500", "103242.192500", "103249.892500", "103257.592500", "103305.292500", "103312.992500", "103320.692500", "103328.392500", "103336.092500", "103343.792500", "103351.492500", "103359.192500"],
      "ContentTime": ["103257.589000", "103257.593000", "103257.596000", "103257.598000", "103257.607000", "103257.610000", "103257.613000", "103257.621000", "103257.629000", "103257.632000", "103257.635000", "103257.638000", "103257.641000", "103257.644000", "103257.646000", "103257.649000", "103257.652000", "103257.655000", "103257.658000", "103257.661000", "103257.672000", "103257.675000", "103403.465000", "103403.471000", "103403.474000", "103403.486000", "103403.489000", "103403.493000", "103403.496000", "103403.499000", "103403.502000"],
      "InstanceCreationTime": ["103257.589000", "103257.593000", "103257.596000", "103257.598000", "103257.607000", "103257.610000", "103257.613000", "103257.621000", "103257.629000", "103257.632000", "103257.635000", "103257.638000", "103257.641000", "103257.644000", "103257.646000", "103257.649000", "103257.652000", "103257.655000", "103257.658000", "103257.661000", "103257.672000", "103257.675000", "103403.465000", "103403.471000", "103403.474000", "103403.486000", "103403.489000", "103403.493000", "103403.496000", "103403.499000", "103403.502000"],
      "InstanceNumber": [1, 2, 3, 4, 5, 6, 7, 8, 9, 10, 11, 12, 13, 14, 15, 16, 17, 18, 19, 20, 21, 22, 23, 24, 25, 26, 27, 28, 29, 30, 31],
      "LargestImagePixelValue": [1780, 286, 292, 279, 288, 276, 274, 293, 288, 287, 287, 284, 281, 277, 279, 285, 286, 277, 300, 280, 281, 285, 279, 274, 281, 279, 291, 291, 278, 288, 283],
      "SequenceName": [
        "*ep_b0",
        "*ep_b1000#1",
        "*ep_b1000#2",
        "*ep_b1000#3",
        "*ep_b1000#4",
        "*ep_b1000#5",
        "*ep_b1000#6",
        "*ep_b1000#7",
        "*ep_b1000#8",
        "*ep_b1000#9",
        "*ep_b1000#10",
        "*ep_b1000#11",
        "*ep_b1000#12",
        "*ep_b1000#13",
        "*ep_b1000#14",
        "*ep_b1000#15",
        "*ep_b1000#16",
        "*ep_b1000#17",
        "*ep_b1000#18",
        "*ep_b1000#19",
        "*ep_b1000#20",
        "*ep_b1000#21",
        "*ep_b1000#22",
        "*ep_b1000#23",
        "*ep_b1000#24",
        "*ep_b1000#25",
        "*ep_b1000#26",
        "*ep_b1000#27",
        "*ep_b1000#28",
        "*ep_b1000#29",
        "*ep_b1000#30"
],
      "WindowCenter": [842.0, 217.0, 217.0, 217.0, 216.0, 215.0, 216.0, 217.0, 218.0, 217.0, 215.0, 215.0, 218.0, 217.0, 217.0, 217.0, 217.0, 215.0, 218.0, 218.0, 218.0, 217.0, 215.0, 215.0, 215.0, 216.0, 217.0, 216.0, 216.0, 217.0, 217.0],
      "WindowWidth": [1814.0, 493.0, 493.0, 494.0, 491.0, 490.0, 492.0, 493.0, 495.0, 493.0, 490.0, 490.0, 495.0, 493.0, 493.0, 493.0, 493.0, 490.0, 494.0, 495.0, 495.0, 493.0, 489.0, 490.0, 490.0, 491.0, 493.0, 491.0, 491.0, 493.0, 493.0]
    },
    "slices": {}
  }
}