{
  "AcquisitionMatrixPE": 80,
  "AcquisitionNumber": 1,
  "AcquisitionTime": "10:22:26.507500",
  "BandwidthPerPixelPhaseEncode": 25,
  "BaseResolution": 80,
  "BodyPartExamined": "BRAIN",
  "CoilCombinationMethod": "Sum of Squares",
  "ConsistencyInfo": "N4_VE11C_LATEST_20160120",
  "ConversionSoftware": "dcm2niix",
  "ConversionSoftwareVersion": "v1.0.20220720",
  "DerivedVendorReportedEchoSpacing": 0.0005,
  "DeviceSerialNumber": "66112",
  "DwellTime": 2.7e-06,
  "EchoTime": 0.03,
  "EchoTrainLength": 80,
  "EffectiveEchoSpacing": 0.0005,
  "FlipAngle": 10,
  "HeudiconvVersion": "0.13.1",
  "ImageOrientationPatientDICOM": [0.99996, 0.00767879, 0.00458342, -0.00872651, 0.949889, 0.312465],
  "ImageOrientationText": "Tra>Cor(18.2)>Sag(0.1)",
  "ImageType": [
    "ORIGINAL",
    "PRIMARY",
    "M",
    "ND",
    "NORM",
    "MOSAIC"
],
  "ImagingFrequency": 123.252,
  "InPlanePhaseEncodingDirectionDICOM": "COL",
  "InstitutionAddress": "Maynard 3,Hanover,NH,US,03755",
  "InstitutionName": "Dartmouth College - PBS",
  "InstitutionalDepartmentName": "Department",
  "MRAcquisitionType": "2D",
  "MagneticFieldStrength": 3,
  "Manufacturer": "Siemens",
  "ManufacturersModelName": "Prisma",
  "MatrixCoilMode": "SENSE",
  "Modality": "MR",
  "NonlinearGradientCorrection": false,
  "PartialFourier": 1,
  "PatientPosition": "HFS",
  "PercentPhaseFOV": 100,
  "PercentSampling": 100,
  "PhaseEncodingDirection": "j-",
  "PhaseEncodingSteps": 80,
  "PhaseResolution": 1,
  "PixelBandwidth": 2315,
  "ProcedureStepDescription": "dbic^QA",
  "ProtocolName": "func-bold_fa-10",
  "PulseSequenceDetails": "%SiemensSeq%\\ep2d_bold",
  "ReceiveCoilActiveElements": "HEA;HEP",
  "ReceiveCoilName": "Head_32",
  "ReconMatrixPE": 80,
  "RepetitionTime": 2,
  "SAR": 0.0117179,
  "ScanOptions": "FS",
  "ScanningSequence": "EP",
  "SequenceName": "*epfid2d1_80",
  "SequenceVariant": "SK",
  "SeriesDescription": "func-bold_fa-10",
  "SeriesNumber": 10,
  "ShimSetting": [4152, -7695, -7518, 237, -57, -100, -39, 97],
  "SliceThickness": 3.5,
  "SliceTiming": [0.99, 0, 1.055, 0.065, 1.12, 0.13, 1.1875, 0.1975, 1.2525, 0.2625, 1.32, 0.33, 1.385, 0.395, 1.45, 0.46, 1.5175, 0.5275, 1.5825, 0.5925, 1.65, 0.66, 1.715, 0.725, 1.78, 0.79, 1.8475, 0.8575, 1.9125, 0.9225],
  "SoftwareVersions": "syngo MR E11",
  "SpacingBetweenSlices": 3.99,
  "StationName": "AWP66112",
  "TotalReadoutTime": 0.0395,
  "TxRefAmp": 226.881,
  "dcmmeta_affine": [
    [-2.999880075454712, -0.02617953158915043, 0.007798006758093834, 121.36247253417969],
    [-0.02303638495504856, 2.84966778755188, 1.2468441724777222, -114.9515609741211],
    [0.013750256039202213, -0.9373942613601685, 3.7901742458343506, -9.678925514221191],
    [0.0, 0.0, 0.0, 1.0]
],
  "dcmmeta_reorient_transform": [
    [0.0, -1.0, 0.0, 79.0],
    [1.0, 0.0, 0.0, 0.0],
    [0.0, 0.0, 1.0, 0.0],
    [0.0, 0.0, 0.0, 1.0]
],
  "dcmmeta_shape": [80, 80, 30, 200],
  "dcmmeta_slice_dim": 2,
  "dcmmeta_version": 0.6,
  "global": {
    "const": {
      "AccessionNumber": "qa",
      "AcquisitionMatrix": [80, 0, 0, 80],
      "AngioFlag": "N",
      "BitsAllocated": 16,
      "BitsStored": 12,
      "BodyPartExamined": "BRAIN",
      "Columns": 480,
      "EchoNumbers": 1,
      "EchoTime": 30.0,
      "EchoTrainLength": 80,
      "FlipAngle": 10.0,
      "HighBit": 11,
      "ImageOrientationPatient": [0.99996001339289, 0.00767879475437, 0.00458341863915, -0.0087265104502, 0.94988927264692, 0.31246474637256],
      "ImagePositionPatient": [-714.03439411048, -684.71303469393, -273.96196900008],
      "ImageType": [
        "ORIGINAL",
        "PRIMARY",
        "M",
        "ND",
        "NORM",
        "MOSAIC"
],
      "ImagedNucleus": "1H",
      "ImagingFrequency": 123.252362,
      "InPlanePhaseEncodingDirection": "COL",
      "MRAcquisitionType": "2D",
      "MagneticFieldStrength": 3.0,
      "Manufacturer": "SIEMENS",
      "ManufacturerModelName": "Prisma",
      "Modality": "MR",
      "NumberOfAverages": 1.0,
      "NumberOfPhaseEncodingSteps": 80,
      "PercentPhaseFieldOfView": 100.0,
      "PercentSampling": 100.0,
      "PerformedProcedureStepStartTime": "100002.637000",
      "PhotometricInterpretation": "MONOCHROME2",
      "PixelBandwidth": 2315.0,
      "PixelRepresentation": 0,
      "PixelSpacing": [3.0, 3.0],
      "ProtocolName": "func-bold_fa-10",
      "RepetitionTime": 2000.0,
      "Rows": 480,
      "SAR": 0.01171794359124,
      "SamplesPerPixel": 1,
      "ScanOptions": "FS",
      "ScanningSequence": "EP",
      "SequenceName": "*epfid2d1_80",
      "SequenceVariant": "SK",
      "SeriesDescription": "func-bold_fa-10",
      "SeriesNumber": 10,
      "SeriesTime": "102313.354000",
      "SliceLocation": -44.878471345578,
      "SliceThickness": 3.5,
      "SmallestImagePixelValue": 0,
      "SoftwareVersions": "syngo MR E11",
      "SpacingBetweenSlices": 3.9900001368408,
      "SpecificCharacterSet": "ISO_IR 100",
      "StudyID": "6",
      "StudyTime": "100002.580000",
      "TransmitCoilName": "Body",
      "VariableFlipAngleFlag": "N",
      "WindowCenterWidthExplanation": "Algo1",
      "dBdt": 0.0},
