{
  "AcquisitionDateTime": "2017-03-09T90:62:5.781250", 
  "ConversionSoftware": "dcm2niix", 
  "ConversionSoftwareVersion": "v1.0.20170130", 
  "EchoTime": 0.035, 
  "EffectiveEchoSpacing": 0.00026, 
  "FlipAngle": 90, 
  "ImageType": [
    "ORIGINAL", 
    "PRIMARY", 
    "M", 
    "ND", 
    "NORM", 
    "MOSAIC"
], 
  "MagneticFieldStrength": 3, 
  "Manufacturer": "Siemens", 
  "ManufacturersModelName": "Prisma", 
  "PhaseEncodingDirection": "j-", 
  "ProcedureStepDescription": "dbic_QA", 
  "ProtocolName": "func-bold_task-rest_acq-p2", 
  "RepetitionTime": 2, 
  "SliceTiming": [0.99, 0, 1.055, 0.065, 1.12, 0.1325, 1.1875, 0.1975, 1.2525, 0.2625, 1.32, 0.33, 1.385, 0.395, 1.45, 0.4625, 1.5175, 0.5275, 1.5825, 0.5925, 1.65, 0.66, 1.715, 0.725, 1.78, 0.79, 1.8475, 0.8575, 1.9125, 0.9225], 
  "dcmmeta_affine": [
    [-2.920339822769165, 0.6549143195152283, 0.27483704686164856, 81.98140716552734], 
    [0.6867365837097168, 2.7813782691955566, 1.1838700771331787, -133.40040588378906], 
    [-0.0027337397914379835, -0.9137954115867615, 3.8003969192504883, -20.80617332458496], 
    [0.0, 0.0, 0.0, 1.0]
], 
  "dcmmeta_reorient_transform": [
    [0.0, -1.0, 0.0, 79.0], 
    [1.0, 0.0, 0.0, 0.0], 
    [0.0, 0.0, 1.0, 0.0], 
    [0.0, 0.0, 0.0, 1.0]
], 
  "dcmmeta_shape": [80, 80, 30, 200], 
  "dcmmeta_slice_dim": 2, 
  "dcmmeta_version": 0.6, 
  "global": {
    "const": {
      "AccessionNumber": "qa", 
      "AcquisitionMatrix": [80, 0, 0, 80], 
      "AngioFlag": "N", 
      "BitsAllocated": 16, 
      "BitsStored": 12, 
      "BodyPartExamined": "BRAIN", 
      "Columns": 480, 
      "EchoNumbers": 1, 
      "EchoTime": 35.0, 
      "EchoTrainLength": 39, 
      "FlipAngle": 90.0, 
      "HighBit": 11, 
      "ImageOrientationPatient": [0.97344664646135, -0.2289122017777, -0.0009112466328, 0.21830476467973, 0.92712609948053, 0.3045984658204], 
      "ImagePositionPatient": [-848.77048200211, -505.25682107762, -275.20834090588], 
      "ImageType": [
        "ORIGINAL", 
        "PRIMARY", 
        "M", 
        "ND", 
        "NORM", 
        "MOSAIC"
], 
      "ImagedNucleus": "1H", 
      "ImagingFrequency": 123.252517, 
      "InPlanePhaseEncodingDirection": "COL", 
      "MRAcquisitionType": "2D", 
      "MagneticFieldStrength": 3.0, 
      "Manufacturer": "SIEMENS", 
      "ManufacturerModelName": "Prisma", 
      "Modality": "MR", 
      "NumberOfAverages": 1.0, 
      "NumberOfPhaseEncodingSteps": 79, 
      "PercentPhaseFieldOfView": 100.0, 
      "PercentSampling": 100.0, 
      "PerformedProcedureStepStartTime": "090503.236000", 
      "PhotometricInterpretation": "MONOCHROME2", 
      "PixelBandwidth": 2315.0, 
      "PixelRepresentation": 0, 
      "PixelSpacing": [3.0, 3.0], 
      "PositionReferenceIndicator": "", 
      "ProtocolName": "func-bold_task-rest_acq-p2", 
      "RepetitionTime": 2000.0, 
      "Rows": 480, 
      "SAR": 0.04773476050688, 
      "SamplesPerPixel": 1, 
      "ScanOptions": "FS", 
      "ScanningSequence": "EP", 
      "SequenceName": "*epfid2d1_80", 
      "SequenceVariant": "SK", 
      "SeriesDescription": "func-bold_task-rest_acq-p2", 
      "SeriesNumber": 5, 
      "SeriesTime": "090709.287000", 
      "SliceLocation": -53.75161114407, 
      "SliceThickness": 3.5, 
      "SmallestImagePixelValue": 0, 
      "SoftwareVersions": "syngo MR E11", 
      "SpacingBetweenSlices": 3.9900000175165, 
      "SpecificCharacterSet": "ISO_IR 100", 
      "StudyID": "35", 
      "StudyTime": "090503.187000", 
      "TransmitCoilName": "Body", 
      "VariableFlipAngleFlag": "N", 
      "WindowCenterWidthExplanation": "Algo1", 
      "dBdt": 0.0}, 
