{
  "AcquisitionMatrixPE": 122,
  "AcquisitionNumber": 1,
  "AcquisitionTime": "10:20:41.222500",
  "BandwidthPerPixelPhaseEncode": 28.76,
  "BaseResolution": 122,
  "BodyPartExamined": "BRAIN",
  "CoilCombinationMethod": "Adaptive Combine",
  "ConsistencyInfo": "N4_VE11E_LATEST_20181129",
  "ConversionSoftware": "dcm2niix",
  "ConversionSoftwareVersion": "v1.0.20220720",
  "DerivedVendorReportedEchoSpacing": 0.000570008,
  "DeviceSerialNumber": "66112",
  "DiffusionScheme": "Monopolar",
  "DwellTime": 2e-06,
  "EchoTime": 0.075,
  "EchoTrainLength": 61,
  "EffectiveEchoSpacing": 0.000285004,
  "FlipAngle": 90,
  "HeudiconvVersion": "0.13.1",
  "ImageOrientationPatientDICOM": [0.999959, 0.00804746, 0.00408272, -0.00890108, 0.954009, 0.299645],
  "ImageOrientationText": "Tra>Cor(17.4)>Sag(0.1)",
  "ImageType": [
    "ORIGINAL",
    "PRIMARY",
    "DIFFUSION",
    "NONE",
    "ND",
    "NORM",
    "MOSAIC"
],
  "ImagingFrequency": 123.261,
  "InPlanePhaseEncodingDirectionDICOM": "COL",
  "InstitutionAddress": "Maynard 3,Hanover,NH,US,03755",
  "InstitutionName": "Dartmouth College - PBS",
  "InstitutionalDepartmentName": "Department",
  "MRAcquisitionType": "2D",
  "MagneticFieldStrength": 3,
  "Manufacturer": "Siemens",
  "ManufacturersModelName": "Prisma",
  "MatrixCoilMode": "GRAPPA",
  "Modality": "MR",
  "NonlinearGradientCorrection": false,
  "ParallelReductionFactorInPlane": 2,
  "PartialFourier": 1,
  "PatientPosition": "HFS",
  "PercentPhaseFOV": 100,
  "PercentSampling": 100,
  "PhaseEncodingDirection": "j-",
  "PhaseEncodingSteps": 122,
  "PhaseResolution": 1,
  "PixelBandwidth": 2050,
  "ProcedureStepDescription": "dbic^QA",
  "ProtocolName": "dwi_acq-DTI-30-p2",
  "PulseSequenceDetails": "%SiemensSeq%\\ep2d_diff",
  "ReceiveCoilActiveElements": "HEA;HEP",
  "ReceiveCoilName": "Head_32",
  "ReconMatrixPE": 122,
  "RefLinesPE": 38,
  "RepetitionTime": 7.7,
  "SAR": 0.0857411,
  "ScanOptions": "FS",
  "ScanningSequence": "EP",
  "SequenceName": "*ep_b0",
  "SequenceVariant": "SK\\SP",
  "SeriesDescription": "dwi_acq-DTI-30-p2",
  "SeriesNumber": 9,
  "ShimSetting": [4246, -7734, -7484, -28, -185, -78, -18, 78],
  "SliceThickness": 2,
  "SliceTiming": [3.8375, 0, 3.9475, 0.1075, 4.0575, 0.2175, 4.1675, 0.3275, 4.2775, 0.4375, 4.3875, 0.5475, 4.4975, 0.6575, 4.6075, 0.7675, 4.7175, 0.8775, 4.825, 0.985, 4.935, 1.095, 5.045, 1.205, 5.155, 1.315, 5.265, 1.425, 5.375, 1.535, 5.485, 1.645, 5.595, 1.755, 5.705, 1.865, 5.8125, 1.9725, 5.9225, 2.0825, 6.0325, 2.1925, 6.1425, 2.3025, 6.2525, 2.4125, 6.3625, 2.5225, 6.4725, 2.6325, 6.5825, 2.7425, 6.69, 2.8525, 6.8, 2.96, 6.91, 3.07, 7.02, 3.18, 7.13, 3.29, 7.24, 3.4, 7.35, 3.51, 7.46, 3.62, 7.57, 3.73],
  "SoftwareVersions": "syngo MR E11",
  "SpacingBetweenSlices": 2,
  "SpoilingState": true,
  "StationName": "AWP66112",
  "TotalReadoutTime": 0.0344855,
  "TxRefAmp": 220.618,
  "dcmmeta_affine": [
    [-1.9671330451965332, -0.017510322853922844, 0.002967125503346324, 121.84703826904297],
    [-0.01583107002079487, 1.876739263534546, 0.5993391871452332, -130.9757537841797],
    [0.0080315712839365, -0.5894664525985718, 1.9080837965011597, -34.063411712646484],
    [0.0, 0.0, 0.0, 1.0]
],
  "dcmmeta_reorient_transform": [
    [0.0, -1.0, 0.0, 121.0],
    [1.0, 0.0, 0.0, 0.0],
    [0.0, 0.0, 1.0, 0.0],
    [0.0, 0.0, 0.0, 1.0]
],
  "dcmmeta_shape": [122, 122, 70, 31],
  "dcmmeta_slice_dim": 2,
  "dcmmeta_version": 0.6,
  "global": {
    "const": {
      "AccessionNumber": "qa",
      "AcquisitionMatrix": [122, 0, 0, 122],
      "AngioFlag": "N",
      "BitsAllocated": 16,
      "BitsStored": 12,
      "BodyPartExamined": "BRAIN",
      "Columns": 1098,
      "EchoNumbers": 1,
      "EchoTime": 75.0,
      "EchoTrainLength": 61,
      "FlipAngle": 90.0,
      "HighBit": 11,
      "ImageOrientationPatient": [0.99995928407506, 0.00804746083635, 0.0040827155414, -0.0089010804761, 0.95400910564671, 0.29964545234246],
      "ImagePositionPatient": [-1071.1441861487, -1019.6840209993, -396.96790274642],
      "ImageType": [
        "ORIGINAL",
        "PRIMARY",
        "DIFFUSION",
        "NONE",
        "ND",
        "NORM",
        "MOSAIC"
],
      "ImagedNucleus": "1H",
      "ImagingFrequency": 123.261262,
      "InPlanePhaseEncodingDirection": "COL",
      "MRAcquisitionType": "2D",
      "MagneticFieldStrength": 3.0,
      "Manufacturer": "SIEMENS",
      "ManufacturerModelName": "Prisma",
      "Modality": "MR",
      "NumberOfAverages": 1.0,
      "NumberOfPhaseEncodingSteps": 122,
      "PercentPhaseFieldOfView": 100.0,
      "PercentSampling": 100.0,
      "PerformedProcedureStepStartTime": "094143.184000",
      "PhotometricInterpretation": "MONOCHROME2",
      "PixelBandwidth": 2050.0,
      "PixelRepresentation": 0,
      "PixelSpacing": [1.9672131538391, 1.9672131538391],
      "ProtocolName": "dwi_acq-DTI-30-p2",
      "RepetitionTime": 7700.0,
      "Rows": 1098,
      "SAR": 0.08574106527805,
      "SamplesPerPixel": 1,
      "ScanOptions": "FS",
      "ScanningSequence": "EP",
      "SequenceVariant": [
        "SK",
        "SP"
],
      "SeriesDescription": "dwi_acq-DTI-30-p2",
      "SeriesNumber": 9,
      "SeriesTime": "102324.636000",
      "SliceLocation": -71.566604788931,
      "SliceThickness": 2.0,
      "SmallestImagePixelValue": 0,
      "SoftwareVersions": "syngo MR E11",
      "SpacingBetweenSlices": 2.0000000336757,
      "SpecificCharacterSet": "ISO_IR 100",
      "StudyID": "36",
      "StudyTime": "094143.121000",
      "TransmitCoilName": "Body",
      "VariableFlipAngleFlag": "N",
      "WindowCenterWidthExplanation": "Algo1"
    },
    "slices": {}
  },
  "time": {
    "samples": {
      "AcquisitionNumber": [1, 2, 3, 4, 5, 6, 7, 8, 9, 10, 11, 12, 13, 14, 15, 16, 17, 18, 19, 20, 21, 22, 23, 24, 25, 26, 27, 28, 29, 30, 31],
      "AcquisitionTime": ["102041.222500", "102048.922500", "102056.622500", "102104.322500", "102112.022500", "102119.722500", "102127.422500", "102135.122500", "102142.822500", "102150.522500", "102158.222500", "102205.922500", "102213.622500", "102221.322500", "102229.022500", "102236.722500", "102244.422500", "102252.122500", "102259.822500", "102307.522500", "102315.222500", "102322.922500", "102330.622500", "102338.322500", "102346.022500", "102353.722500", "102401.422500", "102409.122500", "102416.822500", "102424.522500", "102432.222500"],
      "ContentTime": ["102324.640000", "102324.644000", "102324.647000", "102324.649000", "102324.660000", "102324.663000", "102324.666000", "102324.669000", "102324.672000", "102324.675000", "102324.678000", "102324.687000", "102324.690000", "102324.697000", "102324.700000", "102324.703000", "102324.706000", "102324.716000", "102324.719000", "102324.722000", "102324.725000", "102437.008000", "102437.011000", "102437.059000", "102437.062000", "102437.066000", "102437.069000", "102437.081000", "102437.084000", "102437.087000", "102437.090000"],
      "InstanceCreationTime": ["102324.640000", "102324.644000", "102324.647000", "102324.649000", "102324.660000", "102324.663000", "102324.666000", "102324.669000", "102324.672000", "102324.675000", "102324.678000", "102324.687000", "102324.690000", "102324.697000", "102324.700000", "102324.703000", "102324.706000", "102324.716000", "102324.719000", "102324.722000", "102324.725000", "102437.008000", "102437.011000", "102437.059000", "102437.062000", "102437.066000", "102437.069000", "102437.081000", "102437.084000", "102437.087000", "102437.090000"],
      "InstanceNumber": [1, 2, 3, 4, 5, 6, 7, 8, 9, 10, 11, 12, 13, 14, 15, 16, 17, 18, 19, 20, 21, 22, 23, 24, 25, 26, 27, 28, 29, 30, 31],
      "LargestImagePixelValue": [1957, 296, 298, 299, 301, 303, 303, 306, 297, 294, 305, 311, 296, 302, 307, 307, 296, 303, 296, 291, 303, 300, 289, 293, 292, 290, 290, 294, 295, 300, 297],
      "SequenceName": [
        "*ep_b0",
        "*ep_b1000#1",
        "*ep_b1000#2",
        "*ep_b1000#3",
        "*ep_b1000#4",
        "*ep_b1000#5",
        "*ep_b1000#6",
        "*ep_b1000#7",
        "*ep_b1000#8",
        "*ep_b1000#9",
        "*ep_b1000#10",
        "*ep_b1000#11",
        "*ep_b1000#12",
        "*ep_b1000#13",
        "*ep_b1000#14",
        "*ep_b1000#15",
        "*ep_b1000#16",
        "*ep_b1000#17",
        "*ep_b1000#18",
        "*ep_b1000#19",
        "*ep_b1000#20",
        "*ep_b1000#21",
        "*ep_b1000#22",
        "*ep_b1000#23",
        "*ep_b1000#24",
        "*ep_b1000#25",
        "*ep_b1000#26",
        "*ep_b1000#27",
        "*ep_b1000#28",
        "*ep_b1000#29",
        "*ep_b1000#30"
],
      "WindowCenter": [880.0, 228.0, 229.0, 229.0, 227.0, 227.0, 227.0, 228.0, 229.0, 228.0, 226.0, 227.0, 229.0, 228.0, 228.0, 228.0, 228.0, 227.0, 229.0, 229.0, 229.0, 229.0, 226.0, 226.0, 227.0, 228.0, 229.0, 227.0, 227.0, 229.0, 228.0],
      "WindowWidth": [1919.0, 516.0, 518.0, 518.0, 514.0, 513.0, 514.0, 515.0, 518.0, 516.0, 512.0, 513.0, 517.0, 516.0, 515.0, 516.0, 515.0, 513.0, 517.0, 517.0, 518.0, 517.0, 512.0, 512.0, 513.0, 515.0, 517.0, 514.0, 514.0, 517.0, 515.0]
    },
    "slices": {}
  }
}