{
  "AcquisitionMatrixPE": 80,
  "AcquisitionNumber": 1,
  "AcquisitionTime": "09:57:41.820000",
  "BandwidthPerPixelPhaseEncode": 48.077,
  "BaseResolution": 80,
  "BodyPartExamined": "BRAIN",
  "CoilCombinationMethod": "Sum of Squares",
  "ConsistencyInfo": "N4_VE11C_LATEST_20160120",
  "ConversionSoftware": "dcm2niix",
  "ConversionSoftwareVersion": "v1.0.20220720",
  "DerivedVendorReportedEchoSpacing": 0.000519999,
  "DeviceSerialNumber": "66112",
  "DwellTime": 2.7e-06,
  "EchoTime": 0.035,
  "EchoTrainLength": 39,
  "EffectiveEchoSpacing": 0.00026,
  "FlipAngle": 90,
  "HeudiconvVersion": "0.13.1",
  "ImageOrientationPatientDICOM": [0.993299, -0.115395, 0.00644471, 0.107907, 0.945926, 0.30591],
  "ImageOrientationText": "Tra>Cor(17.7)>Sag(2.4)",
  "ImageType": [
    "ORIGINAL",
    "PRIMARY",
    "M",
    "ND",
    "NORM",
    "MOSAIC"
],
  "ImagingFrequency": 123.253,
  "InPlanePhaseEncodingDirectionDICOM": "COL",
  "InstitutionAddress": "Maynard 3,Hanover,NH,US,03755",
  "InstitutionName": "Dartmouth College - PBS",
  "InstitutionalDepartmentName": "Department",
  "MRAcquisitionType": "2D",
  "MagneticFieldStrength": 3,
  "Manufacturer": "Siemens",
  "ManufacturersModelName": "Prisma",
  "MatrixCoilMode": "GRAPPA",
  "Modality": "MR",
  "NonlinearGradientCorrection": false,
  "ParallelReductionFactorInPlane": 2,
  "PartialFourier": 1,
  "PatientPosition": "HFS",
  "PercentPhaseFOV": 100,
  "PercentSampling": 100,
  "PhaseEncodingDirection": "j-",
  "PhaseEncodingSteps": 79,
  "PhaseResolution": 1,
  "PixelBandwidth": 2315,
  "ProcedureStepDescription": "dbic^QA",
  "ProtocolName": "func-bold_task-rest_acq-p2",
  "PulseSequenceDetails": "%SiemensSeq%\\ep2d_bold",
  "ReceiveCoilActiveElements": "HEA;HEP",
  "ReceiveCoilName": "Head_32",
  "ReconMatrixPE": 80,
  "RefLinesPE": 24,
  "RepetitionTime": 2,
  "SAR": 0.0476635,
  "ScanOptions": "FS",
  "ScanningSequence": "EP",
  "SequenceName": "*epfid2d1_80",
  "SequenceVariant": "SK",
  "SeriesDescription": "func-bold_task-rest_acq-p2",
  "SeriesNumber": 5,
  "ShimSetting": [4148, -7684, -7517, 322, -79, -175, -56, 72],
  "SliceThickness": 3.5,
  "SliceTiming": [0.99, 0, 1.0575, 0.0675, 1.1225, 0.1325, 1.1875, 0.2, 1.255, 0.265, 1.32, 0.33, 1.3875, 0.3975, 1.4525, 0.4625, 1.5175, 0.53, 1.585, 0.595, 1.65, 0.66, 1.7175, 0.7275, 1.7825, 0.7925, 1.8475, 0.86, 1.915, 0.925],
  "SoftwareVersions": "syngo MR E11",
  "SpacingBetweenSlices": 3.99,
  "StationName": "AWP66112",
  "TaskName": "rest",
  "TotalReadoutTime": 0.02054,
  "TxRefAmp": 233.584,
  "dcmmeta_affine": [
    [-2.979896306991577, 0.32372021675109863, 0.16517269611358643, 104.1120834350586],
    [0.3461850881576538, 2.8377771377563477, 1.209625244140625, -146.35267639160156],
    [0.019334129989147186, -0.917728841304779, 3.7986345291137695, -33.52885437011719],
    [0.0, 0.0, 0.0, 1.0]
],
  "dcmmeta_reorient_transform": [
    [0.0, -1.0, 0.0, 79.0],
    [1.0, 0.0, 0.0, 0.0],
    [0.0, 0.0, 1.0, 0.0],
    [0.0, 0.0, 0.0, 1.0]
],
  "dcmmeta_shape": [80, 80, 30, 200],
  "dcmmeta_slice_dim": 2,
  "dcmmeta_version": 0.6,
  "global": {
    "const": {
      "AccessionNumber": "qa",
      "AcquisitionMatrix": [80, 0, 0, 80],
      "AngioFlag": "N",
      "BitsAllocated": 16,
      "BitsStored": 12,
      "BodyPartExamined": "BRAIN",
      "Columns": 480,
      "EchoNumbers": 1,
      "EchoTime": 35.0,
      "EchoTrainLength": 39,
      "FlipAngle": 90.0,
      "HighBit": 11,
      "ImageOrientationPatient": [0.99329877302817, -0.1153950311624, 0.0064447097507, 0.10790673543032, 0.94592570813963, 0.30590961267884],
      "ImagePositionPatient": [-790.40928331462, -576.15012483817, -293.44202529624],
      "ImageType": [
        "ORIGINAL",
        "PRIMARY",
        "M",
        "ND",
        "NORM",
        "MOSAIC"
],
      "ImagedNucleus": "1H",
      "ImagingFrequency": 123.252506,
      "InPlanePhaseEncodingDirection": "COL",
      "MRAcquisitionType": "2D",
      "MagneticFieldStrength": 3.0,
      "Manufacturer": "SIEMENS",
      "ManufacturerModelName": "Prisma",
      "Modality": "MR",
      "NumberOfAverages": 1.0,
      "NumberOfPhaseEncodingSteps": 79,
      "PercentPhaseFieldOfView": 100.0,
      "PercentSampling": 100.0,
      "PerformedProcedureStepStartTime": "095549.241000",
      "PhotometricInterpretation": "MONOCHROME2",
      "PixelBandwidth": 2315.0,
      "PixelRepresentation": 0,
      "PixelSpacing": [3.0, 3.0],
      "ProtocolName": "func-bold_task-rest_acq-p2",
      "RepetitionTime": 2000.0,
      "Rows": 480,
      "SAR": 0.0476634611502,
      "SamplesPerPixel": 1,
      "ScanOptions": "FS",
      "ScanningSequence": "EP",
      "SequenceName": "*epfid2d1_80",
      "SequenceVariant": "SK",
      "SeriesDescription": "func-bold_task-rest_acq-p2",
      "SeriesNumber": 5,
      "SeriesTime": "095825.691000",
      "SliceLocation": -71.979768335922,
      "SliceThickness": 3.5,
      "SmallestImagePixelValue": 0,
      "SoftwareVersions": "syngo MR E11",
      "SpacingBetweenSlices": 3.9900000277537,
      "SpecificCharacterSet": "ISO_IR 100",
      "StudyID": "26",
      "StudyTime": "095549.190000",
      "TransmitCoilName": "Body",
      "VariableFlipAngleFlag": "N",
      "WindowCenterWidthExplanation": "Algo1",
      "dBdt": 0.0},
