{
  "AcquisitionMatrixPE": 80,
  "AcquisitionNumber": 1,
  "AcquisitionTime": "08:56:56.515000",
  "BandwidthPerPixelPhaseEncode": 25,
  "BaseResolution": 80,
  "BodyPartExamined": "BRAIN",
  "CoilCombinationMethod": "Sum of Squares",
  "ConsistencyInfo": "N4_VE11C_LATEST_20160120",
  "ConversionSoftware": "dcm2niix",
  "ConversionSoftwareVersion": "v1.0.20220720",
  "DerivedVendorReportedEchoSpacing": 0.0005,
  "DeviceSerialNumber": "66112",
  "DwellTime": 2.7e-06,
  "EchoTime": 0.03,
  "EchoTrainLength": 80,
  "EffectiveEchoSpacing": 0.0005,
  "FlipAngle": 10,
  "HeudiconvVersion": "0.13.1",
  "ImageOrientationPatientDICOM": [0.988165, 0.152834, -0.013112, -0.139757, 0.932246, 0.333745],
  "ImageOrientationText": "Tra>Cor(19.2)>Sag(-3.6)",
  "ImageType": [
    "ORIGINAL",
    "PRIMARY",
    "M",
    "ND",
    "NORM",
    "MOSAIC"
],
  "ImagingFrequency": 123.252,
  "InPlanePhaseEncodingDirectionDICOM": "COL",
  "InstitutionAddress": "Maynard 3,Hanover,NH,US,03755",
  "InstitutionName": "Dartmouth College - PBS",
  "InstitutionalDepartmentName": "Department",
  "MRAcquisitionType": "2D",
  "MagneticFieldStrength": 3,
  "Manufacturer": "Siemens",
  "ManufacturersModelName": "Prisma",
  "MatrixCoilMode": "SENSE",
  "Modality": "MR",
  "NonlinearGradientCorrection": false,
  "PartialFourier": 1,
  "PatientPosition": "HFS",
  "PercentPhaseFOV": 100,
  "PercentSampling": 100,
  "PhaseEncodingDirection": "j-",
  "PhaseEncodingSteps": 80,
  "PhaseResolution": 1,
  "PixelBandwidth": 2315,
  "ProcedureStepDescription": "dbic^QA",
  "ProtocolName": "func-bold_acq-32ch-10flip",
  "PulseSequenceDetails": "%SiemensSeq%\\ep2d_bold",
  "ReceiveCoilActiveElements": "HEA;HEP",
  "ReceiveCoilName": "Head_32",
  "ReconMatrixPE": 80,
  "RepetitionTime": 2,
  "SAR": 0.0117265,
  "ScanOptions": "FS",
  "ScanningSequence": "EP",
  "SequenceName": "*epfid2d1_80",
  "SequenceVariant": "SK",
  "SeriesDescription": "func-bold_acq-32ch-10flip",
  "SeriesNumber": 10,
  "ShimSetting": [4143, -7694, -7516, 278, -43, -68, -5, 55],
  "SliceThickness": 3.5,
  "SliceTiming": [0.99, 0, 1.055, 0.065, 1.1225, 0.1325, 1.1875, 0.1975, 1.2525, 0.265, 1.32, 0.33, 1.385, 0.395, 1.4525, 0.4625, 1.5175, 0.5275, 1.5825, 0.5925, 1.65, 0.66, 1.715, 0.725, 1.7825, 0.7925, 1.8475, 0.8575, 1.9125, 0.9225],
  "SoftwareVersions": "syngo MR E11",
  "SpacingBetweenSlices": 3.99,
  "StationName": "AWP66112",
  "TotalReadoutTime": 0.0395,
  "TxRefAmp": 235.909,
  "dcmmeta_affine": [
    [-2.964494466781616, -0.41927090287208557, -0.25229308009147644, 141.24032592773438],
    [-0.45850256085395813, 2.7967369556427, 1.3085722923278809, -104.16863250732422],
    [-0.03933611512184143, -1.0012362003326416, 3.760862350463867, -2.1317996978759766],
    [0.0, 0.0, 0.0, 1.0]
],
  "dcmmeta_reorient_transform": [
    [0.0, -1.0, 0.0, 79.0],
    [1.0, 0.0, 0.0, 0.0],
    [0.0, 0.0, 1.0, 0.0],
    [0.0, 0.0, 0.0, 1.0]
],
  "dcmmeta_shape": [80, 80, 30, 200],
  "dcmmeta_slice_dim": 2,
  "dcmmeta_version": 0.6,
  "global": {
    "const": {
      "AccessionNumber": "qa",
      "AcquisitionMatrix": [80, 0, 0, 80],
      "AngioFlag": "N",
      "BitsAllocated": 16,
      "BitsStored": 12,
      "BodyPartExamined": "BRAIN",
      "Columns": 480,
      "EchoNumbers": 1,
      "EchoTime": 30.0,
      "EchoTrainLength": 80,
      "FlipAngle": 10.0,
      "HighBit": 11,
      "ImageOrientationPatient": [0.9881648583355, 0.15283418204173, -0.0131120383774, -0.1397569661253, 0.93224567458841, 0.33374540091312],
      "ImagePositionPatient": [-617.16266142577, -767.82150930117, -273.60947714144],
      "ImageType": [
        "ORIGINAL",
        "PRIMARY",
        "M",
        "ND",
        "NORM",
        "MOSAIC"
],
      "ImagedNucleus": "1H",
      "ImagingFrequency": 123.252445,
      "InPlanePhaseEncodingDirection": "COL",
      "MRAcquisitionType": "2D",
      "MagneticFieldStrength": 3.0,
      "Manufacturer": "SIEMENS",
      "ManufacturerModelName": "Prisma",
      "Modality": "MR",
      "NumberOfAverages": 1.0,
      "NumberOfPhaseEncodingSteps": 80,
      "PercentPhaseFieldOfView": 100.0,
      "PercentSampling": 100.0,
      "PerformedProcedureStepStartTime": "082944.868000",
      "PhotometricInterpretation": "MONOCHROME2",
      "PixelBandwidth": 2315.0,
      "PixelRepresentation": 0,
      "PixelSpacing": [3.0, 3.0],
      "ProtocolName": "func-bold_acq-32ch-10flip",
      "RepetitionTime": 2000.0,
      "Rows": 480,
      "SAR": 0.01172647197536,
      "SamplesPerPixel": 1,
      "ScanOptions": "FS",
      "ScanningSequence": "EP",
      "SequenceName": "*epfid2d1_80",
      "SequenceVariant": "SK",
      "SeriesDescription": "func-bold_acq-32ch-10flip",
      "SeriesNumber": 10,
      "SeriesTime": "085745.121000",
      "SliceLocation": -45.103644760529,
      "SliceThickness": 3.5,
      "SmallestImagePixelValue": 0,
      "SoftwareVersions": "syngo MR E11",
      "SpacingBetweenSlices": 3.9899999279194,
      "SpecificCharacterSet": "ISO_IR 100",
      "StudyID": "1",
      "StudyTime": "082944.782000",
      "TransmitCoilName": "Body",
      "VariableFlipAngleFlag": "N",
      "WindowCenterWidthExplanation": "Algo1",
      "dBdt": 0.0},
