{
  "AcquisitionMatrixPE": 122,
  "AcquisitionNumber": 1,
  "AcquisitionTime": "10:01:36.197500",
  "BandwidthPerPixelPhaseEncode": 28.76,
  "BaseResolution": 122,
  "BodyPartExamined": "BRAIN",
  "CoilCombinationMethod": "Adaptive Combine",
  "ConsistencyInfo": "N4_VE11E_LATEST_20181129",
  "ConversionSoftware": "dcm2niix",
  "ConversionSoftwareVersion": "v1.0.20220720",
  "DerivedVendorReportedEchoSpacing": 0.000570008,
  "DeviceSerialNumber": "66112",
  "DiffusionScheme": "Monopolar",
  "DwellTime": 2e-06,
  "EchoTime": 0.075,
  "EchoTrainLength": 61,
  "EffectiveEchoSpacing": 0.000285004,
  "FlipAngle": 90,
  "HeudiconvVersion": "0.13.1",
  "ImageOrientationPatientDICOM": [0.992652, -0.120946, 0.00386429, 0.114503, 0.949138, 0.293302],
  "ImageOrientationText": "Tra>Cor(16.9)>Sag(2.2)",
  "ImageType": [
    "ORIGINAL",
    "PRIMARY",
    "DIFFUSION",
    "NONE",
    "ND",
    "NORM",
    "MOSAIC"
],
  "ImagingFrequency": 123.259,
  "InPlanePhaseEncodingDirectionDICOM": "COL",
  "InstitutionAddress": "Maynard 3,Hanover,NH,US,03755",
  "InstitutionName": "Dartmouth College - PBS",
  "InstitutionalDepartmentName": "Department",
  "MRAcquisitionType": "2D",
  "MagneticFieldStrength": 3,
  "Manufacturer": "Siemens",
  "ManufacturersModelName": "Prisma",
  "MatrixCoilMode": "GRAPPA",
  "Modality": "MR",
  "NonlinearGradientCorrection": false,
  "ParallelReductionFactorInPlane": 2,
  "PartialFourier": 1,
  "PatientPosition": "HFS",
  "PercentPhaseFOV": 100,
  "PercentSampling": 100,
  "PhaseEncodingDirection": "j-",
  "PhaseEncodingSteps": 122,
  "PhaseResolution": 1,
  "PixelBandwidth": 2050,
  "ProcedureStepDescription": "dbic^QA",
  "ProtocolName": "dwi_acq-DTI-30-p2",
  "PulseSequenceDetails": "%SiemensSeq%\\ep2d_diff",
  "ReceiveCoilActiveElements": "HEA;HEP",
  "ReceiveCoilName": "Head_32",
  "ReconMatrixPE": 122,
  "RefLinesPE": 38,
  "RepetitionTime": 7.7,
  "SAR": 0.086242,
  "ScanOptions": "FS",
  "ScanningSequence": "EP",
  "SequenceName": "*ep_b0",
  "SequenceVariant": "SK\\SP",
  "SeriesDescription": "dwi_acq-DTI-30-p2",
  "SeriesNumber": 9,
  "ShimSetting": [4222, -7756, -7503, -13, -124, -46, -14, 63],
  "SliceThickness": 2,
  "SliceTiming": [3.84, 0, 3.9475, 0.11, 4.0575, 0.2175, 4.1675, 0.3275, 4.2775, 0.4375, 4.3875, 0.5475, 4.4975, 0.6575, 4.6075, 0.7675, 4.7175, 0.8775, 4.8275, 0.9875, 4.935, 1.095, 5.045, 1.205, 5.155, 1.315, 5.265, 1.425, 5.375, 1.535, 5.485, 1.645, 5.595, 1.755, 5.705, 1.865, 5.8125, 1.975, 5.9225, 2.0825, 6.0325, 2.1925, 6.1425, 2.3025, 6.2525, 2.4125, 6.3625, 2.5225, 6.4725, 2.6325, 6.5825, 2.7425, 6.6925, 2.8525, 6.8, 2.96, 6.91, 3.07, 7.02, 3.18, 7.13, 3.29, 7.24, 3.4, 7.35, 3.51, 7.46, 3.62, 7.57, 3.73],
  "SoftwareVersions": "syngo MR E11",
  "SpacingBetweenSlices": 2,
  "SpoilingState": true,
  "StationName": "AWP66112",
  "TotalReadoutTime": 0.0344855,
  "TxRefAmp": 221.309,
  "dcmmeta_affine": [
    [-1.9527572393417358, 0.2252509891986847, 0.07828307896852493, 103.81000518798828],
    [0.23792684078216553, 1.8671566247940063, 0.5814092755317688, -154.03916931152344],
    [0.00760187953710556, -0.5769883990287781, 1.9120237827301025, -37.21921157836914],
    [0.0, 0.0, 0.0, 1.0]
],
  "dcmmeta_reorient_transform": [
    [0.0, -1.0, 0.0, 121.0],
    [1.0, 0.0, 0.0, 0.0],
    [0.0, 0.0, 1.0, 0.0],
    [0.0, 0.0, 0.0, 1.0]
],
  "dcmmeta_shape": [122, 122, 70, 31],
  "dcmmeta_slice_dim": 2,
  "dcmmeta_version": 0.6,
  "global": {
    "const": {
      "AccessionNumber": "qa",
      "AcquisitionMatrix": [122, 0, 0, 122],
      "AngioFlag": "N",
      "BitsAllocated": 16,
      "BitsStored": 12,
      "BodyPartExamined": "BRAIN",
      "Columns": 1098,
      "EchoNumbers": 1,
      "EchoTime": 75.0,
      "EchoTrainLength": 61,
      "FlipAngle": 90.0,
      "HighBit": 11,
      "ImageOrientationPatient": [0.99265154959775, -0.1209461382382, 0.00386428860783, 0.11450258092365, 0.94913794915684, 0.29330242486582],
      "ImagePositionPatient": [-1193.9333625477, -866.95093866939, -392.31485856379],
      "ImageType": [
        "ORIGINAL",
        "PRIMARY",
        "DIFFUSION",
        "NONE",
        "ND",
        "NORM",
        "MOSAIC"
],
      "ImagedNucleus": "1H",
      "ImagingFrequency": 123.259118,
      "InPlanePhaseEncodingDirection": "COL",
      "MRAcquisitionType": "2D",
      "MagneticFieldStrength": 3.0,
      "Manufacturer": "SIEMENS",
      "ManufacturerModelName": "Prisma",
      "Modality": "MR",
      "NumberOfAverages": 1.0,
      "NumberOfPhaseEncodingSteps": 122,
      "PercentPhaseFieldOfView": 100.0,
      "PercentSampling": 100.0,
      "PerformedProcedureStepStartTime": "092416.822000",
      "PhotometricInterpretation": "MONOCHROME2",
      "PixelBandwidth": 2050.0,
      "PixelRepresentation": 0,
      "PixelSpacing": [1.9672131538391, 1.9672131538391],
      "ProtocolName": "dwi_acq-DTI-30-p2",
      "RepetitionTime": 7700.0,
      "Rows": 1098,
      "SAR": 0.08624202117933,
      "SamplesPerPixel": 1,
      "ScanOptions": "FS",
      "ScanningSequence": "EP",
      "SequenceVariant": [
        "SK",
        "SP"
],
      "SeriesDescription": "dwi_acq-DTI-30-p2",
      "SeriesNumber": 9,
      "SeriesTime": "100421.573000",
      "SliceLocation": -76.298628298634,
      "SliceThickness": 2.0,
      "SmallestImagePixelValue": 0,
      "SoftwareVersions": "syngo MR E11",
      "SpacingBetweenSlices": 1.9999999883802,
      "SpecificCharacterSet": "ISO_IR 100",
      "StudyID": "25",
      "StudyTime": "092416.608000",
      "TransmitCoilName": "Body",
      "VariableFlipAngleFlag": "N",
      "WindowCenterWidthExplanation": "Algo1"
    },
    "slices": {}
  },
  "time": {
    "samples": {
      "AcquisitionNumber": [1, 2, 3, 4, 5, 6, 7, 8, 9, 10, 11, 12, 13, 14, 15, 16, 17, 18, 19, 20, 21, 22, 23, 24, 25, 26, 27, 28, 29, 30, 31],
      "AcquisitionTime": ["100136.197500", "100143.897500", "100151.597500", "100159.297500", "100206.997500", "100214.697500", "100222.397500", "100230.097500", "100237.797500", "100245.497500", "100253.197500", "100300.897500", "100308.597500", "100316.297500", "100323.997500", "100331.697500", "100339.397500", "100347.097500", "100354.797500", "100402.497500", "100410.197500", "100417.897500", "100425.597500", "100433.297500", "100440.997500", "100448.697500", "100456.397500", "100504.097500", "100511.797500", "100519.497500", "100527.197500"],
      "ContentTime": ["100421.577000", "100421.581000", "100421.583000", "100421.586000", "100421.589000", "100421.592000", "100421.595000", "100421.598000", "100421.601000", "100421.604000", "100421.607000", "100421.610000", "100421.622000", "100421.625000", "100421.628000", "100421.635000", "100421.638000", "100421.641000", "100421.644000", "100421.647000", "100421.650000", "100531.613000", "100531.616000", "100531.623000", "100531.626000", "100531.631000", "100531.635000", "100531.638000", "100531.643000", "100531.646000", "100531.649000"],
      "InstanceCreationTime": ["100421.577000", "100421.581000", "100421.583000", "100421.586000", "100421.589000", "100421.592000", "100421.595000", "100421.598000", "100421.601000", "100421.604000", "100421.607000", "100421.610000", "100421.622000", "100421.625000", "100421.628000", "100421.635000", "100421.638000", "100421.641000", "100421.644000", "100421.647000", "100421.650000", "100531.613000", "100531.616000", "100531.623000", "100531.626000", "100531.631000", "100531.635000", "100531.638000", "100531.643000", "100531.646000", "100531.649000"],
      "InstanceNumber": [1, 2, 3, 4, 5, 6, 7, 8, 9, 10, 11, 12, 13, 14, 15, 16, 17, 18, 19, 20, 21, 22, 23, 24, 25, 26, 27, 28, 29, 30, 31],
      "LargestImagePixelValue": [2915, 423, 446, 431, 427, 425, 431, 433, 425, 425, 421, 426, 430, 435, 432, 444, 429, 435, 418, 431, 425, 433, 417, 429, 431, 423, 439, 433, 431, 432, 429],
      "SequenceName": [
        "*ep_b0",
        "*ep_b1000#1",
        "*ep_b1000#2",
        "*ep_b1000#3",
        "*ep_b1000#4",
        "*ep_b1000#5",
        "*ep_b1000#6",
        "*ep_b1000#7",
        "*ep_b1000#8",
        "*ep_b1000#9",
        "*ep_b1000#10",
        "*ep_b1000#11",
        "*ep_b1000#12",
        "*ep_b1000#13",
        "*ep_b1000#14",
        "*ep_b1000#15",
        "*ep_b1000#16",
        "*ep_b1000#17",
        "*ep_b1000#18",
        "*ep_b1000#19",
        "*ep_b1000#20",
        "*ep_b1000#21",
        "*ep_b1000#22",
        "*ep_b1000#23",
        "*ep_b1000#24",
        "*ep_b1000#25",
        "*ep_b1000#26",
        "*ep_b1000#27",
        "*ep_b1000#28",
        "*ep_b1000#29",
        "*ep_b1000#30"
],
      "WindowCenter": [898.0, 235.0, 235.0, 235.0, 233.0, 233.0, 233.0, 234.0, 235.0, 234.0, 232.0, 232.0, 234.0, 234.0, 233.0, 234.0, 234.0, 233.0, 234.0, 235.0, 235.0, 235.0, 233.0, 232.0, 233.0, 234.0, 235.0, 235.0, 234.0, 233.0, 234.0],
      "WindowWidth": [1969.0, 528.0, 528.0, 528.0, 525.0, 524.0, 524.0, 526.0, 528.0, 526.0, 523.0, 522.0, 526.0, 525.0, 524.0, 525.0, 525.0, 523.0, 526.0, 527.0, 528.0, 527.0, 524.0, 522.0, 523.0, 526.0, 528.0, 527.0, 526.0, 524.0, 526.0]
    },
    "slices": {}
  }
}