{
  "AcquisitionMatrixPE": 122,
  "AcquisitionNumber": 1,
  "AcquisitionTime": "10:05:57.427500",
  "BandwidthPerPixelPhaseEncode": 27.785,
  "BaseResolution": 122,
  "BodyPartExamined": "BRAIN",
  "CoilCombinationMethod": "Adaptive Combine",
  "ConsistencyInfo": "N4_VE11E_LATEST_20181129",
  "ConversionSoftware": "dcm2niix",
  "ConversionSoftwareVersion": "v1.0.20220720",
  "DerivedVendorReportedEchoSpacing": 0.000590011,
  "DeviceSerialNumber": "66112",
  "DiffusionScheme": "Monopolar",
  "DwellTime": 2e-06,
  "EchoTime": 0.068,
  "EchoTrainLength": 61,
  "EffectiveEchoSpacing": 0.000295005,
  "FlipAngle": 90,
  "HeudiconvVersion": "0.13.1",
  "ImageOrientationPatientDICOM": [0.992652, -0.120946, 0.00386429, 0.114503, 0.949138, 0.293302],
  "ImageOrientationText": "Tra>Cor(16.9)>Sag(2.2)",
  "ImageType": [
    "ORIGINAL",
    "PRIMARY",
    "DIFFUSION",
    "NONE",
    "ND",
    "NORM",
    "MOSAIC"
],
  "ImagingFrequency": 123.259,
  "InPlanePhaseEncodingDirectionDICOM": "COL",
  "InstitutionAddress": "Maynard 3,Hanover,NH,US,03755",
  "InstitutionName": "Dartmouth College - PBS",
  "InstitutionalDepartmentName": "Department",
  "MRAcquisitionType": "2D",
  "MagneticFieldStrength": 3,
  "Manufacturer": "Siemens",
  "ManufacturersModelName": "Prisma",
  "Modality": "MR",
  "MultibandAccelerationFactor": 4,
  "NonlinearGradientCorrection": false,
  "ParallelReductionFactorInPlane": 2,
  "PartialFourier": 1,
  "PatientPosition": "HFS",
  "PercentPhaseFOV": 100,
  "PercentSampling": 100,
  "PhaseEncodingDirection": "j-",
  "PhaseEncodingSteps": 122,
  "PhaseResolution": 1,
  "PixelBandwidth": 2050,
  "ProcedureStepDescription": "dbic^QA",
  "ProtocolName": "dwi_acq-DTI-30-p2-s4",
  "PulseSequenceDetails": "%SiemensSeq%\\ep2d_diff",
  "ReceiveCoilActiveElements": "HEA;HEP",
  "ReceiveCoilName": "Head_32",
  "ReconMatrixPE": 122,
  "RefLinesPE": 38,
  "RepetitionTime": 3.6,
  "SAR": 0.132473,
  "ScanOptions": "FS",
  "ScanningSequence": "EP",
  "SequenceName": "*ep_b0",
  "SequenceVariant": "SK\\SP",
  "SeriesDescription": "dwi_acq-DTI-30-p2-s4",
  "SeriesNumber": 10,
  "ShimSetting": [4222, -7756, -7502, -11, -124, -42, -13, 63],
  "SliceThickness": 2,
  "SliceTiming": [2.5875, 0, 1.79, 0.2, 1.99, 0.4, 2.19, 0.5975, 2.3875, 0.995, 2.785, 1.195, 2.985, 1.3925, 3.1825, 1.5925, 3.3825, 0.7975, 2.5875, 0, 1.79, 0.2, 1.99, 0.4, 2.19, 0.5975, 2.3875, 0.995, 2.785, 1.195, 2.985, 1.3925, 3.1825, 1.5925, 3.3825, 0.7975, 2.5875, 0, 1.79, 0.2, 1.99, 0.4, 2.19, 0.5975, 2.3875, 0.995, 2.785, 1.195, 2.985, 1.3925, 3.1825, 1.5925, 3.3825, 0.7975, 2.5875, 0, 1.79, 0.2, 1.99, 0.4, 2.19, 0.5975, 2.3875, 0.995, 2.785, 1.195, 2.985, 1.3925, 3.1825, 1.5925, 3.3825, 0.7975],
  "SoftwareVersions": "syngo MR E11",
  "SpacingBetweenSlices": 2,
  "SpoilingState": true,
  "StationName": "AWP66112",
  "TotalReadoutTime": 0.0356956,
  "TxRefAmp": 221.309,
  "dcmmeta_affine": [
    [-1.9527572393417358, 0.2252509891986847, 0.07828307896852493, 103.73172760009766],
    [0.23792684078216553, 1.8671566247940063, 0.5814092755317688, -154.62057495117188],
    [0.00760187953710556, -0.5769883990287781, 1.9120237827301025, -39.1312370300293],
    [0.0, 0.0, 0.0, 1.0]
],
  "dcmmeta_reorient_transform": [
    [0.0, -1.0, 0.0, 121.0],
    [1.0, 0.0, 0.0, 0.0],
    [0.0, 0.0, 1.0, 0.0],
    [0.0, 0.0, 0.0, 1.0]
],
  "dcmmeta_shape": [122, 122, 72, 31],
  "dcmmeta_slice_dim": 2,
  "dcmmeta_version": 0.6,
  "global": {
    "const": {
      "AccessionNumber": "qa",
      "AcquisitionMatrix": [122, 0, 0, 122],
      "AngioFlag": "N",
      "BitsAllocated": 16,
      "BitsStored": 12,
      "BodyPartExamined": "BRAIN",
      "Columns": 1098,
      "EchoNumbers": 1,
      "EchoTime": 68.0,
      "EchoTrainLength": 61,
      "FlipAngle": 90.0,
      "HighBit": 11,
      "ImageOrientationPatient": [0.99265154959775, -0.1209461382382, 0.00386428860783, 0.11450258092365, 0.94913794915684, 0.29330242486582],
      "ImagePositionPatient": [-1193.8550794762, -866.36952921504, -394.22688401545],
      "ImageType": [
        "ORIGINAL",
        "PRIMARY",
        "DIFFUSION",
        "NONE",
        "ND",
        "NORM",
        "MOSAIC"
],
      "ImagedNucleus": "1H",
      "ImagingFrequency": 123.259119,
      "InPlanePhaseEncodingDirection": "COL",
      "MRAcquisitionType": "2D",
      "MagneticFieldStrength": 3.0,
      "Manufacturer": "SIEMENS",
      "ManufacturerModelName": "Prisma",
      "Modality": "MR",
      "NumberOfAverages": 1.0,
      "NumberOfPhaseEncodingSteps": 122,
      "PercentPhaseFieldOfView": 100.0,
      "PercentSampling": 100.0,
      "PerformedProcedureStepStartTime": "092416.822000",
      "PhotometricInterpretation": "MONOCHROME2",
      "PixelBandwidth": 2050.0,
      "PixelRepresentation": 0,
      "PixelSpacing": [1.9672131538391, 1.9672131538391],
      "ProtocolName": "dwi_acq-DTI-30-p2-s4",
      "RepetitionTime": 3600.0,
      "Rows": 1098,
      "SAR": 0.13247277762203,
      "SamplesPerPixel": 1,
      "ScanOptions": "FS",
      "ScanningSequence": "EP",
      "SequenceVariant": [
        "SK",
        "SP"
],
      "SeriesDescription": "dwi_acq-DTI-30-p2-s4",
      "SeriesNumber": 10,
      "SeriesTime": "100601.657000",
      "SliceLocation": -78.298629928805,
      "SliceThickness": 2.0,
      "SmallestImagePixelValue": 0,
      "SoftwareVersions": "syngo MR E11",
      "SpacingBetweenSlices": 2.0000000346278,
      "SpecificCharacterSet": "ISO_IR 100",
      "StudyID": "25",
      "StudyTime": "092416.608000",
      "TransmitCoilName": "Body",
      "VariableFlipAngleFlag": "N",
      "WindowCenterWidthExplanation": "Algo1"
    },
    "slices": {}
  },
  "time": {
    "samples": {
      "AcquisitionNumber": [1, 2, 3, 4, 5, 6, 7, 8, 9, 10, 11, 12, 13, 14, 15, 16, 17, 18, 19, 20, 21, 22, 23, 24, 25, 26, 27, 28, 29, 30, 31],
      "AcquisitionTime": ["100557.427500", "100601.027500", "100604.627500", "100608.227500", "100611.827500", "100615.427500", "100619.027500", "100622.627500", "100626.227500", "100629.827500", "100633.427500", "100637.027500", "100640.627500", "100644.227500", "100647.827500", "100651.427500", "100655.027500", "100658.627500", "100702.227500", "100705.827500", "100709.427500", "100713.027500", "100716.627500", "100720.227500", "100723.827500", "100727.427500", "100731.027500", "100734.627500", "100738.227500", "100741.827500", "100745.427500"],
      "ContentTime": ["100601.661000", "100721.657000", "100721.660000", "100721.663000", "100721.666000", "100721.669000", "100721.672000", "100721.675000", "100721.678000", "100721.681000", "100721.684000", "100721.687000", "100721.690000", "100721.692000", "100721.696000", "100721.698000", "100721.701000", "100721.704000", "100721.707000", "100721.710000", "100721.713000", "100721.716000", "100721.719000", "100747.579000", "100747.582000", "100747.585000", "100747.588000", "100747.591000", "100747.594000", "100747.597000", "100747.600000"],
      "InstanceCreationTime": ["100601.661000", "100721.657000", "100721.660000", "100721.663000", "100721.666000", "100721.669000", "100721.672000", "100721.675000", "100721.678000", "100721.681000", "100721.684000", "100721.687000", "100721.690000", "100721.692000", "100721.696000", "100721.698000", "100721.701000", "100721.704000", "100721.707000", "100721.710000", "100721.713000", "100721.716000", "100721.719000", "100747.579000", "100747.582000", "100747.585000", "100747.588000", "100747.591000", "100747.594000", "100747.597000", "100747.600000"],
      "InstanceNumber": [1, 2, 3, 4, 5, 6, 7, 8, 9, 10, 11, 12, 13, 14, 15, 16, 17, 18, 19, 20, 21, 22, 23, 24, 25, 26, 27, 28, 29, 30, 31],
      "LargestImagePixelValue": [2975, 428, 439, 440, 436, 422, 427, 439, 456, 437, 410, 404, 421, 414, 430, 423, 400, 388, 438, 425, 469, 458, 418, 394, 420, 429, 453, 433, 437, 451, 442],
      "SequenceName": [
        "*ep_b0",
        "*ep_b1000#1",
        "*ep_b1000#2",
        "*ep_b1000#3",
        "*ep_b1000#4",
        "*ep_b1000#5",
        "*ep_b1000#6",
        "*ep_b1000#7",
        "*ep_b1000#8",
        "*ep_b1000#9",
        "*ep_b1000#10",
        "*ep_b1000#11",
        "*ep_b1000#12",
        "*ep_b1000#13",
        "*ep_b1000#14",
        "*ep_b1000#15",
        "*ep_b1000#16",
        "*ep_b1000#17",
        "*ep_b1000#18",
        "*ep_b1000#19",
        "*ep_b1000#20",
        "*ep_b1000#21",
        "*ep_b1000#22",
        "*ep_b1000#23",
        "*ep_b1000#24",
        "*ep_b1000#25",
        "*ep_b1000#26",
        "*ep_b1000#27",
        "*ep_b1000#28",
        "*ep_b1000#29",
        "*ep_b1000#30"
],
      "WindowCenter": [921.0, 239.0, 238.0, 238.0, 237.0, 236.0, 237.0, 238.0, 239.0, 239.0, 237.0, 236.0, 239.0, 238.0, 238.0, 239.0, 238.0, 235.0, 239.0, 240.0, 238.0, 238.0, 238.0, 236.0, 235.0, 237.0, 237.0, 238.0, 238.0, 238.0, 239.0],
      "WindowWidth": [2049.0, 537.0, 536.0, 536.0, 535.0, 532.0, 534.0, 535.0, 537.0, 537.0, 534.0, 531.0, 538.0, 536.0, 536.0, 538.0, 535.0, 530.0, 537.0, 538.0, 535.0, 536.0, 534.0, 530.0, 529.0, 533.0, 534.0, 535.0, 536.0, 536.0, 537.0]
    },
    "slices": {}
  }
}