{
  "AcquisitionMatrixPE": 122,
  "AcquisitionNumber": 1,
  "AcquisitionTime": "10:29:46.197500",
  "BandwidthPerPixelPhaseEncode": 28.76,
  "BaseResolution": 122,
  "BodyPartExamined": "BRAIN",
  "CoilCombinationMethod": "Adaptive Combine",
  "ConsistencyInfo": "N4_VE11E_LATEST_20181129",
  "ConversionSoftware": "dcm2niix",
  "ConversionSoftwareVersion": "v1.0.20220720",
  "DerivedVendorReportedEchoSpacing": 0.000570008,
  "DeviceSerialNumber": "66112",
  "DiffusionScheme": "Monopolar",
  "DwellTime": 2e-06,
  "EchoTime": 0.075,
  "EchoTrainLength": 61,
  "EffectiveEchoSpacing": 0.000285004,
  "FlipAngle": 90,
  "HeudiconvVersion": "0.13.1",
  "ImageOrientationPatientDICOM": [0.999984, 0.00521562, 0.00202951, -0.00558501, 0.953289, 0.302008],
  "ImageOrientationText": "Tra>Cor(17.6)>Sag(0.0)",
  "ImageType": [
    "ORIGINAL",
    "PRIMARY",
    "DIFFUSION",
    "NONE",
    "ND",
    "NORM",
    "MOSAIC"
],
  "ImagingFrequency": 123.259,
  "InPlanePhaseEncodingDirectionDICOM": "COL",
  "InstitutionAddress": "Maynard 3,Hanover,NH,US,03755",
  "InstitutionName": "Dartmouth College - PBS",
  "InstitutionalDepartmentName": "Department",
  "MRAcquisitionType": "2D",
  "MagneticFieldStrength": 3,
  "Manufacturer": "Siemens",
  "ManufacturersModelName": "Prisma",
  "MatrixCoilMode": "GRAPPA",
  "Modality": "MR",
  "NonlinearGradientCorrection": false,
  "ParallelReductionFactorInPlane": 2,
  "PartialFourier": 1,
  "PatientPosition": "HFS",
  "PercentPhaseFOV": 100,
  "PercentSampling": 100,
  "PhaseEncodingDirection": "j-",
  "PhaseEncodingSteps": 122,
  "PhaseResolution": 1,
  "PixelBandwidth": 2050,
  "ProcedureStepDescription": "dbic^QA",
  "ProtocolName": "dwi_acq-DTI-30-p2",
  "PulseSequenceDetails": "%SiemensSeq%\\ep2d_diff",
  "ReceiveCoilActiveElements": "HEA;HEP",
  "ReceiveCoilName": "Head_32",
  "ReconMatrixPE": 122,
  "RefLinesPE": 38,
  "RepetitionTime": 7.7,
  "SAR": 0.087515,
  "ScanOptions": "FS",
  "ScanningSequence": "EP",
  "SequenceName": "*ep_b0",
  "SequenceVariant": "SK\\SP",
  "SeriesDescription": "dwi_acq-DTI-30-p2",
  "SeriesNumber": 12,
  "ShimSetting": [4225, -7736, -7494, -40, -120, -24, -9, 70],
  "SliceThickness": 2,
  "SliceTiming": [3.84, 0, 3.95, 0.11, 4.06, 0.22, 4.17, 0.33, 4.28, 0.44, 4.39, 0.55, 4.5, 0.66, 4.61, 0.77, 4.7175, 0.88, 4.8275, 0.9875, 4.9375, 1.0975, 5.0475, 1.2075, 5.1575, 1.3175, 5.2675, 1.4275, 5.3775, 1.5375, 5.4875, 1.6475, 5.5975, 1.7575, 5.705, 1.865, 5.815, 1.975, 5.925, 2.085, 6.035, 2.195, 6.145, 2.305, 6.255, 2.415, 6.365, 2.525, 6.475, 2.635, 6.5825, 2.745, 6.6925, 2.8525, 6.8025, 2.9625, 6.9125, 3.0725, 7.0225, 3.1825, 7.1325, 3.2925, 7.2425, 3.4025, 7.3525, 3.5125, 7.4625, 3.6225, 7.57, 3.73],
  "SoftwareVersions": "syngo MR E11",
  "SpacingBetweenSlices": 2,
  "SpoilingState": true,
  "StationName": "AWP66112",
  "TotalReadoutTime": 0.0344855,
  "TxRefAmp": 230.047,
  "dcmmeta_affine": [
    [-1.9671823978424072, -0.010986906476318836, 0.0007191009935922921, 121.32119750976562],
    [-0.010260239243507385, 1.875322699546814, 0.6040292978286743, -121.69488525390625],
    [0.0039924802258610725, -0.5941141843795776, 1.9066064357757568, -28.27937126159668],
    [0.0, 0.0, 0.0, 1.0]
],
  "dcmmeta_reorient_transform": [
    [0.0, -1.0, 0.0, 121.0],
    [1.0, 0.0, 0.0, 0.0],
    [0.0, 0.0, 1.0, 0.0],
    [0.0, 0.0, 0.0, 1.0]
],
  "dcmmeta_shape": [122, 122, 70, 31],
  "dcmmeta_slice_dim": 2,
  "dcmmeta_version": 0.6,
  "global": {
    "const": {
      "AccessionNumber": "qa",
      "AcquisitionMatrix": [122, 0, 0, 122],
      "AngioFlag": "N",
      "BitsAllocated": 16,
      "BitsStored": 12,
      "BodyPartExamined": "BRAIN",
      "Columns": 1098,
      "EchoNumbers": 1,
      "EchoTime": 75.0,
      "EchoTrainLength": 61,
      "FlipAngle": 90.0,
      "HighBit": 11,
      "ImageOrientationPatient": [0.99998433906647, 0.00521562156941, 0.00202951064214, -0.0055850107639, 0.95328901515899, 0.30200804829005],
      "ImagePositionPatient": [-1074.6151536028, -1025.3836280493, -392.04325220806],
      "ImageType": [
        "ORIGINAL",
        "PRIMARY",
        "DIFFUSION",
        "NONE",
        "ND",
        "NORM",
        "MOSAIC"
],
      "ImagedNucleus": "1H",
      "ImagingFrequency": 123.259273,
      "InPlanePhaseEncodingDirection": "COL",
      "MRAcquisitionType": "2D",
      "MagneticFieldStrength": 3.0,
      "Manufacturer": "SIEMENS",
      "ManufacturerModelName": "Prisma",
      "Modality": "MR",
      "NumberOfAverages": 1.0,
      "NumberOfPhaseEncodingSteps": 122,
      "PercentPhaseFieldOfView": 100.0,
      "PercentSampling": 100.0,
      "PerformedProcedureStepStartTime": "100011.435000",
      "PhotometricInterpretation": "MONOCHROME2",
      "PixelBandwidth": 2050.0,
      "PixelRepresentation": 0,
      "PixelSpacing": [1.9672131538391, 1.9672131538391],
      "ProtocolName": "dwi_acq-DTI-30-p2",
      "RepetitionTime": 7700.0,
      "Rows": 1098,
      "SAR": 0.08751499271898,
      "SamplesPerPixel": 1,
      "ScanOptions": "FS",
      "ScanningSequence": "EP",
      "SequenceVariant": [
        "SK",
        "SP"
],
      "SeriesDescription": "dwi_acq-DTI-30-p2",
      "SeriesNumber": 12,
      "SeriesTime": "103031.688000",
      "SliceLocation": -63.668833319446,
      "SliceThickness": 2.0,
      "SmallestImagePixelValue": 0,
      "SoftwareVersions": "syngo MR E11",
      "SpacingBetweenSlices": 2.0000000006089,
      "SpecificCharacterSet": "ISO_IR 100",
      "StudyID": "14",
      "StudyTime": "100011.388000",
      "TransmitCoilName": "Body",
      "VariableFlipAngleFlag": "N",
      "WindowCenterWidthExplanation": "Algo1"
    },
    "slices": {}
  },
  "time": {
    "samples": {
      "AcquisitionNumber": [1, 2, 3, 4, 5, 6, 7, 8, 9, 10, 11, 12, 13, 14, 15, 16, 17, 18, 19, 20, 21, 22, 23, 24, 25, 26, 27, 28, 29, 30, 31],
      "AcquisitionTime": ["102946.197500", "102953.897500", "103001.597500", "103009.297500", "103016.997500", "103024.697500", "103032.397500", "103040.097500", "103047.797500", "103055.497500", "103103.197500", "103110.897500", "103118.597500", "103126.297500", "103133.997500", "103141.697500", "103149.397500", "103157.097500", "103204.797500", "103212.497500", "103220.197500", "103227.897500", "103235.597500", "103243.297500", "103250.997500", "103258.697500", "103306.397500", "103314.097500", "103321.797500", "103329.497500", "103337.197500"],
      "ContentTime": ["103031.692000", "103031.700000", "103031.703000", "103031.706000", "103031.709000", "103031.712000", "103311.687000", "103311.690000", "103311.693000", "103311.696000", "103311.699000", "103311.702000", "103311.705000", "103311.708000", "103311.711000", "103311.714000", "103311.717000", "103311.720000", "103311.723000", "103311.726000", "103311.729000", "103311.732000", "103311.734000", "103311.737000", "103311.740000", "103311.743000", "103311.746000", "103341.483000", "103341.487000", "103341.492000", "103341.504000"],
      "InstanceCreationTime": ["103031.692000", "103031.700000", "103031.703000", "103031.706000", "103031.709000", "103031.712000", "103311.687000", "103311.690000", "103311.693000", "103311.696000", "103311.699000", "103311.702000", "103311.705000", "103311.708000", "103311.711000", "103311.714000", "103311.717000", "103311.720000", "103311.723000", "103311.726000", "103311.729000", "103311.732000", "103311.734000", "103311.737000", "103311.740000", "103311.743000", "103311.746000", "103341.483000", "103341.487000", "103341.492000", "103341.504000"],
      "InstanceNumber": [1, 2, 3, 4, 5, 6, 7, 8, 9, 10, 11, 12, 13, 14, 15, 16, 17, 18, 19, 20, 21, 22, 23, 24, 25, 26, 27, 28, 29, 30, 31],
      "LargestImagePixelValue": [1858, 198, 154, 123, 237, 263, 300, 253, 178, 218, 274, 273, 194, 223, 259, 219, 203, 247, 229, 231, 226, 161, 281, 268, 241, 203, 183, 202, 250, 268, 280],
      "SequenceName": [
        "*ep_b0",
        "*ep_b1000#1",
        "*ep_b1000#2",
        "*ep_b1000#3",
        "*ep_b1000#4",
        "*ep_b1000#5",
        "*ep_b1000#6",
        "*ep_b1000#7",
        "*ep_b1000#8",
        "*ep_b1000#9",
        "*ep_b1000#10",
        "*ep_b1000#11",
        "*ep_b1000#12",
        "*ep_b1000#13",
        "*ep_b1000#14",
        "*ep_b1000#15",
        "*ep_b1000#16",
        "*ep_b1000#17",
        "*ep_b1000#18",
        "*ep_b1000#19",
        "*ep_b1000#20",
        "*ep_b1000#21",
        "*ep_b1000#22",
        "*ep_b1000#23",
        "*ep_b1000#24",
        "*ep_b1000#25",
        "*ep_b1000#26",
        "*ep_b1000#27",
        "*ep_b1000#28",
        "*ep_b1000#29",
        "*ep_b1000#30"
],
      "WindowCenter": [851.0, 122.0, 92.0, 70.0, 157.0, 192.0, 203.0, 197.0, 107.0, 151.0, 181.0, 202.0, 138.0, 165.0, 208.0, 167.0, 156.0, 192.0, 177.0, 149.0, 97.0, 80.0, 179.0, 202.0, 200.0, 157.0, 122.0, 157.0, 194.0, 179.0, 210.0],
      "WindowWidth": [1842.0, 308.0, 237.0, 189.0, 374.0, 443.0, 465.0, 454.0, 274.0, 362.0, 422.0, 464.0, 334.0, 390.0, 476.0, 394.0, 371.0, 443.0, 413.0, 356.0, 264.0, 211.0, 418.0, 463.0, 459.0, 373.0, 300.0, 373.0, 447.0, 417.0, 479.0]
    },
    "slices": {}
  }
}