{
  "AcquisitionMatrixPE": 122,
  "AcquisitionNumber": 1,
  "AcquisitionTime": "09:59:54.430000",
  "BandwidthPerPixelPhaseEncode": 27.785,
  "BaseResolution": 122,
  "BodyPartExamined": "BRAIN",
  "CoilCombinationMethod": "Adaptive Combine",
  "ConsistencyInfo": "N4_VE11E_LATEST_20181129",
  "ConversionSoftware": "dcm2niix",
  "ConversionSoftwareVersion": "v1.0.20220720",
  "DerivedVendorReportedEchoSpacing": 0.000590011,
  "DeviceSerialNumber": "66112",
  "DiffusionScheme": "Monopolar",
  "DwellTime": 2e-06,
  "EchoTime": 0.068,
  "EchoTrainLength": 61,
  "EffectiveEchoSpacing": 0.000295005,
  "FlipAngle": 90,
  "HeudiconvVersion": "0.13.1",
  "ImageOrientationPatientDICOM": [0.984651, 0.174382, 0.00727717, -0.168486, 0.938826, 0.300362],
  "ImageOrientationText": "Tra>Cor(17.3)>Sag(-2.6)",
  "ImageType": [
    "ORIGINAL",
    "PRIMARY",
    "DIFFUSION",
    "NONE",
    "ND",
    "NORM",
    "MOSAIC"
],
  "ImagingFrequency": 123.261,
  "InPlanePhaseEncodingDirectionDICOM": "COL",
  "InstitutionAddress": "Maynard 3,Hanover,NH,US,03755",
  "InstitutionName": "Dartmouth College - PBS",
  "InstitutionalDepartmentName": "Department",
  "MRAcquisitionType": "2D",
  "MagneticFieldStrength": 3,
  "Manufacturer": "Siemens",
  "ManufacturersModelName": "Prisma",
  "Modality": "MR",
  "MultibandAccelerationFactor": 4,
  "NonlinearGradientCorrection": false,
  "ParallelReductionFactorInPlane": 2,
  "PartialFourier": 1,
  "PatientPosition": "HFS",
  "PercentPhaseFOV": 100,
  "PercentSampling": 100,
  "PhaseEncodingDirection": "j-",
  "PhaseEncodingSteps": 122,
  "PhaseResolution": 1,
  "PixelBandwidth": 2050,
  "ProcedureStepDescription": "dbic^QA",
  "ProtocolName": "dwi_acq-DTI-30-p2-s4",
  "PulseSequenceDetails": "%SiemensSeq%\\ep2d_diff",
  "ReceiveCoilActiveElements": "HEA;HEP",
  "ReceiveCoilName": "Head_32",
  "ReconMatrixPE": 122,
  "RefLinesPE": 38,
  "RepetitionTime": 3.6,
  "SAR": 0.129445,
  "ScanOptions": "FS",
  "ScanningSequence": "EP",
  "SequenceName": "*ep_b0",
  "SequenceVariant": "SK\\SP",
  "SeriesDescription": "dwi_acq-DTI-30-p2-s4",
  "SeriesNumber": 10,
  "ShimSetting": [4247, -7739, -7486, -31, -177, -61, -4, 92],
  "SliceThickness": 2,
  "SliceTiming": [2.585, 0, 1.79, 0.1975, 1.9875, 0.3975, 2.1875, 0.595, 2.385, 0.9925, 2.7825, 1.1925, 2.9825, 1.39, 3.18, 1.59, 3.38, 0.795, 2.585, 0, 1.79, 0.1975, 1.9875, 0.3975, 2.1875, 0.595, 2.385, 0.9925, 2.7825, 1.1925, 2.9825, 1.39, 3.18, 1.59, 3.38, 0.795, 2.585, 0, 1.79, 0.1975, 1.9875, 0.3975, 2.1875, 0.595, 2.385, 0.9925, 2.7825, 1.1925, 2.9825, 1.39, 3.18, 1.59, 3.38, 0.795, 2.585, 0, 1.79, 0.1975, 1.9875, 0.3975, 2.1875, 0.595, 2.385, 0.9925, 2.7825, 1.1925, 2.9825, 1.39, 3.18, 1.59, 3.38, 0.795],
  "SoftwareVersions": "syngo MR E11",
  "SpacingBetweenSlices": 2,
  "SpoilingState": true,
  "StationName": "AWP66112",
  "TotalReadoutTime": 0.0356956,
  "TxRefAmp": 219.944,
  "dcmmeta_affine": [
    [-1.9370187520980835, -0.33144858479499817, -0.09109155088663101, 143.47520446777344],
    [-0.34304675459861755, 1.8468716144561768, 0.5939559936523438, -112.29186248779297],
    [0.014315747655928135, -0.5908762812614441, 1.9075950384140015, -36.82683563232422],
    [0.0, 0.0, 0.0, 1.0]
],
  "dcmmeta_reorient_transform": [
    [0.0, -1.0, 0.0, 121.0],
    [1.0, 0.0, 0.0, 0.0],
    [0.0, 0.0, 1.0, 0.0],
    [0.0, 0.0, 0.0, 1.0]
],
  "dcmmeta_shape": [122, 122, 72, 31],
  "dcmmeta_slice_dim": 2,
  "dcmmeta_version": 0.6,
  "global": {
    "const": {
      "AccessionNumber": "qa",
      "AcquisitionMatrix": [122, 0, 0, 122],
      "AngioFlag": "N",
      "BitsAllocated": 16,
      "BitsStored": 12,
      "BodyPartExamined": "BRAIN",
      "Columns": 1098,
      "EchoNumbers": 1,
      "EchoTime": 68.0,
      "EchoTrainLength": 61,
      "FlipAngle": 90.0,
      "HighBit": 11,
      "ImageOrientationPatient": [0.98465117022862, 0.17438209697018, 0.0072771714074, -0.1684863658828, 0.93882636836343, 0.30036210576094],
      "ImagePositionPatient": [-886.88815242387, -1179.8597461438, -403.6565767609],
      "ImageType": [
        "ORIGINAL",
        "PRIMARY",
        "DIFFUSION",
        "NONE",
        "ND",
        "NORM",
        "MOSAIC"
],
      "ImagedNucleus": "1H",
      "ImagingFrequency": 123.26126,
      "InPlanePhaseEncodingDirection": "COL",
      "MRAcquisitionType": "2D",
      "MagneticFieldStrength": 3.0,
      "Manufacturer": "SIEMENS",
      "ManufacturerModelName": "Prisma",
      "Modality": "MR",
      "NumberOfAverages": 1.0,
      "NumberOfPhaseEncodingSteps": 122,
      "PercentPhaseFieldOfView": 100.0,
      "PercentSampling": 100.0,
      "PerformedProcedureStepStartTime": "091745.280000",
      "PhotometricInterpretation": "MONOCHROME2",
      "PixelBandwidth": 2050.0,
      "PixelRepresentation": 0,
      "PixelSpacing": [1.9672131538391, 1.9672131538391],
      "ProtocolName": "dwi_acq-DTI-30-p2-s4",
      "RepetitionTime": 3600.0,
      "Rows": 1098,
      "SAR": 0.12944511904727,
      "SamplesPerPixel": 1,
      "ScanOptions": "FS",
      "ScanningSequence": "EP",
      "SequenceVariant": [
        "SK",
        "SP"
],
      "SeriesDescription": "dwi_acq-DTI-30-p2-s4",
      "SeriesNumber": 10,
      "SeriesTime": "100117.798000",
      "SliceLocation": -75.008244470562,
      "SliceThickness": 2.0,
      "SmallestImagePixelValue": 0,
      "SoftwareVersions": "syngo MR E11",
      "SpacingBetweenSlices": 2.0000000478071,
      "SpecificCharacterSet": "ISO_IR 100",
      "StudyID": "37",
      "StudyTime": "091745.207000",
      "TransmitCoilName": "Body",
      "VariableFlipAngleFlag": "N",
      "WindowCenterWidthExplanation": "Algo1"
    },
    "slices": {}
  },
  "time": {
    "samples": {
      "AcquisitionNumber": [1, 2, 3, 4, 5, 6, 7, 8, 9, 10, 11, 12, 13, 14, 15, 16, 17, 18, 19, 20, 21, 22, 23, 24, 25, 26, 27, 28, 29, 30, 31],
      "AcquisitionTime": ["095954.430000", "095958.030000", "100001.630000", "100005.230000", "100008.830000", "100012.430000", "100016.030000", "100019.630000", "100023.230000", "100026.830000", "100030.430000", "100034.030000", "100037.630000", "100041.230000", "100044.830000", "100048.430000", "100052.030000", "100055.630000", "100059.230000", "100102.830000", "100106.430000", "100110.030000", "100113.630000", "100117.230000", "100120.830000", "100124.430000", "100128.030000", "100131.630000", "100135.230000", "100138.830000", "100142.430000"],
      "ContentTime": ["100117.802000", "100117.806000", "100117.809000", "100117.812000", "100117.815000", "100117.818000", "100117.820000", "100117.823000", "100117.826000", "100117.829000", "100117.832000", "100117.835000", "100117.838000", "100117.841000", "100117.844000", "100117.847000", "100117.850000", "100117.853000", "100117.856000", "100117.859000", "100117.862000", "100117.864000", "100117.867000", "100144.013000", "100144.017000", "100144.021000", "100144.024000", "100144.027000", "100144.030000", "100144.034000", "100144.043000"],
      "InstanceCreationTime": ["100117.802000", "100117.806000", "100117.809000", "100117.812000", "100117.815000", "100117.818000", "100117.820000", "100117.823000", "100117.826000", "100117.829000", "100117.832000", "100117.835000", "100117.838000", "100117.841000", "100117.844000", "100117.847000", "100117.850000", "100117.853000", "100117.856000", "100117.859000", "100117.862000", "100117.864000", "100117.867000", "100144.013000", "100144.017000", "100144.021000", "100144.024000", "100144.027000", "100144.030000", "100144.034000", "100144.043000"],
      "InstanceNumber": [1, 2, 3, 4, 5, 6, 7, 8, 9, 10, 11, 12, 13, 14, 15, 16, 17, 18, 19, 20, 21, 22, 23, 24, 25, 26, 27, 28, 29, 30, 31],
      "LargestImagePixelValue": [2012, 304, 311, 313, 309, 306, 310, 308, 310, 312, 315, 313, 313, 316, 321, 312, 311, 318, 322, 315, 307, 309, 313, 300, 302, 307, 310, 310, 320, 321, 310],
      "SequenceName": [
        "*ep_b0",
        "*ep_b1000#1",
        "*ep_b1000#2",
        "*ep_b1000#3",
        "*ep_b1000#4",
        "*ep_b1000#5",
        "*ep_b1000#6",
        "*ep_b1000#7",
        "*ep_b1000#8",
        "*ep_b1000#9",
        "*ep_b1000#10",
        "*ep_b1000#11",
        "*ep_b1000#12",
        "*ep_b1000#13",
        "*ep_b1000#14",
        "*ep_b1000#15",
        "*ep_b1000#16",
        "*ep_b1000#17",
        "*ep_b1000#18",
        "*ep_b1000#19",
        "*ep_b1000#20",
        "*ep_b1000#21",
        "*ep_b1000#22",
        "*ep_b1000#23",
        "*ep_b1000#24",
        "*ep_b1000#25",
        "*ep_b1000#26",
        "*ep_b1000#27",
        "*ep_b1000#28",
        "*ep_b1000#29",
        "*ep_b1000#30"
],
      "WindowCenter": [906.0, 240.0, 240.0, 240.0, 240.0, 239.0, 240.0, 240.0, 241.0, 241.0, 240.0, 239.0, 244.0, 242.0, 241.0, 240.0, 242.0, 240.0, 243.0, 244.0, 240.0, 240.0, 241.0, 239.0, 239.0, 240.0, 240.0, 240.0, 241.0, 244.0, 241.0],
      "WindowWidth": [2010.0, 540.0, 540.0, 540.0, 539.0, 538.0, 541.0, 539.0, 541.0, 541.0, 539.0, 538.0, 547.0, 543.0, 542.0, 539.0, 543.0, 539.0, 545.0, 548.0, 540.0, 540.0, 541.0, 539.0, 538.0, 539.0, 539.0, 539.0, 541.0, 547.0, 541.0]
    },
    "slices": {}
  }
}